{
  "aor": 0.0019489090909090908,
  "aqi": 0.021184044415584417,
  "bids_meta": {
    "AcquisitionDateTime": "2018-07-17T17:52:31.050000",
    "AcquisitionMatrixPE": 84,
    "AcquisitionNumber": 1,
    "AcquisitionTime": "17:52:27.532500",
    "BandwidthPerPixelPhaseEncode": 23.81,
    "BaseResolution": 84,
    "BodyPartExamined": "HEAD",
    "ConsistencyInfo": "N4_VE11B_LATEST_20150530",
    "ConversionSoftware": "dcm2niix",
    "ConversionSoftwareVersion": "v1.0.20171215 GCC5.1.0",
    "DerivedVendorReportedEchoSpacing": 0.00049999,
    "DeviceSerialNumber": "66072",
    "DwellTime": 2.3e-06,
    "EchoTime": 0.03,
    "EchoTrainLength": 84,
    "EffectiveEchoSpacing": 0.00049999,
    "FlipAngle": 65,
    "ImageComments": "Unaliased_MB3_PE3_LB_SENSE1",
    "ImageOrientationPatientDICOM": [
      0.999327,
      0.0348114,
      0.0115943,
      -0.0296593,
      0.952438,
      -0.303286
    ],
    "ImageType": [
      "ORIGINAL",
      "PRIMARY",
      "M",
      "MB",
      "ND",
      "MOSAIC"
    ],
    "InPlanePhaseEncodingDirectionDICOM": "COL",
    "InstitutionAddress": "Boulevard_Jean_Moulin_27_Marseille_District_FR_13005",
    "InstitutionName": "Universite_d_aix_Marseille",
    "InstitutionalDepartmentName": "Department",
    "MRAcquisitionType": "2D",
    "MagneticFieldStrength": 3,
    "Manufacturer": "Siemens",
    "ManufacturersModelName": "Prisma",
    "Modality": "MR",
    "MultibandAccelerationFactor": 3,
    "PartialFourier": 1,
    "PatientPosition": "HFS",
    "PercentPhaseFOV": 100,
    "PhaseEncodingDirection": "j",
    "PhaseEncodingSteps": 84,
    "PhaseResolution": 1,
    "PixelBandwidth": 2590,
    "ProcedureStepDescription": "Projets_Convers",
    "ProtocolName": "task-convers_run1_bold",
    "PulseSequenceDetails": "%CustomerSeq%_cmrr_mbep2d_bold",
    "ReceiveCoilActiveElements": "HC1-7;NC1",
    "ReceiveCoilName": "HeadNeck_64",
    "ReconMatrixPE": 84,
    "RepetitionTime": 1.205,
    "SAR": 0.0777887,
    "ScanOptions": "FS_EXT",
    "ScanningSequence": "EP",
    "SequenceName": "epfid2d1_84",
    "SequenceVariant": "SK_SS",
    "SeriesDescription": "task-convers_run1_bold",
    "SeriesNumber": 10,
    "ShimSetting": [
      -610,
      -10787,
      -551,
      301,
      86,
      -319,
      95,
      16
    ],
    "SliceThickness": 2.5,
    "SliceTiming": [
      1.14,
      1.0725,
      1.005,
      0.9375,
      0.8725,
      0.805,
      0.7375,
      0.67,
      0.6025,
      0.5375,
      0.47,
      0.4025,
      0.335,
      0.27,
      0.2025,
      0.135,
      0.0675,
      0,
      1.14,
      1.0725,
      1.005,
      0.9375,
      0.8725,
      0.805,
      0.7375,
      0.67,
      0.6025,
      0.5375,
      0.47,
      0.4025,
      0.335,
      0.27,
      0.2025,
      0.135,
      0.0675,
      0,
      1.14,
      1.0725,
      1.005,
      0.9375,
      0.8725,
      0.805,
      0.7375,
      0.67,
      0.6025,
      0.5375,
      0.47,
      0.4025,
      0.335,
      0.27,
      0.2025,
      0.135,
      0.0675,
      0
    ],
    "SoftwareVersions": "syngo_MR_E11",
    "SpacingBetweenSlices": 2.5,
    "StationName": "AWP66072",
    "TaskName": "convers",
    "TotalReadoutTime": 0.04199916,
    "TxRefAmp": 263.328,
    "dataset": "ds001740",
    "modality": "bold",
    "run_id": 1,
    "subject_id": "19",
    "task_id": "convers"
  },
  "dummy_trs": 0,
  "dvars_nstd": 74.22422933104167,
  "dvars_std": 1.1332444960677086,
  "dvars_vstd": 0.9825333441927081,
  "efc": 0.4901922267344029,
  "fber": 4142.63720703125,
  "fd_mean": 0.7821796888459948,
  "fd_num": 362,
  "fd_perc": 94.02597402597402,
  "fwhm_avg": 3.090544,
  "fwhm_x": 2.7555,
  "fwhm_y": 3.281424,
  "fwhm_z": 3.234708,
  "gcor": 0.0167115,
  "gsr_x": 0.0093425577506423,
  "gsr_y": 0.04301847890019417,
  "provenance": {
    "md5sum": "657b173369a335f856f534aab3b5e2a3",
    "settings": {
      "fd_thres": 0.2,
      "testing": false
    },
    "software": "mriqc",
    "version": "23.0.1",
    "webapi_port": null,
    "webapi_url": "https://mriqc.nimh.nih.gov/api/v1"
  },
  "size_t": 385,
  "size_x": 84,
  "size_y": 84,
  "size_z": 54,
  "snr": 2.407011481078458,
  "spacing_tr": 1.2050000429153442,
  "spacing_x": 2.5,
  "spacing_y": 2.5,
  "spacing_z": 2.5,
  "summary_bg_k": 20.23942297793193,
  "summary_bg_mad": 132.02128671906442,
  "summary_bg_mean": 502.4990539550781,
  "summary_bg_median": 129.1571044921875,
  "summary_bg_n": 244091.0,
  "summary_bg_p05": 30.107357025146484,
  "summary_bg_p95": 2340.8304443359375,
  "summary_bg_stdv": 929.80419921875,
  "summary_fg_k": 1.9571138328546427,
  "summary_fg_mad": 3052.634532291164,
  "summary_fg_mean": 9327.4462890625,
  "summary_fg_median": 8583.48828125,
  "summary_fg_n": 70074.0,
  "summary_fg_p05": 4951.443603515625,
  "summary_fg_p95": 16225.863623046871,
  "summary_fg_stdv": 3566.010009765625,
  "tsnr": 22.706113815307617
}