{
  "aor": 0.0016732467532467531,
  "aqi": 0.007245263766233766,
  "bids_meta": {
    "AcquisitionDateTime": "2018-07-17T10:20:37.321000",
    "AcquisitionMatrixPE": 84,
    "AcquisitionNumber": 1,
    "AcquisitionTime": "10:20:34.475000",
    "BandwidthPerPixelPhaseEncode": 23.81,
    "BaseResolution": 84,
    "BodyPartExamined": "HEAD",
    "ConsistencyInfo": "N4_VE11B_LATEST_20150530",
    "ConversionSoftware": "dcm2niix",
    "ConversionSoftwareVersion": "v1.0.20171215 GCC5.1.0",
    "DerivedVendorReportedEchoSpacing": 0.00049999,
    "DeviceSerialNumber": "66072",
    "DwellTime": 2.3e-06,
    "EchoTime": 0.03,
    "EchoTrainLength": 84,
    "EffectiveEchoSpacing": 0.00049999,
    "FlipAngle": 65,
    "ImageComments": "Unaliased_MB3_PE3_LB_SENSE1",
    "ImageOrientationPatientDICOM": [
      0.998396,
      0.0547013,
      0.0146205,
      -0.0517996,
      0.986669,
      -0.154276
    ],
    "ImageType": [
      "ORIGINAL",
      "PRIMARY",
      "M",
      "MB",
      "ND",
      "MOSAIC"
    ],
    "InPlanePhaseEncodingDirectionDICOM": "COL",
    "InstitutionAddress": "Boulevard_Jean_Moulin_27_Marseille_District_FR_13005",
    "InstitutionName": "Universite_d_aix_Marseille",
    "InstitutionalDepartmentName": "Department",
    "MRAcquisitionType": "2D",
    "MagneticFieldStrength": 3,
    "Manufacturer": "Siemens",
    "ManufacturersModelName": "Prisma",
    "Modality": "MR",
    "MultibandAccelerationFactor": 3,
    "PartialFourier": 1,
    "PatientPosition": "HFS",
    "PercentPhaseFOV": 100,
    "PhaseEncodingDirection": "j",
    "PhaseEncodingSteps": 84,
    "PhaseResolution": 1,
    "PixelBandwidth": 2590,
    "ProcedureStepDescription": "Projets_Convers",
    "ProtocolName": "task-convers_run3_bold",
    "PulseSequenceDetails": "%CustomerSeq%_cmrr_mbep2d_bold",
    "ReceiveCoilActiveElements": "HC1-7",
    "ReceiveCoilName": "HeadNeck_64",
    "ReconMatrixPE": 84,
    "RepetitionTime": 1.205,
    "SAR": 0.086206,
    "ScanOptions": "FS_EXT",
    "ScanningSequence": "EP",
    "SequenceName": "epfid2d1_84",
    "SequenceVariant": "SK_SS",
    "SeriesDescription": "task-convers_run3_bold",
    "SeriesNumber": 14,
    "ShimSetting": [
      -579,
      -10730,
      -517,
      419,
      67,
      160,
      23,
      38
    ],
    "SliceThickness": 2.5,
    "SliceTiming": [
      1.1375,
      1.0725,
      1.005,
      0.9375,
      0.87,
      0.8025,
      0.7375,
      0.67,
      0.6025,
      0.535,
      0.47,
      0.4025,
      0.335,
      0.2675,
      0.2,
      0.135,
      0.0675,
      0,
      1.1375,
      1.0725,
      1.005,
      0.9375,
      0.87,
      0.8025,
      0.7375,
      0.67,
      0.6025,
      0.535,
      0.47,
      0.4025,
      0.335,
      0.2675,
      0.2,
      0.135,
      0.0675,
      0,
      1.1375,
      1.0725,
      1.005,
      0.9375,
      0.87,
      0.8025,
      0.7375,
      0.67,
      0.6025,
      0.535,
      0.47,
      0.4025,
      0.335,
      0.2675,
      0.2,
      0.135,
      0.0675,
      0
    ],
    "SoftwareVersions": "syngo_MR_E11",
    "SpacingBetweenSlices": 2.5,
    "StationName": "AWP66072",
    "TaskName": "convers",
    "TotalReadoutTime": 0.04199916,
    "TxRefAmp": 241.558,
    "dataset": "ds001740",
    "modality": "bold",
    "run_id": 3,
    "subject_id": "15",
    "task_id": "convers"
  },
  "dummy_trs": 0,
  "dvars_nstd": 38.443774362447925,
  "dvars_std": 1.175715302526042,
  "dvars_vstd": 1.008822156380208,
  "efc": 0.5045604574554766,
  "fber": 7616.0859375,
  "fd_mean": 0.2576601185173944,
  "fd_num": 207,
  "fd_perc": 53.76623376623377,
  "fwhm_avg": 3.0091,
  "fwhm_x": 2.7745480000000002,
  "fwhm_y": 3.201064,
  "fwhm_z": 3.051688,
  "gcor": 0.0316803,
  "gsr_x": 0.005956877488642931,
  "gsr_y": 0.03903757408261299,
  "provenance": {
    "md5sum": "1c592cc8f50bf85b992f5a05fed8d098",
    "settings": {
      "fd_thres": 0.2,
      "testing": false
    },
    "software": "mriqc",
    "version": "23.0.1",
    "webapi_port": null,
    "webapi_url": "https://mriqc.nimh.nih.gov/api/v1"
  },
  "size_t": 385,
  "size_x": 84,
  "size_y": 84,
  "size_z": 54,
  "snr": 2.5497188319915143,
  "spacing_tr": 1.2050000429153442,
  "spacing_x": 2.5,
  "spacing_y": 2.5,
  "spacing_z": 2.5,
  "summary_bg_k": 20.59264109720408,
  "summary_bg_mad": 115.5715418223534,
  "summary_bg_mean": 887.156982421875,
  "summary_bg_median": 117.11480712890625,
  "summary_bg_n": 243832.0,
  "summary_bg_p05": 29.45647487640381,
  "summary_bg_p95": 5227.471728515616,
  "summary_bg_stdv": 2141.855712890625,
  "summary_fg_k": 0.6863908464647275,
  "summary_fg_mad": 4189.841108765476,
  "summary_fg_mean": 11210.939453125,
  "summary_fg_median": 10548.9228515625,
  "summary_fg_n": 71553.0,
  "summary_fg_p05": 5725.0189453125,
  "summary_fg_p95": 18707.827343749996,
  "summary_fg_stdv": 4137.259765625,
  "tsnr": 42.220420837402344
}