{
  "aor": 0.0015834025974025973,
  "aqi": 0.00574626025974026,
  "bids_meta": {
    "AcquisitionDateTime": "2018-05-29T15:24:08.836000",
    "AcquisitionMatrixPE": 84,
    "AcquisitionNumber": 1,
    "AcquisitionTime": "15:24:5.365000",
    "BandwidthPerPixelPhaseEncode": 23.81,
    "BaseResolution": 84,
    "BodyPartExamined": "HEAD",
    "ConsistencyInfo": "N4_VE11B_LATEST_20150530",
    "ConversionSoftware": "dcm2niix",
    "ConversionSoftwareVersion": "v1.0.20171215 GCC5.1.0",
    "DerivedVendorReportedEchoSpacing": 0.00049999,
    "DeviceSerialNumber": "66072",
    "DwellTime": 2.3e-06,
    "EchoTime": 0.03,
    "EchoTrainLength": 84,
    "EffectiveEchoSpacing": 0.00049999,
    "FlipAngle": 65,
    "ImageComments": "Unaliased_MB3_PE3_LB_SENSE1",
    "ImageOrientationPatientDICOM": [
      0.994485,
      0.0928305,
      0.0488111,
      -0.0887554,
      0.992843,
      -0.079905
    ],
    "ImageType": [
      "ORIGINAL",
      "PRIMARY",
      "M",
      "MB",
      "ND",
      "MOSAIC"
    ],
    "InPlanePhaseEncodingDirectionDICOM": "COL",
    "InstitutionAddress": "Boulevard_Jean_Moulin_27_Marseille_District_FR_13005",
    "InstitutionName": "Universite_d_aix_Marseille",
    "InstitutionalDepartmentName": "Department",
    "MRAcquisitionType": "2D",
    "MagneticFieldStrength": 3,
    "Manufacturer": "Siemens",
    "ManufacturersModelName": "Prisma",
    "Modality": "MR",
    "MultibandAccelerationFactor": 3,
    "PartialFourier": 1,
    "PatientPosition": "HFS",
    "PercentPhaseFOV": 100,
    "PhaseEncodingDirection": "j",
    "PhaseEncodingSteps": 84,
    "PhaseResolution": 1,
    "PixelBandwidth": 2590,
    "ProcedureStepDescription": "Projets_Convers",
    "ProtocolName": "task-convers_run2_bold",
    "PulseSequenceDetails": "%CustomerSeq%_cmrr_mbep2d_bold",
    "ReceiveCoilActiveElements": "HC1-7",
    "ReceiveCoilName": "HeadNeck_64",
    "ReconMatrixPE": 84,
    "RepetitionTime": 1.205,
    "SAR": 0.0848454,
    "ScanOptions": "FS_EXT",
    "ScanningSequence": "EP",
    "SequenceName": "epfid2d1_84",
    "SequenceVariant": "SK_SS",
    "SeriesDescription": "task-convers_run2_bold",
    "SeriesNumber": 19,
    "ShimSetting": [
      -600,
      -10784,
      -530,
      410,
      0,
      -104,
      141,
      -16
    ],
    "SliceThickness": 2.5,
    "SliceTiming": [
      1.1375,
      1.07,
      1.005,
      0.9375,
      0.87,
      0.8025,
      0.7375,
      0.67,
      0.6025,
      0.535,
      0.4675,
      0.4025,
      0.335,
      0.2675,
      0.2,
      0.135,
      0.0675,
      0,
      1.1375,
      1.07,
      1.005,
      0.9375,
      0.87,
      0.8025,
      0.7375,
      0.67,
      0.6025,
      0.535,
      0.4675,
      0.4025,
      0.335,
      0.2675,
      0.2,
      0.135,
      0.0675,
      0,
      1.1375,
      1.07,
      1.005,
      0.9375,
      0.87,
      0.8025,
      0.7375,
      0.67,
      0.6025,
      0.535,
      0.4675,
      0.4025,
      0.335,
      0.2675,
      0.2,
      0.135,
      0.0675,
      0
    ],
    "SoftwareVersions": "syngo_MR_E11",
    "SpacingBetweenSlices": 2.5,
    "StationName": "AWP66072",
    "TaskName": "convers",
    "TotalReadoutTime": 0.04199916,
    "TxRefAmp": 271.439,
    "dataset": "ds001740",
    "modality": "bold",
    "run_id": 2,
    "subject_id": "04",
    "task_id": "convers"
  },
  "dummy_trs": 0,
  "dvars_nstd": 37.735126276718745,
  "dvars_std": 1.1507533589062502,
  "dvars_vstd": 1.002475051067709,
  "efc": 0.5278835675162039,
  "fber": 6092.9052734375,
  "fd_mean": 0.23588224360414642,
  "fd_num": 201,
  "fd_perc": 52.20779220779221,
  "fwhm_avg": 3.1096719999999998,
  "fwhm_x": 2.8698319999999997,
  "fwhm_y": 3.210824,
  "fwhm_z": 3.2483600000000004,
  "gcor": 0.0235434,
  "gsr_x": 0.0014859834918752313,
  "gsr_y": 0.052120763808488846,
  "provenance": {
    "md5sum": "3af5c7c023cb7b0dde8018204087f9d1",
    "settings": {
      "fd_thres": 0.2,
      "testing": false
    },
    "software": "mriqc",
    "version": "23.0.1",
    "webapi_port": null,
    "webapi_url": "https://mriqc.nimh.nih.gov/api/v1"
  },
  "size_t": 385,
  "size_x": 84,
  "size_y": 84,
  "size_z": 54,
  "snr": 2.2640667219955226,
  "spacing_tr": 1.2050000429153442,
  "spacing_x": 2.5,
  "spacing_y": 2.5,
  "spacing_z": 2.5,
  "summary_bg_k": 19.758881696167816,
  "summary_bg_mad": 120.45546351262662,
  "summary_bg_mean": 715.8187866210938,
  "summary_bg_median": 124.19286346435547,
  "summary_bg_n": 224323.0,
  "summary_bg_p05": 37.1273998260498,
  "summary_bg_p95": 3829.922021484375,
  "summary_bg_stdv": 1503.663818359375,
  "summary_fg_k": 0.6302517946592543,
  "summary_fg_mad": 4472.978316522498,
  "summary_fg_mean": 11018.7294921875,
  "summary_fg_median": 10185.279296875,
  "summary_fg_n": 88003.0,
  "summary_fg_p05": 5263.8853515625,
  "summary_fg_p95": 19367.375390625,
  "summary_fg_stdv": 4498.64013671875,
  "tsnr": 39.68252944946289
}