{
  "aor": 0.0049944010416666665,
  "aqi": 0.008126795182291667,
  "bids_meta": {
    "AcquisitionDateTime": "2018-07-17T12:12:56.505000",
    "AcquisitionMatrixPE": 84,
    "AcquisitionNumber": 1,
    "AcquisitionTime": "12:12:54.530000",
    "BandwidthPerPixelPhaseEncode": 23.81,
    "BaseResolution": 84,
    "BodyPartExamined": "HEAD",
    "ConsistencyInfo": "N4_VE11B_LATEST_20150530",
    "ConversionSoftware": "dcm2niix",
    "ConversionSoftwareVersion": "v1.0.20171215 GCC5.1.0",
    "DerivedVendorReportedEchoSpacing": 0.00049999,
    "DeviceSerialNumber": "66072",
    "DwellTime": 2.3e-06,
    "EchoTime": 0.03,
    "EchoTrainLength": 84,
    "EffectiveEchoSpacing": 0.00049999,
    "FlipAngle": 65,
    "ImageComments": "Unaliased_MB3_PE3_LB_SENSE1",
    "ImageOrientationPatientDICOM": [
      0.997554,
      0.0407917,
      0.0567559,
      -0.045822,
      0.994855,
      0.0903538
    ],
    "ImageType": [
      "ORIGINAL",
      "PRIMARY",
      "M",
      "MB",
      "ND",
      "MOSAIC"
    ],
    "InPlanePhaseEncodingDirectionDICOM": "COL",
    "InstitutionAddress": "Boulevard_Jean_Moulin_27_Marseille_District_FR_13005",
    "InstitutionName": "Universite_d_aix_Marseille",
    "InstitutionalDepartmentName": "Department",
    "MRAcquisitionType": "2D",
    "MagneticFieldStrength": 3,
    "Manufacturer": "Siemens",
    "ManufacturersModelName": "Prisma",
    "Modality": "MR",
    "MultibandAccelerationFactor": 3,
    "PartialFourier": 1,
    "PatientPosition": "HFS",
    "PercentPhaseFOV": 100,
    "PhaseEncodingDirection": "j",
    "PhaseEncodingSteps": 84,
    "PhaseResolution": 1,
    "PixelBandwidth": 2590,
    "ProcedureStepDescription": "Projets_Convers",
    "ProtocolName": "task-convers_run3_bold",
    "PulseSequenceDetails": "%CustomerSeq%_cmrr_mbep2d_bold",
    "ReceiveCoilActiveElements": "HC1-6",
    "ReceiveCoilName": "HeadNeck_64",
    "ReconMatrixPE": 84,
    "RepetitionTime": 1.205,
    "SAR": 0.067716,
    "ScanOptions": "FS_EXT",
    "ScanningSequence": "EP",
    "SequenceName": "epfid2d1_84",
    "SequenceVariant": "SK_SS",
    "SeriesDescription": "task-convers_run3_bold",
    "SeriesNumber": 22,
    "ShimSetting": [
      -585,
      -10810,
      -493,
      341,
      37,
      -70,
      40,
      18
    ],
    "SliceThickness": 2.5,
    "SliceTiming": [
      1.1375,
      1.07,
      1.0025,
      0.9375,
      0.87,
      0.8025,
      0.735,
      0.6675,
      0.6025,
      0.535,
      0.4675,
      0.4,
      0.335,
      0.2675,
      0.2,
      0.1325,
      0.065,
      0,
      1.1375,
      1.07,
      1.0025,
      0.9375,
      0.87,
      0.8025,
      0.735,
      0.6675,
      0.6025,
      0.535,
      0.4675,
      0.4,
      0.335,
      0.2675,
      0.2,
      0.1325,
      0.065,
      0,
      1.1375,
      1.07,
      1.0025,
      0.9375,
      0.87,
      0.8025,
      0.735,
      0.6675,
      0.6025,
      0.535,
      0.4675,
      0.4,
      0.335,
      0.2675,
      0.2,
      0.1325,
      0.065,
      0
    ],
    "SoftwareVersions": "syngo_MR_E11",
    "SpacingBetweenSlices": 2.5,
    "StationName": "AWP66072",
    "TaskName": "convers",
    "TotalReadoutTime": 0.04199916,
    "TxRefAmp": 230.068,
    "dataset": "ds001740",
    "modality": "bold",
    "run_id": 3,
    "subject_id": "16",
    "task_id": "convers"
  },
  "dummy_trs": 1,
  "dvars_nstd": 47.73582690047001,
  "dvars_std": 1.2444244121671015,
  "dvars_vstd": 1.0432836374151429,
  "efc": 0.4659112448849253,
  "fber": 11934.6357421875,
  "fd_mean": 0.3510732645089881,
  "fd_num": 233,
  "fd_perc": 60.677083333333336,
  "fwhm_avg": 3.0988306666666667,
  "fwhm_x": 2.9277480000000002,
  "fwhm_y": 3.2633400000000004,
  "fwhm_z": 3.105404,
  "gcor": 0.0367642,
  "gsr_x": -0.013774195685982704,
  "gsr_y": 0.049928516149520874,
  "provenance": {
    "md5sum": "772a21343066c6b168ef1703a1264f25",
    "settings": {
      "fd_thres": 0.2,
      "testing": false
    },
    "software": "mriqc",
    "version": "23.0.1",
    "webapi_port": null,
    "webapi_url": "https://mriqc.nimh.nih.gov/api/v1"
  },
  "size_t": 384,
  "size_x": 84,
  "size_y": 84,
  "size_z": 54,
  "snr": 2.2467662683584777,
  "spacing_tr": 1.2050000429153442,
  "spacing_x": 2.5,
  "spacing_y": 2.5,
  "spacing_z": 2.5,
  "summary_bg_k": 21.79418234642885,
  "summary_bg_mad": 83.20847335201142,
  "summary_bg_mean": 576.9166259765625,
  "summary_bg_median": 98.88109588623047,
  "summary_bg_n": 249800.0,
  "summary_bg_p05": 39.1408634185791,
  "summary_bg_p95": 2989.277380371093,
  "summary_bg_stdv": 1247.3070068359375,
  "summary_fg_k": 1.2931843549488367,
  "summary_fg_mad": 4457.1293856778975,
  "summary_fg_mean": 11937.7080078125,
  "summary_fg_median": 10944.193359375,
  "summary_fg_n": 68680.0,
  "summary_fg_p05": 5952.93642578125,
  "summary_fg_p95": 21517.33857421875,
  "summary_fg_stdv": 4871.05126953125,
  "tsnr": 34.865196228027344
}