{
  "aor": 0.004443463541666666,
  "aqi": 0.009250186276041667,
  "bids_meta": {
    "AcquisitionDateTime": "2018-07-17T11:51:44.227000",
    "AcquisitionMatrixPE": 84,
    "AcquisitionNumber": 1,
    "AcquisitionTime": "11:51:42.165000",
    "BandwidthPerPixelPhaseEncode": 23.81,
    "BaseResolution": 84,
    "BodyPartExamined": "HEAD",
    "ConsistencyInfo": "N4_VE11B_LATEST_20150530",
    "ConversionSoftware": "dcm2niix",
    "ConversionSoftwareVersion": "v1.0.20171215 GCC5.1.0",
    "DerivedVendorReportedEchoSpacing": 0.00049999,
    "DeviceSerialNumber": "66072",
    "DwellTime": 2.3e-06,
    "EchoTime": 0.03,
    "EchoTrainLength": 84,
    "EffectiveEchoSpacing": 0.00049999,
    "FlipAngle": 65,
    "ImageComments": "Unaliased_MB3_PE3_LB_SENSE1",
    "ImageOrientationPatientDICOM": [
      0.997554,
      0.0407917,
      0.0567559,
      -0.045822,
      0.994855,
      0.0903538
    ],
    "ImageType": [
      "ORIGINAL",
      "PRIMARY",
      "M",
      "MB",
      "ND",
      "MOSAIC"
    ],
    "InPlanePhaseEncodingDirectionDICOM": "COL",
    "InstitutionAddress": "Boulevard_Jean_Moulin_27_Marseille_District_FR_13005",
    "InstitutionName": "Universite_d_aix_Marseille",
    "InstitutionalDepartmentName": "Department",
    "MRAcquisitionType": "2D",
    "MagneticFieldStrength": 3,
    "Manufacturer": "Siemens",
    "ManufacturersModelName": "Prisma",
    "Modality": "MR",
    "MultibandAccelerationFactor": 3,
    "PartialFourier": 1,
    "PatientPosition": "HFS",
    "PercentPhaseFOV": 100,
    "PhaseEncodingDirection": "j",
    "PhaseEncodingSteps": 84,
    "PhaseResolution": 1,
    "PixelBandwidth": 2590,
    "ProcedureStepDescription": "Projets_Convers",
    "ProtocolName": "task-convers_run1_bold",
    "PulseSequenceDetails": "%CustomerSeq%_cmrr_mbep2d_bold",
    "ReceiveCoilActiveElements": "HC1-6",
    "ReceiveCoilName": "HeadNeck_64",
    "ReconMatrixPE": 84,
    "RepetitionTime": 1.205,
    "SAR": 0.067716,
    "ScanOptions": "FS_EXT",
    "ScanningSequence": "EP",
    "SequenceName": "epfid2d1_84",
    "SequenceVariant": "SK_SS",
    "SeriesDescription": "task-convers_run1_bold",
    "SeriesNumber": 18,
    "ShimSetting": [
      -585,
      -10810,
      -493,
      341,
      37,
      -70,
      40,
      18
    ],
    "SliceThickness": 2.5,
    "SliceTiming": [
      1.1375,
      1.0725,
      1.005,
      0.9375,
      0.87,
      0.8025,
      0.7375,
      0.67,
      0.6025,
      0.535,
      0.47,
      0.4025,
      0.335,
      0.2675,
      0.2,
      0.135,
      0.0675,
      0,
      1.1375,
      1.0725,
      1.005,
      0.9375,
      0.87,
      0.8025,
      0.7375,
      0.67,
      0.6025,
      0.535,
      0.47,
      0.4025,
      0.335,
      0.2675,
      0.2,
      0.135,
      0.0675,
      0,
      1.1375,
      1.0725,
      1.005,
      0.9375,
      0.87,
      0.8025,
      0.7375,
      0.67,
      0.6025,
      0.535,
      0.47,
      0.4025,
      0.335,
      0.2675,
      0.2,
      0.135,
      0.0675,
      0
    ],
    "SoftwareVersions": "syngo_MR_E11",
    "SpacingBetweenSlices": 2.5,
    "StationName": "AWP66072",
    "TaskName": "convers",
    "TotalReadoutTime": 0.04199916,
    "TxRefAmp": 230.068,
    "dataset": "ds001740",
    "modality": "bold",
    "run_id": 1,
    "subject_id": "16",
    "task_id": "convers"
  },
  "dummy_trs": 1,
  "dvars_nstd": 55.06027298885118,
  "dvars_std": 1.2350568327676237,
  "dvars_vstd": 1.0213082832637086,
  "efc": 0.4636271814148736,
  "fber": 10950.0498046875,
  "fd_mean": 0.4409092142170782,
  "fd_num": 261,
  "fd_perc": 67.96875,
  "fwhm_avg": 3.1183226666666664,
  "fwhm_x": 2.9517800000000003,
  "fwhm_y": 3.2714280000000002,
  "fwhm_z": 3.13176,
  "gcor": 0.0347676,
  "gsr_x": -0.014897222630679607,
  "gsr_y": 0.04863455891609192,
  "provenance": {
    "md5sum": "49166b33f4a1d1a1eae7a292fd7d10ce",
    "settings": {
      "fd_thres": 0.2,
      "testing": false
    },
    "software": "mriqc",
    "version": "23.0.1",
    "webapi_port": null,
    "webapi_url": "https://mriqc.nimh.nih.gov/api/v1"
  },
  "size_t": 384,
  "size_x": 84,
  "size_y": 84,
  "size_z": 54,
  "snr": 2.256858509205956,
  "spacing_tr": 1.2050000429153442,
  "spacing_x": 2.5,
  "spacing_y": 2.5,
  "spacing_z": 2.5,
  "summary_bg_k": 21.517914865786327,
  "summary_bg_mad": 95.21921182915226,
  "summary_bg_mean": 574.5524291992188,
  "summary_bg_median": 104.329345703125,
  "summary_bg_n": 250306.0,
  "summary_bg_p05": 33.61186695098877,
  "summary_bg_p95": 2961.6305541992188,
  "summary_bg_stdv": 1228.0064697265625,
  "summary_fg_k": 1.3351815175408381,
  "summary_fg_mad": 4502.807361010982,
  "summary_fg_mean": 12200.5810546875,
  "summary_fg_median": 11165.56640625,
  "summary_fg_n": 67332.0,
  "summary_fg_p05": 6137.464013671875,
  "summary_fg_p95": 21999.523535156248,
  "summary_fg_stdv": 4947.3564453125,
  "tsnr": 32.246681213378906
}