{
  "aor": 0.003065639686684073,
  "aqi": 0.008006508381201044,
  "bids_meta": {
    "AcquisitionDateTime": "2018-07-17T12:22:55.723000",
    "AcquisitionMatrixPE": 84,
    "AcquisitionNumber": 1,
    "AcquisitionTime": "12:22:53.460000",
    "BandwidthPerPixelPhaseEncode": 23.81,
    "BaseResolution": 84,
    "BodyPartExamined": "HEAD",
    "ConsistencyInfo": "N4_VE11B_LATEST_20150530",
    "ConversionSoftware": "dcm2niix",
    "ConversionSoftwareVersion": "v1.0.20171215 GCC5.1.0",
    "DerivedVendorReportedEchoSpacing": 0.00049999,
    "DeviceSerialNumber": "66072",
    "DwellTime": 2.3e-06,
    "EchoTime": 0.03,
    "EchoTrainLength": 84,
    "EffectiveEchoSpacing": 0.00049999,
    "FlipAngle": 65,
    "ImageComments": "Unaliased_MB3_PE3_LB_SENSE1",
    "ImageOrientationPatientDICOM": [
      0.997554,
      0.0407917,
      0.0567559,
      -0.045822,
      0.994855,
      0.0903538
    ],
    "ImageType": [
      "ORIGINAL",
      "PRIMARY",
      "M",
      "MB",
      "ND",
      "MOSAIC"
    ],
    "InPlanePhaseEncodingDirectionDICOM": "COL",
    "InstitutionAddress": "Boulevard_Jean_Moulin_27_Marseille_District_FR_13005",
    "InstitutionName": "Universite_d_aix_Marseille",
    "InstitutionalDepartmentName": "Department",
    "MRAcquisitionType": "2D",
    "MagneticFieldStrength": 3,
    "Manufacturer": "Siemens",
    "ManufacturersModelName": "Prisma",
    "Modality": "MR",
    "MultibandAccelerationFactor": 3,
    "PartialFourier": 1,
    "PatientPosition": "HFS",
    "PercentPhaseFOV": 100,
    "PhaseEncodingDirection": "j",
    "PhaseEncodingSteps": 84,
    "PhaseResolution": 1,
    "PixelBandwidth": 2590,
    "ProcedureStepDescription": "Projets_Convers",
    "ProtocolName": "task-convers_run4_bold",
    "PulseSequenceDetails": "%CustomerSeq%_cmrr_mbep2d_bold",
    "ReceiveCoilActiveElements": "HC1-6",
    "ReceiveCoilName": "HeadNeck_64",
    "ReconMatrixPE": 84,
    "RepetitionTime": 1.205,
    "SAR": 0.067716,
    "ScanOptions": "FS_EXT",
    "ScanningSequence": "EP",
    "SequenceName": "epfid2d1_84",
    "SequenceVariant": "SK_SS",
    "SeriesDescription": "task-convers_run4_bold",
    "SeriesNumber": 24,
    "ShimSetting": [
      -585,
      -10810,
      -493,
      341,
      37,
      -70,
      40,
      18
    ],
    "SliceThickness": 2.5,
    "SliceTiming": [
      1.1375,
      1.07,
      1.0025,
      0.9375,
      0.87,
      0.8025,
      0.735,
      0.67,
      0.6025,
      0.535,
      0.4675,
      0.4,
      0.335,
      0.2675,
      0.2,
      0.1325,
      0.0675,
      0,
      1.1375,
      1.07,
      1.0025,
      0.9375,
      0.87,
      0.8025,
      0.735,
      0.67,
      0.6025,
      0.535,
      0.4675,
      0.4,
      0.335,
      0.2675,
      0.2,
      0.1325,
      0.0675,
      0,
      1.1375,
      1.07,
      1.0025,
      0.9375,
      0.87,
      0.8025,
      0.735,
      0.67,
      0.6025,
      0.535,
      0.4675,
      0.4,
      0.335,
      0.2675,
      0.2,
      0.1325,
      0.0675,
      0
    ],
    "SoftwareVersions": "syngo_MR_E11",
    "SpacingBetweenSlices": 2.5,
    "StationName": "AWP66072",
    "TaskName": "convers",
    "TotalReadoutTime": 0.04199916,
    "TxRefAmp": 230.068,
    "dataset": "ds001740",
    "modality": "bold",
    "run_id": 4,
    "subject_id": "16",
    "task_id": "convers"
  },
  "dummy_trs": 2,
  "dvars_nstd": 49.92179510604714,
  "dvars_std": 1.2269633469109946,
  "dvars_vstd": 1.0196880752356023,
  "efc": 0.46683956982844715,
  "fber": 12422.0693359375,
  "fd_mean": 0.3656840797195136,
  "fd_num": 247,
  "fd_perc": 64.49086161879896,
  "fwhm_avg": 3.1025466666666666,
  "fwhm_x": 2.9207080000000003,
  "fwhm_y": 3.2563720000000003,
  "fwhm_z": 3.13056,
  "gcor": 0.0307161,
  "gsr_x": -0.013590984977781773,
  "gsr_y": 0.04921724647283554,
  "provenance": {
    "md5sum": "8ef95a9a49472b85215dcdaace5df9d9",
    "settings": {
      "fd_thres": 0.2,
      "testing": false
    },
    "software": "mriqc",
    "version": "23.0.1",
    "webapi_port": null,
    "webapi_url": "https://mriqc.nimh.nih.gov/api/v1"
  },
  "size_t": 383,
  "size_x": 84,
  "size_y": 84,
  "size_z": 54,
  "snr": 2.2650043985837502,
  "spacing_tr": 1.2050000429153442,
  "spacing_x": 2.5,
  "spacing_y": 2.5,
  "spacing_z": 2.5,
  "summary_bg_k": 21.538073420810136,
  "summary_bg_mad": 79.4472293201372,
  "summary_bg_mean": 572.7755126953125,
  "summary_bg_median": 95.65206146240234,
  "summary_bg_n": 249669.0,
  "summary_bg_p05": 38.74599685668946,
  "summary_bg_p95": 2971.293652343747,
  "summary_bg_stdv": 1244.598388671875,
  "summary_fg_k": 1.2885928258072061,
  "summary_fg_mad": 4372.54432297544,
  "summary_fg_mean": 11813.8310546875,
  "summary_fg_median": 10839.8291015625,
  "summary_fg_n": 68806.0,
  "summary_fg_p05": 5915.96630859375,
  "summary_fg_p95": 21210.78271484375,
  "summary_fg_stdv": 4785.75244140625,
  "tsnr": 35.638580322265625
}