{
  "aor": 0.002484155844155844,
  "aqi": 0.006793401428571428,
  "bids_meta": {
    "AcquisitionDateTime": "2018-07-17T12:02:11.082000",
    "AcquisitionMatrixPE": 84,
    "AcquisitionNumber": 1,
    "AcquisitionTime": "12:02:9.022500",
    "BandwidthPerPixelPhaseEncode": 23.81,
    "BaseResolution": 84,
    "BodyPartExamined": "HEAD",
    "ConsistencyInfo": "N4_VE11B_LATEST_20150530",
    "ConversionSoftware": "dcm2niix",
    "ConversionSoftwareVersion": "v1.0.20171215 GCC5.1.0",
    "DerivedVendorReportedEchoSpacing": 0.00049999,
    "DeviceSerialNumber": "66072",
    "DwellTime": 2.3e-06,
    "EchoTime": 0.03,
    "EchoTrainLength": 84,
    "EffectiveEchoSpacing": 0.00049999,
    "FlipAngle": 65,
    "ImageComments": "Unaliased_MB3_PE3_LB_SENSE1",
    "ImageOrientationPatientDICOM": [
      0.997554,
      0.0407917,
      0.0567559,
      -0.045822,
      0.994855,
      0.0903538
    ],
    "ImageType": [
      "ORIGINAL",
      "PRIMARY",
      "M",
      "MB",
      "ND",
      "MOSAIC"
    ],
    "InPlanePhaseEncodingDirectionDICOM": "COL",
    "InstitutionAddress": "Boulevard_Jean_Moulin_27_Marseille_District_FR_13005",
    "InstitutionName": "Universite_d_aix_Marseille",
    "InstitutionalDepartmentName": "Department",
    "MRAcquisitionType": "2D",
    "MagneticFieldStrength": 3,
    "Manufacturer": "Siemens",
    "ManufacturersModelName": "Prisma",
    "Modality": "MR",
    "MultibandAccelerationFactor": 3,
    "PartialFourier": 1,
    "PatientPosition": "HFS",
    "PercentPhaseFOV": 100,
    "PhaseEncodingDirection": "j",
    "PhaseEncodingSteps": 84,
    "PhaseResolution": 1,
    "PixelBandwidth": 2590,
    "ProcedureStepDescription": "Projets_Convers",
    "ProtocolName": "task-convers_run2_bold",
    "PulseSequenceDetails": "%CustomerSeq%_cmrr_mbep2d_bold",
    "ReceiveCoilActiveElements": "HC1-6",
    "ReceiveCoilName": "HeadNeck_64",
    "ReconMatrixPE": 84,
    "RepetitionTime": 1.205,
    "SAR": 0.067716,
    "ScanOptions": "FS_EXT",
    "ScanningSequence": "EP",
    "SequenceName": "epfid2d1_84",
    "SequenceVariant": "SK_SS",
    "SeriesDescription": "task-convers_run2_bold",
    "SeriesNumber": 20,
    "ShimSetting": [
      -585,
      -10810,
      -493,
      341,
      37,
      -70,
      40,
      18
    ],
    "SliceThickness": 2.5,
    "SliceTiming": [
      1.1375,
      1.07,
      1.005,
      0.9375,
      0.87,
      0.8025,
      0.7375,
      0.67,
      0.6025,
      0.535,
      0.4675,
      0.4025,
      0.335,
      0.2675,
      0.2,
      0.135,
      0.0675,
      0,
      1.1375,
      1.07,
      1.005,
      0.9375,
      0.87,
      0.8025,
      0.7375,
      0.67,
      0.6025,
      0.535,
      0.4675,
      0.4025,
      0.335,
      0.2675,
      0.2,
      0.135,
      0.0675,
      0,
      1.1375,
      1.07,
      1.005,
      0.9375,
      0.87,
      0.8025,
      0.7375,
      0.67,
      0.6025,
      0.535,
      0.4675,
      0.4025,
      0.335,
      0.2675,
      0.2,
      0.135,
      0.0675,
      0
    ],
    "SoftwareVersions": "syngo_MR_E11",
    "SpacingBetweenSlices": 2.5,
    "StationName": "AWP66072",
    "TaskName": "convers",
    "TotalReadoutTime": 0.04199916,
    "TxRefAmp": 230.068,
    "dataset": "ds001740",
    "modality": "bold",
    "run_id": 2,
    "subject_id": "16",
    "task_id": "convers"
  },
  "dummy_trs": 0,
  "dvars_nstd": 42.5872991385156,
  "dvars_std": 1.185348170416667,
  "dvars_vstd": 1.0034948299479163,
  "efc": 0.46456686342703013,
  "fber": 11961.8017578125,
  "fd_mean": 0.27978500706315557,
  "fd_num": 212,
  "fd_perc": 55.064935064935064,
  "fwhm_avg": 3.0852679999999997,
  "fwhm_x": 2.9212160000000003,
  "fwhm_y": 3.249532,
  "fwhm_z": 3.0850560000000002,
  "gcor": 0.0343957,
  "gsr_x": -0.0153167974203825,
  "gsr_y": 0.049545951187610626,
  "provenance": {
    "md5sum": "c1b8e8245927c997e0e516e0bb901e1b",
    "settings": {
      "fd_thres": 0.2,
      "testing": false
    },
    "software": "mriqc",
    "version": "23.0.1",
    "webapi_port": null,
    "webapi_url": "https://mriqc.nimh.nih.gov/api/v1"
  },
  "size_t": 385,
  "size_x": 84,
  "size_y": 84,
  "size_z": 54,
  "snr": 2.260980972475593,
  "spacing_tr": 1.2050000429153442,
  "spacing_x": 2.5,
  "spacing_y": 2.5,
  "spacing_z": 2.5,
  "summary_bg_k": 21.779178110322636,
  "summary_bg_mad": 86.95277862639196,
  "summary_bg_mean": 586.4065551757812,
  "summary_bg_median": 99.68721008300781,
  "summary_bg_n": 250276.0,
  "summary_bg_p05": 36.72718906402588,
  "summary_bg_p95": 3054.6700439453125,
  "summary_bg_stdv": 1263.1214599609375,
  "summary_fg_k": 1.3417914645841815,
  "summary_fg_mad": 4499.230076410032,
  "summary_fg_mean": 12197.9140625,
  "summary_fg_median": 11164.515625,
  "summary_fg_n": 67226.0,
  "summary_fg_p05": 6161.2359619140625,
  "summary_fg_p95": 21932.5849609375,
  "summary_fg_stdv": 4937.87109375,
  "tsnr": 37.22542190551758
}