{
  "aor": 0.0014895584415584415,
  "aqi": 0.005880994103896104,
  "bids_meta": {
    "AcquisitionDateTime": "2018-05-29T12:21:36.757000",
    "AcquisitionMatrixPE": 84,
    "AcquisitionNumber": 1,
    "AcquisitionTime": "12:21:34.715000",
    "BandwidthPerPixelPhaseEncode": 23.81,
    "BaseResolution": 84,
    "BodyPartExamined": "HEAD",
    "ConsistencyInfo": "N4_VE11B_LATEST_20150530",
    "ConversionSoftware": "dcm2niix",
    "ConversionSoftwareVersion": "v1.0.20171215 GCC5.1.0",
    "DerivedVendorReportedEchoSpacing": 0.00049999,
    "DeviceSerialNumber": "66072",
    "DwellTime": 2.3e-06,
    "EchoTime": 0.03,
    "EchoTrainLength": 84,
    "EffectiveEchoSpacing": 0.00049999,
    "FlipAngle": 65,
    "ImageComments": "Unaliased_MB3_PE3_LB_SENSE1",
    "ImageOrientationPatientDICOM": [
      0.996665,
      -0.0120731,
      0.0807029,
      0.0167008,
      0.998239,
      -0.0569162
    ],
    "ImageType": [
      "ORIGINAL",
      "PRIMARY",
      "M",
      "MB",
      "ND",
      "MOSAIC"
    ],
    "InPlanePhaseEncodingDirectionDICOM": "COL",
    "InstitutionAddress": "Boulevard_Jean_Moulin_27_Marseille_District_FR_13005",
    "InstitutionName": "Universite_d_aix_Marseille",
    "InstitutionalDepartmentName": "Department",
    "MRAcquisitionType": "2D",
    "MagneticFieldStrength": 3,
    "Manufacturer": "Siemens",
    "ManufacturersModelName": "Prisma",
    "Modality": "MR",
    "MultibandAccelerationFactor": 3,
    "PartialFourier": 1,
    "PatientPosition": "HFS",
    "PercentPhaseFOV": 100,
    "PhaseEncodingDirection": "j",
    "PhaseEncodingSteps": 84,
    "PhaseResolution": 1,
    "PixelBandwidth": 2590,
    "ProcedureStepDescription": "Projets_Convers",
    "ProtocolName": "task-convers_run4_bold",
    "PulseSequenceDetails": "%CustomerSeq%_cmrr_mbep2d_bold",
    "ReceiveCoilActiveElements": "HC1-7",
    "ReceiveCoilName": "HeadNeck_64",
    "ReconMatrixPE": 84,
    "RepetitionTime": 1.205,
    "SAR": 0.0495346,
    "ScanOptions": "FS_EXT",
    "ScanningSequence": "EP",
    "SequenceName": "epfid2d1_84",
    "SequenceVariant": "SK_SS",
    "SeriesDescription": "task-convers_run4_bold",
    "SeriesNumber": 16,
    "ShimSetting": [
      -590,
      -10745,
      -556,
      562,
      13,
      147,
      -113,
      -12
    ],
    "SliceThickness": 2.5,
    "SliceTiming": [
      1.1375,
      1.07,
      1.005,
      0.9375,
      0.87,
      0.8025,
      0.735,
      0.67,
      0.6025,
      0.535,
      0.4675,
      0.4025,
      0.335,
      0.2675,
      0.2,
      0.1325,
      0.0675,
      0,
      1.1375,
      1.07,
      1.005,
      0.9375,
      0.87,
      0.8025,
      0.735,
      0.67,
      0.6025,
      0.535,
      0.4675,
      0.4025,
      0.335,
      0.2675,
      0.2,
      0.1325,
      0.0675,
      0,
      1.1375,
      1.07,
      1.005,
      0.9375,
      0.87,
      0.8025,
      0.735,
      0.67,
      0.6025,
      0.535,
      0.4675,
      0.4025,
      0.335,
      0.2675,
      0.2,
      0.1325,
      0.0675,
      0
    ],
    "SoftwareVersions": "syngo_MR_E11",
    "SpacingBetweenSlices": 2.5,
    "StationName": "AWP66072",
    "TaskName": "convers",
    "TotalReadoutTime": 0.04199916,
    "TxRefAmp": 216.133,
    "dataset": "ds001740",
    "modality": "bold",
    "run_id": 4,
    "subject_id": "02",
    "task_id": "convers"
  },
  "dummy_trs": 0,
  "dvars_nstd": 34.96158730992189,
  "dvars_std": 1.1464704005989594,
  "dvars_vstd": 0.9940999290104169,
  "efc": 0.42530190691310304,
  "fber": 18961.033203125,
  "fd_mean": 0.20609889143854435,
  "fd_num": 127,
  "fd_perc": 32.98701298701299,
  "fwhm_avg": 2.891042666666667,
  "fwhm_x": 2.713644,
  "fwhm_y": 3.0898440000000003,
  "fwhm_z": 2.86964,
  "gcor": 0.0235674,
  "gsr_x": -0.0014647047501057386,
  "gsr_y": 0.03310534358024597,
  "provenance": {
    "md5sum": "82a18557dbd6f951011ef12b9e9795ff",
    "settings": {
      "fd_thres": 0.2,
      "testing": false
    },
    "software": "mriqc",
    "version": "23.0.1",
    "webapi_port": null,
    "webapi_url": "https://mriqc.nimh.nih.gov/api/v1"
  },
  "size_t": 385,
  "size_x": 84,
  "size_y": 84,
  "size_z": 54,
  "snr": 2.7819343442890583,
  "spacing_tr": 1.2050000429153442,
  "spacing_x": 2.5,
  "spacing_y": 2.5,
  "spacing_z": 2.5,
  "summary_bg_k": 37.97719907450376,
  "summary_bg_mad": 57.923300048396705,
  "summary_bg_mean": 440.8807067871094,
  "summary_bg_median": 75.61372375488281,
  "summary_bg_n": 269772.0,
  "summary_bg_p05": 31.63932752609253,
  "summary_bg_p95": 2105.9977905273413,
  "summary_bg_stdv": 1047.796875,
  "summary_fg_k": 0.7367734529492198,
  "summary_fg_mad": 3483.5375198502898,
  "summary_fg_mean": 10917.7294921875,
  "summary_fg_median": 10280.466796875,
  "summary_fg_n": 53530.0,
  "summary_fg_p05": 6105.582666015625,
  "summary_fg_p95": 18013.038574218746,
  "summary_fg_stdv": 3695.40380859375,
  "tsnr": 40.534481048583984
}