{
  "aor": 0.001639661458333333,
  "aqi": 0.004576645026041666,
  "bids_meta": {
    "AcquisitionDateTime": "2018-05-29T12:01:35.614000",
    "AcquisitionMatrixPE": 84,
    "AcquisitionNumber": 1,
    "AcquisitionTime": "12:01:8.227500",
    "BandwidthPerPixelPhaseEncode": 23.81,
    "BaseResolution": 84,
    "BodyPartExamined": "HEAD",
    "ConsistencyInfo": "N4_VE11B_LATEST_20150530",
    "ConversionSoftware": "dcm2niix",
    "ConversionSoftwareVersion": "v1.0.20171215 GCC5.1.0",
    "DerivedVendorReportedEchoSpacing": 0.00049999,
    "DeviceSerialNumber": "66072",
    "DwellTime": 2.3e-06,
    "EchoTime": 0.03,
    "EchoTrainLength": 84,
    "EffectiveEchoSpacing": 0.00049999,
    "FlipAngle": 65,
    "ImageComments": "Unaliased_MB3_PE3_LB_SENSE1",
    "ImageOrientationPatientDICOM": [
      0.996665,
      -0.0120731,
      0.0807029,
      0.0167008,
      0.998239,
      -0.0569162
    ],
    "ImageType": [
      "ORIGINAL",
      "PRIMARY",
      "M",
      "MB",
      "ND",
      "MOSAIC"
    ],
    "InPlanePhaseEncodingDirectionDICOM": "COL",
    "InstitutionAddress": "Boulevard_Jean_Moulin_27_Marseille_District_FR_13005",
    "InstitutionName": "Universite_d_aix_Marseille",
    "InstitutionalDepartmentName": "Department",
    "MRAcquisitionType": "2D",
    "MagneticFieldStrength": 3,
    "Manufacturer": "Siemens",
    "ManufacturersModelName": "Prisma",
    "Modality": "MR",
    "MultibandAccelerationFactor": 3,
    "PartialFourier": 1,
    "PatientPosition": "HFS",
    "PercentPhaseFOV": 100,
    "PhaseEncodingDirection": "j",
    "PhaseEncodingSteps": 84,
    "PhaseResolution": 1,
    "PixelBandwidth": 2590,
    "ProcedureStepDescription": "Projets_Convers",
    "ProtocolName": "task-convers_run2_bold",
    "PulseSequenceDetails": "%CustomerSeq%_cmrr_mbep2d_bold",
    "ReceiveCoilActiveElements": "HC1-7",
    "ReceiveCoilName": "HeadNeck_64",
    "ReconMatrixPE": 84,
    "RepetitionTime": 1.205,
    "SAR": 0.0495346,
    "ScanOptions": "FS_EXT",
    "ScanningSequence": "EP",
    "SequenceName": "epfid2d1_84",
    "SequenceVariant": "SK_SS",
    "SeriesDescription": "task-convers_run2_bold",
    "SeriesNumber": 12,
    "ShimSetting": [
      -590,
      -10745,
      -556,
      562,
      13,
      147,
      -113,
      -12
    ],
    "SliceThickness": 2.5,
    "SliceTiming": [
      1.14,
      1.0725,
      1.005,
      0.9375,
      0.87,
      0.805,
      0.7375,
      0.67,
      0.6025,
      0.5375,
      0.47,
      0.4025,
      0.335,
      0.2675,
      0.2025,
      0.135,
      0.0675,
      0,
      1.14,
      1.0725,
      1.005,
      0.9375,
      0.87,
      0.805,
      0.7375,
      0.67,
      0.6025,
      0.5375,
      0.47,
      0.4025,
      0.335,
      0.2675,
      0.2025,
      0.135,
      0.0675,
      0,
      1.14,
      1.0725,
      1.005,
      0.9375,
      0.87,
      0.805,
      0.7375,
      0.67,
      0.6025,
      0.5375,
      0.47,
      0.4025,
      0.335,
      0.2675,
      0.2025,
      0.135,
      0.0675,
      0
    ],
    "SoftwareVersions": "syngo_MR_E11",
    "SpacingBetweenSlices": 2.5,
    "StationName": "AWP66072",
    "TaskName": "convers",
    "TotalReadoutTime": 0.04199916,
    "TxRefAmp": 216.133,
    "dataset": "ds001740",
    "modality": "bold",
    "run_id": 2,
    "subject_id": "02",
    "task_id": "convers"
  },
  "dummy_trs": 1,
  "dvars_nstd": 33.22275251394257,
  "dvars_std": 1.1783879244125326,
  "dvars_vstd": 1.011046993577023,
  "efc": 0.4238570354034673,
  "fber": 18654.310546875,
  "fd_mean": 0.17018772948362254,
  "fd_num": 95,
  "fd_perc": 24.739583333333332,
  "fwhm_avg": 2.8933093333333333,
  "fwhm_x": 2.725628,
  "fwhm_y": 3.08372,
  "fwhm_z": 2.87058,
  "gcor": 0.0260765,
  "gsr_x": -0.002536472398787737,
  "gsr_y": 0.03097207099199295,
  "provenance": {
    "md5sum": "af999a6375e861a14b5c81f4378dfd65",
    "settings": {
      "fd_thres": 0.2,
      "testing": false
    },
    "software": "mriqc",
    "version": "23.0.1",
    "webapi_port": null,
    "webapi_url": "https://mriqc.nimh.nih.gov/api/v1"
  },
  "size_t": 384,
  "size_x": 84,
  "size_y": 84,
  "size_z": 54,
  "snr": 2.7427240347297976,
  "spacing_tr": 1.2050000429153442,
  "spacing_x": 2.5,
  "spacing_y": 2.5,
  "spacing_z": 2.5,
  "summary_bg_k": 36.57865684241673,
  "summary_bg_mad": 62.53224829940935,
  "summary_bg_mean": 454.0035095214844,
  "summary_bg_median": 78.07976531982422,
  "summary_bg_n": 270515.0,
  "summary_bg_p05": 30.410726737976077,
  "summary_bg_p95": 2191.168603515624,
  "summary_bg_stdv": 1072.078125,
  "summary_fg_k": 0.7810807733136609,
  "summary_fg_mad": 3634.72095837972,
  "summary_fg_mean": 11158.166015625,
  "summary_fg_median": 10504.216796875,
  "summary_fg_n": 53227.0,
  "summary_fg_p05": 6164.72216796875,
  "summary_fg_p95": 18507.2111328125,
  "summary_fg_stdv": 3829.812255859375,
  "tsnr": 44.82014083862305
}