{
  "aor": 0.002413489583333333,
  "aqi": 0.01561574421875,
  "bids_meta": {
    "AcquisitionDateTime": "2018-07-17T18:23:56.527000",
    "AcquisitionMatrixPE": 84,
    "AcquisitionNumber": 1,
    "AcquisitionTime": "18:23:53.065000",
    "BandwidthPerPixelPhaseEncode": 23.81,
    "BaseResolution": 84,
    "BodyPartExamined": "HEAD",
    "ConsistencyInfo": "N4_VE11B_LATEST_20150530",
    "ConversionSoftware": "dcm2niix",
    "ConversionSoftwareVersion": "v1.0.20171215 GCC5.1.0",
    "DerivedVendorReportedEchoSpacing": 0.00049999,
    "DeviceSerialNumber": "66072",
    "DwellTime": 2.3e-06,
    "EchoTime": 0.03,
    "EchoTrainLength": 84,
    "EffectiveEchoSpacing": 0.00049999,
    "FlipAngle": 65,
    "ImageComments": "Unaliased_MB3_PE3_LB_SENSE1",
    "ImageOrientationPatientDICOM": [
      0.999327,
      0.0348114,
      0.0115943,
      -0.0296593,
      0.952438,
      -0.303286
    ],
    "ImageType": [
      "ORIGINAL",
      "PRIMARY",
      "M",
      "MB",
      "ND",
      "MOSAIC"
    ],
    "InPlanePhaseEncodingDirectionDICOM": "COL",
    "InstitutionAddress": "Boulevard_Jean_Moulin_27_Marseille_District_FR_13005",
    "InstitutionName": "Universite_d_aix_Marseille",
    "InstitutionalDepartmentName": "Department",
    "MRAcquisitionType": "2D",
    "MagneticFieldStrength": 3,
    "Manufacturer": "Siemens",
    "ManufacturersModelName": "Prisma",
    "Modality": "MR",
    "MultibandAccelerationFactor": 3,
    "PartialFourier": 1,
    "PatientPosition": "HFS",
    "PercentPhaseFOV": 100,
    "PhaseEncodingDirection": "j",
    "PhaseEncodingSteps": 84,
    "PhaseResolution": 1,
    "PixelBandwidth": 2590,
    "ProcedureStepDescription": "Projets_Convers",
    "ProtocolName": "task-convers_run4_bold",
    "PulseSequenceDetails": "%CustomerSeq%_cmrr_mbep2d_bold",
    "ReceiveCoilActiveElements": "HC1-7;NC1",
    "ReceiveCoilName": "HeadNeck_64",
    "ReconMatrixPE": 84,
    "RepetitionTime": 1.205,
    "SAR": 0.0777887,
    "ScanOptions": "FS_EXT",
    "ScanningSequence": "EP",
    "SequenceName": "epfid2d1_84",
    "SequenceVariant": "SK_SS",
    "SeriesDescription": "task-convers_run4_bold",
    "SeriesNumber": 16,
    "ShimSetting": [
      -610,
      -10787,
      -551,
      301,
      86,
      -319,
      95,
      16
    ],
    "SliceThickness": 2.5,
    "SliceTiming": [
      1.1375,
      1.0725,
      1.005,
      0.9375,
      0.87,
      0.8025,
      0.7375,
      0.67,
      0.6025,
      0.535,
      0.47,
      0.4025,
      0.335,
      0.2675,
      0.2,
      0.135,
      0.0675,
      0,
      1.1375,
      1.0725,
      1.005,
      0.9375,
      0.87,
      0.8025,
      0.7375,
      0.67,
      0.6025,
      0.535,
      0.47,
      0.4025,
      0.335,
      0.2675,
      0.2,
      0.135,
      0.0675,
      0,
      1.1375,
      1.0725,
      1.005,
      0.9375,
      0.87,
      0.8025,
      0.7375,
      0.67,
      0.6025,
      0.535,
      0.47,
      0.4025,
      0.335,
      0.2675,
      0.2,
      0.135,
      0.0675,
      0
    ],
    "SoftwareVersions": "syngo_MR_E11",
    "SpacingBetweenSlices": 2.5,
    "StationName": "AWP66072",
    "TaskName": "convers",
    "TotalReadoutTime": 0.04199916,
    "TxRefAmp": 263.328,
    "dataset": "ds001740",
    "modality": "bold",
    "run_id": 4,
    "subject_id": "19",
    "task_id": "convers"
  },
  "dummy_trs": 1,
  "dvars_nstd": 65.15049242172327,
  "dvars_std": 1.1461418295039165,
  "dvars_vstd": 1.0029190974151434,
  "efc": 0.4921693723496439,
  "fber": 4415.28076171875,
  "fd_mean": 0.6591708320348253,
  "fd_num": 352,
  "fd_perc": 91.66666666666667,
  "fwhm_avg": 3.0212586666666663,
  "fwhm_x": 2.7024719999999998,
  "fwhm_y": 3.20634,
  "fwhm_z": 3.154964,
  "gcor": 0.0139802,
  "gsr_x": 0.018568120896816254,
  "gsr_y": 0.041256412863731384,
  "provenance": {
    "md5sum": "566eb95a63730fb6c10b5a8c8c6975a5",
    "settings": {
      "fd_thres": 0.2,
      "testing": false
    },
    "software": "mriqc",
    "version": "23.0.1",
    "webapi_port": null,
    "webapi_url": "https://mriqc.nimh.nih.gov/api/v1"
  },
  "size_t": 384,
  "size_x": 84,
  "size_y": 84,
  "size_z": 54,
  "snr": 2.4740078275917314,
  "spacing_tr": 1.2050000429153442,
  "spacing_x": 2.5,
  "spacing_y": 2.5,
  "spacing_z": 2.5,
  "summary_bg_k": 23.4031886662022,
  "summary_bg_mad": 130.01398457143725,
  "summary_bg_mean": 553.3924560546875,
  "summary_bg_median": 125.39085388183594,
  "summary_bg_n": 246393.0,
  "summary_bg_p05": 25.56654624938965,
  "summary_bg_p95": 2638.259765624999,
  "summary_bg_stdv": 1118.427734375,
  "summary_fg_k": 1.796981938702828,
  "summary_fg_mad": 3003.8512726727868,
  "summary_fg_mean": 9251.685546875,
  "summary_fg_median": 8537.359375,
  "summary_fg_n": 69411.0,
  "summary_fg_p05": 4963.02001953125,
  "summary_fg_p95": 15913.03173828125,
  "summary_fg_stdv": 3450.796630859375,
  "tsnr": 26.43535614013672
}