{
  "aor": 0.004344181818181818,
  "aqi": 0.022143622597402598,
  "bids_meta": {
    "AcquisitionDateTime": "2018-07-17T18:13:55.290000",
    "AcquisitionMatrixPE": 84,
    "AcquisitionNumber": 1,
    "AcquisitionTime": "18:13:52.287500",
    "BandwidthPerPixelPhaseEncode": 23.81,
    "BaseResolution": 84,
    "BodyPartExamined": "HEAD",
    "ConsistencyInfo": "N4_VE11B_LATEST_20150530",
    "ConversionSoftware": "dcm2niix",
    "ConversionSoftwareVersion": "v1.0.20171215 GCC5.1.0",
    "DerivedVendorReportedEchoSpacing": 0.00049999,
    "DeviceSerialNumber": "66072",
    "DwellTime": 2.3e-06,
    "EchoTime": 0.03,
    "EchoTrainLength": 84,
    "EffectiveEchoSpacing": 0.00049999,
    "FlipAngle": 65,
    "ImageComments": "Unaliased_MB3_PE3_LB_SENSE1",
    "ImageOrientationPatientDICOM": [
      0.999327,
      0.0348114,
      0.0115943,
      -0.0296593,
      0.952438,
      -0.303286
    ],
    "ImageType": [
      "ORIGINAL",
      "PRIMARY",
      "M",
      "MB",
      "ND",
      "MOSAIC"
    ],
    "InPlanePhaseEncodingDirectionDICOM": "COL",
    "InstitutionAddress": "Boulevard_Jean_Moulin_27_Marseille_District_FR_13005",
    "InstitutionName": "Universite_d_aix_Marseille",
    "InstitutionalDepartmentName": "Department",
    "MRAcquisitionType": "2D",
    "MagneticFieldStrength": 3,
    "Manufacturer": "Siemens",
    "ManufacturersModelName": "Prisma",
    "Modality": "MR",
    "MultibandAccelerationFactor": 3,
    "PartialFourier": 1,
    "PatientPosition": "HFS",
    "PercentPhaseFOV": 100,
    "PhaseEncodingDirection": "j",
    "PhaseEncodingSteps": 84,
    "PhaseResolution": 1,
    "PixelBandwidth": 2590,
    "ProcedureStepDescription": "Projets_Convers",
    "ProtocolName": "task-convers_run3_bold",
    "PulseSequenceDetails": "%CustomerSeq%_cmrr_mbep2d_bold",
    "ReceiveCoilActiveElements": "HC1-7;NC1",
    "ReceiveCoilName": "HeadNeck_64",
    "ReconMatrixPE": 84,
    "RepetitionTime": 1.205,
    "SAR": 0.0777887,
    "ScanOptions": "FS_EXT",
    "ScanningSequence": "EP",
    "SequenceName": "epfid2d1_84",
    "SequenceVariant": "SK_SS",
    "SeriesDescription": "task-convers_run3_bold",
    "SeriesNumber": 14,
    "ShimSetting": [
      -610,
      -10787,
      -551,
      301,
      86,
      -319,
      95,
      16
    ],
    "SliceThickness": 2.5,
    "SliceTiming": [
      1.1375,
      1.07,
      1.005,
      0.9375,
      0.87,
      0.8025,
      0.7375,
      0.67,
      0.6025,
      0.535,
      0.4675,
      0.4025,
      0.335,
      0.2675,
      0.2,
      0.135,
      0.0675,
      0,
      1.1375,
      1.07,
      1.005,
      0.9375,
      0.87,
      0.8025,
      0.7375,
      0.67,
      0.6025,
      0.535,
      0.4675,
      0.4025,
      0.335,
      0.2675,
      0.2,
      0.135,
      0.0675,
      0,
      1.1375,
      1.07,
      1.005,
      0.9375,
      0.87,
      0.8025,
      0.7375,
      0.67,
      0.6025,
      0.535,
      0.4675,
      0.4025,
      0.335,
      0.2675,
      0.2,
      0.135,
      0.0675,
      0
    ],
    "SoftwareVersions": "syngo_MR_E11",
    "SpacingBetweenSlices": 2.5,
    "StationName": "AWP66072",
    "TaskName": "convers",
    "TotalReadoutTime": 0.04199916,
    "TxRefAmp": 263.328,
    "dataset": "ds001740",
    "modality": "bold",
    "run_id": 3,
    "subject_id": "19",
    "task_id": "convers"
  },
  "dummy_trs": 0,
  "dvars_nstd": 82.72322618453131,
  "dvars_std": 1.1911695972395824,
  "dvars_vstd": 1.0220130259635412,
  "efc": 0.4925438170569872,
  "fber": 4129.22900390625,
  "fd_mean": 0.9369814142831533,
  "fd_num": 361,
  "fd_perc": 93.76623376623377,
  "fwhm_avg": 3.0361813333333334,
  "fwhm_x": 2.712216,
  "fwhm_y": 3.217628,
  "fwhm_z": 3.1787,
  "gcor": 0.0117138,
  "gsr_x": 0.010872216895222664,
  "gsr_y": 0.04381347447633743,
  "provenance": {
    "md5sum": "86cf1269a71ac19eded1484a2e1f1bfe",
    "settings": {
      "fd_thres": 0.2,
      "testing": false
    },
    "software": "mriqc",
    "version": "23.0.1",
    "webapi_port": null,
    "webapi_url": "https://mriqc.nimh.nih.gov/api/v1"
  },
  "size_t": 385,
  "size_x": 84,
  "size_y": 84,
  "size_z": 54,
  "snr": 2.4628167981144617,
  "spacing_tr": 1.2050000429153442,
  "spacing_x": 2.5,
  "spacing_y": 2.5,
  "spacing_z": 2.5,
  "summary_bg_k": 21.02972152771948,
  "summary_bg_mad": 132.16619651689518,
  "summary_bg_mean": 520.8251953125,
  "summary_bg_median": 128.88926696777344,
  "summary_bg_n": 244725.0,
  "summary_bg_p05": 29.120654678344728,
  "summary_bg_p95": 2453.6768066406244,
  "summary_bg_stdv": 986.2454833984375,
  "summary_fg_k": 1.9113216516531857,
  "summary_fg_mad": 2996.2189117403136,
  "summary_fg_mean": 9238.1171875,
  "summary_fg_median": 8522.798828125,
  "summary_fg_n": 69450.0,
  "summary_fg_p05": 4949.101733398437,
  "summary_fg_p95": 15887.900927734376,
  "summary_fg_stdv": 3460.56494140625,
  "tsnr": 21.61259651184082
}