{
  "aor": 0.001153974025974026,
  "aqi": 0.011622414831168833,
  "bids_meta": {
    "AcquisitionDateTime": "2018-05-30T16:50:25.102000",
    "AcquisitionMatrixPE": 84,
    "AcquisitionNumber": 1,
    "AcquisitionTime": "16:50:22.707500",
    "BandwidthPerPixelPhaseEncode": 23.81,
    "BaseResolution": 84,
    "BodyPartExamined": "HEAD",
    "ConsistencyInfo": "N4_VE11B_LATEST_20150530",
    "ConversionSoftware": "dcm2niix",
    "ConversionSoftwareVersion": "v1.0.20171215 GCC5.1.0",
    "DerivedVendorReportedEchoSpacing": 0.00049999,
    "DeviceSerialNumber": "66072",
    "DwellTime": 2.3e-06,
    "EchoTime": 0.03,
    "EchoTrainLength": 84,
    "EffectiveEchoSpacing": 0.00049999,
    "FlipAngle": 65,
    "ImageComments": "Unaliased_MB3_PE3_LB_SENSE1",
    "ImageOrientationPatientDICOM": [
      0.998478,
      0.0427931,
      0.0348027,
      -0.0428961,
      0.999077,
      0.00221942
    ],
    "ImageType": [
      "ORIGINAL",
      "PRIMARY",
      "M",
      "MB",
      "ND",
      "MOSAIC"
    ],
    "InPlanePhaseEncodingDirectionDICOM": "COL",
    "InstitutionAddress": "Boulevard_Jean_Moulin_27_Marseille_District_FR_13005",
    "InstitutionName": "Universite_d_aix_Marseille",
    "InstitutionalDepartmentName": "Department",
    "MRAcquisitionType": "2D",
    "MagneticFieldStrength": 3,
    "Manufacturer": "Siemens",
    "ManufacturersModelName": "Prisma",
    "Modality": "MR",
    "MultibandAccelerationFactor": 3,
    "PartialFourier": 1,
    "PatientPosition": "HFS",
    "PercentPhaseFOV": 100,
    "PhaseEncodingDirection": "j",
    "PhaseEncodingSteps": 84,
    "PhaseResolution": 1,
    "PixelBandwidth": 2590,
    "ProcedureStepDescription": "Projets_Convers",
    "ProtocolName": "task-convers_run2_bold",
    "PulseSequenceDetails": "%CustomerSeq%_cmrr_mbep2d_bold",
    "ReceiveCoilActiveElements": "HC1-7",
    "ReceiveCoilName": "HeadNeck_64",
    "ReconMatrixPE": 84,
    "RepetitionTime": 1.205,
    "SAR": 0.0695866,
    "ScanOptions": "FS_EXT",
    "ScanningSequence": "EP",
    "SequenceName": "epfid2d1_84",
    "SequenceVariant": "SK_SS",
    "SeriesDescription": "task-convers_run2_bold",
    "SeriesNumber": 16,
    "ShimSetting": [
      -598,
      -10767,
      -540,
      579,
      36,
      29,
      25,
      -8
    ],
    "SliceThickness": 2.5,
    "SliceTiming": [
      1.14,
      1.0725,
      1.005,
      0.9375,
      0.8725,
      0.805,
      0.7375,
      0.67,
      0.6025,
      0.5375,
      0.47,
      0.4025,
      0.335,
      0.27,
      0.2025,
      0.135,
      0.0675,
      0,
      1.14,
      1.0725,
      1.005,
      0.9375,
      0.8725,
      0.805,
      0.7375,
      0.67,
      0.6025,
      0.5375,
      0.47,
      0.4025,
      0.335,
      0.27,
      0.2025,
      0.135,
      0.0675,
      0,
      1.14,
      1.0725,
      1.005,
      0.9375,
      0.8725,
      0.805,
      0.7375,
      0.67,
      0.6025,
      0.5375,
      0.47,
      0.4025,
      0.335,
      0.27,
      0.2025,
      0.135,
      0.0675,
      0
    ],
    "SoftwareVersions": "syngo_MR_E11",
    "SpacingBetweenSlices": 2.5,
    "StationName": "AWP66072",
    "TaskName": "convers",
    "TotalReadoutTime": 0.04199916,
    "TxRefAmp": 234.264,
    "dataset": "ds001740",
    "modality": "bold",
    "run_id": 2,
    "subject_id": "09",
    "task_id": "convers"
  },
  "dummy_trs": 0,
  "dvars_nstd": 50.27856777106772,
  "dvars_std": 1.100137869895834,
  "dvars_vstd": 0.9759358197656258,
  "efc": 0.4605337806092721,
  "fber": 15746.0068359375,
  "fd_mean": 0.534428713269156,
  "fd_num": 302,
  "fd_perc": 78.44155844155844,
  "fwhm_avg": 2.8339320000000003,
  "fwhm_x": 2.65058,
  "fwhm_y": 2.944772,
  "fwhm_z": 2.906444,
  "gcor": 0.0227787,
  "gsr_x": -0.015514755621552467,
  "gsr_y": 0.042978622019290924,
  "provenance": {
    "md5sum": "c43ea18b8efb8e3fb8bf30a994272f3f",
    "settings": {
      "fd_thres": 0.2,
      "testing": false
    },
    "software": "mriqc",
    "version": "23.0.1",
    "webapi_port": null,
    "webapi_url": "https://mriqc.nimh.nih.gov/api/v1"
  },
  "size_t": 385,
  "size_x": 84,
  "size_y": 84,
  "size_z": 54,
  "snr": 2.8838978619941824,
  "spacing_tr": 1.2050000429153442,
  "spacing_x": 2.5,
  "spacing_y": 2.5,
  "spacing_z": 2.5,
  "summary_bg_k": 29.901257192620015,
  "summary_bg_mad": 56.152931245571864,
  "summary_bg_mean": 357.09014892578125,
  "summary_bg_median": 73.22169494628906,
  "summary_bg_n": 253198.0,
  "summary_bg_p05": 28.925558471679686,
  "summary_bg_p95": 1722.1808105468738,
  "summary_bg_stdv": 794.1083984375,
  "summary_fg_k": 0.6235903586110094,
  "summary_fg_mad": 3184.4858658674284,
  "summary_fg_mean": 9592.712890625,
  "summary_fg_median": 9212.314453125,
  "summary_fg_n": 67590.0,
  "summary_fg_p05": 5169.812426757812,
  "summary_fg_p95": 15310.972265625,
  "summary_fg_stdv": 3194.373291015625,
  "tsnr": 29.15100860595703
}