{
  "aor": 0.002224493506493506,
  "aqi": 0.005000088025974026,
  "bids_meta": {
    "AcquisitionDateTime": "2018-07-18T11:34:32.445000",
    "AcquisitionMatrixPE": 84,
    "AcquisitionNumber": 1,
    "AcquisitionTime": "11:34:29.882500",
    "BandwidthPerPixelPhaseEncode": 23.81,
    "BaseResolution": 84,
    "BodyPartExamined": "HEAD",
    "ConsistencyInfo": "N4_VE11B_LATEST_20150530",
    "ConversionSoftware": "dcm2niix",
    "ConversionSoftwareVersion": "v1.0.20171215 GCC5.1.0",
    "DerivedVendorReportedEchoSpacing": 0.00049999,
    "DeviceSerialNumber": "66072",
    "DwellTime": 2.3e-06,
    "EchoTime": 0.03,
    "EchoTrainLength": 84,
    "EffectiveEchoSpacing": 0.00049999,
    "FlipAngle": 65,
    "ImageComments": "Unaliased_MB3_PE3_LB_SENSE1",
    "ImageOrientationPatientDICOM": [
      0.996959,
      0.0408734,
      0.0663445,
      -0.0285442,
      0.98377,
      -0.177147
    ],
    "ImageType": [
      "ORIGINAL",
      "PRIMARY",
      "M",
      "MB",
      "ND",
      "MOSAIC"
    ],
    "InPlanePhaseEncodingDirectionDICOM": "COL",
    "InstitutionAddress": "Boulevard_Jean_Moulin_27_Marseille_District_FR_13005",
    "InstitutionName": "Universite_d_aix_Marseille",
    "InstitutionalDepartmentName": "Department",
    "MRAcquisitionType": "2D",
    "MagneticFieldStrength": 3,
    "Manufacturer": "Siemens",
    "ManufacturersModelName": "Prisma",
    "Modality": "MR",
    "MultibandAccelerationFactor": 3,
    "PartialFourier": 1,
    "PatientPosition": "HFS",
    "PercentPhaseFOV": 100,
    "PhaseEncodingDirection": "j",
    "PhaseEncodingSteps": 84,
    "PhaseResolution": 1,
    "PixelBandwidth": 2590,
    "ProcedureStepDescription": "Projets_Convers",
    "ProtocolName": "task-convers_run2_bold",
    "PulseSequenceDetails": "%CustomerSeq%_cmrr_mbep2d_bold",
    "ReceiveCoilActiveElements": "HC1-7",
    "ReceiveCoilName": "HeadNeck_64",
    "ReconMatrixPE": 84,
    "RepetitionTime": 1.205,
    "SAR": 0.0572285,
    "ScanOptions": "FS_EXT",
    "ScanningSequence": "EP",
    "SequenceName": "epfid2d1_84",
    "SequenceVariant": "SK_SS",
    "SeriesDescription": "task-convers_run2_bold",
    "SeriesNumber": 12,
    "ShimSetting": [
      -574,
      -10677,
      -600,
      354,
      90,
      40,
      -123,
      5
    ],
    "SliceThickness": 2.5,
    "SliceTiming": [
      1.1375,
      1.07,
      1.005,
      0.9375,
      0.87,
      0.8025,
      0.7375,
      0.67,
      0.6025,
      0.535,
      0.4675,
      0.4025,
      0.335,
      0.2675,
      0.2,
      0.135,
      0.0675,
      0,
      1.1375,
      1.07,
      1.005,
      0.9375,
      0.87,
      0.8025,
      0.7375,
      0.67,
      0.6025,
      0.535,
      0.4675,
      0.4025,
      0.335,
      0.2675,
      0.2,
      0.135,
      0.0675,
      0,
      1.1375,
      1.07,
      1.005,
      0.9375,
      0.87,
      0.8025,
      0.7375,
      0.67,
      0.6025,
      0.535,
      0.4675,
      0.4025,
      0.335,
      0.2675,
      0.2,
      0.135,
      0.0675,
      0
    ],
    "SoftwareVersions": "syngo_MR_E11",
    "SpacingBetweenSlices": 2.5,
    "StationName": "AWP66072",
    "TaskName": "convers",
    "TotalReadoutTime": 0.04199916,
    "TxRefAmp": 211.888,
    "dataset": "ds001740",
    "modality": "bold",
    "run_id": 2,
    "subject_id": "20",
    "task_id": "convers"
  },
  "dummy_trs": 0,
  "dvars_nstd": 29.245931858645836,
  "dvars_std": 1.1116414811197923,
  "dvars_vstd": 1.0227354381770832,
  "efc": 0.4475336303782039,
  "fber": 16046.267578125,
  "fd_mean": 0.1781873180661393,
  "fd_num": 114,
  "fd_perc": 29.61038961038961,
  "fwhm_avg": 2.958352,
  "fwhm_x": 2.758716,
  "fwhm_y": 3.1425840000000003,
  "fwhm_z": 2.973756,
  "gcor": 0.0171768,
  "gsr_x": 0.0031363985035568476,
  "gsr_y": 0.03815774992108345,
  "provenance": {
    "md5sum": "ad44dc75e07cf424d422f192e6299c9f",
    "settings": {
      "fd_thres": 0.2,
      "testing": false
    },
    "software": "mriqc",
    "version": "23.0.1",
    "webapi_port": null,
    "webapi_url": "https://mriqc.nimh.nih.gov/api/v1"
  },
  "size_t": 385,
  "size_x": 84,
  "size_y": 84,
  "size_z": 54,
  "snr": 2.8345038940998872,
  "spacing_tr": 1.2050000429153442,
  "spacing_x": 2.5,
  "spacing_y": 2.5,
  "spacing_z": 2.5,
  "summary_bg_k": 39.71899033990146,
  "summary_bg_mad": 69.7180651257341,
  "summary_bg_mean": 539.8773193359375,
  "summary_bg_median": 81.91471862792969,
  "summary_bg_n": 263791.0,
  "summary_bg_p05": 27.739286422729492,
  "summary_bg_p95": 2809.504638671875,
  "summary_bg_stdv": 1363.423583984375,
  "summary_fg_k": 0.23558283311654593,
  "summary_fg_mad": 3744.864259033515,
  "summary_fg_mean": 10829.1435546875,
  "summary_fg_median": 10336.67578125,
  "summary_fg_n": 57951.0,
  "summary_fg_p05": 5892.01318359375,
  "summary_fg_p95": 17476.3017578125,
  "summary_fg_stdv": 3646.700439453125,
  "tsnr": 46.120113372802734
}