{
  "bids_meta": {
    "AcquisitionDateTime": "2018-07-18T17:17:44.762000",
    "AcquisitionMatrixPE": 320,
    "AcquisitionNumber": 1,
    "AcquisitionTime": "17:09:28.505000",
    "BaseResolution": 320,
    "BodyPartExamined": "HEAD",
    "ConsistencyInfo": "N4_VE11B_LATEST_20150530",
    "ConversionSoftware": "dcm2niix",
    "ConversionSoftwareVersion": "v1.0.20171215 GCC5.1.0",
    "DeviceSerialNumber": "66072",
    "DwellTime": 2.2e-06,
    "EchoTime": 0.562,
    "EchoTrainLength": 305,
    "FlipAngle": 120,
    "ImageOrientationPatientDICOM": [
      -0.0120918,
      0.960072,
      0.279493,
      -0.00107361,
      0.279501,
      -0.960145
    ],
    "ImageType": [
      "ORIGINAL",
      "PRIMARY",
      "M",
      "ND",
      "NORM"
    ],
    "InPlanePhaseEncodingDirectionDICOM": "ROW",
    "InstitutionAddress": "Boulevard_Jean_Moulin_27_Marseille_District_FR_13005",
    "InstitutionName": "Universite_d_aix_Marseille",
    "InstitutionalDepartmentName": "Department",
    "MRAcquisitionType": "3D",
    "MagneticFieldStrength": 3,
    "Manufacturer": "Siemens",
    "ManufacturersModelName": "Prisma",
    "Modality": "MR",
    "ParallelReductionFactorInPlane": 2,
    "PartialFourier": 1,
    "PatientPosition": "HFS",
    "PercentPhaseFOV": 100,
    "PhaseEncodingSteps": 315,
    "PhaseResolution": 1,
    "PixelBandwidth": 710,
    "ProcedureStepDescription": "Projets_Convers",
    "ProtocolName": "T2w",
    "PulseSequenceDetails": "%SiemensSeq%_tse_vfl",
    "ReceiveCoilActiveElements": "HC1-7;NC1,2",
    "ReceiveCoilName": "HeadNeck_64",
    "ReconMatrixPE": 320,
    "RepetitionTime": 3.2,
    "SAR": 0.144576,
    "ScanOptions": "PFP",
    "ScanningSequence": "SE",
    "SequenceName": "_spc_305ns",
    "SequenceVariant": "SK_SP",
    "SeriesDescription": "T2w",
    "SeriesNumber": 17,
    "ShimSetting": [
      -607,
      -10794,
      -689,
      -84,
      87,
      -214,
      22,
      31
    ],
    "SliceThickness": 0.8,
    "SoftwareVersions": "syngo_MR_E11",
    "StationName": "AWP66072",
    "TxRefAmp": 215.628,
    "dataset": "ds001740",
    "modality": "T2w",
    "subject_id": "23"
  },
  "cjv": 0.21829664057838874,
  "cnr": 1.4749771176635325,
  "efc": 0.43917133008588377,
  "fber": 13120.544154778438,
  "fwhm_avg": 2.5951030007998086,
  "fwhm_x": 2.521496580836343,
  "fwhm_y": 2.806349958182127,
  "fwhm_z": 2.457462463380956,
  "icvs_csf": 0.4398508539989526,
  "icvs_gm": 0.43039680654787404,
  "icvs_wm": 0.12975233945317338,
  "inu_med": 0.9005630016326904,
  "inu_range": 0.23766169548034666,
  "provenance": {
    "md5sum": "b40d7e2193415cbd03f099dddca87d24",
    "settings": {
      "testing": false
    },
    "software": "mriqc",
    "version": "23.0.1",
    "warnings": {
      "large_rot_frame": true,
      "small_air_mask": false
    },
    "webapi_port": null,
    "webapi_url": "https://mriqc.nimh.nih.gov/api/v1"
  },
  "qi_1": 0.0,
  "qi_2": 0.018618429929711407,
  "rpve_csf": 15.057902512106784,
  "rpve_gm": 16.209954842648415,
  "rpve_wm": 56.839984281747505,
  "size_x": 256,
  "size_y": 320,
  "size_z": 320,
  "snr_csf": 9.674788502638286,
  "snr_gm": 11.029144434946522,
  "snr_total": 7.726232227110465,
  "snr_wm": 2.47476374374659,
  "snrd_csf": 115.49074227480446,
  "snrd_gm": 68.22064351639575,
  "snrd_total": 117.86698117969824,
  "snrd_wm": 169.88955774789454,
  "spacing_x": 0.8000010848045349,
  "spacing_y": 0.800000011920929,
  "spacing_z": 0.800000011920929,
  "summary_bg_k": 27.95804147311169,
  "summary_bg_mad": 0.0,
  "summary_bg_mean": 2.304579676887343,
  "summary_bg_median": 0.0,
  "summary_bg_n": 4435636.0,
  "summary_bg_p05": 0.0,
  "summary_bg_p95": 8.669020604342222,
  "summary_bg_stdv": 3.856288081583991,
  "summary_csf_k": 1.7724687127063188,
  "summary_csf_mad": 59.64743204082377,
  "summary_csf_mean": 685.3214493727264,
  "summary_csf_median": 679.8058739639819,
  "summary_csf_n": 221433.0,
  "summary_csf_p05": 583.1442592442036,
  "summary_csf_p95": 809.4219768684356,
  "summary_csf_stdv": 70.26555037994335,
  "summary_gm_k": 0.8845094304936119,
  "summary_gm_mad": 33.670477570844376,
  "summary_gm_mean": 402.92172520352926,
  "summary_gm_median": 401.5628722663969,
  "summary_gm_n": 431780.0,
  "summary_gm_p05": 346.08928032405674,
  "summary_gm_p95": 464.5658952500671,
  "summary_gm_stdv": 36.40920740733974,
  "summary_wm_k": -0.9247399551846254,
  "summary_wm_mad": 96.96856174972565,
  "summary_wm_mean": 760.3082817417551,
  "summary_wm_median": 1000.0101913567632,
  "summary_wm_n": 39387.0,
  "summary_wm_p05": 32.21985991280526,
  "summary_wm_p95": 1102.736050536856,
  "summary_wm_stdv": 404.07796466623984,
  "tpm_overlap_csf": 0.10956896931570578,
  "tpm_overlap_gm": 0.26809281505204746,
  "tpm_overlap_wm": 0.023475044158236674,
  "wm2max": 0.9091430474358025
}