{
  "bids_meta": {
    "AcquisitionDateTime": "2018-07-17T18:40:50.910000",
    "AcquisitionMatrixPE": 320,
    "AcquisitionNumber": 1,
    "AcquisitionTime": "18:32:47.525000",
    "BaseResolution": 320,
    "BodyPartExamined": "HEAD",
    "ConsistencyInfo": "N4_VE11B_LATEST_20150530",
    "ConversionSoftware": "dcm2niix",
    "ConversionSoftwareVersion": "v1.0.20171215 GCC5.1.0",
    "DeviceSerialNumber": "66072",
    "DwellTime": 2.2e-06,
    "EchoTime": 0.562,
    "EchoTrainLength": 305,
    "FlipAngle": 120,
    "ImageOrientationPatientDICOM": [
      -0.03397,
      0.997326,
      -0.0647021,
      0.0138208,
      -0.0642645,
      -0.997837
    ],
    "ImageType": [
      "ORIGINAL",
      "PRIMARY",
      "M",
      "ND",
      "NORM"
    ],
    "InPlanePhaseEncodingDirectionDICOM": "ROW",
    "InstitutionAddress": "Boulevard_Jean_Moulin_27_Marseille_District_FR_13005",
    "InstitutionName": "Universite_d_aix_Marseille",
    "InstitutionalDepartmentName": "Department",
    "MRAcquisitionType": "3D",
    "MagneticFieldStrength": 3,
    "Manufacturer": "Siemens",
    "ManufacturersModelName": "Prisma",
    "Modality": "MR",
    "ParallelReductionFactorInPlane": 2,
    "PartialFourier": 1,
    "PatientPosition": "HFS",
    "PercentPhaseFOV": 100,
    "PhaseEncodingSteps": 315,
    "PhaseResolution": 1,
    "PixelBandwidth": 710,
    "ProcedureStepDescription": "Projets_Convers",
    "ProtocolName": "T2w",
    "PulseSequenceDetails": "%SiemensSeq%_tse_vfl",
    "ReceiveCoilActiveElements": "HC1-7;NC1,2",
    "ReceiveCoilName": "HeadNeck_64",
    "ReconMatrixPE": 320,
    "RepetitionTime": 3.2,
    "SAR": 0.168895,
    "ScanOptions": "PFP",
    "ScanningSequence": "SE",
    "SequenceName": "_spc_305ns",
    "SequenceVariant": "SK_SP",
    "SeriesDescription": "T2w",
    "SeriesNumber": 17,
    "ShimSetting": [
      -592,
      -10882,
      -628,
      -291,
      46,
      -75,
      -105,
      -77
    ],
    "SliceThickness": 0.8,
    "SoftwareVersions": "syngo_MR_E11",
    "StationName": "AWP66072",
    "TxRefAmp": 263.328,
    "dataset": "ds001740",
    "modality": "T2w",
    "subject_id": "19"
  },
  "cjv": 0.6456045524601519,
  "cnr": 2.2533634097948783,
  "efc": 0.4970366936884267,
  "fber": 6383.458977407847,
  "fwhm_avg": 3.033646309449905,
  "fwhm_x": 2.9987390192795793,
  "fwhm_y": 3.172687452723273,
  "fwhm_z": 2.9295124563468624,
  "icvs_csf": 0.30346068077933547,
  "icvs_gm": 0.617189533876575,
  "icvs_wm": 0.0793497853440895,
  "inu_med": 0.7811856269836426,
  "inu_range": 0.1389275103807448,
  "provenance": {
    "md5sum": "37e55281267d413f72842ad8fbdc7cb2",
    "settings": {
      "testing": false
    },
    "software": "mriqc",
    "version": "23.0.1",
    "warnings": {
      "large_rot_frame": true,
      "small_air_mask": false
    },
    "webapi_port": null,
    "webapi_url": "https://mriqc.nimh.nih.gov/api/v1"
  },
  "qi_1": 0.0025334015809952556,
  "qi_2": 0.009825240118657395,
  "rpve_csf": 22.587891581671354,
  "rpve_gm": 12.796776900794207,
  "rpve_wm": 78.93774167549603,
  "size_x": 256,
  "size_y": 320,
  "size_z": 320,
  "snr_csf": 7.930224510493262,
  "snr_gm": 6.681384453368879,
  "snr_total": 5.479194986442979,
  "snr_wm": 1.8259759954667951,
  "snrd_csf": 109.91834321161461,
  "snrd_gm": 43.44405503714279,
  "snrd_total": 56.91256485491224,
  "snrd_wm": 17.375296315979323,
  "spacing_x": 0.7999995946884155,
  "spacing_y": 0.800000011920929,
  "spacing_z": 0.800000011920929,
  "summary_bg_k": 29.264169087495276,
  "summary_bg_mad": 37.71514346599485,
  "summary_bg_mean": 41.299194736221686,
  "summary_bg_median": 25.43847769498825,
  "summary_bg_n": 4905956.0,
  "summary_bg_p05": 0.0,
  "summary_bg_p95": 156.51358118653297,
  "summary_bg_stdv": 58.0941002110201,
  "summary_csf_k": -0.22124136183275978,
  "summary_csf_mad": 898.7121686436404,
  "summary_csf_mean": 6385.957391244696,
  "summary_csf_median": 6327.821326628327,
  "summary_csf_n": 208828.0,
  "summary_csf_p05": 5133.6186855733395,
  "summary_csf_p95": 7552.684027642012,
  "summary_csf_stdv": 797.9353128578031,
  "summary_gm_k": 0.17428542325500773,
  "summary_gm_mad": 367.8218991709919,
  "summary_gm_mean": 2522.955895313813,
  "summary_gm_median": 2501.0040175914764,
  "summary_gm_n": 605289.0,
  "summary_gm_p05": 1940.4203012287617,
  "summary_gm_p95": 3171.2409614920616,
  "summary_gm_stdv": 374.32390982545274,
  "summary_wm_k": 0.9543792704967244,
  "summary_wm_mad": 601.0602863949074,
  "summary_wm_mean": 1015.1016302532122,
  "summary_wm_median": 1000.2677203118801,
  "summary_wm_n": 12933.0,
  "summary_wm_p05": 206.2123333990574,
  "summary_wm_p95": 1891.4713146746158,
  "summary_wm_stdv": 547.7777642789424,
  "tpm_overlap_csf": 0.13870876439964336,
  "tpm_overlap_gm": 0.38942310470906133,
  "tpm_overlap_wm": 0.06697599941281943,
  "wm2max": 0.13079023843702953
}