{
  "bids_meta": {
    "AcquisitionDateTime": "2018-07-17T12:46:24.742000",
    "AcquisitionMatrixPE": 320,
    "AcquisitionNumber": 1,
    "AcquisitionTime": "12:39:19.227500",
    "BaseResolution": 320,
    "BodyPartExamined": "HEAD",
    "ConsistencyInfo": "N4_VE11B_LATEST_20150530",
    "ConversionSoftware": "dcm2niix",
    "ConversionSoftwareVersion": "v1.0.20171215 GCC5.1.0",
    "DeviceSerialNumber": "66072",
    "DwellTime": 7.4e-06,
    "EchoTime": 0.00228,
    "FlipAngle": 8,
    "ImageOrientationPatientDICOM": [
      -0.0577237,
      0.938654,
      0.339995,
      0.0394061,
      0.342439,
      -0.938713
    ],
    "ImageType": [
      "ORIGINAL",
      "PRIMARY",
      "M",
      "ND",
      "NORM"
    ],
    "InPlanePhaseEncodingDirectionDICOM": "ROW",
    "InstitutionAddress": "Boulevard_Jean_Moulin_27_Marseille_District_FR_13005",
    "InstitutionName": "Universite_d_aix_Marseille",
    "InstitutionalDepartmentName": "Department",
    "InversionTime": 1.01,
    "MRAcquisitionType": "3D",
    "MagneticFieldStrength": 3,
    "Manufacturer": "Siemens",
    "ManufacturersModelName": "Prisma",
    "Modality": "MR",
    "ParallelReductionFactorInPlane": 2,
    "PartialFourier": 1,
    "PatientPosition": "HFS",
    "PercentPhaseFOV": 100,
    "PhaseEncodingSteps": 319,
    "PhaseResolution": 1,
    "PixelBandwidth": 210,
    "ProcedureStepDescription": "Projets_Convers",
    "ProtocolName": "T1w",
    "PulseSequenceDetails": "%SiemensSeq%_tfl",
    "ReceiveCoilActiveElements": "HC1-7;NC1,2",
    "ReceiveCoilName": "HeadNeck_64",
    "ReconMatrixPE": 320,
    "RepetitionTime": 2.4,
    "SAR": 0.0442962,
    "ScanOptions": "IR_WE",
    "ScanningSequence": "GR_IR",
    "SequenceName": "_tfl3d1_16ns",
    "SequenceVariant": "SK_SP_MP",
    "SeriesDescription": "T1w",
    "SeriesNumber": 26,
    "ShimSetting": [
      -594,
      -10865,
      -633,
      106,
      21,
      -287,
      75,
      10
    ],
    "SliceThickness": 0.8,
    "SoftwareVersions": "syngo_MR_E11",
    "StationName": "AWP66072",
    "TxRefAmp": 230.068,
    "dataset": "ds001740",
    "modality": "T1w",
    "subject_id": "16"
  },
  "cjv": 0.32141803313902284,
  "cnr": 4.033251225086826,
  "efc": 0.4533898137465929,
  "fber": 28284.699266975305,
  "fwhm_avg": 4.867739738434404,
  "fwhm_x": 4.897469359930155,
  "fwhm_y": 4.7968499285213655,
  "fwhm_z": 4.90889992685169,
  "icvs_csf": 0.24082991905974305,
  "icvs_gm": 0.4417701707375022,
  "icvs_wm": 0.31739991020275476,
  "inu_med": 0.5114723443984985,
  "inu_range": 0.2646135836839676,
  "provenance": {
    "md5sum": "c1a9bea49ee9c490f06429333965537b",
    "settings": {
      "testing": false
    },
    "software": "mriqc",
    "version": "23.0.1",
    "warnings": {
      "large_rot_frame": true,
      "small_air_mask": false
    },
    "webapi_port": null,
    "webapi_url": "https://mriqc.nimh.nih.gov/api/v1"
  },
  "qi_1": 0.0,
  "qi_2": 0.009509741788113871,
  "rpve_csf": 27.71642022684511,
  "rpve_gm": 15.57791902128099,
  "rpve_wm": 24.016561782131728,
  "size_x": 256,
  "size_y": 320,
  "size_z": 320,
  "snr_csf": 2.353167294142529,
  "snr_gm": 13.88798601007161,
  "snr_total": 13.973976646150268,
  "snr_wm": 25.68077663423666,
  "snrd_csf": 10.507245152209673,
  "snrd_gm": 32.60466125757113,
  "snrd_total": 29.26497156528301,
  "snrd_wm": 44.68300828606823,
  "spacing_x": 0.7999988794326782,
  "spacing_y": 0.800000011920929,
  "spacing_z": 0.800000011920929,
  "summary_bg_k": 6314.1703739555915,
  "summary_bg_mad": 0.0,
  "summary_bg_mean": 3.729237175615086,
  "summary_bg_median": 0.0,
  "summary_bg_n": 5485287.0,
  "summary_bg_p05": 0.0,
  "summary_bg_p95": 14.618757851421833,
  "summary_bg_stdv": 14.662244393941702,
  "summary_csf_k": 0.8032699237812677,
  "summary_csf_mad": 95.76398668069878,
  "summary_csf_mean": 250.29477187176786,
  "summary_csf_median": 235.15682585909963,
  "summary_csf_n": 141144.0,
  "summary_csf_p05": 113.79548874869943,
  "summary_csf_p95": 432.35232815016076,
  "summary_csf_stdv": 99.93169351124361,
  "summary_gm_k": 0.2976074190104079,
  "summary_gm_mad": 50.4961581544443,
  "summary_gm_mean": 729.116860549494,
  "summary_gm_median": 729.7068392783403,
  "summary_gm_n": 126906.0,
  "summary_gm_p05": 641.6608819030225,
  "summary_gm_p95": 815.0342206321657,
  "summary_gm_stdv": 52.54210104719117,
  "summary_wm_k": 0.5893254217801656,
  "summary_wm_mad": 36.389174212201205,
  "summary_wm_mean": 998.5342843068071,
  "summary_wm_median": 1000.0256248116493,
  "summary_wm_n": 366273.0,
  "summary_wm_p05": 932.7793386951089,
  "summary_wm_p95": 1060.1164136640728,
  "summary_wm_stdv": 38.9405769894262,
  "tpm_overlap_csf": 0.14968954168577964,
  "tpm_overlap_gm": 0.47318672808586987,
  "tpm_overlap_wm": 0.5159718676449228,
  "wm2max": 0.8784949870451729
}