{
  "aor": 0.0012656883116883117,
  "aqi": 0.014321904961038964,
  "bids_meta": {
    "AcquisitionDateTime": "2018-05-30T16:39:28.554000",
    "AcquisitionMatrixPE": 84,
    "AcquisitionNumber": 1,
    "AcquisitionTime": "16:38:59.295000",
    "BandwidthPerPixelPhaseEncode": 23.81,
    "BaseResolution": 84,
    "BodyPartExamined": "HEAD",
    "ConsistencyInfo": "N4_VE11B_LATEST_20150530",
    "ConversionSoftware": "dcm2niix",
    "ConversionSoftwareVersion": "v1.0.20171215 GCC5.1.0",
    "DerivedVendorReportedEchoSpacing": 0.00049999,
    "DeviceSerialNumber": "66072",
    "DwellTime": 2.3e-06,
    "EchoTime": 0.03,
    "EchoTrainLength": 84,
    "EffectiveEchoSpacing": 0.00049999,
    "FlipAngle": 65,
    "ImageComments": "Unaliased_MB3_PE3_LB_SENSE1",
    "ImageOrientationPatientDICOM": [
      0.998478,
      0.0427931,
      0.0348027,
      -0.0428961,
      0.999077,
      0.00221942
    ],
    "ImageType": [
      "ORIGINAL",
      "PRIMARY",
      "M",
      "MB",
      "ND",
      "MOSAIC"
    ],
    "InPlanePhaseEncodingDirectionDICOM": "COL",
    "InstitutionAddress": "Boulevard_Jean_Moulin_27_Marseille_District_FR_13005",
    "InstitutionName": "Universite_d_aix_Marseille",
    "InstitutionalDepartmentName": "Department",
    "MRAcquisitionType": "2D",
    "MagneticFieldStrength": 3,
    "Manufacturer": "Siemens",
    "ManufacturersModelName": "Prisma",
    "Modality": "MR",
    "MultibandAccelerationFactor": 3,
    "PartialFourier": 1,
    "PatientPosition": "HFS",
    "PercentPhaseFOV": 100,
    "PhaseEncodingDirection": "j",
    "PhaseEncodingSteps": 84,
    "PhaseResolution": 1,
    "PixelBandwidth": 2590,
    "ProcedureStepDescription": "Projets_Convers",
    "ProtocolName": "task-convers_run1_bold",
    "PulseSequenceDetails": "%CustomerSeq%_cmrr_mbep2d_bold",
    "ReceiveCoilActiveElements": "HC1-7",
    "ReceiveCoilName": "HeadNeck_64",
    "ReconMatrixPE": 84,
    "RepetitionTime": 1.205,
    "SAR": 0.0695866,
    "ScanOptions": "FS_EXT",
    "ScanningSequence": "EP",
    "SequenceName": "epfid2d1_84",
    "SequenceVariant": "SK_SS",
    "SeriesDescription": "task-convers_run1_bold",
    "SeriesNumber": 10,
    "ShimSetting": [
      -598,
      -10767,
      -540,
      579,
      36,
      29,
      25,
      -8
    ],
    "SliceThickness": 2.5,
    "SliceTiming": [
      1.1375,
      1.0725,
      1.005,
      0.9375,
      0.87,
      0.8025,
      0.7375,
      0.67,
      0.6025,
      0.535,
      0.47,
      0.4025,
      0.335,
      0.2675,
      0.2,
      0.135,
      0.0675,
      0,
      1.1375,
      1.0725,
      1.005,
      0.9375,
      0.87,
      0.8025,
      0.7375,
      0.67,
      0.6025,
      0.535,
      0.47,
      0.4025,
      0.335,
      0.2675,
      0.2,
      0.135,
      0.0675,
      0,
      1.1375,
      1.0725,
      1.005,
      0.9375,
      0.87,
      0.8025,
      0.7375,
      0.67,
      0.6025,
      0.535,
      0.47,
      0.4025,
      0.335,
      0.2675,
      0.2,
      0.135,
      0.0675,
      0
    ],
    "SoftwareVersions": "syngo_MR_E11",
    "SpacingBetweenSlices": 2.5,
    "StationName": "AWP66072",
    "TaskName": "convers",
    "TotalReadoutTime": 0.04199916,
    "TxRefAmp": 234.264,
    "dataset": "ds001740",
    "modality": "bold",
    "run_id": 1,
    "subject_id": "09",
    "task_id": "convers"
  },
  "dummy_trs": 0,
  "dvars_nstd": 52.54236455768228,
  "dvars_std": 1.0884308421093747,
  "dvars_vstd": 0.9638880340364581,
  "efc": 0.4613604459384298,
  "fber": 13721.9267578125,
  "fd_mean": 0.5515794471267621,
  "fd_num": 315,
  "fd_perc": 81.81818181818181,
  "fwhm_avg": 2.8174733333333335,
  "fwhm_x": 2.619388,
  "fwhm_y": 2.932556,
  "fwhm_z": 2.9004760000000003,
  "gcor": 0.0211113,
  "gsr_x": -0.015449088998138905,
  "gsr_y": 0.04409550502896309,
  "provenance": {
    "md5sum": "9ba811f7203cee99eadf7bae24c1cd5c",
    "settings": {
      "fd_thres": 0.2,
      "testing": false
    },
    "software": "mriqc",
    "version": "23.0.1",
    "webapi_port": null,
    "webapi_url": "https://mriqc.nimh.nih.gov/api/v1"
  },
  "size_t": 385,
  "size_x": 84,
  "size_y": 84,
  "size_z": 54,
  "snr": 2.9101694050618776,
  "spacing_tr": 1.2050000429153442,
  "spacing_x": 2.5,
  "spacing_y": 2.5,
  "spacing_z": 2.5,
  "summary_bg_k": 29.616534978060415,
  "summary_bg_mad": 66.0578739317625,
  "summary_bg_mean": 359.2581481933594,
  "summary_bg_median": 78.6745376586914,
  "summary_bg_n": 252885.0,
  "summary_bg_p05": 25.648789978027345,
  "summary_bg_p95": 1740.6084960937499,
  "summary_bg_stdv": 790.1587524414062,
  "summary_fg_k": 0.5249615075835936,
  "summary_fg_mad": 3181.2774220039437,
  "summary_fg_mean": 9590.3193359375,
  "summary_fg_median": 9222.0,
  "summary_fg_n": 67622.0,
  "summary_fg_p05": 5178.876220703125,
  "summary_fg_p95": 15241.429541015625,
  "summary_fg_stdv": 3168.8642578125,
  "tsnr": 26.860153198242188
}