{
  "aor": 0.0014873506493506493,
  "aqi": 0.013793163454545454,
  "bids_meta": {
    "AcquisitionDateTime": "2018-05-30T17:10:57.363000",
    "AcquisitionMatrixPE": 84,
    "AcquisitionNumber": 1,
    "AcquisitionTime": "17:10:55.110000",
    "BandwidthPerPixelPhaseEncode": 23.81,
    "BaseResolution": 84,
    "BodyPartExamined": "HEAD",
    "ConsistencyInfo": "N4_VE11B_LATEST_20150530",
    "ConversionSoftware": "dcm2niix",
    "ConversionSoftwareVersion": "v1.0.20171215 GCC5.1.0",
    "DerivedVendorReportedEchoSpacing": 0.00049999,
    "DeviceSerialNumber": "66072",
    "DwellTime": 2.3e-06,
    "EchoTime": 0.03,
    "EchoTrainLength": 84,
    "EffectiveEchoSpacing": 0.00049999,
    "FlipAngle": 65,
    "ImageComments": "Unaliased_MB3_PE3_LB_SENSE1",
    "ImageOrientationPatientDICOM": [
      0.998478,
      0.0427931,
      0.0348027,
      -0.0428961,
      0.999077,
      0.00221942
    ],
    "ImageType": [
      "ORIGINAL",
      "PRIMARY",
      "M",
      "MB",
      "ND",
      "MOSAIC"
    ],
    "InPlanePhaseEncodingDirectionDICOM": "COL",
    "InstitutionAddress": "Boulevard_Jean_Moulin_27_Marseille_District_FR_13005",
    "InstitutionName": "Universite_d_aix_Marseille",
    "InstitutionalDepartmentName": "Department",
    "MRAcquisitionType": "2D",
    "MagneticFieldStrength": 3,
    "Manufacturer": "Siemens",
    "ManufacturersModelName": "Prisma",
    "Modality": "MR",
    "MultibandAccelerationFactor": 3,
    "PartialFourier": 1,
    "PatientPosition": "HFS",
    "PercentPhaseFOV": 100,
    "PhaseEncodingDirection": "j",
    "PhaseEncodingSteps": 84,
    "PhaseResolution": 1,
    "PixelBandwidth": 2590,
    "ProcedureStepDescription": "Projets_Convers",
    "ProtocolName": "task-convers_run4_bold",
    "PulseSequenceDetails": "%CustomerSeq%_cmrr_mbep2d_bold",
    "ReceiveCoilActiveElements": "HC1-7",
    "ReceiveCoilName": "HeadNeck_64",
    "ReconMatrixPE": 84,
    "RepetitionTime": 1.205,
    "SAR": 0.0695866,
    "ScanOptions": "FS_EXT",
    "ScanningSequence": "EP",
    "SequenceName": "epfid2d1_84",
    "SequenceVariant": "SK_SS",
    "SeriesDescription": "task-convers_run4_bold",
    "SeriesNumber": 20,
    "ShimSetting": [
      -598,
      -10767,
      -540,
      579,
      36,
      29,
      25,
      -8
    ],
    "SliceThickness": 2.5,
    "SliceTiming": [
      1.14,
      1.0725,
      1.005,
      0.9375,
      0.87,
      0.805,
      0.7375,
      0.67,
      0.6025,
      0.5375,
      0.47,
      0.4025,
      0.335,
      0.2675,
      0.2025,
      0.135,
      0.0675,
      0,
      1.14,
      1.0725,
      1.005,
      0.9375,
      0.87,
      0.805,
      0.7375,
      0.67,
      0.6025,
      0.5375,
      0.47,
      0.4025,
      0.335,
      0.2675,
      0.2025,
      0.135,
      0.0675,
      0,
      1.14,
      1.0725,
      1.005,
      0.9375,
      0.87,
      0.805,
      0.7375,
      0.67,
      0.6025,
      0.5375,
      0.47,
      0.4025,
      0.335,
      0.2675,
      0.2025,
      0.135,
      0.0675,
      0
    ],
    "SoftwareVersions": "syngo_MR_E11",
    "SpacingBetweenSlices": 2.5,
    "StationName": "AWP66072",
    "TaskName": "convers",
    "TotalReadoutTime": 0.04199916,
    "TxRefAmp": 234.264,
    "dataset": "ds001740",
    "modality": "bold",
    "run_id": 4,
    "subject_id": "09",
    "task_id": "convers"
  },
  "dummy_trs": 0,
  "dvars_nstd": 51.398783778072875,
  "dvars_std": 1.0998797976822912,
  "dvars_vstd": 0.9731655779166671,
  "efc": 0.46137149522742665,
  "fber": 15914.5498046875,
  "fd_mean": 0.5307144017436007,
  "fd_num": 297,
  "fd_perc": 77.14285714285714,
  "fwhm_avg": 2.8096333333333336,
  "fwhm_x": 2.624872,
  "fwhm_y": 2.909816,
  "fwhm_z": 2.894212,
  "gcor": 0.0276256,
  "gsr_x": -0.015616722404956818,
  "gsr_y": 0.044481776654720306,
  "provenance": {
    "md5sum": "8d1b93044dd31813af48fe53b05f0980",
    "settings": {
      "fd_thres": 0.2,
      "testing": false
    },
    "software": "mriqc",
    "version": "23.0.1",
    "webapi_port": null,
    "webapi_url": "https://mriqc.nimh.nih.gov/api/v1"
  },
  "size_t": 385,
  "size_x": 84,
  "size_y": 84,
  "size_z": 54,
  "snr": 2.8780148859980907,
  "spacing_tr": 1.2050000429153442,
  "spacing_x": 2.5,
  "spacing_y": 2.5,
  "spacing_z": 2.5,
  "summary_bg_k": 26.703166624664338,
  "summary_bg_mad": 52.20681156283543,
  "summary_bg_mean": 368.40277099609375,
  "summary_bg_median": 71.89990997314453,
  "summary_bg_n": 253666.0,
  "summary_bg_p05": 32.71492862701416,
  "summary_bg_p95": 1813.9478149414062,
  "summary_bg_stdv": 806.6429443359375,
  "summary_fg_k": 0.6961802685377148,
  "summary_fg_mad": 3120.490369081782,
  "summary_fg_mean": 9482.3759765625,
  "summary_fg_median": 9088.7177734375,
  "summary_fg_n": 67207.0,
  "summary_fg_p05": 5138.201953125,
  "summary_fg_p95": 15136.632031249997,
  "summary_fg_stdv": 3157.9580078125,
  "tsnr": 27.413978576660156
}