{
  "bids_meta": {
    "AcquisitionDateTime": "2018-07-16T15:34:53.605000",
    "AcquisitionMatrixPE": 320,
    "AcquisitionNumber": 1,
    "AcquisitionTime": "15:27:47.732500",
    "BaseResolution": 320,
    "BodyPartExamined": "HEAD",
    "ConsistencyInfo": "N4_VE11B_LATEST_20150530",
    "ConversionSoftware": "dcm2niix",
    "ConversionSoftwareVersion": "v1.0.20171215 GCC5.1.0",
    "DeviceSerialNumber": "66072",
    "DwellTime": 7.4e-06,
    "EchoTime": 0.00228,
    "FlipAngle": 8,
    "ImageOrientationPatientDICOM": [
      0.0380195,
      0.996629,
      0.0726998,
      0.0239131,
      0.0718242,
      -0.997131
    ],
    "ImageType": [
      "ORIGINAL",
      "PRIMARY",
      "M",
      "ND",
      "NORM"
    ],
    "InPlanePhaseEncodingDirectionDICOM": "ROW",
    "InstitutionAddress": "Boulevard_Jean_Moulin_27_Marseille_District_FR_13005",
    "InstitutionName": "Universite_d_aix_Marseille",
    "InstitutionalDepartmentName": "Department",
    "InversionTime": 1.01,
    "MRAcquisitionType": "3D",
    "MagneticFieldStrength": 3,
    "Manufacturer": "Siemens",
    "ManufacturersModelName": "Prisma",
    "Modality": "MR",
    "ParallelReductionFactorInPlane": 2,
    "PartialFourier": 1,
    "PatientPosition": "HFS",
    "PercentPhaseFOV": 100,
    "PhaseEncodingSteps": 319,
    "PhaseResolution": 1,
    "PixelBandwidth": 210,
    "ProcedureStepDescription": "Projets_Convers",
    "ProtocolName": "T1w",
    "PulseSequenceDetails": "%SiemensSeq%_tfl",
    "ReceiveCoilActiveElements": "HC1-7;NC1,2",
    "ReceiveCoilName": "HeadNeck_64",
    "ReconMatrixPE": 320,
    "RepetitionTime": 2.4,
    "SAR": 0.0418126,
    "ScanOptions": "IR_WE",
    "ScanningSequence": "GR_IR",
    "SequenceName": "_tfl3d1_16ns",
    "SequenceVariant": "SK_SP_MP",
    "SeriesDescription": "T1w",
    "SeriesNumber": 14,
    "ShimSetting": [
      -617,
      -10760,
      -704,
      -185,
      170,
      -135,
      -21,
      -7
    ],
    "SliceThickness": 0.8,
    "SoftwareVersions": "syngo_MR_E11",
    "StationName": "AWP66072",
    "TxRefAmp": 232.483,
    "dataset": "ds001740",
    "modality": "T1w",
    "subject_id": "12"
  },
  "cjv": 0.3683797207314804,
  "cnr": 3.5234439565603477,
  "efc": 0.4824222089689745,
  "fber": 28787.736354495835,
  "fwhm_avg": 4.578656919194882,
  "fwhm_x": 4.630133393272196,
  "fwhm_y": 4.506762432844006,
  "fwhm_z": 4.599074931468444,
  "icvs_csf": 0.2126134953035617,
  "icvs_gm": 0.40926993707235476,
  "icvs_wm": 0.3781165676240836,
  "inu_med": 0.4567703753709793,
  "inu_range": 0.19725756496191027,
  "provenance": {
    "md5sum": "6a09697fabc030370f67158bc1f905d0",
    "settings": {
      "testing": false
    },
    "software": "mriqc",
    "version": "23.0.1",
    "warnings": {
      "large_rot_frame": true,
      "small_air_mask": false
    },
    "webapi_port": null,
    "webapi_url": "https://mriqc.nimh.nih.gov/api/v1"
  },
  "qi_1": 0.0,
  "qi_2": 0.007059248185740808,
  "rpve_csf": 29.00330897406227,
  "rpve_gm": 15.598921947714825,
  "rpve_wm": 19.728553904411925,
  "size_x": 256,
  "size_y": 320,
  "size_z": 320,
  "snr_csf": 2.2645033439934115,
  "snr_gm": 13.926705105647814,
  "snr_total": 13.694652679264053,
  "snr_wm": 24.892749588150934,
  "snrd_csf": 33.83923098668054,
  "snrd_gm": 97.52172370739709,
  "snrd_total": 86.53333102155352,
  "snrd_wm": 128.23903837058296,
  "spacing_x": 0.7999942302703857,
  "spacing_y": 0.800000011920929,
  "spacing_z": 0.800000011920929,
  "summary_bg_k": 8.737813683056165,
  "summary_bg_mad": 0.0,
  "summary_bg_mean": 3.470404144064704,
  "summary_bg_median": 0.0,
  "summary_bg_n": 4790213.0,
  "summary_bg_p05": 0.0,
  "summary_bg_p95": 13.50117353349924,
  "summary_bg_stdv": 5.1087124868783595,
  "summary_csf_k": 1.126162885508279,
  "summary_csf_mad": 96.33722981314304,
  "summary_csf_mean": 276.0218063943157,
  "summary_csf_median": 263.876197213307,
  "summary_csf_n": 103854.0,
  "summary_csf_p05": 83.63716111760588,
  "summary_csf_p95": 489.0098964609206,
  "summary_csf_stdv": 116.52662271007016,
  "summary_gm_k": 0.44657101483997064,
  "summary_gm_mad": 50.67072363572091,
  "summary_gm_mean": 759.6780785024762,
  "summary_gm_median": 760.4682744629681,
  "summary_gm_n": 85627.0,
  "summary_gm_p05": 668.9929320439696,
  "summary_gm_p95": 849.889090474695,
  "summary_gm_stdv": 54.60472007515071,
  "summary_wm_k": 0.6098853000091027,
  "summary_wm_mad": 37.56789338259079,
  "summary_wm_mean": 1000.9230370847463,
  "summary_wm_median": 999.9999643266201,
  "summary_wm_n": 496565.0,
  "summary_wm_p05": 936.6683725342155,
  "summary_wm_p95": 1068.11892876327,
  "summary_wm_stdv": 40.17229811706417,
  "tpm_overlap_csf": 0.1546006704364896,
  "tpm_overlap_gm": 0.44841950690942833,
  "tpm_overlap_wm": 0.5202665723428513,
  "wm2max": 0.7818260625685219
}