{
  "bids_meta": {
    "AcquisitionDateTime": "2018-07-16T15:27:55.852000",
    "AcquisitionMatrixPE": 320,
    "AcquisitionNumber": 1,
    "AcquisitionTime": "15:19:51.522500",
    "BaseResolution": 320,
    "BodyPartExamined": "HEAD",
    "ConsistencyInfo": "N4_VE11B_LATEST_20150530",
    "ConversionSoftware": "dcm2niix",
    "ConversionSoftwareVersion": "v1.0.20171215 GCC5.1.0",
    "DeviceSerialNumber": "66072",
    "DwellTime": 2.2e-06,
    "EchoTime": 0.562,
    "EchoTrainLength": 305,
    "FlipAngle": 120,
    "ImageOrientationPatientDICOM": [
      0.0380195,
      0.996629,
      0.0726998,
      0.0239131,
      0.0718242,
      -0.997131
    ],
    "ImageType": [
      "ORIGINAL",
      "PRIMARY",
      "M",
      "ND",
      "NORM"
    ],
    "InPlanePhaseEncodingDirectionDICOM": "ROW",
    "InstitutionAddress": "Boulevard_Jean_Moulin_27_Marseille_District_FR_13005",
    "InstitutionName": "Universite_d_aix_Marseille",
    "InstitutionalDepartmentName": "Department",
    "MRAcquisitionType": "3D",
    "MagneticFieldStrength": 3,
    "Manufacturer": "Siemens",
    "ManufacturersModelName": "Prisma",
    "Modality": "MR",
    "ParallelReductionFactorInPlane": 2,
    "PartialFourier": 1,
    "PatientPosition": "HFS",
    "PercentPhaseFOV": 100,
    "PhaseEncodingSteps": 315,
    "PhaseResolution": 1,
    "PixelBandwidth": 710,
    "ProcedureStepDescription": "Projets_Convers",
    "ProtocolName": "T2w",
    "PulseSequenceDetails": "%SiemensSeq%_tse_vfl",
    "ReceiveCoilActiveElements": "HC1-7;NC1,2",
    "ReceiveCoilName": "HeadNeck_64",
    "ReconMatrixPE": 320,
    "RepetitionTime": 3.2,
    "SAR": 0.138782,
    "ScanOptions": "PFP",
    "ScanningSequence": "SE",
    "SequenceName": "_spc_305ns",
    "SequenceVariant": "SK_SP",
    "SeriesDescription": "T2w",
    "SeriesNumber": 13,
    "ShimSetting": [
      -617,
      -10760,
      -704,
      -185,
      170,
      -135,
      -21,
      -7
    ],
    "SliceThickness": 0.8,
    "SoftwareVersions": "syngo_MR_E11",
    "StationName": "AWP66072",
    "TxRefAmp": 232.483,
    "dataset": "ds001740",
    "modality": "T2w",
    "subject_id": "12"
  },
  "cjv": 0.20244348371658796,
  "cnr": 2.0049476851030668,
  "efc": 0.4648351390298794,
  "fber": 8302.816433376736,
  "fwhm_avg": 2.595922764738797,
  "fwhm_x": 2.547405872303876,
  "fwhm_y": 2.815174958050624,
  "fwhm_z": 2.425187463861891,
  "icvs_csf": 0.26874948650216013,
  "icvs_gm": 0.5942926870204461,
  "icvs_wm": 0.13695782647739377,
  "inu_med": 0.9062447845935822,
  "inu_range": 0.25837504863739014,
  "provenance": {
    "md5sum": "3ce8b95e7e4c3137f5f4e8cb54d87a2f",
    "settings": {
      "testing": false
    },
    "software": "mriqc",
    "version": "23.0.1",
    "warnings": {
      "large_rot_frame": true,
      "small_air_mask": false
    },
    "webapi_port": null,
    "webapi_url": "https://mriqc.nimh.nih.gov/api/v1"
  },
  "qi_1": 6.641373785245296e-06,
  "qi_2": 0.019623574668340277,
  "rpve_csf": 19.68838827121413,
  "rpve_gm": 12.294831362657995,
  "rpve_wm": 55.275947956331954,
  "size_x": 256,
  "size_y": 320,
  "size_z": 320,
  "snr_csf": 7.342840734193416,
  "snr_gm": 9.62616937940663,
  "snr_total": 6.709229996238162,
  "snr_wm": 3.1586798751144425,
  "snrd_csf": 73.3798499687678,
  "snrd_gm": 43.28961817907821,
  "snrd_total": 78.88766238226982,
  "snrd_wm": 119.99351899896344,
  "spacing_x": 0.7999942302703857,
  "spacing_y": 0.800000011920929,
  "spacing_z": 0.800000011920929,
  "summary_bg_k": 5.982956796817865,
  "summary_bg_mad": 5.459199955708499,
  "summary_bg_mean": 3.6616262236367136,
  "summary_bg_median": 3.682174414396286,
  "summary_bg_n": 4899494.0,
  "summary_bg_p05": 0.0,
  "summary_bg_p95": 12.349764749407768,
  "summary_bg_stdv": 4.559408448104781,
  "summary_csf_k": 2.019977055251996,
  "summary_csf_mad": 70.72424212283033,
  "summary_csf_mean": 621.8789517618104,
  "summary_csf_median": 611.4685028940439,
  "summary_csf_n": 44027.0,
  "summary_csf_p05": 508.6572285145521,
  "summary_csf_p95": 773.6703544855118,
  "summary_csf_stdv": 83.27316099377508,
  "summary_gm_k": 0.5076376186029399,
  "summary_gm_mad": 35.576808700122804,
  "summary_gm_mean": 362.7889396222157,
  "summary_gm_median": 360.7289743721485,
  "summary_gm_n": 676775.0,
  "summary_gm_p05": 304.6482168585062,
  "summary_gm_p95": 427.31840942800045,
  "summary_gm_stdv": 37.47375447578608,
  "summary_wm_k": 2.0347448598744347,
  "summary_wm_mad": 93.81849811523763,
  "summary_wm_mean": 882.4974873844492,
  "summary_wm_median": 999.8965308666229,
  "summary_wm_n": 51950.0,
  "summary_wm_p05": 57.49673975333572,
  "summary_wm_p95": 1122.4126099564135,
  "summary_wm_stdv": 316.55215049003993,
  "tpm_overlap_csf": 0.1274291947965495,
  "tpm_overlap_gm": 0.362909936261721,
  "tpm_overlap_wm": 0.027016427909853206,
  "wm2max": 0.9022792182337459
}