{
  "aor": 0.001524857142857143,
  "aqi": 0.005347562675324676,
  "bids_meta": {
    "AcquisitionDateTime": "2018-07-16T16:40:43.570000",
    "AcquisitionMatrixPE": 84,
    "AcquisitionNumber": 1,
    "AcquisitionTime": "16:40:41.342500",
    "BandwidthPerPixelPhaseEncode": 23.81,
    "BaseResolution": 84,
    "BodyPartExamined": "HEAD",
    "ConsistencyInfo": "N4_VE11B_LATEST_20150530",
    "ConversionSoftware": "dcm2niix",
    "ConversionSoftwareVersion": "v1.0.20171215 GCC5.1.0",
    "DerivedVendorReportedEchoSpacing": 0.00049999,
    "DeviceSerialNumber": "66072",
    "DwellTime": 2.3e-06,
    "EchoTime": 0.03,
    "EchoTrainLength": 84,
    "EffectiveEchoSpacing": 0.00049999,
    "FlipAngle": 65,
    "ImageComments": "Unaliased_MB3_PE3_LB_SENSE1",
    "ImageOrientationPatientDICOM": [
      0.993378,
      -0.0828144,
      0.0796397,
      0.0800997,
      0.996111,
      0.0367039
    ],
    "ImageType": [
      "ORIGINAL",
      "PRIMARY",
      "M",
      "MB",
      "ND",
      "MOSAIC"
    ],
    "InPlanePhaseEncodingDirectionDICOM": "COL",
    "InstitutionAddress": "Boulevard_Jean_Moulin_27_Marseille_District_FR_13005",
    "InstitutionName": "Universite_d_aix_Marseille",
    "InstitutionalDepartmentName": "Department",
    "MRAcquisitionType": "2D",
    "MagneticFieldStrength": 3,
    "Manufacturer": "Siemens",
    "ManufacturersModelName": "Prisma",
    "Modality": "MR",
    "MultibandAccelerationFactor": 3,
    "PartialFourier": 1,
    "PatientPosition": "HFS",
    "PercentPhaseFOV": 100,
    "PhaseEncodingDirection": "j",
    "PhaseEncodingSteps": 84,
    "PhaseResolution": 1,
    "PixelBandwidth": 2590,
    "ProcedureStepDescription": "Projets_Convers",
    "ProtocolName": "task-convers_run3_bold",
    "PulseSequenceDetails": "%CustomerSeq%_cmrr_mbep2d_bold",
    "ReceiveCoilActiveElements": "HC1-6",
    "ReceiveCoilName": "HeadNeck_64",
    "ReconMatrixPE": 84,
    "RepetitionTime": 1.205,
    "SAR": 0.073701,
    "ScanOptions": "FS_EXT",
    "ScanningSequence": "EP",
    "SequenceName": "epfid2d1_84",
    "SequenceVariant": "SK_SS",
    "SeriesDescription": "task-convers_run3_bold",
    "SeriesNumber": 14,
    "ShimSetting": [
      -587,
      -10795,
      -596,
      533,
      53,
      37,
      29,
      2
    ],
    "SliceThickness": 2.5,
    "SliceTiming": [
      1.1375,
      1.07,
      1.0025,
      0.9375,
      0.87,
      0.8025,
      0.735,
      0.6675,
      0.6025,
      0.535,
      0.4675,
      0.4,
      0.335,
      0.2675,
      0.2,
      0.1325,
      0.065,
      0,
      1.1375,
      1.07,
      1.0025,
      0.9375,
      0.87,
      0.8025,
      0.735,
      0.6675,
      0.6025,
      0.535,
      0.4675,
      0.4,
      0.335,
      0.2675,
      0.2,
      0.1325,
      0.065,
      0,
      1.1375,
      1.07,
      1.0025,
      0.9375,
      0.87,
      0.8025,
      0.735,
      0.6675,
      0.6025,
      0.535,
      0.4675,
      0.4,
      0.335,
      0.2675,
      0.2,
      0.1325,
      0.065,
      0
    ],
    "SoftwareVersions": "syngo_MR_E11",
    "SpacingBetweenSlices": 2.5,
    "StationName": "AWP66072",
    "TaskName": "convers",
    "TotalReadoutTime": 0.04199916,
    "TxRefAmp": 220.974,
    "dataset": "ds001740",
    "modality": "bold",
    "run_id": 3,
    "subject_id": "13",
    "task_id": "convers"
  },
  "dummy_trs": 0,
  "dvars_nstd": 33.854320079088545,
  "dvars_std": 1.13962935109375,
  "dvars_vstd": 1.0115216748958331,
  "efc": 0.4753227153172499,
  "fber": 8297.455078125,
  "fd_mean": 0.17163972268396144,
  "fd_num": 125,
  "fd_perc": 32.467532467532465,
  "fwhm_avg": 3.309969333333333,
  "fwhm_x": 3.061216,
  "fwhm_y": 3.43734,
  "fwhm_z": 3.4313519999999995,
  "gcor": 0.0498436,
  "gsr_x": 0.0033611590042710304,
  "gsr_y": 0.04506773501634598,
  "provenance": {
    "md5sum": "6e59fbc565f6e4d92cabb9cdd5fdfb0c",
    "settings": {
      "fd_thres": 0.2,
      "testing": false
    },
    "software": "mriqc",
    "version": "23.0.1",
    "webapi_port": null,
    "webapi_url": "https://mriqc.nimh.nih.gov/api/v1"
  },
  "size_t": 385,
  "size_x": 84,
  "size_y": 84,
  "size_z": 54,
  "snr": 2.503048958704615,
  "spacing_tr": 1.2050000429153442,
  "spacing_x": 2.5,
  "spacing_y": 2.5,
  "spacing_z": 2.5,
  "summary_bg_k": 42.51695550078328,
  "summary_bg_mad": 112.24239729340904,
  "summary_bg_mean": 555.260009765625,
  "summary_bg_median": 113.47322845458984,
  "summary_bg_n": 247162.0,
  "summary_bg_p05": 29.925255966186526,
  "summary_bg_p95": 2587.578710937498,
  "summary_bg_stdv": 1267.196533203125,
  "summary_fg_k": 0.6719340617522276,
  "summary_fg_mad": 4073.953448441837,
  "summary_fg_mean": 11211.6865234375,
  "summary_fg_median": 10475.3603515625,
  "summary_fg_n": 68903.0,
  "summary_fg_p05": 5784.377587890625,
  "summary_fg_p95": 19155.262890624992,
  "summary_fg_stdv": 4185.009765625,
  "tsnr": 42.28324890136719
}