{
  "aor": 0.0013433506493506495,
  "aqi": 0.006384473870129871,
  "bids_meta": {
    "AcquisitionDateTime": "2018-07-16T16:50:53.897000",
    "AcquisitionMatrixPE": 84,
    "AcquisitionNumber": 1,
    "AcquisitionTime": "16:50:52.565000",
    "BandwidthPerPixelPhaseEncode": 23.81,
    "BaseResolution": 84,
    "BodyPartExamined": "HEAD",
    "ConsistencyInfo": "N4_VE11B_LATEST_20150530",
    "ConversionSoftware": "dcm2niix",
    "ConversionSoftwareVersion": "v1.0.20171215 GCC5.1.0",
    "DerivedVendorReportedEchoSpacing": 0.00049999,
    "DeviceSerialNumber": "66072",
    "DwellTime": 2.3e-06,
    "EchoTime": 0.03,
    "EchoTrainLength": 84,
    "EffectiveEchoSpacing": 0.00049999,
    "FlipAngle": 65,
    "ImageComments": "Unaliased_MB3_PE3_LB_SENSE1",
    "ImageOrientationPatientDICOM": [
      0.993378,
      -0.0828144,
      0.0796397,
      0.0800997,
      0.996111,
      0.0367039
    ],
    "ImageType": [
      "ORIGINAL",
      "PRIMARY",
      "M",
      "MB",
      "ND",
      "MOSAIC"
    ],
    "InPlanePhaseEncodingDirectionDICOM": "COL",
    "InstitutionAddress": "Boulevard_Jean_Moulin_27_Marseille_District_FR_13005",
    "InstitutionName": "Universite_d_aix_Marseille",
    "InstitutionalDepartmentName": "Department",
    "MRAcquisitionType": "2D",
    "MagneticFieldStrength": 3,
    "Manufacturer": "Siemens",
    "ManufacturersModelName": "Prisma",
    "Modality": "MR",
    "MultibandAccelerationFactor": 3,
    "PartialFourier": 1,
    "PatientPosition": "HFS",
    "PercentPhaseFOV": 100,
    "PhaseEncodingDirection": "j",
    "PhaseEncodingSteps": 84,
    "PhaseResolution": 1,
    "PixelBandwidth": 2590,
    "ProcedureStepDescription": "Projets_Convers",
    "ProtocolName": "task-convers_run4_bold",
    "PulseSequenceDetails": "%CustomerSeq%_cmrr_mbep2d_bold",
    "ReceiveCoilActiveElements": "HC1-6",
    "ReceiveCoilName": "HeadNeck_64",
    "ReconMatrixPE": 84,
    "RepetitionTime": 1.205,
    "SAR": 0.073701,
    "ScanOptions": "FS_EXT",
    "ScanningSequence": "EP",
    "SequenceName": "epfid2d1_84",
    "SequenceVariant": "SK_SS",
    "SeriesDescription": "task-convers_run4_bold",
    "SeriesNumber": 16,
    "ShimSetting": [
      -587,
      -10795,
      -596,
      533,
      53,
      37,
      29,
      2
    ],
    "SliceThickness": 2.5,
    "SliceTiming": [
      1.1375,
      1.0725,
      1.005,
      0.9375,
      0.87,
      0.8025,
      0.7375,
      0.67,
      0.6025,
      0.535,
      0.47,
      0.4025,
      0.335,
      0.2675,
      0.2,
      0.135,
      0.0675,
      0,
      1.1375,
      1.0725,
      1.005,
      0.9375,
      0.87,
      0.8025,
      0.7375,
      0.67,
      0.6025,
      0.535,
      0.47,
      0.4025,
      0.335,
      0.2675,
      0.2,
      0.135,
      0.0675,
      0,
      1.1375,
      1.0725,
      1.005,
      0.9375,
      0.87,
      0.8025,
      0.7375,
      0.67,
      0.6025,
      0.535,
      0.47,
      0.4025,
      0.335,
      0.2675,
      0.2,
      0.135,
      0.0675,
      0
    ],
    "SoftwareVersions": "syngo_MR_E11",
    "SpacingBetweenSlices": 2.5,
    "StationName": "AWP66072",
    "TaskName": "convers",
    "TotalReadoutTime": 0.04199916,
    "TxRefAmp": 220.974,
    "dataset": "ds001740",
    "modality": "bold",
    "run_id": 4,
    "subject_id": "13",
    "task_id": "convers"
  },
  "dummy_trs": 0,
  "dvars_nstd": 34.41592481234374,
  "dvars_std": 1.1138384419010412,
  "dvars_vstd": 0.997168599010417,
  "efc": 0.47627910976373883,
  "fber": 8006.01123046875,
  "fd_mean": 0.20907002307332836,
  "fd_num": 167,
  "fd_perc": 43.37662337662338,
  "fwhm_avg": 3.318542666666667,
  "fwhm_x": 3.061432,
  "fwhm_y": 3.45204,
  "fwhm_z": 3.4421559999999998,
  "gcor": 0.0384938,
  "gsr_x": 0.0032284713815897703,
  "gsr_y": 0.04445935785770416,
  "provenance": {
    "md5sum": "cfac7f84946494b763c8e1022a02f416",
    "settings": {
      "fd_thres": 0.2,
      "testing": false
    },
    "software": "mriqc",
    "version": "23.0.1",
    "webapi_port": null,
    "webapi_url": "https://mriqc.nimh.nih.gov/api/v1"
  },
  "size_t": 385,
  "size_x": 84,
  "size_y": 84,
  "size_z": 54,
  "snr": 2.499529052874906,
  "spacing_tr": 1.2050000429153442,
  "spacing_x": 2.5,
  "spacing_y": 2.5,
  "spacing_z": 2.5,
  "summary_bg_k": 41.721097109395274,
  "summary_bg_mad": 115.46681562118127,
  "summary_bg_mean": 562.6879272460938,
  "summary_bg_median": 115.8917007446289,
  "summary_bg_n": 246957.0,
  "summary_bg_p05": 29.89940986633301,
  "summary_bg_p95": 2630.5437499999884,
  "summary_bg_stdv": 1278.5147705078125,
  "summary_fg_k": 0.6675479717804693,
  "summary_fg_mad": 4068.457395686517,
  "summary_fg_mean": 11225.5693359375,
  "summary_fg_median": 10488.181640625,
  "summary_fg_n": 69035.0,
  "summary_fg_p05": 5785.005224609375,
  "summary_fg_p95": 19187.472851562507,
  "summary_fg_stdv": 4196.03271484375,
  "tsnr": 40.04882049560547
}