{
  "aor": 0.0021023116883116884,
  "aqi": 0.005359258181818182,
  "bids_meta": {
    "AcquisitionDateTime": "2018-07-18T16:48:22.670000",
    "AcquisitionMatrixPE": 84,
    "AcquisitionNumber": 1,
    "AcquisitionTime": "16:47:38.905000",
    "BandwidthPerPixelPhaseEncode": 23.81,
    "BaseResolution": 84,
    "BodyPartExamined": "HEAD",
    "ConsistencyInfo": "N4_VE11B_LATEST_20150530",
    "ConversionSoftware": "dcm2niix",
    "ConversionSoftwareVersion": "v1.0.20171215 GCC5.1.0",
    "DerivedVendorReportedEchoSpacing": 0.00049999,
    "DeviceSerialNumber": "66072",
    "DwellTime": 2.3e-06,
    "EchoTime": 0.03,
    "EchoTrainLength": 84,
    "EffectiveEchoSpacing": 0.00049999,
    "FlipAngle": 65,
    "ImageComments": "Unaliased_MB3_PE3_LB_SENSE1",
    "ImageOrientationPatientDICOM": [
      0.999927,
      0.0118746,
      0.0023491,
      -0.011868,
      0.999926,
      -0.00279716
    ],
    "ImageType": [
      "ORIGINAL",
      "PRIMARY",
      "M",
      "MB",
      "ND",
      "MOSAIC"
    ],
    "InPlanePhaseEncodingDirectionDICOM": "COL",
    "InstitutionAddress": "Boulevard_Jean_Moulin_27_Marseille_District_FR_13005",
    "InstitutionName": "Universite_d_aix_Marseille",
    "InstitutionalDepartmentName": "Department",
    "MRAcquisitionType": "2D",
    "MagneticFieldStrength": 3,
    "Manufacturer": "Siemens",
    "ManufacturersModelName": "Prisma",
    "Modality": "MR",
    "MultibandAccelerationFactor": 3,
    "PartialFourier": 1,
    "PatientPosition": "HFS",
    "PercentPhaseFOV": 100,
    "PhaseEncodingDirection": "j",
    "PhaseEncodingSteps": 84,
    "PhaseResolution": 1,
    "PixelBandwidth": 2590,
    "ProcedureStepDescription": "Projets_Convers",
    "ProtocolName": "task-convers_run3_bold",
    "PulseSequenceDetails": "%CustomerSeq%_cmrr_mbep2d_bold",
    "ReceiveCoilActiveElements": "HC1-6",
    "ReceiveCoilName": "HeadNeck_64",
    "ReconMatrixPE": 84,
    "RepetitionTime": 1.205,
    "SAR": 0.0665881,
    "ScanOptions": "FS_EXT",
    "ScanningSequence": "EP",
    "SequenceName": "epfid2d1_84",
    "SequenceVariant": "SK_SS",
    "SeriesDescription": "task-convers_run3_bold",
    "SeriesNumber": 14,
    "ShimSetting": [
      -613,
      -10783,
      -557,
      392,
      10,
      -70,
      -6,
      31
    ],
    "SliceThickness": 2.5,
    "SliceTiming": [
      1.14,
      1.0725,
      1.005,
      0.9375,
      0.87,
      0.805,
      0.7375,
      0.67,
      0.6025,
      0.5375,
      0.47,
      0.4025,
      0.335,
      0.2675,
      0.2025,
      0.135,
      0.0675,
      0,
      1.14,
      1.0725,
      1.005,
      0.9375,
      0.87,
      0.805,
      0.7375,
      0.67,
      0.6025,
      0.5375,
      0.47,
      0.4025,
      0.335,
      0.2675,
      0.2025,
      0.135,
      0.0675,
      0,
      1.14,
      1.0725,
      1.005,
      0.9375,
      0.87,
      0.805,
      0.7375,
      0.67,
      0.6025,
      0.5375,
      0.47,
      0.4025,
      0.335,
      0.2675,
      0.2025,
      0.135,
      0.0675,
      0
    ],
    "SoftwareVersions": "syngo_MR_E11",
    "SpacingBetweenSlices": 2.5,
    "StationName": "AWP66072",
    "TaskName": "convers",
    "TotalReadoutTime": 0.04199916,
    "TxRefAmp": 215.628,
    "dataset": "ds001740",
    "modality": "bold",
    "run_id": 3,
    "subject_id": "23",
    "task_id": "convers"
  },
  "dummy_trs": 0,
  "dvars_nstd": 26.813906923020824,
  "dvars_std": 1.1196280290364582,
  "dvars_vstd": 0.9968746331249991,
  "efc": 0.4700207493867482,
  "fber": 16260.4794921875,
  "fd_mean": 0.09633051915463964,
  "fd_num": 19,
  "fd_perc": 4.935064935064935,
  "fwhm_avg": 3.2094306666666665,
  "fwhm_x": 3.031744,
  "fwhm_y": 3.389352,
  "fwhm_z": 3.2071959999999997,
  "gcor": 0.0211496,
  "gsr_x": 0.006401285994797945,
  "gsr_y": 0.04333975166082382,
  "provenance": {
    "md5sum": "43e1efd3bafc1822130d9d2d0f0060cb",
    "settings": {
      "fd_thres": 0.2,
      "testing": false
    },
    "software": "mriqc",
    "version": "23.0.1",
    "webapi_port": null,
    "webapi_url": "https://mriqc.nimh.nih.gov/api/v1"
  },
  "size_t": 385,
  "size_x": 84,
  "size_y": 84,
  "size_z": 54,
  "snr": 2.361401996327956,
  "spacing_tr": 1.2050000429153442,
  "spacing_x": 2.5,
  "spacing_y": 2.5,
  "spacing_z": 2.5,
  "summary_bg_k": 27.250609747034442,
  "summary_bg_mad": 72.54635689449586,
  "summary_bg_mean": 656.805419921875,
  "summary_bg_median": 87.42652893066406,
  "summary_bg_n": 249418.0,
  "summary_bg_p05": 32.66592235565186,
  "summary_bg_p95": 3711.940917968744,
  "summary_bg_stdv": 1680.392333984375,
  "summary_fg_k": 0.7876455127472117,
  "summary_fg_mad": 4736.524977435727,
  "summary_fg_mean": 12045.630859375,
  "summary_fg_median": 11169.103515625,
  "summary_fg_n": 69594.0,
  "summary_fg_p05": 6009.47392578125,
  "summary_fg_p95": 20822.021582031244,
  "summary_fg_stdv": 4729.8271484375,
  "tsnr": 46.8128662109375
}