{
  "aor": 0.0017138441558441557,
  "aqi": 0.006687690363636364,
  "bids_meta": {
    "AcquisitionDateTime": "2018-07-17T13:32:01.062000",
    "AcquisitionMatrixPE": 84,
    "AcquisitionNumber": 1,
    "AcquisitionTime": "13:31:58.830000",
    "BandwidthPerPixelPhaseEncode": 23.81,
    "BaseResolution": 84,
    "BodyPartExamined": "HEAD",
    "ConsistencyInfo": "N4_VE11B_LATEST_20150530",
    "ConversionSoftware": "dcm2niix",
    "ConversionSoftwareVersion": "v1.0.20171215 GCC5.1.0",
    "DerivedVendorReportedEchoSpacing": 0.00049999,
    "DeviceSerialNumber": "66072",
    "DwellTime": 2.3e-06,
    "EchoTime": 0.03,
    "EchoTrainLength": 84,
    "EffectiveEchoSpacing": 0.00049999,
    "FlipAngle": 65,
    "ImageComments": "Unaliased_MB3_PE3_LB_SENSE1",
    "ImageOrientationPatientDICOM": [
      0.997313,
      0.00856797,
      0.0727586,
      -0.0168858,
      0.993281,
      0.114489
    ],
    "ImageType": [
      "ORIGINAL",
      "PRIMARY",
      "M",
      "MB",
      "ND",
      "MOSAIC"
    ],
    "InPlanePhaseEncodingDirectionDICOM": "COL",
    "InstitutionAddress": "Boulevard_Jean_Moulin_27_Marseille_District_FR_13005",
    "InstitutionName": "Universite_d_aix_Marseille",
    "InstitutionalDepartmentName": "Department",
    "MRAcquisitionType": "2D",
    "MagneticFieldStrength": 3,
    "Manufacturer": "Siemens",
    "ManufacturersModelName": "Prisma",
    "Modality": "MR",
    "MultibandAccelerationFactor": 3,
    "PartialFourier": 1,
    "PatientPosition": "HFS",
    "PercentPhaseFOV": 100,
    "PhaseEncodingDirection": "j",
    "PhaseEncodingSteps": 84,
    "PhaseResolution": 1,
    "PixelBandwidth": 2590,
    "ProcedureStepDescription": "Projets_Convers",
    "ProtocolName": "task-convers_run2_bold",
    "PulseSequenceDetails": "%CustomerSeq%_cmrr_mbep2d_bold",
    "ReceiveCoilActiveElements": "HC1-7",
    "ReceiveCoilName": "HeadNeck_64",
    "ReconMatrixPE": 84,
    "RepetitionTime": 1.205,
    "SAR": 0.0665488,
    "ScanOptions": "FS_EXT",
    "ScanningSequence": "EP",
    "SequenceName": "epfid2d1_84",
    "SequenceVariant": "SK_SS",
    "SeriesDescription": "task-convers_run2_bold",
    "SeriesNumber": 14,
    "ShimSetting": [
      -600,
      -10804,
      -525,
      354,
      41,
      -94,
      39,
      -38
    ],
    "SliceThickness": 2.5,
    "SliceTiming": [
      1.1375,
      1.0725,
      1.005,
      0.9375,
      0.87,
      0.8025,
      0.7375,
      0.67,
      0.6025,
      0.535,
      0.47,
      0.4025,
      0.335,
      0.2675,
      0.2025,
      0.135,
      0.0675,
      0,
      1.1375,
      1.0725,
      1.005,
      0.9375,
      0.87,
      0.8025,
      0.7375,
      0.67,
      0.6025,
      0.535,
      0.47,
      0.4025,
      0.335,
      0.2675,
      0.2025,
      0.135,
      0.0675,
      0,
      1.1375,
      1.0725,
      1.005,
      0.9375,
      0.87,
      0.8025,
      0.7375,
      0.67,
      0.6025,
      0.535,
      0.47,
      0.4025,
      0.335,
      0.2675,
      0.2025,
      0.135,
      0.0675,
      0
    ],
    "SoftwareVersions": "syngo_MR_E11",
    "SpacingBetweenSlices": 2.5,
    "StationName": "AWP66072",
    "TaskName": "convers",
    "TotalReadoutTime": 0.04199916,
    "TxRefAmp": 245.48,
    "dataset": "ds001740",
    "modality": "bold",
    "run_id": 2,
    "subject_id": "17",
    "task_id": "convers"
  },
  "dummy_trs": 0,
  "dvars_nstd": 36.35367202276041,
  "dvars_std": 1.1501265689843747,
  "dvars_vstd": 1.0169835906249987,
  "efc": 0.49763092202234316,
  "fber": 3360.297607421875,
  "fd_mean": 0.21482133648309407,
  "fd_num": 161,
  "fd_perc": 41.81818181818182,
  "fwhm_avg": 3.069956,
  "fwhm_x": 2.808828,
  "fwhm_y": 3.2612360000000002,
  "fwhm_z": 3.1398040000000003,
  "gcor": 0.0211858,
  "gsr_x": 0.002858139341697097,
  "gsr_y": 0.038938939571380615,
  "provenance": {
    "md5sum": "179309768d31386e781fa35b2345e505",
    "settings": {
      "fd_thres": 0.2,
      "testing": false
    },
    "software": "mriqc",
    "version": "23.0.1",
    "webapi_port": null,
    "webapi_url": "https://mriqc.nimh.nih.gov/api/v1"
  },
  "size_t": 385,
  "size_x": 84,
  "size_y": 84,
  "size_z": 54,
  "snr": 2.731283899528598,
  "spacing_tr": 1.2050000429153442,
  "spacing_x": 2.5,
  "spacing_y": 2.5,
  "spacing_z": 2.5,
  "summary_bg_k": 40.002666970582034,
  "summary_bg_mad": 183.09182154423755,
  "summary_bg_mean": 630.2470703125,
  "summary_bg_median": 163.3119354248047,
  "summary_bg_n": 245341.0,
  "summary_bg_p05": 29.20278549194336,
  "summary_bg_p95": 2756.20166015625,
  "summary_bg_stdv": 1251.440673828125,
  "summary_fg_k": 0.34174286836687395,
  "summary_fg_mad": 3665.522960574098,
  "summary_fg_mean": 10256.60546875,
  "summary_fg_median": 9802.0751953125,
  "summary_fg_n": 67998.0,
  "summary_fg_p05": 5317.921240234375,
  "summary_fg_p95": 16783.051171874995,
  "summary_fg_stdv": 3588.78955078125,
  "tsnr": 41.13825607299805
}