{
  "aor": 0.002092207792207792,
  "aqi": 0.007864044207792208,
  "bids_meta": {
    "AcquisitionDateTime": "2018-07-17T13:16:12.202000",
    "AcquisitionMatrixPE": 84,
    "AcquisitionNumber": 1,
    "AcquisitionTime": "13:16:10.322500",
    "BandwidthPerPixelPhaseEncode": 23.81,
    "BaseResolution": 84,
    "BodyPartExamined": "HEAD",
    "ConsistencyInfo": "N4_VE11B_LATEST_20150530",
    "ConversionSoftware": "dcm2niix",
    "ConversionSoftwareVersion": "v1.0.20171215 GCC5.1.0",
    "DerivedVendorReportedEchoSpacing": 0.00049999,
    "DeviceSerialNumber": "66072",
    "DwellTime": 2.3e-06,
    "EchoTime": 0.03,
    "EchoTrainLength": 84,
    "EffectiveEchoSpacing": 0.00049999,
    "FlipAngle": 65,
    "ImageComments": "Unaliased_MB3_PE3_LB_SENSE1",
    "ImageOrientationPatientDICOM": [
      0.997313,
      0.00856797,
      0.0727586,
      -0.0168858,
      0.993281,
      0.114489
    ],
    "ImageType": [
      "ORIGINAL",
      "PRIMARY",
      "M",
      "MB",
      "ND",
      "MOSAIC"
    ],
    "InPlanePhaseEncodingDirectionDICOM": "COL",
    "InstitutionAddress": "Boulevard_Jean_Moulin_27_Marseille_District_FR_13005",
    "InstitutionName": "Universite_d_aix_Marseille",
    "InstitutionalDepartmentName": "Department",
    "MRAcquisitionType": "2D",
    "MagneticFieldStrength": 3,
    "Manufacturer": "Siemens",
    "ManufacturersModelName": "Prisma",
    "Modality": "MR",
    "MultibandAccelerationFactor": 3,
    "PartialFourier": 1,
    "PatientPosition": "HFS",
    "PercentPhaseFOV": 100,
    "PhaseEncodingDirection": "j",
    "PhaseEncodingSteps": 84,
    "PhaseResolution": 1,
    "PixelBandwidth": 2590,
    "ProcedureStepDescription": "Projets_Convers",
    "ProtocolName": "task-convers_run1_bold",
    "PulseSequenceDetails": "%CustomerSeq%_cmrr_mbep2d_bold",
    "ReceiveCoilActiveElements": "HC1-7",
    "ReceiveCoilName": "HeadNeck_64",
    "ReconMatrixPE": 84,
    "RepetitionTime": 1.205,
    "SAR": 0.0665488,
    "ScanOptions": "FS_EXT",
    "ScanningSequence": "EP",
    "SequenceName": "epfid2d1_84",
    "SequenceVariant": "SK_SS",
    "SeriesDescription": "task-convers_run1_bold",
    "SeriesNumber": 10,
    "ShimSetting": [
      -600,
      -10804,
      -525,
      354,
      41,
      -94,
      39,
      -38
    ],
    "SliceThickness": 2.5,
    "SliceTiming": [
      1.1375,
      1.07,
      1.005,
      0.9375,
      0.87,
      0.8025,
      0.7375,
      0.67,
      0.6025,
      0.535,
      0.4675,
      0.4025,
      0.335,
      0.2675,
      0.2,
      0.135,
      0.0675,
      0,
      1.1375,
      1.07,
      1.005,
      0.9375,
      0.87,
      0.8025,
      0.7375,
      0.67,
      0.6025,
      0.535,
      0.4675,
      0.4025,
      0.335,
      0.2675,
      0.2,
      0.135,
      0.0675,
      0,
      1.1375,
      1.07,
      1.005,
      0.9375,
      0.87,
      0.8025,
      0.7375,
      0.67,
      0.6025,
      0.535,
      0.4675,
      0.4025,
      0.335,
      0.2675,
      0.2,
      0.135,
      0.0675,
      0
    ],
    "SoftwareVersions": "syngo_MR_E11",
    "SpacingBetweenSlices": 2.5,
    "StationName": "AWP66072",
    "TaskName": "convers",
    "TotalReadoutTime": 0.04199916,
    "TxRefAmp": 245.48,
    "dataset": "ds001740",
    "modality": "bold",
    "run_id": 1,
    "subject_id": "17",
    "task_id": "convers"
  },
  "dummy_trs": 0,
  "dvars_nstd": 37.674234976380184,
  "dvars_std": 1.1481383289062503,
  "dvars_vstd": 1.010532570468751,
  "efc": 0.496841621141214,
  "fber": 3321.2529296875,
  "fd_mean": 0.1955691817892851,
  "fd_num": 122,
  "fd_perc": 31.68831168831169,
  "fwhm_avg": 3.0932413333333333,
  "fwhm_x": 2.80106,
  "fwhm_y": 3.271324,
  "fwhm_z": 3.20734,
  "gcor": 0.0128184,
  "gsr_x": 0.003863623598590493,
  "gsr_y": 0.036670222878456116,
  "provenance": {
    "md5sum": "a41c858c82a684d78c2125a4514819fd",
    "settings": {
      "fd_thres": 0.2,
      "testing": false
    },
    "software": "mriqc",
    "version": "23.0.1",
    "webapi_port": null,
    "webapi_url": "https://mriqc.nimh.nih.gov/api/v1"
  },
  "size_t": 385,
  "size_x": 84,
  "size_y": 84,
  "size_z": 54,
  "snr": 2.752558456335231,
  "spacing_tr": 1.2050000429153442,
  "spacing_x": 2.5,
  "spacing_y": 2.5,
  "spacing_z": 2.5,
  "summary_bg_k": 41.529867073902224,
  "summary_bg_mad": 179.20706031894653,
  "summary_bg_mean": 614.7955322265625,
  "summary_bg_median": 162.07998657226562,
  "summary_bg_n": 245385.0,
  "summary_bg_p05": 31.41468391418457,
  "summary_bg_p95": 2666.69609375,
  "summary_bg_stdv": 1223.7540283203125,
  "summary_fg_k": 0.27946581656809766,
  "summary_fg_mad": 3644.0194369908504,
  "summary_fg_mean": 10198.73828125,
  "summary_fg_median": 9758.9296875,
  "summary_fg_n": 68052.0,
  "summary_fg_p05": 5305.145068359375,
  "summary_fg_p95": 16642.09931640625,
  "summary_fg_stdv": 3545.377197265625,
  "tsnr": 38.657997131347656
}