{
  "aor": 0.0033823376623376626,
  "aqi": 0.00550265122077922,
  "bids_meta": {
    "AcquisitionDateTime": "2018-07-17T13:52:04.118000",
    "AcquisitionMatrixPE": 84,
    "AcquisitionNumber": 1,
    "AcquisitionTime": "13:52:1.577500",
    "BandwidthPerPixelPhaseEncode": 23.81,
    "BaseResolution": 84,
    "BodyPartExamined": "HEAD",
    "ConsistencyInfo": "N4_VE11B_LATEST_20150530",
    "ConversionSoftware": "dcm2niix",
    "ConversionSoftwareVersion": "v1.0.20171215 GCC5.1.0",
    "DerivedVendorReportedEchoSpacing": 0.00049999,
    "DeviceSerialNumber": "66072",
    "DwellTime": 2.3e-06,
    "EchoTime": 0.03,
    "EchoTrainLength": 84,
    "EffectiveEchoSpacing": 0.00049999,
    "FlipAngle": 65,
    "ImageComments": "Unaliased_MB3_PE3_LB_SENSE1",
    "ImageOrientationPatientDICOM": [
      0.997313,
      0.00856797,
      0.0727586,
      -0.0168858,
      0.993281,
      0.114489
    ],
    "ImageType": [
      "ORIGINAL",
      "PRIMARY",
      "M",
      "MB",
      "ND",
      "MOSAIC"
    ],
    "InPlanePhaseEncodingDirectionDICOM": "COL",
    "InstitutionAddress": "Boulevard_Jean_Moulin_27_Marseille_District_FR_13005",
    "InstitutionName": "Universite_d_aix_Marseille",
    "InstitutionalDepartmentName": "Department",
    "MRAcquisitionType": "2D",
    "MagneticFieldStrength": 3,
    "Manufacturer": "Siemens",
    "ManufacturersModelName": "Prisma",
    "Modality": "MR",
    "MultibandAccelerationFactor": 3,
    "PartialFourier": 1,
    "PatientPosition": "HFS",
    "PercentPhaseFOV": 100,
    "PhaseEncodingDirection": "j",
    "PhaseEncodingSteps": 84,
    "PhaseResolution": 1,
    "PixelBandwidth": 2590,
    "ProcedureStepDescription": "Projets_Convers",
    "ProtocolName": "task-convers_run4_bold",
    "PulseSequenceDetails": "%CustomerSeq%_cmrr_mbep2d_bold",
    "ReceiveCoilActiveElements": "HC1-7",
    "ReceiveCoilName": "HeadNeck_64",
    "ReconMatrixPE": 84,
    "RepetitionTime": 1.205,
    "SAR": 0.0665488,
    "ScanOptions": "FS_EXT",
    "ScanningSequence": "EP",
    "SequenceName": "epfid2d1_84",
    "SequenceVariant": "SK_SS",
    "SeriesDescription": "task-convers_run4_bold",
    "SeriesNumber": 18,
    "ShimSetting": [
      -600,
      -10804,
      -525,
      354,
      41,
      -94,
      39,
      -38
    ],
    "SliceThickness": 2.5,
    "SliceTiming": [
      1.1375,
      1.07,
      1.0025,
      0.935,
      0.87,
      0.8025,
      0.735,
      0.6675,
      0.6025,
      0.535,
      0.4675,
      0.4,
      0.3325,
      0.2675,
      0.2,
      0.1325,
      0.065,
      0,
      1.1375,
      1.07,
      1.0025,
      0.935,
      0.87,
      0.8025,
      0.735,
      0.6675,
      0.6025,
      0.535,
      0.4675,
      0.4,
      0.3325,
      0.2675,
      0.2,
      0.1325,
      0.065,
      0,
      1.1375,
      1.07,
      1.0025,
      0.935,
      0.87,
      0.8025,
      0.735,
      0.6675,
      0.6025,
      0.535,
      0.4675,
      0.4,
      0.3325,
      0.2675,
      0.2,
      0.1325,
      0.065,
      0
    ],
    "SoftwareVersions": "syngo_MR_E11",
    "SpacingBetweenSlices": 2.5,
    "StationName": "AWP66072",
    "TaskName": "convers",
    "TotalReadoutTime": 0.04199916,
    "TxRefAmp": 245.48,
    "dataset": "ds001740",
    "modality": "bold",
    "run_id": 4,
    "subject_id": "17",
    "task_id": "convers"
  },
  "dummy_trs": 0,
  "dvars_nstd": 34.525081847994834,
  "dvars_std": 1.1681254433854174,
  "dvars_vstd": 1.0477461757552093,
  "efc": 0.4985565385050524,
  "fber": 3645.756103515625,
  "fd_mean": 0.1930209922591204,
  "fd_num": 144,
  "fd_perc": 37.4025974025974,
  "fwhm_avg": 3.0707919999999995,
  "fwhm_x": 2.803856,
  "fwhm_y": 3.2472079999999997,
  "fwhm_z": 3.1613119999999997,
  "gcor": 0.0150867,
  "gsr_x": 0.0020235429983586073,
  "gsr_y": 0.03754810243844986,
  "provenance": {
    "md5sum": "44f7d88b72bc5bca6ecc4eebd88ecabe",
    "settings": {
      "fd_thres": 0.2,
      "testing": false
    },
    "software": "mriqc",
    "version": "23.0.1",
    "webapi_port": null,
    "webapi_url": "https://mriqc.nimh.nih.gov/api/v1"
  },
  "size_t": 385,
  "size_x": 84,
  "size_y": 84,
  "size_z": 54,
  "snr": 2.760458576666695,
  "spacing_tr": 1.2050000429153442,
  "spacing_x": 2.5,
  "spacing_y": 2.5,
  "spacing_z": 2.5,
  "summary_bg_k": 35.9998590778884,
  "summary_bg_mad": 166.81199868409382,
  "summary_bg_mean": 617.4772338867188,
  "summary_bg_median": 154.0438232421875,
  "summary_bg_n": 244716.0,
  "summary_bg_p05": 35.0985746383667,
  "summary_bg_p95": 2723.5352172851562,
  "summary_bg_stdv": 1211.4578857421875,
  "summary_fg_k": 0.3154107155776402,
  "summary_fg_mad": 3621.777146042376,
  "summary_fg_mean": 10173.240234375,
  "summary_fg_median": 9741.2392578125,
  "summary_fg_n": 68055.0,
  "summary_fg_p05": 5307.04384765625,
  "summary_fg_p95": 16589.551757812493,
  "summary_fg_stdv": 3528.822265625,
  "tsnr": 42.13563537597656
}