{
  "bids_meta": {
    "AcquisitionDateTime": "2018-07-18T13:52:40.525000",
    "AcquisitionMatrixPE": 320,
    "AcquisitionNumber": 1,
    "AcquisitionTime": "13:44:36.515000",
    "BaseResolution": 320,
    "BodyPartExamined": "HEAD",
    "ConsistencyInfo": "N4_VE11B_LATEST_20150530",
    "ConversionSoftware": "dcm2niix",
    "ConversionSoftwareVersion": "v1.0.20171215 GCC5.1.0",
    "DeviceSerialNumber": "66072",
    "DwellTime": 2.2e-06,
    "EchoTime": 0.562,
    "EchoTrainLength": 305,
    "FlipAngle": 120,
    "ImageOrientationPatientDICOM": [
      -0.0672863,
      0.993371,
      0.0931978,
      -0.0362538,
      0.0909136,
      -0.995199
    ],
    "ImageType": [
      "ORIGINAL",
      "PRIMARY",
      "M",
      "ND",
      "NORM"
    ],
    "InPlanePhaseEncodingDirectionDICOM": "ROW",
    "InstitutionAddress": "Boulevard_Jean_Moulin_27_Marseille_District_FR_13005",
    "InstitutionName": "Universite_d_aix_Marseille",
    "InstitutionalDepartmentName": "Department",
    "MRAcquisitionType": "3D",
    "MagneticFieldStrength": 3,
    "Manufacturer": "Siemens",
    "ManufacturersModelName": "Prisma",
    "Modality": "MR",
    "ParallelReductionFactorInPlane": 2,
    "PartialFourier": 1,
    "PatientPosition": "HFS",
    "PercentPhaseFOV": 100,
    "PhaseEncodingSteps": 315,
    "PhaseResolution": 1,
    "PixelBandwidth": 710,
    "ProcedureStepDescription": "Projets_Convers",
    "ProtocolName": "T2w",
    "PulseSequenceDetails": "%SiemensSeq%_tse_vfl",
    "ReceiveCoilActiveElements": "HC1-7;NC1,2",
    "ReceiveCoilName": "HeadNeck_64",
    "ReconMatrixPE": 320,
    "RepetitionTime": 3.2,
    "SAR": 0.146503,
    "ScanOptions": "PFP",
    "ScanningSequence": "SE",
    "SequenceName": "_spc_305ns",
    "SequenceVariant": "SK_SP",
    "SeriesDescription": "T2w",
    "SeriesNumber": 17,
    "ShimSetting": [
      -626,
      -10806,
      -653,
      -69,
      90,
      -161,
      98,
      18
    ],
    "SliceThickness": 0.8,
    "SoftwareVersions": "syngo_MR_E11",
    "StationName": "AWP66072",
    "TxRefAmp": 220.918,
    "dataset": "ds001740",
    "modality": "T2w",
    "subject_id": "21"
  },
  "cjv": 0.27621638048985125,
  "cnr": 1.8903480862564035,
  "efc": 0.4304074849510359,
  "fber": 7823.448808969052,
  "fwhm_avg": 2.6351280631525587,
  "fwhm_x": 2.520721769695398,
  "fwhm_y": 2.931162456322276,
  "fwhm_z": 2.453499963440002,
  "icvs_csf": 0.3459676245265152,
  "icvs_gm": 0.517961926986752,
  "icvs_wm": 0.13607044848673272,
  "inu_med": 0.9817742705345154,
  "inu_range": 0.33037579655647276,
  "provenance": {
    "md5sum": "bf0b6480ef514cd3e1694bc05756831c",
    "settings": {
      "testing": false
    },
    "software": "mriqc",
    "version": "23.0.1",
    "warnings": {
      "large_rot_frame": true,
      "small_air_mask": false
    },
    "webapi_port": null,
    "webapi_url": "https://mriqc.nimh.nih.gov/api/v1"
  },
  "qi_1": 3.831237669977471e-06,
  "qi_2": 0.020003213355839572,
  "rpve_csf": 16.4620684218022,
  "rpve_gm": 13.227506781778626,
  "rpve_wm": 53.851164455562255,
  "size_x": 256,
  "size_y": 320,
  "size_z": 320,
  "snr_csf": 9.05549131201823,
  "snr_gm": 10.109493391586485,
  "snr_total": 7.356989392346823,
  "snr_wm": 2.9059834734357572,
  "snrd_csf": 107.56068502847853,
  "snrd_gm": 61.750580268931145,
  "snrd_total": 115.88365458587334,
  "snrd_wm": 178.33969846021037,
  "spacing_x": 0.8000010251998901,
  "spacing_y": 0.800000011920929,
  "spacing_z": 0.800000011920929,
  "summary_bg_k": 10.592755645532197,
  "summary_bg_mad": 0.0,
  "summary_bg_mean": 2.3583766045183605,
  "summary_bg_median": 0.0,
  "summary_bg_n": 6656971.0,
  "summary_bg_p05": 0.0,
  "summary_bg_p95": 9.680745974183083,
  "summary_bg_stdv": 3.674226779288681,
  "summary_csf_k": 2.0817300030782837,
  "summary_csf_mad": 57.31717729685566,
  "summary_csf_mean": 608.4439917548825,
  "summary_csf_median": 603.2367447912693,
  "summary_csf_n": 101458.0,
  "summary_csf_p05": 512.30086793378,
  "summary_csf_p95": 725.5087754651904,
  "summary_csf_stdv": 66.61524495569067,
  "summary_gm_k": 1.1378732478957225,
  "summary_gm_mad": 30.827093723077514,
  "summary_gm_mean": 346.60847623375514,
  "summary_gm_median": 346.31816467642784,
  "summary_gm_n": 528948.0,
  "summary_gm_p05": 291.2220930233598,
  "summary_gm_p95": 402.7400776259601,
  "summary_gm_stdv": 34.25669555305847,
  "summary_wm_k": 1.1112534030451506,
  "summary_wm_mad": 149.7828577101555,
  "summary_wm_mean": 882.4131479191132,
  "summary_wm_median": 1000.1894199326634,
  "summary_wm_n": 58090.0,
  "summary_wm_p05": 45.719427373074,
  "summary_wm_p95": 1214.3559317665174,
  "summary_wm_stdv": 344.17980008304943,
  "tpm_overlap_csf": 0.12190577171438534,
  "tpm_overlap_gm": 0.33299355632806044,
  "tpm_overlap_wm": 0.02697466101649772,
  "wm2max": 0.8575295009202122
}