{
  "bids_meta": {
    "AcquisitionDateTime": "2018-07-18T17:24:42.639000",
    "AcquisitionMatrixPE": 320,
    "AcquisitionNumber": 1,
    "AcquisitionTime": "17:17:25.110000",
    "BaseResolution": 320,
    "BodyPartExamined": "HEAD",
    "ConsistencyInfo": "N4_VE11B_LATEST_20150530",
    "ConversionSoftware": "dcm2niix",
    "ConversionSoftwareVersion": "v1.0.20171215 GCC5.1.0",
    "DeviceSerialNumber": "66072",
    "DwellTime": 7.4e-06,
    "EchoTime": 0.00228,
    "FlipAngle": 8,
    "ImageOrientationPatientDICOM": [
      -0.0120918,
      0.960072,
      0.279493,
      -0.00107361,
      0.279501,
      -0.960145
    ],
    "ImageType": [
      "ORIGINAL",
      "PRIMARY",
      "M",
      "ND",
      "NORM"
    ],
    "InPlanePhaseEncodingDirectionDICOM": "ROW",
    "InstitutionAddress": "Boulevard_Jean_Moulin_27_Marseille_District_FR_13005",
    "InstitutionName": "Universite_d_aix_Marseille",
    "InstitutionalDepartmentName": "Department",
    "InversionTime": 1.01,
    "MRAcquisitionType": "3D",
    "MagneticFieldStrength": 3,
    "Manufacturer": "Siemens",
    "ManufacturersModelName": "Prisma",
    "Modality": "MR",
    "ParallelReductionFactorInPlane": 2,
    "PartialFourier": 1,
    "PatientPosition": "HFS",
    "PercentPhaseFOV": 100,
    "PhaseEncodingSteps": 319,
    "PhaseResolution": 1,
    "PixelBandwidth": 210,
    "ProcedureStepDescription": "Projets_Convers",
    "ProtocolName": "T1w",
    "PulseSequenceDetails": "%SiemensSeq%_tfl",
    "ReceiveCoilActiveElements": "HC1-7;NC1,2",
    "ReceiveCoilName": "HeadNeck_64",
    "ReconMatrixPE": 320,
    "RepetitionTime": 2.4,
    "SAR": 0.0435584,
    "ScanOptions": "IR_WE",
    "ScanningSequence": "GR_IR",
    "SequenceName": "_tfl3d1_16ns",
    "SequenceVariant": "SK_SP_MP",
    "SeriesDescription": "T1w",
    "SeriesNumber": 18,
    "ShimSetting": [
      -607,
      -10794,
      -689,
      -84,
      87,
      -214,
      22,
      31
    ],
    "SliceThickness": 0.8,
    "SoftwareVersions": "syngo_MR_E11",
    "StationName": "AWP66072",
    "TxRefAmp": 215.628,
    "dataset": "ds001740",
    "modality": "T1w",
    "subject_id": "23"
  },
  "cjv": 0.28775306959345265,
  "cnr": 4.444230221676964,
  "efc": 0.4556482674794167,
  "fber": 64744.28321532695,
  "fwhm_avg": 4.794772784911428,
  "fwhm_x": 4.795243497622635,
  "fwhm_y": 4.694812430041844,
  "fwhm_z": 4.8942624270698065,
  "icvs_csf": 0.19838838325127198,
  "icvs_gm": 0.4656268346878725,
  "icvs_wm": 0.3359847820608555,
  "inu_med": 0.44108055531978607,
  "inu_range": 0.21071323901414868,
  "provenance": {
    "md5sum": "8f0a506f1bdd8915d2b01d0868147353",
    "settings": {
      "testing": false
    },
    "software": "mriqc",
    "version": "23.0.1",
    "warnings": {
      "large_rot_frame": true,
      "small_air_mask": false
    },
    "webapi_port": null,
    "webapi_url": "https://mriqc.nimh.nih.gov/api/v1"
  },
  "qi_1": 0.0,
  "qi_2": 0.012872953754469677,
  "rpve_csf": 30.822413952091704,
  "rpve_gm": 14.283605602026125,
  "rpve_wm": 21.86819277088224,
  "size_x": 256,
  "size_y": 320,
  "size_z": 320,
  "snr_csf": 2.387645875312009,
  "snr_gm": 13.779943238955845,
  "snr_total": 14.000001254014144,
  "snr_wm": 25.832414647774577,
  "snrd_csf": 11.880476808596,
  "snrd_gm": 31.732325399109627,
  "snrd_total": 29.497169769429764,
  "snrd_wm": 44.87870710058367,
  "spacing_x": 0.8000010848045349,
  "spacing_y": 0.800000011920929,
  "spacing_z": 0.800000011920929,
  "summary_bg_k": 4657.184052798886,
  "summary_bg_mad": 0.0,
  "summary_bg_mean": 2.608601646154387,
  "summary_bg_median": 0.0,
  "summary_bg_n": 4511369.0,
  "summary_bg_p05": 0.0,
  "summary_bg_p95": 10.936449564993382,
  "summary_bg_stdv": 14.597933776527274,
  "summary_csf_k": 0.13970164572597987,
  "summary_csf_mad": 111.62256637538927,
  "summary_csf_mean": 271.9616402702265,
  "summary_csf_median": 264.72413025051355,
  "summary_csf_n": 95391.0,
  "summary_csf_p05": 102.29329244419932,
  "summary_csf_p95": 465.9754858389497,
  "summary_csf_stdv": 110.87186144735558,
  "summary_gm_k": 0.4002137038774114,
  "summary_gm_mad": 48.2598939102387,
  "summary_gm_mean": 706.9462271579026,
  "summary_gm_median": 707.0686115920544,
  "summary_gm_n": 167029.0,
  "summary_gm_p05": 621.8780647441745,
  "summary_gm_p95": 791.5352327004075,
  "summary_gm_stdv": 51.311277755170664,
  "summary_wm_k": 0.47923876136329424,
  "summary_wm_mad": 36.03200975029736,
  "summary_wm_mean": 998.5273876394465,
  "summary_wm_median": 999.9999911934137,
  "summary_wm_n": 413680.0,
  "summary_wm_p05": 932.2353710755706,
  "summary_wm_p95": 1060.4736449345946,
  "summary_wm_stdv": 38.711006933110724,
  "tpm_overlap_csf": 0.14629427218822683,
  "tpm_overlap_gm": 0.4792236141040423,
  "tpm_overlap_wm": 0.5132788890465186,
  "wm2max": 0.8922260668973472
}