{
  "aor": 0.0010053246753246752,
  "aqi": 0.005633511064935064,
  "bids_meta": {
    "AcquisitionDateTime": "2018-07-18T11:44:34.692000",
    "AcquisitionMatrixPE": 84,
    "AcquisitionNumber": 1,
    "AcquisitionTime": "11:44:32.810000",
    "BandwidthPerPixelPhaseEncode": 23.81,
    "BaseResolution": 84,
    "BodyPartExamined": "HEAD",
    "ConsistencyInfo": "N4_VE11B_LATEST_20150530",
    "ConversionSoftware": "dcm2niix",
    "ConversionSoftwareVersion": "v1.0.20171215 GCC5.1.0",
    "DerivedVendorReportedEchoSpacing": 0.00049999,
    "DeviceSerialNumber": "66072",
    "DwellTime": 2.3e-06,
    "EchoTime": 0.03,
    "EchoTrainLength": 84,
    "EffectiveEchoSpacing": 0.00049999,
    "FlipAngle": 65,
    "ImageComments": "Unaliased_MB3_PE3_LB_SENSE1",
    "ImageOrientationPatientDICOM": [
      0.996959,
      0.0408734,
      0.0663445,
      -0.0285442,
      0.98377,
      -0.177147
    ],
    "ImageType": [
      "ORIGINAL",
      "PRIMARY",
      "M",
      "MB",
      "ND",
      "MOSAIC"
    ],
    "InPlanePhaseEncodingDirectionDICOM": "COL",
    "InstitutionAddress": "Boulevard_Jean_Moulin_27_Marseille_District_FR_13005",
    "InstitutionName": "Universite_d_aix_Marseille",
    "InstitutionalDepartmentName": "Department",
    "MRAcquisitionType": "2D",
    "MagneticFieldStrength": 3,
    "Manufacturer": "Siemens",
    "ManufacturersModelName": "Prisma",
    "Modality": "MR",
    "MultibandAccelerationFactor": 3,
    "PartialFourier": 1,
    "PatientPosition": "HFS",
    "PercentPhaseFOV": 100,
    "PhaseEncodingDirection": "j",
    "PhaseEncodingSteps": 84,
    "PhaseResolution": 1,
    "PixelBandwidth": 2590,
    "ProcedureStepDescription": "Projets_Convers",
    "ProtocolName": "task-convers_run3_bold",
    "PulseSequenceDetails": "%CustomerSeq%_cmrr_mbep2d_bold",
    "ReceiveCoilActiveElements": "HC1-7",
    "ReceiveCoilName": "HeadNeck_64",
    "ReconMatrixPE": 84,
    "RepetitionTime": 1.205,
    "SAR": 0.0572285,
    "ScanOptions": "FS_EXT",
    "ScanningSequence": "EP",
    "SequenceName": "epfid2d1_84",
    "SequenceVariant": "SK_SS",
    "SeriesDescription": "task-convers_run3_bold",
    "SeriesNumber": 14,
    "ShimSetting": [
      -574,
      -10677,
      -600,
      354,
      90,
      40,
      -123,
      5
    ],
    "SliceThickness": 2.5,
    "SliceTiming": [
      1.1375,
      1.07,
      1.0025,
      0.935,
      0.87,
      0.8025,
      0.735,
      0.6675,
      0.6025,
      0.535,
      0.4675,
      0.4,
      0.3325,
      0.2675,
      0.2,
      0.1325,
      0.065,
      0,
      1.1375,
      1.07,
      1.0025,
      0.935,
      0.87,
      0.8025,
      0.735,
      0.6675,
      0.6025,
      0.535,
      0.4675,
      0.4,
      0.3325,
      0.2675,
      0.2,
      0.1325,
      0.065,
      0,
      1.1375,
      1.07,
      1.0025,
      0.935,
      0.87,
      0.8025,
      0.735,
      0.6675,
      0.6025,
      0.535,
      0.4675,
      0.4,
      0.3325,
      0.2675,
      0.2,
      0.1325,
      0.065,
      0
    ],
    "SoftwareVersions": "syngo_MR_E11",
    "SpacingBetweenSlices": 2.5,
    "StationName": "AWP66072",
    "TaskName": "convers",
    "TotalReadoutTime": 0.04199916,
    "TxRefAmp": 211.888,
    "dataset": "ds001740",
    "modality": "bold",
    "run_id": 3,
    "subject_id": "20",
    "task_id": "convers"
  },
  "dummy_trs": 0,
  "dvars_nstd": 29.78928124419271,
  "dvars_std": 1.0848461053906249,
  "dvars_vstd": 0.9951037089843746,
  "efc": 0.4474350793381814,
  "fber": 15457.8056640625,
  "fd_mean": 0.17454433031213323,
  "fd_num": 118,
  "fd_perc": 30.649350649350648,
  "fwhm_avg": 2.9691986666666668,
  "fwhm_x": 2.758988,
  "fwhm_y": 3.171976,
  "fwhm_z": 2.976632,
  "gcor": 0.0174065,
  "gsr_x": 0.004236329346895218,
  "gsr_y": 0.037545789033174515,
  "provenance": {
    "md5sum": "14c00fdb5acff73d0072163ca6ff48ae",
    "settings": {
      "fd_thres": 0.2,
      "testing": false
    },
    "software": "mriqc",
    "version": "23.0.1",
    "webapi_port": null,
    "webapi_url": "https://mriqc.nimh.nih.gov/api/v1"
  },
  "size_t": 385,
  "size_x": 84,
  "size_y": 84,
  "size_z": 54,
  "snr": 2.8350343526811788,
  "spacing_tr": 1.2050000429153442,
  "spacing_x": 2.5,
  "spacing_y": 2.5,
  "spacing_z": 2.5,
  "summary_bg_k": 37.85069535193212,
  "summary_bg_mad": 69.47798156793547,
  "summary_bg_mean": 535.3421630859375,
  "summary_bg_median": 83.37271118164062,
  "summary_bg_n": 263618.0,
  "summary_bg_p05": 30.31288938522339,
  "summary_bg_p95": 2756.9735717773433,
  "summary_bg_stdv": 1341.9769287109375,
  "summary_fg_k": 0.2258087002694693,
  "summary_fg_mad": 3757.218794903152,
  "summary_fg_mean": 10837.146484375,
  "summary_fg_median": 10354.6650390625,
  "summary_fg_n": 57739.0,
  "summary_fg_p05": 5882.442822265625,
  "summary_fg_p95": 17527.704296875,
  "summary_fg_stdv": 3652.36328125,
  "tsnr": 44.457061767578125
}