{
  "aor": 0.0017259740259740262,
  "aqi": 0.004582571740259741,
  "bids_meta": {
    "AcquisitionDateTime": "2018-07-18T11:54:49.315000",
    "AcquisitionMatrixPE": 84,
    "AcquisitionNumber": 1,
    "AcquisitionTime": "11:54:47.242500",
    "BandwidthPerPixelPhaseEncode": 23.81,
    "BaseResolution": 84,
    "BodyPartExamined": "HEAD",
    "ConsistencyInfo": "N4_VE11B_LATEST_20150530",
    "ConversionSoftware": "dcm2niix",
    "ConversionSoftwareVersion": "v1.0.20171215 GCC5.1.0",
    "DerivedVendorReportedEchoSpacing": 0.00049999,
    "DeviceSerialNumber": "66072",
    "DwellTime": 2.3e-06,
    "EchoTime": 0.03,
    "EchoTrainLength": 84,
    "EffectiveEchoSpacing": 0.00049999,
    "FlipAngle": 65,
    "ImageComments": "Unaliased_MB3_PE3_LB_SENSE1",
    "ImageOrientationPatientDICOM": [
      0.996959,
      0.0408734,
      0.0663445,
      -0.0285442,
      0.98377,
      -0.177147
    ],
    "ImageType": [
      "ORIGINAL",
      "PRIMARY",
      "M",
      "MB",
      "ND",
      "MOSAIC"
    ],
    "InPlanePhaseEncodingDirectionDICOM": "COL",
    "InstitutionAddress": "Boulevard_Jean_Moulin_27_Marseille_District_FR_13005",
    "InstitutionName": "Universite_d_aix_Marseille",
    "InstitutionalDepartmentName": "Department",
    "MRAcquisitionType": "2D",
    "MagneticFieldStrength": 3,
    "Manufacturer": "Siemens",
    "ManufacturersModelName": "Prisma",
    "Modality": "MR",
    "MultibandAccelerationFactor": 3,
    "PartialFourier": 1,
    "PatientPosition": "HFS",
    "PercentPhaseFOV": 100,
    "PhaseEncodingDirection": "j",
    "PhaseEncodingSteps": 84,
    "PhaseResolution": 1,
    "PixelBandwidth": 2590,
    "ProcedureStepDescription": "Projets_Convers",
    "ProtocolName": "task-convers_run4_bold",
    "PulseSequenceDetails": "%CustomerSeq%_cmrr_mbep2d_bold",
    "ReceiveCoilActiveElements": "HC1-7",
    "ReceiveCoilName": "HeadNeck_64",
    "ReconMatrixPE": 84,
    "RepetitionTime": 1.205,
    "SAR": 0.0572285,
    "ScanOptions": "FS_EXT",
    "ScanningSequence": "EP",
    "SequenceName": "epfid2d1_84",
    "SequenceVariant": "SK_SS",
    "SeriesDescription": "task-convers_run4_bold",
    "SeriesNumber": 16,
    "ShimSetting": [
      -574,
      -10677,
      -600,
      354,
      90,
      40,
      -123,
      5
    ],
    "SliceThickness": 2.5,
    "SliceTiming": [
      1.14,
      1.0725,
      1.005,
      0.9375,
      0.87,
      0.805,
      0.7375,
      0.67,
      0.6025,
      0.5375,
      0.47,
      0.4025,
      0.335,
      0.2675,
      0.2025,
      0.135,
      0.0675,
      0,
      1.14,
      1.0725,
      1.005,
      0.9375,
      0.87,
      0.805,
      0.7375,
      0.67,
      0.6025,
      0.5375,
      0.47,
      0.4025,
      0.335,
      0.2675,
      0.2025,
      0.135,
      0.0675,
      0,
      1.14,
      1.0725,
      1.005,
      0.9375,
      0.87,
      0.805,
      0.7375,
      0.67,
      0.6025,
      0.5375,
      0.47,
      0.4025,
      0.335,
      0.2675,
      0.2025,
      0.135,
      0.0675,
      0
    ],
    "SoftwareVersions": "syngo_MR_E11",
    "SpacingBetweenSlices": 2.5,
    "StationName": "AWP66072",
    "TaskName": "convers",
    "TotalReadoutTime": 0.04199916,
    "TxRefAmp": 211.888,
    "dataset": "ds001740",
    "modality": "bold",
    "run_id": 4,
    "subject_id": "20",
    "task_id": "convers"
  },
  "dummy_trs": 0,
  "dvars_nstd": 29.11147321260415,
  "dvars_std": 1.1128090621093756,
  "dvars_vstd": 1.0190626280989574,
  "efc": 0.44812687563005665,
  "fber": 16576.076171875,
  "fd_mean": 0.16493740557368264,
  "fd_num": 93,
  "fd_perc": 24.155844155844157,
  "fwhm_avg": 2.9810386666666666,
  "fwhm_x": 2.786408,
  "fwhm_y": 3.183612,
  "fwhm_z": 2.973096,
  "gcor": 0.0177317,
  "gsr_x": 0.0032845402602106333,
  "gsr_y": 0.03730984404683113,
  "provenance": {
    "md5sum": "be89e8a8674b49b9cfea7d3ece9e87c8",
    "settings": {
      "fd_thres": 0.2,
      "testing": false
    },
    "software": "mriqc",
    "version": "23.0.1",
    "webapi_port": null,
    "webapi_url": "https://mriqc.nimh.nih.gov/api/v1"
  },
  "size_t": 385,
  "size_x": 84,
  "size_y": 84,
  "size_z": 54,
  "snr": 2.8267277557551997,
  "spacing_tr": 1.2050000429153442,
  "spacing_x": 2.5,
  "spacing_y": 2.5,
  "spacing_z": 2.5,
  "summary_bg_k": 38.05038216868993,
  "summary_bg_mad": 63.9801925192768,
  "summary_bg_mean": 550.0872802734375,
  "summary_bg_median": 80.63349914550781,
  "summary_bg_n": 264010.0,
  "summary_bg_p05": 32.9006851196289,
  "summary_bg_p95": 2857.932250976562,
  "summary_bg_stdv": 1380.5595703125,
  "summary_fg_k": 0.21621067027700525,
  "summary_fg_mad": 3779.284809660119,
  "summary_fg_mean": 10837.2373046875,
  "summary_fg_median": 10353.3359375,
  "summary_fg_n": 57885.0,
  "summary_fg_p05": 5860.33759765625,
  "summary_fg_p95": 17521.935156249994,
  "summary_fg_stdv": 3662.6259765625,
  "tsnr": 47.387088775634766
}