{
  "aor": 0.0017117142857142856,
  "aqi": 0.007464303324675324,
  "bids_meta": {
    "AcquisitionDateTime": "2018-07-18T11:22:50.220000",
    "AcquisitionMatrixPE": 84,
    "AcquisitionNumber": 1,
    "AcquisitionTime": "11:22:11.970000",
    "BandwidthPerPixelPhaseEncode": 23.81,
    "BaseResolution": 84,
    "BodyPartExamined": "HEAD",
    "ConsistencyInfo": "N4_VE11B_LATEST_20150530",
    "ConversionSoftware": "dcm2niix",
    "ConversionSoftwareVersion": "v1.0.20171215 GCC5.1.0",
    "DerivedVendorReportedEchoSpacing": 0.00049999,
    "DeviceSerialNumber": "66072",
    "DwellTime": 2.3e-06,
    "EchoTime": 0.03,
    "EchoTrainLength": 84,
    "EffectiveEchoSpacing": 0.00049999,
    "FlipAngle": 65,
    "ImageComments": "Unaliased_MB3_PE3_LB_SENSE1",
    "ImageOrientationPatientDICOM": [
      0.996959,
      0.0408734,
      0.0663445,
      -0.0285442,
      0.98377,
      -0.177147
    ],
    "ImageType": [
      "ORIGINAL",
      "PRIMARY",
      "M",
      "MB",
      "ND",
      "MOSAIC"
    ],
    "InPlanePhaseEncodingDirectionDICOM": "COL",
    "InstitutionAddress": "Boulevard_Jean_Moulin_27_Marseille_District_FR_13005",
    "InstitutionName": "Universite_d_aix_Marseille",
    "InstitutionalDepartmentName": "Department",
    "MRAcquisitionType": "2D",
    "MagneticFieldStrength": 3,
    "Manufacturer": "Siemens",
    "ManufacturersModelName": "Prisma",
    "Modality": "MR",
    "MultibandAccelerationFactor": 3,
    "PartialFourier": 1,
    "PatientPosition": "HFS",
    "PercentPhaseFOV": 100,
    "PhaseEncodingDirection": "j",
    "PhaseEncodingSteps": 84,
    "PhaseResolution": 1,
    "PixelBandwidth": 2590,
    "ProcedureStepDescription": "Projets_Convers",
    "ProtocolName": "task-convers_run1_bold",
    "PulseSequenceDetails": "%CustomerSeq%_cmrr_mbep2d_bold",
    "ReceiveCoilActiveElements": "HC1-7",
    "ReceiveCoilName": "HeadNeck_64",
    "ReconMatrixPE": 84,
    "RepetitionTime": 1.205,
    "SAR": 0.0572285,
    "ScanOptions": "FS_EXT",
    "ScanningSequence": "EP",
    "SequenceName": "epfid2d1_84",
    "SequenceVariant": "SK_SS",
    "SeriesDescription": "task-convers_run1_bold",
    "SeriesNumber": 10,
    "ShimSetting": [
      -574,
      -10677,
      -600,
      354,
      90,
      40,
      -123,
      5
    ],
    "SliceThickness": 2.5,
    "SliceTiming": [
      1.1375,
      1.0725,
      1.005,
      0.9375,
      0.87,
      0.8025,
      0.7375,
      0.67,
      0.6025,
      0.535,
      0.47,
      0.4025,
      0.335,
      0.2675,
      0.2,
      0.135,
      0.0675,
      0,
      1.1375,
      1.0725,
      1.005,
      0.9375,
      0.87,
      0.8025,
      0.7375,
      0.67,
      0.6025,
      0.535,
      0.47,
      0.4025,
      0.335,
      0.2675,
      0.2,
      0.135,
      0.0675,
      0,
      1.1375,
      1.0725,
      1.005,
      0.9375,
      0.87,
      0.8025,
      0.7375,
      0.67,
      0.6025,
      0.535,
      0.47,
      0.4025,
      0.335,
      0.2675,
      0.2,
      0.135,
      0.0675,
      0
    ],
    "SoftwareVersions": "syngo_MR_E11",
    "SpacingBetweenSlices": 2.5,
    "StationName": "AWP66072",
    "TaskName": "convers",
    "TotalReadoutTime": 0.04199916,
    "TxRefAmp": 211.888,
    "dataset": "ds001740",
    "modality": "bold",
    "run_id": 1,
    "subject_id": "20",
    "task_id": "convers"
  },
  "dummy_trs": 0,
  "dvars_nstd": 29.611205220312502,
  "dvars_std": 1.0778733480729168,
  "dvars_vstd": 1.0030986974739582,
  "efc": 0.44653063809455257,
  "fber": 13760.1767578125,
  "fd_mean": 0.19820150014705074,
  "fd_num": 129,
  "fd_perc": 33.506493506493506,
  "fwhm_avg": 2.9931266666666665,
  "fwhm_x": 2.781036,
  "fwhm_y": 3.186648,
  "fwhm_z": 3.0116959999999997,
  "gcor": 0.0168267,
  "gsr_x": 0.0035861569922417402,
  "gsr_y": 0.03612247109413147,
  "provenance": {
    "md5sum": "2eeef4f8ae329ba748d56c1f208b8a51",
    "settings": {
      "fd_thres": 0.2,
      "testing": false
    },
    "software": "mriqc",
    "version": "23.0.1",
    "webapi_port": null,
    "webapi_url": "https://mriqc.nimh.nih.gov/api/v1"
  },
  "size_t": 385,
  "size_x": 84,
  "size_y": 84,
  "size_z": 54,
  "snr": 2.8231966433025595,
  "spacing_tr": 1.2050000429153442,
  "spacing_x": 2.5,
  "spacing_y": 2.5,
  "spacing_z": 2.5,
  "summary_bg_k": 39.25790925005699,
  "summary_bg_mad": 81.92578240600307,
  "summary_bg_mean": 527.0870971679688,
  "summary_bg_median": 88.73026275634766,
  "summary_bg_n": 263688.0,
  "summary_bg_p05": 23.34272613525391,
  "summary_bg_p95": 2725.7953857421867,
  "summary_bg_stdv": 1322.548583984375,
  "summary_fg_k": 0.23602119964776147,
  "summary_fg_mad": 3767.414942826268,
  "summary_fg_mean": 10839.9765625,
  "summary_fg_median": 10343.595703125,
  "summary_fg_n": 58102.0,
  "summary_fg_p05": 5885.4036865234375,
  "summary_fg_p95": 17523.762304687494,
  "summary_fg_stdv": 3663.757080078125,
  "tsnr": 39.17979431152344
}