{
  "bids_meta": {
    "AcquisitionDateTime": "2018-07-17T18:47:50.628000",
    "AcquisitionMatrixPE": 320,
    "AcquisitionNumber": 1,
    "AcquisitionTime": "18:40:44.117500",
    "BaseResolution": 320,
    "BodyPartExamined": "HEAD",
    "ConsistencyInfo": "N4_VE11B_LATEST_20150530",
    "ConversionSoftware": "dcm2niix",
    "ConversionSoftwareVersion": "v1.0.20171215 GCC5.1.0",
    "DeviceSerialNumber": "66072",
    "DwellTime": 7.4e-06,
    "EchoTime": 0.00228,
    "FlipAngle": 8,
    "ImageOrientationPatientDICOM": [
      -0.03397,
      0.997326,
      -0.0647021,
      0.0138208,
      -0.0642645,
      -0.997837
    ],
    "ImageType": [
      "ORIGINAL",
      "PRIMARY",
      "M",
      "ND",
      "NORM"
    ],
    "InPlanePhaseEncodingDirectionDICOM": "ROW",
    "InstitutionAddress": "Boulevard_Jean_Moulin_27_Marseille_District_FR_13005",
    "InstitutionName": "Universite_d_aix_Marseille",
    "InstitutionalDepartmentName": "Department",
    "InversionTime": 1.01,
    "MRAcquisitionType": "3D",
    "MagneticFieldStrength": 3,
    "Manufacturer": "Siemens",
    "ManufacturersModelName": "Prisma",
    "Modality": "MR",
    "ParallelReductionFactorInPlane": 2,
    "PartialFourier": 1,
    "PatientPosition": "HFS",
    "PercentPhaseFOV": 100,
    "PhaseEncodingSteps": 319,
    "PhaseResolution": 1,
    "PixelBandwidth": 210,
    "ProcedureStepDescription": "Projets_Convers",
    "ProtocolName": "T1w",
    "PulseSequenceDetails": "%SiemensSeq%_tfl",
    "ReceiveCoilActiveElements": "HC1-7;NC1,2",
    "ReceiveCoilName": "HeadNeck_64",
    "ReconMatrixPE": 320,
    "RepetitionTime": 2.4,
    "SAR": 0.0508852,
    "ScanOptions": "IR_WE",
    "ScanningSequence": "GR_IR",
    "SequenceName": "_tfl3d1_16ns",
    "SequenceVariant": "SK_SP_MP",
    "SeriesDescription": "T1w",
    "SeriesNumber": 18,
    "ShimSetting": [
      -592,
      -10882,
      -628,
      -291,
      46,
      -75,
      -105,
      -77
    ],
    "SliceThickness": 0.8,
    "SoftwareVersions": "syngo_MR_E11",
    "StationName": "AWP66072",
    "TxRefAmp": 263.328,
    "dataset": "ds001740",
    "modality": "T1w",
    "subject_id": "19"
  },
  "cjv": 0.510238258332333,
  "cnr": 2.669150585160581,
  "efc": 0.5533673890431426,
  "fber": 7013.785184860313,
  "fwhm_avg": 4.490950723129341,
  "fwhm_x": 4.544514802430618,
  "fwhm_y": 4.372137434850075,
  "fwhm_z": 4.55619993210733,
  "icvs_csf": 0.32309929782002444,
  "icvs_gm": 0.34410217696270096,
  "icvs_wm": 0.3327985252172746,
  "inu_med": 0.7327417731285095,
  "inu_range": 0.3718662619590759,
  "provenance": {
    "md5sum": "c4959218cc2f0fac3a9e0c74be85ca5b",
    "settings": {
      "testing": false
    },
    "software": "mriqc",
    "version": "23.0.1",
    "warnings": {
      "large_rot_frame": true,
      "small_air_mask": false
    },
    "webapi_port": null,
    "webapi_url": "https://mriqc.nimh.nih.gov/api/v1"
  },
  "qi_1": 0.004047211252907503,
  "qi_2": 0.0018607580291374853,
  "rpve_csf": 23.08679002772437,
  "rpve_gm": 18.31208586292023,
  "rpve_wm": 22.27268367780446,
  "size_x": 256,
  "size_y": 320,
  "size_z": 320,
  "snr_csf": 3.7521132279042355,
  "snr_gm": 12.040956130301815,
  "snr_total": 10.50215915752336,
  "snr_wm": 15.713408114364029,
  "snrd_csf": 17.071496483067335,
  "snrd_gm": 41.04569612608874,
  "snrd_total": 37.480443082438505,
  "snrd_wm": 54.32413663815944,
  "spacing_x": 0.7999995946884155,
  "spacing_y": 0.800000011920929,
  "spacing_z": 0.800000011920929,
  "summary_bg_k": 173.4581449028414,
  "summary_bg_mad": 12.060375595858988,
  "summary_bg_mean": 12.269963133767218,
  "summary_bg_median": 8.134599722921848,
  "summary_bg_n": 4922491.0,
  "summary_bg_p05": 0.0,
  "summary_bg_p95": 47.99919091165066,
  "summary_bg_stdv": 19.968886396711866,
  "summary_csf_k": 1.1056393771119293,
  "summary_csf_mad": 73.48589105302898,
  "summary_csf_mean": 319.21776440753865,
  "summary_csf_median": 314.268386811018,
  "summary_csf_n": 290191.0,
  "summary_csf_p05": 194.11883313953876,
  "summary_csf_p95": 465.18794813007116,
  "summary_csf_stdv": 83.75755907043212,
  "summary_gm_k": 0.1830883404138257,
  "summary_gm_mad": 61.57533378755334,
  "summary_gm_mean": 753.5424630984048,
  "summary_gm_median": 755.6083158776164,
  "summary_gm_n": 24254.0,
  "summary_gm_p05": 647.7692915383726,
  "summary_gm_p95": 854.0824454426765,
  "summary_gm_stdv": 62.75188868366115,
  "summary_wm_k": 0.14369851910925657,
  "summary_wm_mad": 63.148426256578425,
  "summary_wm_mean": 1003.3385575580912,
  "summary_wm_median": 1000.0505112782121,
  "summary_wm_n": 316025.0,
  "summary_wm_p05": 904.5068586319685,
  "summary_wm_p95": 1112.9243981167674,
  "summary_wm_stdv": 63.64303159220836,
  "tpm_overlap_csf": 0.14346146738025753,
  "tpm_overlap_gm": 0.3749336106898025,
  "tpm_overlap_wm": 0.4547059763925478,
  "wm2max": 0.5182906072429233
}