{
  "aor": 0.006117220779220779,
  "aqi": 0.017025742,
  "bids_meta": {
    "AcquisitionDateTime": "2018-05-30T12:17:32.937000",
    "AcquisitionMatrixPE": 84,
    "AcquisitionNumber": 1,
    "AcquisitionTime": "12:17:5.370000",
    "BandwidthPerPixelPhaseEncode": 23.81,
    "BaseResolution": 84,
    "BodyPartExamined": "HEAD",
    "ConsistencyInfo": "N4_VE11B_LATEST_20150530",
    "ConversionSoftware": "dcm2niix",
    "ConversionSoftwareVersion": "v1.0.20171215 GCC5.1.0",
    "DerivedVendorReportedEchoSpacing": 0.00049999,
    "DeviceSerialNumber": "66072",
    "DwellTime": 2.3e-06,
    "EchoTime": 0.03,
    "EchoTrainLength": 84,
    "EffectiveEchoSpacing": 0.00049999,
    "FlipAngle": 65,
    "ImageComments": "Unaliased_MB3_PE3_LB_SENSE1",
    "ImageOrientationPatientDICOM": [
      0.9995,
      -0.0215451,
      0.0231612,
      0.0261728,
      0.97447,
      -0.222985
    ],
    "ImageType": [
      "ORIGINAL",
      "PRIMARY",
      "M",
      "MB",
      "ND",
      "MOSAIC"
    ],
    "InPlanePhaseEncodingDirectionDICOM": "COL",
    "InstitutionAddress": "Boulevard_Jean_Moulin_27_Marseille_District_FR_13005",
    "InstitutionName": "Universite_d_aix_Marseille",
    "InstitutionalDepartmentName": "Department",
    "MRAcquisitionType": "2D",
    "MagneticFieldStrength": 3,
    "Manufacturer": "Siemens",
    "ManufacturersModelName": "Prisma",
    "Modality": "MR",
    "MultibandAccelerationFactor": 3,
    "PartialFourier": 1,
    "PatientPosition": "HFS",
    "PercentPhaseFOV": 100,
    "PhaseEncodingDirection": "j",
    "PhaseEncodingSteps": 84,
    "PhaseResolution": 1,
    "PixelBandwidth": 2590,
    "ProcedureStepDescription": "Projets_Convers",
    "ProtocolName": "task-convers_run1_bold",
    "PulseSequenceDetails": "%CustomerSeq%_cmrr_mbep2d_bold",
    "ReceiveCoilActiveElements": "HC1-7",
    "ReceiveCoilName": "HeadNeck_64",
    "ReconMatrixPE": 84,
    "RepetitionTime": 1.205,
    "SAR": 0.0692157,
    "ScanOptions": "FS_EXT",
    "ScanningSequence": "EP",
    "SequenceName": "epfid2d1_84",
    "SequenceVariant": "SK_SS",
    "SeriesDescription": "task-convers_run1_bold",
    "SeriesNumber": 12,
    "ShimSetting": [
      -583,
      -10748,
      -592,
      323,
      15,
      36,
      -52,
      23
    ],
    "SliceThickness": 2.5,
    "SliceTiming": [
      1.1375,
      1.0725,
      1.005,
      0.9375,
      0.87,
      0.805,
      0.7375,
      0.67,
      0.6025,
      0.5375,
      0.47,
      0.4025,
      0.335,
      0.2675,
      0.2025,
      0.135,
      0.0675,
      0,
      1.1375,
      1.0725,
      1.005,
      0.9375,
      0.87,
      0.805,
      0.7375,
      0.67,
      0.6025,
      0.5375,
      0.47,
      0.4025,
      0.335,
      0.2675,
      0.2025,
      0.135,
      0.0675,
      0,
      1.1375,
      1.0725,
      1.005,
      0.9375,
      0.87,
      0.805,
      0.7375,
      0.67,
      0.6025,
      0.5375,
      0.47,
      0.4025,
      0.335,
      0.2675,
      0.2025,
      0.135,
      0.0675,
      0
    ],
    "SoftwareVersions": "syngo_MR_E11",
    "SpacingBetweenSlices": 2.5,
    "StationName": "AWP66072",
    "TaskName": "convers",
    "TotalReadoutTime": 0.04199916,
    "TxRefAmp": 251.399,
    "dataset": "ds001740",
    "modality": "bold",
    "run_id": 1,
    "subject_id": "06",
    "task_id": "convers"
  },
  "dummy_trs": 0,
  "dvars_nstd": 60.74789910000001,
  "dvars_std": 1.2408269418749998,
  "dvars_vstd": 1.0426144336979162,
  "efc": 0.4966741582402889,
  "fber": 6540.92041015625,
  "fd_mean": 0.45976473810874413,
  "fd_num": 286,
  "fd_perc": 74.28571428571429,
  "fwhm_avg": 3.091557434830739,
  "fwhm_x": 2.788404,
  "fwhm_y": 3.293436,
  "fwhm_z": 3.1928323044922164,
  "gcor": 0.0256793,
  "gsr_x": -0.002264745533466339,
  "gsr_y": 0.02989218197762966,
  "provenance": {
    "md5sum": "f658999ecbd6684b929c5916becc4b97",
    "settings": {
      "fd_thres": 0.2,
      "testing": false
    },
    "software": "mriqc",
    "version": "23.0.1",
    "webapi_port": null,
    "webapi_url": "https://mriqc.nimh.nih.gov/api/v1"
  },
  "size_t": 385,
  "size_x": 84,
  "size_y": 84,
  "size_z": 54,
  "snr": 2.4741226714568083,
  "spacing_tr": 1.2050000429153442,
  "spacing_x": 2.5,
  "spacing_y": 2.5,
  "spacing_z": 2.499999761581421,
  "summary_bg_k": 23.523093575628913,
  "summary_bg_mad": 121.86550337432288,
  "summary_bg_mean": 757.6839599609375,
  "summary_bg_median": 121.70561981201172,
  "summary_bg_n": 242281.0,
  "summary_bg_p05": 22.163557052612305,
  "summary_bg_p95": 4375.1494140625,
  "summary_bg_stdv": 1816.97021484375,
  "summary_fg_k": 0.6522984443381299,
  "summary_fg_mad": 4416.234033175163,
  "summary_fg_mean": 11323.6015625,
  "summary_fg_median": 10646.9970703125,
  "summary_fg_n": 68535.0,
  "summary_fg_p05": 5655.415576171875,
  "summary_fg_p95": 19148.318164062497,
  "summary_fg_stdv": 4303.31103515625,
  "tsnr": 29.04802703857422
}