{
  "aor": 0.0041475324675324665,
  "aqi": 0.024239962909090914,
  "bids_meta": {
    "AcquisitionDateTime": "2018-05-30T12:46:09.426000",
    "AcquisitionMatrixPE": 84,
    "AcquisitionNumber": 1,
    "AcquisitionTime": "12:46:6.727500",
    "BandwidthPerPixelPhaseEncode": 23.81,
    "BaseResolution": 84,
    "BodyPartExamined": "HEAD",
    "ConsistencyInfo": "N4_VE11B_LATEST_20150530",
    "ConversionSoftware": "dcm2niix",
    "ConversionSoftwareVersion": "v1.0.20171215 GCC5.1.0",
    "DerivedVendorReportedEchoSpacing": 0.00049999,
    "DeviceSerialNumber": "66072",
    "DwellTime": 2.3e-06,
    "EchoTime": 0.03,
    "EchoTrainLength": 84,
    "EffectiveEchoSpacing": 0.00049999,
    "FlipAngle": 65,
    "ImageComments": "Unaliased_MB3_PE3_LB_SENSE1",
    "ImageOrientationPatientDICOM": [
      0.9995,
      -0.0215451,
      0.0231612,
      0.0261728,
      0.97447,
      -0.222985
    ],
    "ImageType": [
      "ORIGINAL",
      "PRIMARY",
      "M",
      "MB",
      "ND",
      "MOSAIC"
    ],
    "InPlanePhaseEncodingDirectionDICOM": "COL",
    "InstitutionAddress": "Boulevard_Jean_Moulin_27_Marseille_District_FR_13005",
    "InstitutionName": "Universite_d_aix_Marseille",
    "InstitutionalDepartmentName": "Department",
    "MRAcquisitionType": "2D",
    "MagneticFieldStrength": 3,
    "Manufacturer": "Siemens",
    "ManufacturersModelName": "Prisma",
    "Modality": "MR",
    "MultibandAccelerationFactor": 3,
    "PartialFourier": 1,
    "PatientPosition": "HFS",
    "PercentPhaseFOV": 100,
    "PhaseEncodingDirection": "j",
    "PhaseEncodingSteps": 84,
    "PhaseResolution": 1,
    "PixelBandwidth": 2590,
    "ProcedureStepDescription": "Projets_Convers",
    "ProtocolName": "task-convers_run4_bold",
    "PulseSequenceDetails": "%CustomerSeq%_cmrr_mbep2d_bold",
    "ReceiveCoilActiveElements": "HC1-7",
    "ReceiveCoilName": "HeadNeck_64",
    "ReconMatrixPE": 84,
    "RepetitionTime": 1.205,
    "SAR": 0.0692157,
    "ScanOptions": "FS_EXT",
    "ScanningSequence": "EP",
    "SequenceName": "epfid2d1_84",
    "SequenceVariant": "SK_SS",
    "SeriesDescription": "task-convers_run4_bold",
    "SeriesNumber": 18,
    "ShimSetting": [
      -583,
      -10748,
      -592,
      323,
      15,
      36,
      -52,
      23
    ],
    "SliceThickness": 2.5,
    "SliceTiming": [
      1.1375,
      1.0725,
      1.005,
      0.9375,
      0.87,
      0.805,
      0.7375,
      0.67,
      0.6025,
      0.535,
      0.47,
      0.4025,
      0.335,
      0.2675,
      0.2025,
      0.135,
      0.0675,
      0,
      1.1375,
      1.0725,
      1.005,
      0.9375,
      0.87,
      0.805,
      0.7375,
      0.67,
      0.6025,
      0.535,
      0.47,
      0.4025,
      0.335,
      0.2675,
      0.2025,
      0.135,
      0.0675,
      0,
      1.1375,
      1.0725,
      1.005,
      0.9375,
      0.87,
      0.805,
      0.7375,
      0.67,
      0.6025,
      0.535,
      0.47,
      0.4025,
      0.335,
      0.2675,
      0.2025,
      0.135,
      0.0675,
      0
    ],
    "SoftwareVersions": "syngo_MR_E11",
    "SpacingBetweenSlices": 2.5,
    "StationName": "AWP66072",
    "TaskName": "convers",
    "TotalReadoutTime": 0.04199916,
    "TxRefAmp": 251.399,
    "dataset": "ds001740",
    "modality": "bold",
    "run_id": 4,
    "subject_id": "06",
    "task_id": "convers"
  },
  "dummy_trs": 0,
  "dvars_nstd": 71.57084613557295,
  "dvars_std": 1.1913685882812497,
  "dvars_vstd": 0.99417846671875,
  "efc": 0.5004905334150743,
  "fber": 6413.296875,
  "fd_mean": 0.6482566503778309,
  "fd_num": 345,
  "fd_perc": 89.6103896103896,
  "fwhm_avg": 3.026474765968841,
  "fwhm_x": 2.74282,
  "fwhm_y": 3.2128279999999996,
  "fwhm_z": 3.123776297906523,
  "gcor": 0.0659749,
  "gsr_x": -0.0022340361028909683,
  "gsr_y": 0.03290395438671112,
  "provenance": {
    "md5sum": "59ca2ef3929b8e36e5668eb878738c2a",
    "settings": {
      "fd_thres": 0.2,
      "testing": false
    },
    "software": "mriqc",
    "version": "23.0.1",
    "webapi_port": null,
    "webapi_url": "https://mriqc.nimh.nih.gov/api/v1"
  },
  "size_t": 385,
  "size_x": 84,
  "size_y": 84,
  "size_z": 54,
  "snr": 2.553521452833676,
  "spacing_tr": 1.2050000429153442,
  "spacing_x": 2.5,
  "spacing_y": 2.5,
  "spacing_z": 2.499999761581421,
  "summary_bg_k": 20.026566341181724,
  "summary_bg_mad": 113.54663354715436,
  "summary_bg_mean": 740.2960205078125,
  "summary_bg_median": 120.09049224853516,
  "summary_bg_n": 240623.0,
  "summary_bg_p05": 32.128224563598636,
  "summary_bg_p95": 4306.846191406249,
  "summary_bg_stdv": 1739.9281005859375,
  "summary_fg_k": 0.47508910792217884,
  "summary_fg_mad": 4167.502535544023,
  "summary_fg_mean": 10945.0302734375,
  "summary_fg_median": 10313.982421875,
  "summary_fg_n": 68312.0,
  "summary_fg_p05": 5588.812451171875,
  "summary_fg_p95": 18355.56162109375,
  "summary_fg_stdv": 4039.091552734375,
  "tsnr": 23.65114402770996
}