{
  "bids_meta": {
    "AcquisitionDateTime": "2018-07-16T17:07:52.172000",
    "AcquisitionMatrixPE": 320,
    "AcquisitionNumber": 1,
    "AcquisitionTime": "16:59:48.500000",
    "BaseResolution": 320,
    "BodyPartExamined": "HEAD",
    "ConsistencyInfo": "N4_VE11B_LATEST_20150530",
    "ConversionSoftware": "dcm2niix",
    "ConversionSoftwareVersion": "v1.0.20171215 GCC5.1.0",
    "DeviceSerialNumber": "66072",
    "DwellTime": 2.2e-06,
    "EchoTime": 0.562,
    "EchoTrainLength": 305,
    "FlipAngle": 120,
    "ImageOrientationPatientDICOM": [
      0.0700708,
      0.986002,
      0.151296,
      0.0910545,
      0.144714,
      -0.985275
    ],
    "ImageType": [
      "ORIGINAL",
      "PRIMARY",
      "M",
      "ND",
      "NORM"
    ],
    "InPlanePhaseEncodingDirectionDICOM": "ROW",
    "InstitutionAddress": "Boulevard_Jean_Moulin_27_Marseille_District_FR_13005",
    "InstitutionName": "Universite_d_aix_Marseille",
    "InstitutionalDepartmentName": "Department",
    "MRAcquisitionType": "3D",
    "MagneticFieldStrength": 3,
    "Manufacturer": "Siemens",
    "ManufacturersModelName": "Prisma",
    "Modality": "MR",
    "ParallelReductionFactorInPlane": 2,
    "PartialFourier": 1,
    "PatientPosition": "HFS",
    "PercentPhaseFOV": 100,
    "PhaseEncodingSteps": 315,
    "PhaseResolution": 1,
    "PixelBandwidth": 710,
    "ProcedureStepDescription": "Projets_Convers",
    "ProtocolName": "T2w",
    "PulseSequenceDetails": "%SiemensSeq%_tse_vfl",
    "ReceiveCoilActiveElements": "HC1-7;NC1,2",
    "ReceiveCoilName": "HeadNeck_64",
    "ReconMatrixPE": 320,
    "RepetitionTime": 3.2,
    "SAR": 0.16002,
    "ScanOptions": "PFP",
    "ScanningSequence": "SE",
    "SequenceName": "_spc_305ns",
    "SequenceVariant": "SK_SP",
    "SeriesDescription": "T2w",
    "SeriesNumber": 17,
    "ShimSetting": [
      -578,
      -10776,
      -651,
      -61,
      46,
      -146,
      25,
      -5
    ],
    "SliceThickness": 0.8,
    "SoftwareVersions": "syngo_MR_E11",
    "StationName": "AWP66072",
    "TxRefAmp": 220.974,
    "dataset": "ds001740",
    "modality": "T2w",
    "subject_id": "13"
  },
  "cjv": 0.3465872560647694,
  "cnr": 1.701710227319116,
  "efc": 0.4281913340949917,
  "fber": -1.0,
  "fwhm_avg": 2.680559625921768,
  "fwhm_x": 2.554991459523317,
  "fwhm_y": 2.9984499553196136,
  "fwhm_z": 2.4882374629223727,
  "icvs_csf": 0.4465645150828023,
  "icvs_gm": 0.40639559906783845,
  "icvs_wm": 0.14703988584935923,
  "inu_med": 0.9683832824230194,
  "inu_range": 0.23065115809440617,
  "provenance": {
    "md5sum": "d169c3a79a405e699dcfdbdb94416097",
    "settings": {
      "testing": false
    },
    "software": "mriqc",
    "version": "23.0.1",
    "warnings": {
      "large_rot_frame": true,
      "small_air_mask": false
    },
    "webapi_port": null,
    "webapi_url": "https://mriqc.nimh.nih.gov/api/v1"
  },
  "qi_1": 0.0,
  "qi_2": 0.015135066146265341,
  "rpve_csf": 14.797919659559884,
  "rpve_gm": 16.662373454257317,
  "rpve_wm": 46.90479496411267,
  "size_x": 256,
  "size_y": 320,
  "size_z": 320,
  "snr_csf": 11.916419052988493,
  "snr_gm": 11.079580757841185,
  "snr_total": 8.52647757170399,
  "snr_wm": 2.5834329042822914,
  "snrd_csf": 123.19929052514391,
  "snrd_gm": 77.95868331515841,
  "snrd_total": 143.65635023130758,
  "snrd_wm": 229.81107685362042,
  "spacing_x": 0.7999987602233887,
  "spacing_y": 0.800000011920929,
  "spacing_z": 0.800000011920929,
  "summary_bg_k": 27.58032320642808,
  "summary_bg_mad": 0.0,
  "summary_bg_mean": 1.2917736870242051,
  "summary_bg_median": 0.0,
  "summary_bg_n": 4659829.0,
  "summary_bg_p05": 0.0,
  "summary_bg_p95": 7.503634691238403,
  "summary_bg_stdv": 2.851001453961298,
  "summary_csf_k": 0.861194497380875,
  "summary_csf_mad": 41.940893509122915,
  "summary_csf_mean": 538.9847415305643,
  "summary_csf_median": 536.1346986889839,
  "summary_csf_n": 162271.0,
  "summary_csf_p05": 470.7780405282974,
  "summary_csf_p95": 615.8983354568481,
  "summary_csf_stdv": 44.99112059832647,
  "summary_gm_k": 0.8414785574816914,
  "summary_gm_mad": 28.50757019021949,
  "summary_gm_mean": 339.0431704299562,
  "summary_gm_median": 339.2580834776163,
  "summary_gm_n": 339982.0,
  "summary_gm_p05": 288.6648265719414,
  "summary_gm_p95": 388.0692271441221,
  "summary_gm_stdv": 30.62007416677669,
  "summary_wm_k": -0.247613787496479,
  "summary_wm_mad": 200.52642055754393,
  "summary_wm_mean": 830.9628800186376,
  "summary_wm_median": 1000.0844316482544,
  "summary_wm_n": 56809.0,
  "summary_wm_p05": 36.66275910139084,
  "summary_wm_p95": 1153.2336156964302,
  "summary_wm_stdv": 387.111129453514,
  "tpm_overlap_csf": 0.11067836417936969,
  "tpm_overlap_gm": 0.26873460377516845,
  "tpm_overlap_wm": 0.034035124274508124,
  "wm2max": 0.8815689387174653
}