{
  "bids_meta": {
    "AcquisitionDateTime": "2018-07-16T17:14:51.511000",
    "AcquisitionMatrixPE": 320,
    "AcquisitionNumber": 1,
    "AcquisitionTime": "17:07:43.985000",
    "BaseResolution": 320,
    "BodyPartExamined": "HEAD",
    "ConsistencyInfo": "N4_VE11B_LATEST_20150530",
    "ConversionSoftware": "dcm2niix",
    "ConversionSoftwareVersion": "v1.0.20171215 GCC5.1.0",
    "DeviceSerialNumber": "66072",
    "DwellTime": 7.4e-06,
    "EchoTime": 0.00228,
    "FlipAngle": 8,
    "ImageOrientationPatientDICOM": [
      0.0700708,
      0.986002,
      0.151296,
      0.0910545,
      0.144714,
      -0.985275
    ],
    "ImageType": [
      "ORIGINAL",
      "PRIMARY",
      "M",
      "ND",
      "NORM"
    ],
    "InPlanePhaseEncodingDirectionDICOM": "ROW",
    "InstitutionAddress": "Boulevard_Jean_Moulin_27_Marseille_District_FR_13005",
    "InstitutionName": "Universite_d_aix_Marseille",
    "InstitutionalDepartmentName": "Department",
    "InversionTime": 1.01,
    "MRAcquisitionType": "3D",
    "MagneticFieldStrength": 3,
    "Manufacturer": "Siemens",
    "ManufacturersModelName": "Prisma",
    "Modality": "MR",
    "ParallelReductionFactorInPlane": 2,
    "PartialFourier": 1,
    "PatientPosition": "HFS",
    "PercentPhaseFOV": 100,
    "PhaseEncodingSteps": 319,
    "PhaseResolution": 1,
    "PixelBandwidth": 210,
    "ProcedureStepDescription": "Projets_Convers",
    "ProtocolName": "T1w",
    "PulseSequenceDetails": "%SiemensSeq%_tfl",
    "ReceiveCoilActiveElements": "HC1-7;NC1,2",
    "ReceiveCoilName": "HeadNeck_64",
    "ReconMatrixPE": 320,
    "RepetitionTime": 2.4,
    "SAR": 0.0482113,
    "ScanOptions": "IR_WE",
    "ScanningSequence": "GR_IR",
    "SequenceName": "_tfl3d1_16ns",
    "SequenceVariant": "SK_SP_MP",
    "SeriesDescription": "T1w",
    "SeriesNumber": 18,
    "ShimSetting": [
      -578,
      -10776,
      -651,
      -61,
      46,
      -146,
      25,
      -5
    ],
    "SliceThickness": 0.8,
    "SoftwareVersions": "syngo_MR_E11",
    "StationName": "AWP66072",
    "TxRefAmp": 220.974,
    "dataset": "ds001740",
    "modality": "T1w",
    "subject_id": "13"
  },
  "cjv": 0.3084870971784116,
  "cnr": 4.217958191886156,
  "efc": 0.46537773908962243,
  "fber": 58196.9231693787,
  "fwhm_avg": 4.507543935854781,
  "fwhm_x": 4.479719442314237,
  "fwhm_y": 4.466887433438191,
  "fwhm_z": 4.576024931811915,
  "icvs_csf": 0.1889845847126779,
  "icvs_gm": 0.4825151452627285,
  "icvs_wm": 0.3285002700245936,
  "inu_med": 0.48669520020484924,
  "inu_range": 0.22233612984418866,
  "provenance": {
    "md5sum": "d23f00e33655331b1041b0556f9be546",
    "settings": {
      "testing": false
    },
    "software": "mriqc",
    "version": "23.0.1",
    "warnings": {
      "large_rot_frame": true,
      "small_air_mask": false
    },
    "webapi_port": null,
    "webapi_url": "https://mriqc.nimh.nih.gov/api/v1"
  },
  "qi_1": 0.0,
  "qi_2": 0.004192111596458687,
  "rpve_csf": 32.02906813927552,
  "rpve_gm": 14.036116773055902,
  "rpve_wm": 22.071911379575745,
  "size_x": 256,
  "size_y": 320,
  "size_z": 320,
  "snr_csf": 2.57754035639978,
  "snr_gm": 15.833588702146152,
  "snr_total": 14.178697091189173,
  "snr_wm": 24.124962215021586,
  "snrd_csf": 28.808993153372374,
  "snrd_gm": 71.35610117688931,
  "snrd_total": 65.71415599414902,
  "snrd_wm": 96.97737365218539,
  "spacing_x": 0.7999987602233887,
  "spacing_y": 0.800000011920929,
  "spacing_z": 0.800000011920929,
  "summary_bg_k": 6438.513247898182,
  "summary_bg_mad": 0.0,
  "summary_bg_mean": 3.4071773456447816,
  "summary_bg_median": 0.0,
  "summary_bg_n": 4671901.0,
  "summary_bg_p05": 0.0,
  "summary_bg_p95": 14.92217448912561,
  "summary_bg_stdv": 6.755740385795189,
  "summary_csf_k": 1.2538268085444422,
  "summary_csf_mad": 86.38947321445077,
  "summary_csf_mean": 300.454186470395,
  "summary_csf_median": 297.0771865528077,
  "summary_csf_n": 94417.0,
  "summary_csf_p05": 84.55005868524313,
  "summary_csf_p95": 500.87604790590694,
  "summary_csf_stdv": 115.25546538671944,
  "summary_gm_k": 0.4458946499525478,
  "summary_gm_mad": 43.850105024714324,
  "summary_gm_mean": 734.6575079624458,
  "summary_gm_median": 735.8212648443878,
  "summary_gm_n": 180231.0,
  "summary_gm_p05": 656.7632093373686,
  "summary_gm_p95": 809.1462048385292,
  "summary_gm_stdv": 46.47204353701361,
  "summary_wm_k": 0.7261809594644442,
  "summary_wm_mad": 37.65389453209165,
  "summary_wm_mean": 999.3493587120983,
  "summary_wm_median": 1000.0268031060696,
  "summary_wm_n": 393795.0,
  "summary_wm_p05": 930.1042260564864,
  "summary_wm_p95": 1066.2791146170348,
  "summary_wm_stdv": 41.4519005029735,
  "tpm_overlap_csf": 0.1528746451569502,
  "tpm_overlap_gm": 0.4834495010102703,
  "tpm_overlap_wm": 0.5112971109581376,
  "wm2max": 0.8513045064769202
}