{
  "aor": 0.0016082857142857144,
  "aqi": 0.005298827298701299,
  "bids_meta": {
    "AcquisitionDateTime": "2018-07-18T18:35:41.621000",
    "AcquisitionMatrixPE": 84,
    "AcquisitionNumber": 1,
    "AcquisitionTime": "18:34:59.770000",
    "BandwidthPerPixelPhaseEncode": 23.81,
    "BaseResolution": 84,
    "BodyPartExamined": "HEAD",
    "ConsistencyInfo": "N4_VE11B_LATEST_20150530",
    "ConversionSoftware": "dcm2niix",
    "ConversionSoftwareVersion": "v1.0.20171215 GCC5.1.0",
    "DerivedVendorReportedEchoSpacing": 0.00049999,
    "DeviceSerialNumber": "66072",
    "DwellTime": 2.3e-06,
    "EchoTime": 0.03,
    "EchoTrainLength": 84,
    "EffectiveEchoSpacing": 0.00049999,
    "FlipAngle": 65,
    "ImageComments": "Unaliased_MB3_PE3_LB_SENSE1",
    "ImageOrientationPatientDICOM": [
      0.996885,
      0.0787227,
      -0.00478243,
      -0.0786316,
      0.99676,
      0.0169327
    ],
    "ImageType": [
      "ORIGINAL",
      "PRIMARY",
      "M",
      "MB",
      "ND",
      "MOSAIC"
    ],
    "InPlanePhaseEncodingDirectionDICOM": "COL",
    "InstitutionAddress": "Boulevard_Jean_Moulin_27_Marseille_District_FR_13005",
    "InstitutionName": "Universite_d_aix_Marseille",
    "InstitutionalDepartmentName": "Department",
    "MRAcquisitionType": "2D",
    "MagneticFieldStrength": 3,
    "Manufacturer": "Siemens",
    "ManufacturersModelName": "Prisma",
    "Modality": "MR",
    "MultibandAccelerationFactor": 3,
    "PartialFourier": 1,
    "PatientPosition": "HFS",
    "PercentPhaseFOV": 100,
    "PhaseEncodingDirection": "j",
    "PhaseEncodingSteps": 84,
    "PhaseResolution": 1,
    "PixelBandwidth": 2590,
    "ProcedureStepDescription": "Projets_Convers",
    "ProtocolName": "task-convers_run4_bold",
    "PulseSequenceDetails": "%CustomerSeq%_cmrr_mbep2d_bold",
    "ReceiveCoilActiveElements": "HC1-6",
    "ReceiveCoilName": "HeadNeck_64",
    "ReconMatrixPE": 84,
    "RepetitionTime": 1.205,
    "SAR": 0.070211,
    "ScanOptions": "FS_EXT",
    "ScanningSequence": "EP",
    "SequenceName": "epfid2d1_84",
    "SequenceVariant": "SK_SS",
    "SeriesDescription": "task-convers_run4_bold",
    "SeriesNumber": 16,
    "ShimSetting": [
      -609,
      -10762,
      -495,
      491,
      73,
      104,
      125,
      8
    ],
    "SliceThickness": 2.5,
    "SliceTiming": [
      1.1375,
      1.07,
      1.0025,
      0.935,
      0.87,
      0.8025,
      0.735,
      0.6675,
      0.6025,
      0.535,
      0.4675,
      0.4,
      0.3325,
      0.2675,
      0.2,
      0.1325,
      0.065,
      0,
      1.1375,
      1.07,
      1.0025,
      0.935,
      0.87,
      0.8025,
      0.735,
      0.6675,
      0.6025,
      0.535,
      0.4675,
      0.4,
      0.3325,
      0.2675,
      0.2,
      0.1325,
      0.065,
      0,
      1.1375,
      1.07,
      1.0025,
      0.935,
      0.87,
      0.8025,
      0.735,
      0.6675,
      0.6025,
      0.535,
      0.4675,
      0.4,
      0.3325,
      0.2675,
      0.2,
      0.1325,
      0.065,
      0
    ],
    "SoftwareVersions": "syngo_MR_E11",
    "SpacingBetweenSlices": 2.5,
    "StationName": "AWP66072",
    "TaskName": "convers",
    "TotalReadoutTime": 0.04199916,
    "TxRefAmp": 215.347,
    "dataset": "ds001740",
    "modality": "bold",
    "run_id": 4,
    "subject_id": "24",
    "task_id": "convers"
  },
  "dummy_trs": 0,
  "dvars_nstd": 32.65975901973955,
  "dvars_std": 1.0927972399479169,
  "dvars_vstd": 0.9861272204947918,
  "efc": 0.4493271546615355,
  "fber": 19324.84765625,
  "fd_mean": 0.19747998002498246,
  "fd_num": 139,
  "fd_perc": 36.103896103896105,
  "fwhm_avg": 3.0407653333333333,
  "fwhm_x": 2.856468,
  "fwhm_y": 3.196552,
  "fwhm_z": 3.069276,
  "gcor": 0.0344057,
  "gsr_x": -0.013465063646435738,
  "gsr_y": 0.05829326808452606,
  "provenance": {
    "md5sum": "807b45bb052fd0128d11e51a6fa41e2d",
    "settings": {
      "fd_thres": 0.2,
      "testing": false
    },
    "software": "mriqc",
    "version": "23.0.1",
    "webapi_port": null,
    "webapi_url": "https://mriqc.nimh.nih.gov/api/v1"
  },
  "size_t": 385,
  "size_x": 84,
  "size_y": 84,
  "size_z": 54,
  "snr": 2.501995150397306,
  "spacing_tr": 1.2050000429153442,
  "spacing_x": 2.5,
  "spacing_y": 2.5,
  "spacing_z": 2.5,
  "summary_bg_k": 23.19130915229897,
  "summary_bg_mad": 49.870258428145746,
  "summary_bg_mean": 519.396484375,
  "summary_bg_median": 73.64701080322266,
  "summary_bg_n": 258492.0,
  "summary_bg_p05": 36.56876220703125,
  "summary_bg_p95": 2902.814465332031,
  "summary_bg_stdv": 1254.7294921875,
  "summary_fg_k": 0.92686233368764,
  "summary_fg_mad": 3876.2052241703036,
  "summary_fg_mean": 10947.15625,
  "summary_fg_median": 10224.041015625,
  "summary_fg_n": 62408.0,
  "summary_fg_p05": 5675.717016601562,
  "summary_fg_p95": 18778.791796874993,
  "summary_fg_stdv": 4086.322509765625,
  "tsnr": 42.211917877197266
}