{
  "bids_meta": {
    "AcquisitionDateTime": "2018-07-18T15:28:24.761000",
    "AcquisitionMatrixPE": 320,
    "AcquisitionNumber": 1,
    "AcquisitionTime": "15:20:10.527500",
    "BaseResolution": 320,
    "BodyPartExamined": "HEAD",
    "ConsistencyInfo": "N4_VE11B_LATEST_20150530",
    "ConversionSoftware": "dcm2niix",
    "ConversionSoftwareVersion": "v1.0.20171215 GCC5.1.0",
    "DeviceSerialNumber": "66072",
    "DwellTime": 2.2e-06,
    "EchoTime": 0.562,
    "EchoTrainLength": 305,
    "FlipAngle": 120,
    "ImageOrientationPatientDICOM": [
      0.0454313,
      0.984093,
      0.171745,
      0.0200944,
      0.170987,
      -0.985068
    ],
    "ImageType": [
      "ORIGINAL",
      "PRIMARY",
      "M",
      "ND",
      "NORM"
    ],
    "InPlanePhaseEncodingDirectionDICOM": "ROW",
    "InstitutionAddress": "Boulevard_Jean_Moulin_27_Marseille_District_FR_13005",
    "InstitutionName": "Universite_d_aix_Marseille",
    "InstitutionalDepartmentName": "Department",
    "MRAcquisitionType": "3D",
    "MagneticFieldStrength": 3,
    "Manufacturer": "Siemens",
    "ManufacturersModelName": "Prisma",
    "Modality": "MR",
    "ParallelReductionFactorInPlane": 2,
    "PartialFourier": 1,
    "PatientPosition": "HFS",
    "PercentPhaseFOV": 100,
    "PhaseEncodingSteps": 315,
    "PhaseResolution": 1,
    "PixelBandwidth": 710,
    "ProcedureStepDescription": "Projets_Convers",
    "ProtocolName": "T2w",
    "PulseSequenceDetails": "%SiemensSeq%_tse_vfl",
    "ReceiveCoilActiveElements": "HC1-7;NC1,2",
    "ReceiveCoilName": "HeadNeck_64",
    "ReconMatrixPE": 320,
    "RepetitionTime": 3.2,
    "SAR": 0.160565,
    "ScanOptions": "PFP",
    "ScanningSequence": "SE",
    "SequenceName": "_spc_305ns",
    "SequenceVariant": "SK_SP",
    "SeriesDescription": "T2w",
    "SeriesNumber": 17,
    "ShimSetting": [
      -599,
      -10845,
      -624,
      129,
      42,
      -174,
      108,
      46
    ],
    "SliceThickness": 0.8,
    "SoftwareVersions": "syngo_MR_E11",
    "StationName": "AWP66072",
    "TxRefAmp": 264.25,
    "dataset": "ds001740",
    "modality": "T2w",
    "subject_id": "22"
  },
  "cjv": 0.29449298849520755,
  "cnr": 1.4413208679245921,
  "efc": 0.5097561289263116,
  "fber": 1379.0333540618462,
  "fwhm_avg": 2.6317429460834467,
  "fwhm_x": 2.528341418223195,
  "fwhm_y": 2.8932124568877744,
  "fwhm_z": 2.4736749631393704,
  "icvs_csf": 0.30092046268861566,
  "icvs_gm": 0.6160060275738212,
  "icvs_wm": 0.08307350973756322,
  "inu_med": 0.9542400240898132,
  "inu_range": 0.381755119562149,
  "provenance": {
    "md5sum": "421ca2257da3a4c79ad0ff799bd17931",
    "settings": {
      "testing": false
    },
    "software": "mriqc",
    "version": "23.0.1",
    "warnings": {
      "large_rot_frame": true,
      "small_air_mask": false
    },
    "webapi_port": null,
    "webapi_url": "https://mriqc.nimh.nih.gov/api/v1"
  },
  "qi_1": 0.0,
  "qi_2": 0.007526211608748142,
  "rpve_csf": 15.413241103186945,
  "rpve_gm": 9.901724875332842,
  "rpve_wm": 69.90426000763911,
  "size_x": 256,
  "size_y": 320,
  "size_z": 320,
  "snr_csf": 4.247272247406942,
  "snr_gm": 6.79073550583537,
  "snr_total": 4.403310685260932,
  "snr_wm": 2.1719243025404844,
  "snrd_csf": 39.4779678876273,
  "snrd_gm": 19.191288863210886,
  "snrd_total": 38.800946670130486,
  "snrd_wm": 57.73358325955327,
  "spacing_x": 0.7999987602233887,
  "spacing_y": 0.800000011920929,
  "spacing_z": 0.800000011920929,
  "summary_bg_k": 2.567360163452583,
  "summary_bg_mad": 11.348364163693244,
  "summary_bg_mean": 10.885970825605439,
  "summary_bg_median": 7.654355309903622,
  "summary_bg_n": 4455217.0,
  "summary_bg_p05": 0.0,
  "summary_bg_p95": 36.33513243496418,
  "summary_bg_stdv": 12.55792296427254,
  "summary_csf_k": -0.565053145712318,
  "summary_csf_mad": 171.86618980436634,
  "summary_csf_mean": 719.3870370631009,
  "summary_csf_median": 683.8428700212389,
  "summary_csf_n": 79894.0,
  "summary_csf_p05": 506.89354169741273,
  "summary_csf_p95": 986.6360245673915,
  "summary_csf_stdv": 161.0065356033679,
  "summary_gm_k": 0.3260926334664318,
  "summary_gm_mad": 47.546911300293075,
  "summary_gm_mean": 335.9675307980238,
  "summary_gm_median": 332.434184378013,
  "summary_gm_n": 675858.0,
  "summary_gm_p05": 261.86195063218474,
  "summary_gm_p95": 421.9117535278201,
  "summary_gm_stdv": 48.95404012677621,
  "summary_wm_k": -1.5004036942659866,
  "summary_wm_mad": 149.06691601766937,
  "summary_wm_mean": 717.3804249713011,
  "summary_wm_median": 1000.0691875834018,
  "summary_wm_n": 29352.0,
  "summary_wm_p05": 24.05934483027086,
  "summary_wm_p95": 1163.7386705502868,
  "summary_wm_stdv": 460.4452146309272,
  "tpm_overlap_csf": 0.13332490721648144,
  "tpm_overlap_gm": 0.383306224028801,
  "tpm_overlap_wm": 0.031712956340684044,
  "wm2max": 0.911281512605042
}