{
  "aor": 0.0022854805194805193,
  "aqi": 0.005877917012987013,
  "bids_meta": {
    "AcquisitionDateTime": "2018-07-18T14:50:04.793000",
    "AcquisitionMatrixPE": 84,
    "AcquisitionNumber": 1,
    "AcquisitionTime": "14:50:2.517500",
    "BandwidthPerPixelPhaseEncode": 23.81,
    "BaseResolution": 84,
    "BodyPartExamined": "HEAD",
    "ConsistencyInfo": "N4_VE11B_LATEST_20150530",
    "ConversionSoftware": "dcm2niix",
    "ConversionSoftwareVersion": "v1.0.20171215 GCC5.1.0",
    "DerivedVendorReportedEchoSpacing": 0.00049999,
    "DeviceSerialNumber": "66072",
    "DwellTime": 2.3e-06,
    "EchoTime": 0.03,
    "EchoTrainLength": 84,
    "EffectiveEchoSpacing": 0.00049999,
    "FlipAngle": 65,
    "ImageComments": "Unaliased_MB3_PE3_LB_SENSE1",
    "ImageOrientationPatientDICOM": [
      0.998766,
      -0.0481814,
      0.0120089,
      0.0467513,
      0.993934,
      0.0995488
    ],
    "ImageType": [
      "ORIGINAL",
      "PRIMARY",
      "M",
      "MB",
      "ND",
      "MOSAIC"
    ],
    "InPlanePhaseEncodingDirectionDICOM": "COL",
    "InstitutionAddress": "Boulevard_Jean_Moulin_27_Marseille_District_FR_13005",
    "InstitutionName": "Universite_d_aix_Marseille",
    "InstitutionalDepartmentName": "Department",
    "MRAcquisitionType": "2D",
    "MagneticFieldStrength": 3,
    "Manufacturer": "Siemens",
    "ManufacturersModelName": "Prisma",
    "Modality": "MR",
    "MultibandAccelerationFactor": 3,
    "PartialFourier": 1,
    "PatientPosition": "HFS",
    "PercentPhaseFOV": 100,
    "PhaseEncodingDirection": "j",
    "PhaseEncodingSteps": 84,
    "PhaseResolution": 1,
    "PixelBandwidth": 2590,
    "ProcedureStepDescription": "Projets_Convers",
    "ProtocolName": "task-convers_run2_bold",
    "PulseSequenceDetails": "%CustomerSeq%_cmrr_mbep2d_bold",
    "ReceiveCoilActiveElements": "HC1-6",
    "ReceiveCoilName": "HeadNeck_64",
    "ReconMatrixPE": 84,
    "RepetitionTime": 1.205,
    "SAR": 0.073952,
    "ScanOptions": "FS_EXT",
    "ScanningSequence": "EP",
    "SequenceName": "epfid2d1_84",
    "SequenceVariant": "SK_SS",
    "SeriesDescription": "task-convers_run2_bold",
    "SeriesNumber": 12,
    "ShimSetting": [
      -617,
      -10774,
      -516,
      397,
      24,
      178,
      24,
      34
    ],
    "SliceThickness": 2.5,
    "SliceTiming": [
      1.1375,
      1.07,
      1.0025,
      0.9375,
      0.87,
      0.8025,
      0.735,
      0.67,
      0.6025,
      0.535,
      0.4675,
      0.4,
      0.335,
      0.2675,
      0.2,
      0.1325,
      0.0675,
      0,
      1.1375,
      1.07,
      1.0025,
      0.9375,
      0.87,
      0.8025,
      0.735,
      0.67,
      0.6025,
      0.535,
      0.4675,
      0.4,
      0.335,
      0.2675,
      0.2,
      0.1325,
      0.0675,
      0,
      1.1375,
      1.07,
      1.0025,
      0.9375,
      0.87,
      0.8025,
      0.735,
      0.67,
      0.6025,
      0.535,
      0.4675,
      0.4,
      0.335,
      0.2675,
      0.2,
      0.1325,
      0.0675,
      0
    ],
    "SoftwareVersions": "syngo_MR_E11",
    "SpacingBetweenSlices": 2.5,
    "StationName": "AWP66072",
    "TaskName": "convers",
    "TotalReadoutTime": 0.04199916,
    "TxRefAmp": 264.25,
    "dataset": "ds001740",
    "modality": "bold",
    "run_id": 2,
    "subject_id": "22",
    "task_id": "convers"
  },
  "dummy_trs": 0,
  "dvars_nstd": 38.37523762388022,
  "dvars_std": 1.203621633255209,
  "dvars_vstd": 1.0169097530468747,
  "efc": 0.5170764395383272,
  "fber": 3912.861328125,
  "fd_mean": 0.20626172224394426,
  "fd_num": 161,
  "fd_perc": 41.81818181818182,
  "fwhm_avg": 3.024902666666667,
  "fwhm_x": 2.711692,
  "fwhm_y": 3.174868,
  "fwhm_z": 3.188148,
  "gcor": 0.0178371,
  "gsr_x": 0.015367215499281883,
  "gsr_y": 0.032449182122945786,
  "provenance": {
    "md5sum": "d51166cd2f10d13e09c90ddd380fd572",
    "settings": {
      "fd_thres": 0.2,
      "testing": false
    },
    "software": "mriqc",
    "version": "23.0.1",
    "webapi_port": null,
    "webapi_url": "https://mriqc.nimh.nih.gov/api/v1"
  },
  "size_t": 385,
  "size_x": 84,
  "size_y": 84,
  "size_z": 54,
  "snr": 2.2658608754334058,
  "spacing_tr": 1.2050000429153442,
  "spacing_x": 2.5,
  "spacing_y": 2.5,
  "spacing_z": 2.5,
  "summary_bg_k": 27.517280847927736,
  "summary_bg_mad": 164.48968937603115,
  "summary_bg_mean": 746.3549194335938,
  "summary_bg_median": 155.48431396484375,
  "summary_bg_n": 230166.0,
  "summary_bg_p05": 33.809821128845215,
  "summary_bg_p95": 3754.7420043945312,
  "summary_bg_stdv": 1594.2227783203125,
  "summary_fg_k": 1.5112418065327997,
  "summary_fg_mad": 4290.175924332097,
  "summary_fg_mean": 11379.361328125,
  "summary_fg_median": 10487.4833984375,
  "summary_fg_n": 78345.0,
  "summary_fg_p05": 5655.3984375,
  "summary_fg_p95": 20132.595703125004,
  "summary_fg_stdv": 4628.44677734375,
  "tsnr": 43.31633758544922
}