{
  "aor": 0.0020402337662337663,
  "aqi": 0.006919067740259741,
  "bids_meta": {
    "AcquisitionDateTime": "2018-07-18T14:59:42.663000",
    "AcquisitionMatrixPE": 84,
    "AcquisitionNumber": 1,
    "AcquisitionTime": "14:59:39.257500",
    "BandwidthPerPixelPhaseEncode": 23.81,
    "BaseResolution": 84,
    "BodyPartExamined": "HEAD",
    "ConsistencyInfo": "N4_VE11B_LATEST_20150530",
    "ConversionSoftware": "dcm2niix",
    "ConversionSoftwareVersion": "v1.0.20171215 GCC5.1.0",
    "DerivedVendorReportedEchoSpacing": 0.00049999,
    "DeviceSerialNumber": "66072",
    "DwellTime": 2.3e-06,
    "EchoTime": 0.03,
    "EchoTrainLength": 84,
    "EffectiveEchoSpacing": 0.00049999,
    "FlipAngle": 65,
    "ImageComments": "Unaliased_MB3_PE3_LB_SENSE1",
    "ImageOrientationPatientDICOM": [
      0.998766,
      -0.0481814,
      0.0120089,
      0.0467513,
      0.993934,
      0.0995488
    ],
    "ImageType": [
      "ORIGINAL",
      "PRIMARY",
      "M",
      "MB",
      "ND",
      "MOSAIC"
    ],
    "InPlanePhaseEncodingDirectionDICOM": "COL",
    "InstitutionAddress": "Boulevard_Jean_Moulin_27_Marseille_District_FR_13005",
    "InstitutionName": "Universite_d_aix_Marseille",
    "InstitutionalDepartmentName": "Department",
    "MRAcquisitionType": "2D",
    "MagneticFieldStrength": 3,
    "Manufacturer": "Siemens",
    "ManufacturersModelName": "Prisma",
    "Modality": "MR",
    "MultibandAccelerationFactor": 3,
    "PartialFourier": 1,
    "PatientPosition": "HFS",
    "PercentPhaseFOV": 100,
    "PhaseEncodingDirection": "j",
    "PhaseEncodingSteps": 84,
    "PhaseResolution": 1,
    "PixelBandwidth": 2590,
    "ProcedureStepDescription": "Projets_Convers",
    "ProtocolName": "task-convers_run3_bold",
    "PulseSequenceDetails": "%CustomerSeq%_cmrr_mbep2d_bold",
    "ReceiveCoilActiveElements": "HC1-6",
    "ReceiveCoilName": "HeadNeck_64",
    "ReconMatrixPE": 84,
    "RepetitionTime": 1.205,
    "SAR": 0.073952,
    "ScanOptions": "FS_EXT",
    "ScanningSequence": "EP",
    "SequenceName": "epfid2d1_84",
    "SequenceVariant": "SK_SS",
    "SeriesDescription": "task-convers_run3_bold",
    "SeriesNumber": 14,
    "ShimSetting": [
      -617,
      -10774,
      -516,
      397,
      24,
      178,
      24,
      34
    ],
    "SliceThickness": 2.5,
    "SliceTiming": [
      1.1375,
      1.07,
      1.005,
      0.9375,
      0.87,
      0.8025,
      0.7375,
      0.67,
      0.6025,
      0.535,
      0.4675,
      0.4025,
      0.335,
      0.2675,
      0.2,
      0.135,
      0.0675,
      0,
      1.1375,
      1.07,
      1.005,
      0.9375,
      0.87,
      0.8025,
      0.7375,
      0.67,
      0.6025,
      0.535,
      0.4675,
      0.4025,
      0.335,
      0.2675,
      0.2,
      0.135,
      0.0675,
      0,
      1.1375,
      1.07,
      1.005,
      0.9375,
      0.87,
      0.8025,
      0.7375,
      0.67,
      0.6025,
      0.535,
      0.4675,
      0.4025,
      0.335,
      0.2675,
      0.2,
      0.135,
      0.0675,
      0
    ],
    "SoftwareVersions": "syngo_MR_E11",
    "SpacingBetweenSlices": 2.5,
    "StationName": "AWP66072",
    "TaskName": "convers",
    "TotalReadoutTime": 0.04199916,
    "TxRefAmp": 264.25,
    "dataset": "ds001740",
    "modality": "bold",
    "run_id": 3,
    "subject_id": "22",
    "task_id": "convers"
  },
  "dummy_trs": 0,
  "dvars_nstd": 39.148169303932306,
  "dvars_std": 1.1745078943750007,
  "dvars_vstd": 1.014325556666667,
  "efc": 0.5174951429575856,
  "fber": 3680.3974609375,
  "fd_mean": 0.24865340132080002,
  "fd_num": 192,
  "fd_perc": 49.87012987012987,
  "fwhm_avg": 3.0344653333333333,
  "fwhm_x": 2.7143439999999996,
  "fwhm_y": 3.1909359999999998,
  "fwhm_z": 3.1981159999999997,
  "gcor": 0.0165917,
  "gsr_x": 0.014723211526870728,
  "gsr_y": 0.03535642474889755,
  "provenance": {
    "md5sum": "b4c381ad5e715b815fd2519ad649b3b5",
    "settings": {
      "fd_thres": 0.2,
      "testing": false
    },
    "software": "mriqc",
    "version": "23.0.1",
    "webapi_port": null,
    "webapi_url": "https://mriqc.nimh.nih.gov/api/v1"
  },
  "size_t": 385,
  "size_x": 84,
  "size_y": 84,
  "size_z": 54,
  "snr": 2.2502974702212164,
  "spacing_tr": 1.2050000429153442,
  "spacing_x": 2.5,
  "spacing_y": 2.5,
  "spacing_z": 2.5,
  "summary_bg_k": 28.63895611511906,
  "summary_bg_mad": 174.82246718346542,
  "summary_bg_mean": 766.108642578125,
  "summary_bg_median": 160.6383056640625,
  "summary_bg_n": 230494.0,
  "summary_bg_p05": 29.88077440261841,
  "summary_bg_p95": 3814.0068359374945,
  "summary_bg_stdv": 1641.2027587890625,
  "summary_fg_k": 1.4506026350468098,
  "summary_fg_mad": 4329.953533756036,
  "summary_fg_mean": 11384.330078125,
  "summary_fg_median": 10486.1826171875,
  "summary_fg_n": 78601.0,
  "summary_fg_p05": 5626.15771484375,
  "summary_fg_p95": 20211.076171875,
  "summary_fg_stdv": 4659.8798828125,
  "tsnr": 40.18444061279297
}