{
  "bids_meta": {
    "AcquisitionDateTime": "2018-07-17T10:54:30.397000",
    "AcquisitionMatrixPE": 320,
    "AcquisitionNumber": 1,
    "AcquisitionTime": "10:47:23.802500",
    "BaseResolution": 320,
    "BodyPartExamined": "HEAD",
    "ConsistencyInfo": "N4_VE11B_LATEST_20150530",
    "ConversionSoftware": "dcm2niix",
    "ConversionSoftwareVersion": "v1.0.20171215 GCC5.1.0",
    "DeviceSerialNumber": "66072",
    "DwellTime": 7.4e-06,
    "EchoTime": 0.00228,
    "FlipAngle": 8,
    "ImageOrientationPatientDICOM": [
      -0.0556547,
      0.995912,
      0.0711417,
      0.0106583,
      0.0718407,
      -0.997359
    ],
    "ImageType": [
      "ORIGINAL",
      "PRIMARY",
      "M",
      "ND",
      "NORM"
    ],
    "InPlanePhaseEncodingDirectionDICOM": "ROW",
    "InstitutionAddress": "Boulevard_Jean_Moulin_27_Marseille_District_FR_13005",
    "InstitutionName": "Universite_d_aix_Marseille",
    "InstitutionalDepartmentName": "Department",
    "InversionTime": 1.01,
    "MRAcquisitionType": "3D",
    "MagneticFieldStrength": 3,
    "Manufacturer": "Siemens",
    "ManufacturersModelName": "Prisma",
    "Modality": "MR",
    "ParallelReductionFactorInPlane": 2,
    "PartialFourier": 1,
    "PatientPosition": "HFS",
    "PercentPhaseFOV": 100,
    "PhaseEncodingSteps": 319,
    "PhaseResolution": 1,
    "PixelBandwidth": 210,
    "ProcedureStepDescription": "Projets_Convers",
    "ProtocolName": "T1w",
    "PulseSequenceDetails": "%SiemensSeq%_tfl",
    "ReceiveCoilActiveElements": "HC1-7;NC1,2",
    "ReceiveCoilName": "HeadNeck_64",
    "ReconMatrixPE": 320,
    "RepetitionTime": 2.4,
    "SAR": 0.0563914,
    "ScanOptions": "IR_WE",
    "ScanningSequence": "GR_IR",
    "SequenceName": "_tfl3d1_16ns",
    "SequenceVariant": "SK_SP_MP",
    "SeriesDescription": "T1w",
    "SeriesNumber": 18,
    "ShimSetting": [
      -589,
      -10813,
      -660,
      46,
      3,
      -144,
      112,
      11
    ],
    "SliceThickness": 0.8,
    "SoftwareVersions": "syngo_MR_E11",
    "StationName": "AWP66072",
    "TxRefAmp": 241.558,
    "dataset": "ds001740",
    "modality": "T1w",
    "subject_id": "15"
  },
  "cjv": 0.3195583729109819,
  "cnr": 4.127595834638618,
  "efc": 0.4833914305083252,
  "fber": 68066.06371191135,
  "fwhm_avg": 4.694606661991621,
  "fwhm_x": 4.6950826258779506,
  "fwhm_y": 4.614512431238406,
  "fwhm_z": 4.774224928858505,
  "icvs_csf": 0.19358372817476505,
  "icvs_gm": 0.45602448343179125,
  "icvs_wm": 0.3503917883934437,
  "inu_med": 0.4759029150009155,
  "inu_range": 0.22999704331159593,
  "provenance": {
    "md5sum": "1d50d1d4fad7fb1a2e030a27f75faa05",
    "settings": {
      "testing": false
    },
    "software": "mriqc",
    "version": "23.0.1",
    "warnings": {
      "large_rot_frame": true,
      "small_air_mask": false
    },
    "webapi_port": null,
    "webapi_url": "https://mriqc.nimh.nih.gov/api/v1"
  },
  "qi_1": 0.0,
  "qi_2": 0.00929820361963784,
  "rpve_csf": 30.50992513286371,
  "rpve_gm": 14.13545015441516,
  "rpve_wm": 20.4224806049698,
  "size_x": 256,
  "size_y": 320,
  "size_z": 320,
  "snr_csf": 2.3637994254122634,
  "snr_gm": 13.151543814504818,
  "snr_total": 13.169437399505247,
  "snr_wm": 23.99296895859866,
  "snrd_csf": 26.598171326292842,
  "snrd_gm": 67.82246018713231,
  "snrd_total": 63.063823121420114,
  "snrd_wm": 94.7708378508352,
  "spacing_x": 0.7999987006187439,
  "spacing_y": 0.800000011920929,
  "spacing_z": 0.800000011920929,
  "summary_bg_k": 2287.937339629563,
  "summary_bg_mad": 0.0,
  "summary_bg_mean": 2.7081663975813313,
  "summary_bg_median": 0.0,
  "summary_bg_n": 4820450.0,
  "summary_bg_p05": 0.0,
  "summary_bg_p95": 12.907483153045177,
  "summary_bg_stdv": 6.913030491462636,
  "summary_csf_k": 0.011945695912616294,
  "summary_csf_mad": 124.76008619180928,
  "summary_csf_mean": 276.8991734031774,
  "summary_csf_median": 280.66517048329115,
  "summary_csf_n": 85578.0,
  "summary_csf_p05": 83.9870659928769,
  "summary_csf_p95": 471.79622469842434,
  "summary_csf_stdv": 118.73407178307498,
  "summary_gm_k": 0.42250678416842824,
  "summary_gm_mad": 51.07023603522933,
  "summary_gm_mean": 714.9989240086495,
  "summary_gm_median": 715.6658297106624,
  "summary_gm_n": 148147.0,
  "summary_gm_p05": 624.2576207965612,
  "summary_gm_p95": 804.1969104781747,
  "summary_gm_stdv": 54.41668479455528,
  "summary_wm_k": 0.3655886450200576,
  "summary_wm_mad": 39.79956325504079,
  "summary_wm_mean": 998.1646030138788,
  "summary_wm_median": 1000.0263941437006,
  "summary_wm_n": 447845.0,
  "summary_wm_p05": 927.6230683997273,
  "summary_wm_p95": 1064.1942705139518,
  "summary_wm_stdv": 41.679930457189826,
  "tpm_overlap_csf": 0.13889086995170777,
  "tpm_overlap_gm": 0.4595175823652437,
  "tpm_overlap_wm": 0.5017412737584397,
  "wm2max": 0.9066456074855817
}