{
  "aor": 0.0012163896103896104,
  "aqi": 0.004128385688311688,
  "bids_meta": {
    "AcquisitionDateTime": "2018-05-29T15:35:09.616000",
    "AcquisitionMatrixPE": 84,
    "AcquisitionNumber": 1,
    "AcquisitionTime": "15:35:7.152500",
    "BandwidthPerPixelPhaseEncode": 23.81,
    "BaseResolution": 84,
    "BodyPartExamined": "HEAD",
    "ConsistencyInfo": "N4_VE11B_LATEST_20150530",
    "ConversionSoftware": "dcm2niix",
    "ConversionSoftwareVersion": "v1.0.20171215 GCC5.1.0",
    "DerivedVendorReportedEchoSpacing": 0.00049999,
    "DeviceSerialNumber": "66072",
    "DwellTime": 2.3e-06,
    "EchoTime": 0.03,
    "EchoTrainLength": 84,
    "EffectiveEchoSpacing": 0.00049999,
    "FlipAngle": 65,
    "ImageComments": "Unaliased_MB3_PE3_LB_SENSE1",
    "ImageOrientationPatientDICOM": [
      0.994485,
      0.0928305,
      0.0488111,
      -0.0887554,
      0.992843,
      -0.079905
    ],
    "ImageType": [
      "ORIGINAL",
      "PRIMARY",
      "M",
      "MB",
      "ND",
      "MOSAIC"
    ],
    "InPlanePhaseEncodingDirectionDICOM": "COL",
    "InstitutionAddress": "Boulevard_Jean_Moulin_27_Marseille_District_FR_13005",
    "InstitutionName": "Universite_d_aix_Marseille",
    "InstitutionalDepartmentName": "Department",
    "MRAcquisitionType": "2D",
    "MagneticFieldStrength": 3,
    "Manufacturer": "Siemens",
    "ManufacturersModelName": "Prisma",
    "Modality": "MR",
    "MultibandAccelerationFactor": 3,
    "PartialFourier": 1,
    "PatientPosition": "HFS",
    "PercentPhaseFOV": 100,
    "PhaseEncodingDirection": "j",
    "PhaseEncodingSteps": 84,
    "PhaseResolution": 1,
    "PixelBandwidth": 2590,
    "ProcedureStepDescription": "Projets_Convers",
    "ProtocolName": "task-convers_run3_bold",
    "PulseSequenceDetails": "%CustomerSeq%_cmrr_mbep2d_bold",
    "ReceiveCoilActiveElements": "HC1-7",
    "ReceiveCoilName": "HeadNeck_64",
    "ReconMatrixPE": 84,
    "RepetitionTime": 1.205,
    "SAR": 0.0848454,
    "ScanOptions": "FS_EXT",
    "ScanningSequence": "EP",
    "SequenceName": "epfid2d1_84",
    "SequenceVariant": "SK_SS",
    "SeriesDescription": "task-convers_run3_bold",
    "SeriesNumber": 21,
    "ShimSetting": [
      -600,
      -10784,
      -530,
      410,
      0,
      -104,
      141,
      -16
    ],
    "SliceThickness": 2.5,
    "SliceTiming": [
      1.1375,
      1.07,
      1.005,
      0.9375,
      0.87,
      0.8025,
      0.7375,
      0.67,
      0.6025,
      0.535,
      0.4675,
      0.4025,
      0.335,
      0.2675,
      0.2,
      0.135,
      0.0675,
      0,
      1.1375,
      1.07,
      1.005,
      0.9375,
      0.87,
      0.8025,
      0.7375,
      0.67,
      0.6025,
      0.535,
      0.4675,
      0.4025,
      0.335,
      0.2675,
      0.2,
      0.135,
      0.0675,
      0,
      1.1375,
      1.07,
      1.005,
      0.9375,
      0.87,
      0.8025,
      0.7375,
      0.67,
      0.6025,
      0.535,
      0.4675,
      0.4025,
      0.335,
      0.2675,
      0.2,
      0.135,
      0.0675,
      0
    ],
    "SoftwareVersions": "syngo_MR_E11",
    "SpacingBetweenSlices": 2.5,
    "StationName": "AWP66072",
    "TaskName": "convers",
    "TotalReadoutTime": 0.04199916,
    "TxRefAmp": 271.439,
    "dataset": "ds001740",
    "modality": "bold",
    "run_id": 3,
    "subject_id": "04",
    "task_id": "convers"
  },
  "dummy_trs": 0,
  "dvars_nstd": 35.25721945877603,
  "dvars_std": 1.1714229532812495,
  "dvars_vstd": 1.0164758415104174,
  "efc": 0.5279739316178609,
  "fber": 5965.11376953125,
  "fd_mean": 0.17484476344193126,
  "fd_num": 118,
  "fd_perc": 30.649350649350648,
  "fwhm_avg": 3.126713333333333,
  "fwhm_x": 2.857084,
  "fwhm_y": 3.227724,
  "fwhm_z": 3.2953319999999997,
  "gcor": 0.0255418,
  "gsr_x": 0.0013773301616311073,
  "gsr_y": 0.05357373505830765,
  "provenance": {
    "md5sum": "84cecf69468df9438dab799efab12175",
    "settings": {
      "fd_thres": 0.2,
      "testing": false
    },
    "software": "mriqc",
    "version": "23.0.1",
    "webapi_port": null,
    "webapi_url": "https://mriqc.nimh.nih.gov/api/v1"
  },
  "size_t": 385,
  "size_x": 84,
  "size_y": 84,
  "size_z": 54,
  "snr": 2.2619332958092677,
  "spacing_tr": 1.2050000429153442,
  "spacing_x": 2.5,
  "spacing_y": 2.5,
  "spacing_z": 2.5,
  "summary_bg_k": 20.089071710600653,
  "summary_bg_mad": 120.84028437005784,
  "summary_bg_mean": 720.81640625,
  "summary_bg_median": 125.55265808105469,
  "summary_bg_n": 224358.0,
  "summary_bg_p05": 38.58640060424805,
  "summary_bg_p95": 3892.0507202148433,
  "summary_bg_stdv": 1521.088623046875,
  "summary_fg_k": 0.5804627547061689,
  "summary_fg_mad": 4482.573243184644,
  "summary_fg_mean": 11034.2509765625,
  "summary_fg_median": 10199.013671875,
  "summary_fg_n": 87845.0,
  "summary_fg_p05": 5267.79453125,
  "summary_fg_p95": 19413.88828125,
  "summary_fg_stdv": 4508.955078125,
  "tsnr": 45.788719177246094
}