{
  "aor": 0.002780155844155844,
  "aqi": 0.006690107064935066,
  "bids_meta": {
    "AcquisitionDateTime": "2018-05-29T15:08:19.364000",
    "AcquisitionMatrixPE": 84,
    "AcquisitionNumber": 1,
    "AcquisitionTime": "15:08:16.452500",
    "BandwidthPerPixelPhaseEncode": 23.81,
    "BaseResolution": 84,
    "BodyPartExamined": "HEAD",
    "ConsistencyInfo": "N4_VE11B_LATEST_20150530",
    "ConversionSoftware": "dcm2niix",
    "ConversionSoftwareVersion": "v1.0.20171215 GCC5.1.0",
    "DerivedVendorReportedEchoSpacing": 0.00049999,
    "DeviceSerialNumber": "66072",
    "DwellTime": 2.3e-06,
    "EchoTime": 0.03,
    "EchoTrainLength": 84,
    "EffectiveEchoSpacing": 0.00049999,
    "FlipAngle": 65,
    "ImageComments": "Unaliased_MB3_PE3_LB_SENSE1",
    "ImageOrientationPatientDICOM": [
      0.994485,
      0.0928305,
      0.0488111,
      -0.0887554,
      0.992843,
      -0.079905
    ],
    "ImageType": [
      "ORIGINAL",
      "PRIMARY",
      "M",
      "MB",
      "ND",
      "MOSAIC"
    ],
    "InPlanePhaseEncodingDirectionDICOM": "COL",
    "InstitutionAddress": "Boulevard_Jean_Moulin_27_Marseille_District_FR_13005",
    "InstitutionName": "Universite_d_aix_Marseille",
    "InstitutionalDepartmentName": "Department",
    "MRAcquisitionType": "2D",
    "MagneticFieldStrength": 3,
    "Manufacturer": "Siemens",
    "ManufacturersModelName": "Prisma",
    "Modality": "MR",
    "MultibandAccelerationFactor": 3,
    "PartialFourier": 1,
    "PatientPosition": "HFS",
    "PercentPhaseFOV": 100,
    "PhaseEncodingDirection": "j",
    "PhaseEncodingSteps": 84,
    "PhaseResolution": 1,
    "PixelBandwidth": 2590,
    "ProcedureStepDescription": "Projets_Convers",
    "ProtocolName": "task-convers_run1_bold",
    "PulseSequenceDetails": "%CustomerSeq%_cmrr_mbep2d_bold",
    "ReceiveCoilActiveElements": "HC1-7",
    "ReceiveCoilName": "HeadNeck_64",
    "ReconMatrixPE": 84,
    "RepetitionTime": 1.205,
    "SAR": 0.0848454,
    "ScanOptions": "FS_EXT",
    "ScanningSequence": "EP",
    "SequenceName": "epfid2d1_84",
    "SequenceVariant": "SK_SS",
    "SeriesDescription": "task-convers_run1_bold",
    "SeriesNumber": 15,
    "ShimSetting": [
      -600,
      -10784,
      -530,
      410,
      0,
      -104,
      141,
      -16
    ],
    "SliceThickness": 2.5,
    "SliceTiming": [
      1.14,
      1.0725,
      1.005,
      0.9375,
      0.87,
      0.805,
      0.7375,
      0.67,
      0.6025,
      0.5375,
      0.47,
      0.4025,
      0.335,
      0.2675,
      0.2025,
      0.135,
      0.0675,
      0,
      1.14,
      1.0725,
      1.005,
      0.9375,
      0.87,
      0.805,
      0.7375,
      0.67,
      0.6025,
      0.5375,
      0.47,
      0.4025,
      0.335,
      0.2675,
      0.2025,
      0.135,
      0.0675,
      0,
      1.14,
      1.0725,
      1.005,
      0.9375,
      0.87,
      0.805,
      0.7375,
      0.67,
      0.6025,
      0.5375,
      0.47,
      0.4025,
      0.335,
      0.2675,
      0.2025,
      0.135,
      0.0675,
      0
    ],
    "SoftwareVersions": "syngo_MR_E11",
    "SpacingBetweenSlices": 2.5,
    "StationName": "AWP66072",
    "TaskName": "convers",
    "TotalReadoutTime": 0.04199916,
    "TxRefAmp": 271.439,
    "dataset": "ds001740",
    "modality": "bold",
    "run_id": 1,
    "subject_id": "04",
    "task_id": "convers"
  },
  "dummy_trs": 0,
  "dvars_nstd": 36.86532191908855,
  "dvars_std": 1.1617364227604172,
  "dvars_vstd": 1.0158035047135412,
  "efc": 0.5250543339737231,
  "fber": 6182.76025390625,
  "fd_mean": 0.22061059842109812,
  "fd_num": 189,
  "fd_perc": 49.09090909090909,
  "fwhm_avg": 3.123268000000001,
  "fwhm_x": 2.90626,
  "fwhm_y": 3.2264600000000003,
  "fwhm_z": 3.2370840000000003,
  "gcor": 0.0189729,
  "gsr_x": 0.002299198415130377,
  "gsr_y": 0.05007859319448471,
  "provenance": {
    "md5sum": "6dc44c67f4411700a553bcfbb2cd20bd",
    "settings": {
      "fd_thres": 0.2,
      "testing": false
    },
    "software": "mriqc",
    "version": "23.0.1",
    "webapi_port": null,
    "webapi_url": "https://mriqc.nimh.nih.gov/api/v1"
  },
  "size_t": 385,
  "size_x": 84,
  "size_y": 84,
  "size_z": 54,
  "snr": 2.2511870079291234,
  "spacing_tr": 1.2050000429153442,
  "spacing_x": 2.5,
  "spacing_y": 2.5,
  "spacing_z": 2.5,
  "summary_bg_k": 20.938176744207023,
  "summary_bg_mad": 118.86778161303458,
  "summary_bg_mean": 694.4457397460938,
  "summary_bg_median": 123.85247802734375,
  "summary_bg_n": 224780.0,
  "summary_bg_p05": 38.64640884399414,
  "summary_bg_p95": 3671.560107421874,
  "summary_bg_stdv": 1467.3896484375,
  "summary_fg_k": 0.704400931409491,
  "summary_fg_mad": 4488.557946573504,
  "summary_fg_mean": 11074.109375,
  "summary_fg_median": 10223.6494140625,
  "summary_fg_n": 87543.0,
  "summary_fg_p05": 5281.184033203125,
  "summary_fg_p95": 19505.954492187495,
  "summary_fg_stdv": 4541.42236328125,
  "tsnr": 38.17140197753906
}