{
  "aor": 0.0009183636363636365,
  "aqi": 0.0049617636103896105,
  "bids_meta": {
    "AcquisitionDateTime": "2018-05-29T15:45:00.000000",
    "AcquisitionMatrixPE": 84,
    "AcquisitionNumber": 1,
    "AcquisitionTime": "15:44:57.910000",
    "BandwidthPerPixelPhaseEncode": 23.81,
    "BaseResolution": 84,
    "BodyPartExamined": "HEAD",
    "ConsistencyInfo": "N4_VE11B_LATEST_20150530",
    "ConversionSoftware": "dcm2niix",
    "ConversionSoftwareVersion": "v1.0.20171215 GCC5.1.0",
    "DerivedVendorReportedEchoSpacing": 0.00049999,
    "DeviceSerialNumber": "66072",
    "DwellTime": 2.3e-06,
    "EchoTime": 0.03,
    "EchoTrainLength": 84,
    "EffectiveEchoSpacing": 0.00049999,
    "FlipAngle": 65,
    "ImageComments": "Unaliased_MB3_PE3_LB_SENSE1",
    "ImageOrientationPatientDICOM": [
      0.994485,
      0.0928305,
      0.0488111,
      -0.0887554,
      0.992843,
      -0.079905
    ],
    "ImageType": [
      "ORIGINAL",
      "PRIMARY",
      "M",
      "MB",
      "ND",
      "MOSAIC"
    ],
    "InPlanePhaseEncodingDirectionDICOM": "COL",
    "InstitutionAddress": "Boulevard_Jean_Moulin_27_Marseille_District_FR_13005",
    "InstitutionName": "Universite_d_aix_Marseille",
    "InstitutionalDepartmentName": "Department",
    "MRAcquisitionType": "2D",
    "MagneticFieldStrength": 3,
    "Manufacturer": "Siemens",
    "ManufacturersModelName": "Prisma",
    "Modality": "MR",
    "MultibandAccelerationFactor": 3,
    "PartialFourier": 1,
    "PatientPosition": "HFS",
    "PercentPhaseFOV": 100,
    "PhaseEncodingDirection": "j",
    "PhaseEncodingSteps": 84,
    "PhaseResolution": 1,
    "PixelBandwidth": 2590,
    "ProcedureStepDescription": "Projets_Convers",
    "ProtocolName": "task-convers_run4_bold",
    "PulseSequenceDetails": "%CustomerSeq%_cmrr_mbep2d_bold",
    "ReceiveCoilActiveElements": "HC1-7",
    "ReceiveCoilName": "HeadNeck_64",
    "ReconMatrixPE": 84,
    "RepetitionTime": 1.205,
    "SAR": 0.0848454,
    "ScanOptions": "FS_EXT",
    "ScanningSequence": "EP",
    "SequenceName": "epfid2d1_84",
    "SequenceVariant": "SK_SS",
    "SeriesDescription": "task-convers_run4_bold",
    "SeriesNumber": 23,
    "ShimSetting": [
      -600,
      -10784,
      -530,
      410,
      0,
      -104,
      141,
      -16
    ],
    "SliceThickness": 2.5,
    "SliceTiming": [
      1.1375,
      1.07,
      1.005,
      0.9375,
      0.87,
      0.8025,
      0.7375,
      0.67,
      0.6025,
      0.535,
      0.4675,
      0.4025,
      0.335,
      0.2675,
      0.2,
      0.135,
      0.0675,
      0,
      1.1375,
      1.07,
      1.005,
      0.9375,
      0.87,
      0.8025,
      0.7375,
      0.67,
      0.6025,
      0.535,
      0.4675,
      0.4025,
      0.335,
      0.2675,
      0.2,
      0.135,
      0.0675,
      0,
      1.1375,
      1.07,
      1.005,
      0.9375,
      0.87,
      0.8025,
      0.7375,
      0.67,
      0.6025,
      0.535,
      0.4675,
      0.4025,
      0.335,
      0.2675,
      0.2,
      0.135,
      0.0675,
      0
    ],
    "SoftwareVersions": "syngo_MR_E11",
    "SpacingBetweenSlices": 2.5,
    "StationName": "AWP66072",
    "TaskName": "convers",
    "TotalReadoutTime": 0.04199916,
    "TxRefAmp": 271.439,
    "dataset": "ds001740",
    "modality": "bold",
    "run_id": 4,
    "subject_id": "04",
    "task_id": "convers"
  },
  "dummy_trs": 0,
  "dvars_nstd": 35.14453469218753,
  "dvars_std": 1.1120453681249987,
  "dvars_vstd": 0.988330591067709,
  "efc": 0.5286379354084432,
  "fber": 5784.248046875,
  "fd_mean": 0.19928433137656387,
  "fd_num": 164,
  "fd_perc": 42.5974025974026,
  "fwhm_avg": 3.121796,
  "fwhm_x": 2.87392,
  "fwhm_y": 3.213796,
  "fwhm_z": 3.277672,
  "gcor": 0.0224647,
  "gsr_x": 0.002541028428822756,
  "gsr_y": 0.051680900156497955,
  "provenance": {
    "md5sum": "e93ec85fea5e26307195392e5e40caa8",
    "settings": {
      "fd_thres": 0.2,
      "testing": false
    },
    "software": "mriqc",
    "version": "23.0.1",
    "webapi_port": null,
    "webapi_url": "https://mriqc.nimh.nih.gov/api/v1"
  },
  "size_t": 385,
  "size_x": 84,
  "size_y": 84,
  "size_z": 54,
  "snr": 2.2927080711797116,
  "spacing_tr": 1.2050000429153442,
  "spacing_x": 2.5,
  "spacing_y": 2.5,
  "spacing_z": 2.5,
  "summary_bg_k": 19.900189457293944,
  "summary_bg_mad": 122.38369927302115,
  "summary_bg_mean": 733.2864379882812,
  "summary_bg_median": 127.48284912109375,
  "summary_bg_n": 224431.0,
  "summary_bg_p05": 39.912864685058594,
  "summary_bg_p95": 3954.7650146484375,
  "summary_bg_stdv": 1540.2022705078125,
  "summary_fg_k": 0.5813492249816763,
  "summary_fg_mad": 4477.143067773994,
  "summary_fg_mean": 11173.8720703125,
  "summary_fg_median": 10318.02734375,
  "summary_fg_n": 86529.0,
  "summary_fg_p05": 5414.91689453125,
  "summary_fg_p95": 19565.63515625,
  "summary_fg_stdv": 4500.3408203125,
  "tsnr": 42.24633026123047
}