{
  "aor": 0.0017089870129870129,
  "aqi": 0.005594738233766235,
  "bids_meta": {
    "AcquisitionDateTime": "2018-07-16T16:29:45.091000",
    "AcquisitionMatrixPE": 84,
    "AcquisitionNumber": 1,
    "AcquisitionTime": "16:29:43.172500",
    "BandwidthPerPixelPhaseEncode": 23.81,
    "BaseResolution": 84,
    "BodyPartExamined": "HEAD",
    "ConsistencyInfo": "N4_VE11B_LATEST_20150530",
    "ConversionSoftware": "dcm2niix",
    "ConversionSoftwareVersion": "v1.0.20171215 GCC5.1.0",
    "DerivedVendorReportedEchoSpacing": 0.00049999,
    "DeviceSerialNumber": "66072",
    "DwellTime": 2.3e-06,
    "EchoTime": 0.03,
    "EchoTrainLength": 84,
    "EffectiveEchoSpacing": 0.00049999,
    "FlipAngle": 65,
    "ImageComments": "Unaliased_MB3_PE3_LB_SENSE1",
    "ImageOrientationPatientDICOM": [
      0.993378,
      -0.0828144,
      0.0796397,
      0.0800997,
      0.996111,
      0.0367039
    ],
    "ImageType": [
      "ORIGINAL",
      "PRIMARY",
      "M",
      "MB",
      "ND",
      "MOSAIC"
    ],
    "InPlanePhaseEncodingDirectionDICOM": "COL",
    "InstitutionAddress": "Boulevard_Jean_Moulin_27_Marseille_District_FR_13005",
    "InstitutionName": "Universite_d_aix_Marseille",
    "InstitutionalDepartmentName": "Department",
    "MRAcquisitionType": "2D",
    "MagneticFieldStrength": 3,
    "Manufacturer": "Siemens",
    "ManufacturersModelName": "Prisma",
    "Modality": "MR",
    "MultibandAccelerationFactor": 3,
    "PartialFourier": 1,
    "PatientPosition": "HFS",
    "PercentPhaseFOV": 100,
    "PhaseEncodingDirection": "j",
    "PhaseEncodingSteps": 84,
    "PhaseResolution": 1,
    "PixelBandwidth": 2590,
    "ProcedureStepDescription": "Projets_Convers",
    "ProtocolName": "task-convers_run2_bold",
    "PulseSequenceDetails": "%CustomerSeq%_cmrr_mbep2d_bold",
    "ReceiveCoilActiveElements": "HC1-6",
    "ReceiveCoilName": "HeadNeck_64",
    "ReconMatrixPE": 84,
    "RepetitionTime": 1.205,
    "SAR": 0.073701,
    "ScanOptions": "FS_EXT",
    "ScanningSequence": "EP",
    "SequenceName": "epfid2d1_84",
    "SequenceVariant": "SK_SS",
    "SeriesDescription": "task-convers_run2_bold",
    "SeriesNumber": 12,
    "ShimSetting": [
      -587,
      -10795,
      -596,
      533,
      53,
      37,
      29,
      2
    ],
    "SliceThickness": 2.5,
    "SliceTiming": [
      1.1375,
      1.07,
      1.005,
      0.9375,
      0.87,
      0.8025,
      0.7375,
      0.67,
      0.6025,
      0.535,
      0.4675,
      0.4025,
      0.335,
      0.2675,
      0.2,
      0.135,
      0.0675,
      0,
      1.1375,
      1.07,
      1.005,
      0.9375,
      0.87,
      0.8025,
      0.7375,
      0.67,
      0.6025,
      0.535,
      0.4675,
      0.4025,
      0.335,
      0.2675,
      0.2,
      0.135,
      0.0675,
      0,
      1.1375,
      1.07,
      1.005,
      0.9375,
      0.87,
      0.8025,
      0.7375,
      0.67,
      0.6025,
      0.535,
      0.4675,
      0.4025,
      0.335,
      0.2675,
      0.2,
      0.135,
      0.0675,
      0
    ],
    "SoftwareVersions": "syngo_MR_E11",
    "SpacingBetweenSlices": 2.5,
    "StationName": "AWP66072",
    "TaskName": "convers",
    "TotalReadoutTime": 0.04199916,
    "TxRefAmp": 220.974,
    "dataset": "ds001740",
    "modality": "bold",
    "run_id": 2,
    "subject_id": "13",
    "task_id": "convers"
  },
  "dummy_trs": 0,
  "dvars_nstd": 35.350926637760416,
  "dvars_std": 1.1397009595572927,
  "dvars_vstd": 1.006872339921875,
  "efc": 0.4745768421430138,
  "fber": 7967.41650390625,
  "fd_mean": 0.21794683570167875,
  "fd_num": 164,
  "fd_perc": 42.5974025974026,
  "fwhm_avg": 3.3382,
  "fwhm_x": 3.095776,
  "fwhm_y": 3.4690719999999997,
  "fwhm_z": 3.449752,
  "gcor": 0.0385711,
  "gsr_x": 0.010396089404821396,
  "gsr_y": 0.04107589274644852,
  "provenance": {
    "md5sum": "311a876738fac00f398661801d3d7a1d",
    "settings": {
      "fd_thres": 0.2,
      "testing": false
    },
    "software": "mriqc",
    "version": "23.0.1",
    "webapi_port": null,
    "webapi_url": "https://mriqc.nimh.nih.gov/api/v1"
  },
  "size_t": 385,
  "size_x": 84,
  "size_y": 84,
  "size_z": 54,
  "snr": 2.4970791811894206,
  "spacing_tr": 1.2050000429153442,
  "spacing_x": 2.5,
  "spacing_y": 2.5,
  "spacing_z": 2.5,
  "summary_bg_k": 38.63408396912499,
  "summary_bg_mad": 122.44886400218383,
  "summary_bg_mean": 585.4652099609375,
  "summary_bg_median": 117.76907348632812,
  "summary_bg_n": 248907.0,
  "summary_bg_p05": 24.304592514038088,
  "summary_bg_p95": 2778.387719726562,
  "summary_bg_stdv": 1357.7008056640625,
  "summary_fg_k": 0.676681303752487,
  "summary_fg_mad": 4091.7178897699173,
  "summary_fg_mean": 11238.6318359375,
  "summary_fg_median": 10498.109375,
  "summary_fg_n": 68739.0,
  "summary_fg_p05": 5795.43603515625,
  "summary_fg_p95": 19217.979492187496,
  "summary_fg_stdv": 4204.125,
  "tsnr": 40.94394302368164
}