{
  "bids_meta": {
    "AcquisitionDateTime": "2018-05-30T16:13:04.286000",
    "AcquisitionMatrixPE": 320,
    "AcquisitionNumber": 1,
    "AcquisitionTime": "16:05:58.057500",
    "BaseResolution": 320,
    "BodyPartExamined": "HEAD",
    "ConsistencyInfo": "N4_VE11B_LATEST_20150530",
    "ConversionSoftware": "dcm2niix",
    "ConversionSoftwareVersion": "v1.0.20171215 GCC5.1.0",
    "DeviceSerialNumber": "66072",
    "DwellTime": 7.4e-06,
    "EchoTime": 0.00228,
    "FlipAngle": 8,
    "ImageOrientationPatientDICOM": [
      -0.00722041,
      0.98169,
      0.190349,
      0.0343728,
      0.190485,
      -0.981088
    ],
    "ImageType": [
      "ORIGINAL",
      "PRIMARY",
      "M",
      "ND",
      "NORM"
    ],
    "InPlanePhaseEncodingDirectionDICOM": "ROW",
    "InstitutionAddress": "Boulevard_Jean_Moulin_27_Marseille_District_FR_13005",
    "InstitutionName": "Universite_d_aix_Marseille",
    "InstitutionalDepartmentName": "Department",
    "InversionTime": 1.01,
    "MRAcquisitionType": "3D",
    "MagneticFieldStrength": 3,
    "Manufacturer": "Siemens",
    "ManufacturersModelName": "Prisma",
    "Modality": "MR",
    "ParallelReductionFactorInPlane": 2,
    "PartialFourier": 1,
    "PatientPosition": "HFS",
    "PercentPhaseFOV": 100,
    "PhaseEncodingSteps": 319,
    "PhaseResolution": 1,
    "PixelBandwidth": 210,
    "ProcedureStepDescription": "Projets_Convers",
    "ProtocolName": "T1w",
    "PulseSequenceDetails": "%SiemensSeq%_tfl",
    "ReceiveCoilActiveElements": "HC1-7;NC1,2",
    "ReceiveCoilName": "HeadNeck_64",
    "ReconMatrixPE": 320,
    "RepetitionTime": 2.4,
    "SAR": 0.0469809,
    "ScanOptions": "IR_WE",
    "ScanningSequence": "GR_IR",
    "SequenceName": "_tfl3d1_16ns",
    "SequenceVariant": "SK_SP_MP",
    "SeriesDescription": "T1w",
    "SeriesNumber": 24,
    "ShimSetting": [
      -598,
      -10826,
      -685,
      -42,
      90,
      -232,
      17,
      -18
    ],
    "SliceThickness": 0.8,
    "SoftwareVersions": "syngo_MR_E11",
    "StationName": "AWP66072",
    "TxRefAmp": 231.604,
    "dataset": "ds001740",
    "modality": "T1w",
    "subject_id": "08"
  },
  "cjv": 0.3376711492410019,
  "cnr": 3.8508893496961987,
  "efc": 0.4500507140024107,
  "fber": 46287.729600694445,
  "fwhm_avg": 4.872631462404147,
  "fwhm_x": 4.827332033103191,
  "fwhm_y": 4.860712427569741,
  "fwhm_z": 4.929849926539512,
  "icvs_csf": 0.18327701059820853,
  "icvs_gm": 0.4270078847572781,
  "icvs_wm": 0.3897151046445134,
  "inu_med": 0.4927670359611511,
  "inu_range": 0.2531692445278167,
  "provenance": {
    "md5sum": "5d2b3bf8e8ee6d4a318fe3b9d441eb7b",
    "settings": {
      "testing": false
    },
    "software": "mriqc",
    "version": "23.0.1",
    "warnings": {
      "large_rot_frame": true,
      "small_air_mask": false
    },
    "webapi_port": null,
    "webapi_url": "https://mriqc.nimh.nih.gov/api/v1"
  },
  "qi_1": 0.0,
  "qi_2": 0.014643076277314652,
  "rpve_csf": 33.085115830605666,
  "rpve_gm": 15.459061272343314,
  "rpve_wm": 19.445856152915002,
  "size_x": 256,
  "size_y": 320,
  "size_z": 320,
  "snr_csf": 2.63973425615989,
  "snr_gm": 13.761020816829143,
  "snr_total": 14.209033388444958,
  "snr_wm": 26.226345092345838,
  "snrd_csf": 17.58713447656901,
  "snrd_gm": 42.93003853648045,
  "snrd_total": 39.45860856608182,
  "snrd_wm": 57.858652685196,
  "spacing_x": 0.8000009059906006,
  "spacing_y": 0.800000011920929,
  "spacing_z": 0.800000011920929,
  "summary_bg_k": 9202.730258616206,
  "summary_bg_mad": 0.0,
  "summary_bg_mean": 2.789345081830792,
  "summary_bg_median": 0.0,
  "summary_bg_n": 4436580.0,
  "summary_bg_p05": 0.0,
  "summary_bg_p95": 13.081394881010056,
  "summary_bg_stdv": 11.323423339921924,
  "summary_csf_k": 0.38970708622189854,
  "summary_csf_mad": 106.81670596325858,
  "summary_csf_mean": 305.99993176685325,
  "summary_csf_median": 303.9772618561983,
  "summary_csf_n": 79443.0,
  "summary_csf_p05": 120.67256439477205,
  "summary_csf_p95": 507.0295801758762,
  "summary_csf_stdv": 115.15376896839216,
  "summary_gm_k": 0.2818041914858216,
  "summary_gm_mad": 51.326872008021546,
  "summary_gm_mean": 742.2599999552175,
  "summary_gm_median": 742.0057874172926,
  "summary_gm_n": 126804.0,
  "summary_gm_p05": 654.3389697279781,
  "summary_gm_p95": 833.1130780279636,
  "summary_gm_stdv": 53.92062634670633,
  "summary_wm_k": 0.5393135035341992,
  "summary_wm_mad": 35.8014727460532,
  "summary_wm_mean": 1000.4152185439252,
  "summary_wm_median": 1000.0329980626702,
  "summary_wm_n": 523684.0,
  "summary_wm_p05": 938.5570488870144,
  "summary_wm_p95": 1063.6561458930373,
  "summary_wm_stdv": 38.13081997263564,
  "tpm_overlap_csf": 0.13659556318001076,
  "tpm_overlap_gm": 0.4455012509941401,
  "tpm_overlap_wm": 0.5017622869416076,
  "wm2max": 0.8062265306665957
}