{
  "aor": 0.002651844155844156,
  "aqi": 0.008143151402597403,
  "bids_meta": {
    "AcquisitionDateTime": "2018-07-17T14:45:01.483000",
    "AcquisitionMatrixPE": 84,
    "AcquisitionNumber": 1,
    "AcquisitionTime": "14:45:0.195000",
    "BandwidthPerPixelPhaseEncode": 23.81,
    "BaseResolution": 84,
    "BodyPartExamined": "HEAD",
    "ConsistencyInfo": "N4_VE11B_LATEST_20150530",
    "ConversionSoftware": "dcm2niix",
    "ConversionSoftwareVersion": "v1.0.20171215 GCC5.1.0",
    "DerivedVendorReportedEchoSpacing": 0.00049999,
    "DeviceSerialNumber": "66072",
    "DwellTime": 2.3e-06,
    "EchoTime": 0.03,
    "EchoTrainLength": 84,
    "EffectiveEchoSpacing": 0.00049999,
    "FlipAngle": 65,
    "ImageComments": "Unaliased_MB3_PE3_LB_SENSE1",
    "ImageOrientationPatientDICOM": [
      0.995287,
      -0.0767024,
      0.0593287,
      0.0767579,
      0.997049,
      0.00134527
    ],
    "ImageType": [
      "ORIGINAL",
      "PRIMARY",
      "M",
      "MB",
      "ND",
      "MOSAIC"
    ],
    "InPlanePhaseEncodingDirectionDICOM": "COL",
    "InstitutionAddress": "Boulevard_Jean_Moulin_27_Marseille_District_FR_13005",
    "InstitutionName": "Universite_d_aix_Marseille",
    "InstitutionalDepartmentName": "Department",
    "MRAcquisitionType": "2D",
    "MagneticFieldStrength": 3,
    "Manufacturer": "Siemens",
    "ManufacturersModelName": "Prisma",
    "Modality": "MR",
    "MultibandAccelerationFactor": 3,
    "PartialFourier": 1,
    "PatientPosition": "HFS",
    "PercentPhaseFOV": 100,
    "PhaseEncodingDirection": "j",
    "PhaseEncodingSteps": 84,
    "PhaseResolution": 1,
    "PixelBandwidth": 2590,
    "ProcedureStepDescription": "Projets_Convers",
    "ProtocolName": "task-convers_run1_bold",
    "PulseSequenceDetails": "%CustomerSeq%_cmrr_mbep2d_bold",
    "ReceiveCoilActiveElements": "HC1-6",
    "ReceiveCoilName": "HeadNeck_64",
    "ReconMatrixPE": 84,
    "RepetitionTime": 1.205,
    "SAR": 0.0766711,
    "ScanOptions": "FS_EXT",
    "ScanningSequence": "EP",
    "SequenceName": "epfid2d1_84",
    "SequenceVariant": "SK_SS",
    "SeriesDescription": "task-convers_run1_bold",
    "SeriesNumber": 10,
    "ShimSetting": [
      -588,
      -10737,
      -577,
      348,
      43,
      30,
      -70,
      28
    ],
    "SliceThickness": 2.5,
    "SliceTiming": [
      1.1375,
      1.0725,
      1.005,
      0.9375,
      0.87,
      0.805,
      0.7375,
      0.67,
      0.6025,
      0.535,
      0.47,
      0.4025,
      0.335,
      0.2675,
      0.2025,
      0.135,
      0.0675,
      0,
      1.1375,
      1.0725,
      1.005,
      0.9375,
      0.87,
      0.805,
      0.7375,
      0.67,
      0.6025,
      0.535,
      0.47,
      0.4025,
      0.335,
      0.2675,
      0.2025,
      0.135,
      0.0675,
      0,
      1.1375,
      1.0725,
      1.005,
      0.9375,
      0.87,
      0.805,
      0.7375,
      0.67,
      0.6025,
      0.535,
      0.47,
      0.4025,
      0.335,
      0.2675,
      0.2025,
      0.135,
      0.0675,
      0
    ],
    "SoftwareVersions": "syngo_MR_E11",
    "SpacingBetweenSlices": 2.5,
    "StationName": "AWP66072",
    "TaskName": "convers",
    "TotalReadoutTime": 0.04199916,
    "TxRefAmp": 234.209,
    "dataset": "ds001740",
    "modality": "bold",
    "run_id": 1,
    "subject_id": "18",
    "task_id": "convers"
  },
  "dummy_trs": 0,
  "dvars_nstd": 37.167734732083346,
  "dvars_std": 1.113235876666667,
  "dvars_vstd": 0.988204748255208,
  "efc": 0.4904452523746354,
  "fber": 6047.369140625,
  "fd_mean": 0.26037617353949516,
  "fd_num": 190,
  "fd_perc": 49.35064935064935,
  "fwhm_avg": 3.252213438978078,
  "fwhm_x": 3.0386040000000003,
  "fwhm_y": 3.39474,
  "fwhm_z": 3.323296316934234,
  "gcor": 0.02586,
  "gsr_x": -0.014828178100287914,
  "gsr_y": 0.04547901824116707,
  "provenance": {
    "md5sum": "50532f20ce28229ff8c2d274b749a38f",
    "settings": {
      "fd_thres": 0.2,
      "testing": false
    },
    "software": "mriqc",
    "version": "23.0.1",
    "webapi_port": null,
    "webapi_url": "https://mriqc.nimh.nih.gov/api/v1"
  },
  "size_t": 385,
  "size_x": 84,
  "size_y": 84,
  "size_z": 54,
  "snr": 2.4209938863146188,
  "spacing_tr": 1.2050000429153442,
  "spacing_x": 2.5,
  "spacing_y": 2.5,
  "spacing_z": 2.499999761581421,
  "summary_bg_k": 24.13506619839457,
  "summary_bg_mad": 145.90616721835323,
  "summary_bg_mean": 580.848388671875,
  "summary_bg_median": 134.22933959960938,
  "summary_bg_n": 242038.0,
  "summary_bg_p05": 25.346518898010252,
  "summary_bg_p95": 2771.6010620117177,
  "summary_bg_stdv": 1159.3489990234375,
  "summary_fg_k": 0.431686187317335,
  "summary_fg_mad": 4415.286412909526,
  "summary_fg_mean": 11309.5732421875,
  "summary_fg_median": 10575.2705078125,
  "summary_fg_n": 75393.0,
  "summary_fg_p05": 5640.915234375,
  "summary_fg_p95": 19389.424609375,
  "summary_fg_stdv": 4368.12353515625,
  "tsnr": 34.84809112548828
}