{
  "aor": 0.0011807792207792207,
  "aqi": 0.006184074701298702,
  "bids_meta": {
    "AcquisitionDateTime": "2018-07-17T15:06:40.849000",
    "AcquisitionMatrixPE": 84,
    "AcquisitionNumber": 1,
    "AcquisitionTime": "15:06:39.205000",
    "BandwidthPerPixelPhaseEncode": 23.81,
    "BaseResolution": 84,
    "BodyPartExamined": "HEAD",
    "ConsistencyInfo": "N4_VE11B_LATEST_20150530",
    "ConversionSoftware": "dcm2niix",
    "ConversionSoftwareVersion": "v1.0.20171215 GCC5.1.0",
    "DerivedVendorReportedEchoSpacing": 0.00049999,
    "DeviceSerialNumber": "66072",
    "DwellTime": 2.3e-06,
    "EchoTime": 0.03,
    "EchoTrainLength": 84,
    "EffectiveEchoSpacing": 0.00049999,
    "FlipAngle": 65,
    "ImageComments": "Unaliased_MB3_PE3_LB_SENSE1",
    "ImageOrientationPatientDICOM": [
      0.995287,
      -0.0767024,
      0.0593287,
      0.0767579,
      0.997049,
      0.00134527
    ],
    "ImageType": [
      "ORIGINAL",
      "PRIMARY",
      "M",
      "MB",
      "ND",
      "MOSAIC"
    ],
    "InPlanePhaseEncodingDirectionDICOM": "COL",
    "InstitutionAddress": "Boulevard_Jean_Moulin_27_Marseille_District_FR_13005",
    "InstitutionName": "Universite_d_aix_Marseille",
    "InstitutionalDepartmentName": "Department",
    "MRAcquisitionType": "2D",
    "MagneticFieldStrength": 3,
    "Manufacturer": "Siemens",
    "ManufacturersModelName": "Prisma",
    "Modality": "MR",
    "MultibandAccelerationFactor": 3,
    "PartialFourier": 1,
    "PatientPosition": "HFS",
    "PercentPhaseFOV": 100,
    "PhaseEncodingDirection": "j",
    "PhaseEncodingSteps": 84,
    "PhaseResolution": 1,
    "PixelBandwidth": 2590,
    "ProcedureStepDescription": "Projets_Convers",
    "ProtocolName": "task-convers_run3_bold",
    "PulseSequenceDetails": "%CustomerSeq%_cmrr_mbep2d_bold",
    "ReceiveCoilActiveElements": "HC1-6",
    "ReceiveCoilName": "HeadNeck_64",
    "ReconMatrixPE": 84,
    "RepetitionTime": 1.205,
    "SAR": 0.0766711,
    "ScanOptions": "FS_EXT",
    "ScanningSequence": "EP",
    "SequenceName": "epfid2d1_84",
    "SequenceVariant": "SK_SS",
    "SeriesDescription": "task-convers_run3_bold",
    "SeriesNumber": 14,
    "ShimSetting": [
      -588,
      -10737,
      -577,
      348,
      43,
      30,
      -70,
      28
    ],
    "SliceThickness": 2.5,
    "SliceTiming": [
      1.1375,
      1.07,
      1.0025,
      0.9375,
      0.87,
      0.8025,
      0.735,
      0.67,
      0.6025,
      0.535,
      0.4675,
      0.4,
      0.335,
      0.2675,
      0.2,
      0.1325,
      0.0675,
      0,
      1.1375,
      1.07,
      1.0025,
      0.9375,
      0.87,
      0.8025,
      0.735,
      0.67,
      0.6025,
      0.535,
      0.4675,
      0.4,
      0.335,
      0.2675,
      0.2,
      0.1325,
      0.0675,
      0,
      1.1375,
      1.07,
      1.0025,
      0.9375,
      0.87,
      0.8025,
      0.735,
      0.67,
      0.6025,
      0.535,
      0.4675,
      0.4,
      0.335,
      0.2675,
      0.2,
      0.1325,
      0.0675,
      0
    ],
    "SoftwareVersions": "syngo_MR_E11",
    "SpacingBetweenSlices": 2.5,
    "StationName": "AWP66072",
    "TaskName": "convers",
    "TotalReadoutTime": 0.04199916,
    "TxRefAmp": 234.209,
    "dataset": "ds001740",
    "modality": "bold",
    "run_id": 3,
    "subject_id": "18",
    "task_id": "convers"
  },
  "dummy_trs": 0,
  "dvars_nstd": 32.71334490700523,
  "dvars_std": 1.1063223147656251,
  "dvars_vstd": 0.9911889958854164,
  "efc": 0.4919349981554619,
  "fber": 5864.30908203125,
  "fd_mean": 0.19917055741729797,
  "fd_num": 140,
  "fd_perc": 36.36363636363637,
  "fwhm_avg": 3.2515507722402037,
  "fwhm_x": 3.046804,
  "fwhm_y": 3.386792,
  "fwhm_z": 3.3210563167206115,
  "gcor": 0.0215032,
  "gsr_x": -0.016404300928115845,
  "gsr_y": 0.04770468547940254,
  "provenance": {
    "md5sum": "6dec43950e195ce75f2ce589ea934361",
    "settings": {
      "fd_thres": 0.2,
      "testing": false
    },
    "software": "mriqc",
    "version": "23.0.1",
    "webapi_port": null,
    "webapi_url": "https://mriqc.nimh.nih.gov/api/v1"
  },
  "size_t": 385,
  "size_x": 84,
  "size_y": 84,
  "size_z": 54,
  "snr": 2.4132438559255514,
  "spacing_tr": 1.2050000429153442,
  "spacing_x": 2.5,
  "spacing_y": 2.5,
  "spacing_z": 2.499999761581421,
  "summary_bg_k": 25.321550358927514,
  "summary_bg_mad": 145.62552961694578,
  "summary_bg_mean": 594.7237548828125,
  "summary_bg_median": 135.26930236816406,
  "summary_bg_n": 241515.0,
  "summary_bg_p05": 25.52092056274414,
  "summary_bg_p95": 2874.941601562497,
  "summary_bg_stdv": 1196.7635498046875,
  "summary_fg_k": 0.42611722955333464,
  "summary_fg_mad": 4440.36830698402,
  "summary_fg_mean": 11347.19921875,
  "summary_fg_median": 10600.306640625,
  "summary_fg_n": 75125.0,
  "summary_fg_p05": 5660.8697265625,
  "summary_fg_p95": 19482.524218750004,
  "summary_fg_stdv": 4392.52587890625,
  "tsnr": 40.2271842956543
}