{
  "aor": 0.0010164155844155844,
  "aqi": 0.005684903116883117,
  "bids_meta": {
    "AcquisitionDateTime": "2018-07-17T09:56:00.743000",
    "AcquisitionMatrixPE": 84,
    "AcquisitionNumber": 1,
    "AcquisitionTime": "09:55:56.330000",
    "BandwidthPerPixelPhaseEncode": 23.81,
    "BaseResolution": 84,
    "BodyPartExamined": "HEAD",
    "ConsistencyInfo": "N4_VE11B_LATEST_20150530",
    "ConversionSoftware": "dcm2niix",
    "ConversionSoftwareVersion": "v1.0.20171215 GCC5.1.0",
    "DerivedVendorReportedEchoSpacing": 0.00049999,
    "DeviceSerialNumber": "66072",
    "DwellTime": 2.3e-06,
    "EchoTime": 0.03,
    "EchoTrainLength": 84,
    "EffectiveEchoSpacing": 0.00049999,
    "FlipAngle": 65,
    "ImageComments": "Unaliased_MB3_PE3_LB_SENSE1",
    "ImageOrientationPatientDICOM": [
      0.998396,
      0.0547013,
      0.0146205,
      -0.0517996,
      0.986669,
      -0.154276
    ],
    "ImageType": [
      "ORIGINAL",
      "PRIMARY",
      "M",
      "MB",
      "ND",
      "MOSAIC"
    ],
    "InPlanePhaseEncodingDirectionDICOM": "COL",
    "InstitutionAddress": "Boulevard_Jean_Moulin_27_Marseille_District_FR_13005",
    "InstitutionName": "Universite_d_aix_Marseille",
    "InstitutionalDepartmentName": "Department",
    "MRAcquisitionType": "2D",
    "MagneticFieldStrength": 3,
    "Manufacturer": "Siemens",
    "ManufacturersModelName": "Prisma",
    "Modality": "MR",
    "MultibandAccelerationFactor": 3,
    "PartialFourier": 1,
    "PatientPosition": "HFS",
    "PercentPhaseFOV": 100,
    "PhaseEncodingDirection": "j",
    "PhaseEncodingSteps": 84,
    "PhaseResolution": 1,
    "PixelBandwidth": 2590,
    "ProcedureStepDescription": "Projets_Convers",
    "ProtocolName": "task-convers_run1_bold",
    "PulseSequenceDetails": "%CustomerSeq%_cmrr_mbep2d_bold",
    "ReceiveCoilActiveElements": "HC1-7",
    "ReceiveCoilName": "HeadNeck_64",
    "ReconMatrixPE": 84,
    "RepetitionTime": 1.205,
    "SAR": 0.086206,
    "ScanOptions": "FS_EXT",
    "ScanningSequence": "EP",
    "SequenceName": "epfid2d1_84",
    "SequenceVariant": "SK_SS",
    "SeriesDescription": "task-convers_run1_bold",
    "SeriesNumber": 10,
    "ShimSetting": [
      -579,
      -10730,
      -517,
      419,
      67,
      160,
      23,
      38
    ],
    "SliceThickness": 2.5,
    "SliceTiming": [
      1.1375,
      1.0725,
      1.005,
      0.9375,
      0.87,
      0.805,
      0.7375,
      0.67,
      0.6025,
      0.535,
      0.47,
      0.4025,
      0.335,
      0.2675,
      0.2025,
      0.135,
      0.0675,
      0,
      1.1375,
      1.0725,
      1.005,
      0.9375,
      0.87,
      0.805,
      0.7375,
      0.67,
      0.6025,
      0.535,
      0.47,
      0.4025,
      0.335,
      0.2675,
      0.2025,
      0.135,
      0.0675,
      0,
      1.1375,
      1.0725,
      1.005,
      0.9375,
      0.87,
      0.805,
      0.7375,
      0.67,
      0.6025,
      0.535,
      0.47,
      0.4025,
      0.335,
      0.2675,
      0.2025,
      0.135,
      0.0675,
      0
    ],
    "SoftwareVersions": "syngo_MR_E11",
    "SpacingBetweenSlices": 2.5,
    "StationName": "AWP66072",
    "TaskName": "convers",
    "TotalReadoutTime": 0.04199916,
    "TxRefAmp": 241.558,
    "dataset": "ds001740",
    "modality": "bold",
    "run_id": 1,
    "subject_id": "15",
    "task_id": "convers"
  },
  "dummy_trs": 0,
  "dvars_nstd": 34.60415685674477,
  "dvars_std": 1.1605872156770836,
  "dvars_vstd": 1.0034730730989583,
  "efc": 0.5020859399455564,
  "fber": 8150.16552734375,
  "fd_mean": 0.19919925423216078,
  "fd_num": 145,
  "fd_perc": 37.66233766233766,
  "fwhm_avg": 3.0392786666666667,
  "fwhm_x": 2.802692,
  "fwhm_y": 3.218188,
  "fwhm_z": 3.096956,
  "gcor": 0.0223526,
  "gsr_x": 0.005719633307307959,
  "gsr_y": 0.03773559257388115,
  "provenance": {
    "md5sum": "b7052a6c0d33f3bcb1e18de6fa4273f2",
    "settings": {
      "fd_thres": 0.2,
      "testing": false
    },
    "software": "mriqc",
    "version": "23.0.1",
    "webapi_port": null,
    "webapi_url": "https://mriqc.nimh.nih.gov/api/v1"
  },
  "size_t": 385,
  "size_x": 84,
  "size_y": 84,
  "size_z": 54,
  "snr": 2.5512057999480793,
  "spacing_tr": 1.2050000429153442,
  "spacing_x": 2.5,
  "spacing_y": 2.5,
  "spacing_z": 2.5,
  "summary_bg_k": 21.367319995207882,
  "summary_bg_mad": 111.67409490989766,
  "summary_bg_mean": 852.291259765625,
  "summary_bg_median": 113.95101928710938,
  "summary_bg_n": 243920.0,
  "summary_bg_p05": 28.344129371643067,
  "summary_bg_p95": 4990.566821289058,
  "summary_bg_stdv": 2062.423095703125,
  "summary_fg_k": 0.6927075605747879,
  "summary_fg_mad": 4210.762595149662,
  "summary_fg_mean": 11277.9443359375,
  "summary_fg_median": 10618.62890625,
  "summary_fg_n": 71391.0,
  "summary_fg_p05": 5745.85546875,
  "summary_fg_p95": 18825.5078125,
  "summary_fg_stdv": 4162.1708984375,
  "tsnr": 45.571414947509766
}