{
  "aor": 0.001675220779220779,
  "aqi": 0.008197462285714285,
  "bids_meta": {
    "AcquisitionDateTime": "2018-07-17T10:09:29.145000",
    "AcquisitionMatrixPE": 84,
    "AcquisitionNumber": 1,
    "AcquisitionTime": "10:09:26.737500",
    "BandwidthPerPixelPhaseEncode": 23.81,
    "BaseResolution": 84,
    "BodyPartExamined": "HEAD",
    "ConsistencyInfo": "N4_VE11B_LATEST_20150530",
    "ConversionSoftware": "dcm2niix",
    "ConversionSoftwareVersion": "v1.0.20171215 GCC5.1.0",
    "DerivedVendorReportedEchoSpacing": 0.00049999,
    "DeviceSerialNumber": "66072",
    "DwellTime": 2.3e-06,
    "EchoTime": 0.03,
    "EchoTrainLength": 84,
    "EffectiveEchoSpacing": 0.00049999,
    "FlipAngle": 65,
    "ImageComments": "Unaliased_MB3_PE3_LB_SENSE1",
    "ImageOrientationPatientDICOM": [
      0.998396,
      0.0547013,
      0.0146205,
      -0.0517996,
      0.986669,
      -0.154276
    ],
    "ImageType": [
      "ORIGINAL",
      "PRIMARY",
      "M",
      "MB",
      "ND",
      "MOSAIC"
    ],
    "InPlanePhaseEncodingDirectionDICOM": "COL",
    "InstitutionAddress": "Boulevard_Jean_Moulin_27_Marseille_District_FR_13005",
    "InstitutionName": "Universite_d_aix_Marseille",
    "InstitutionalDepartmentName": "Department",
    "MRAcquisitionType": "2D",
    "MagneticFieldStrength": 3,
    "Manufacturer": "Siemens",
    "ManufacturersModelName": "Prisma",
    "Modality": "MR",
    "MultibandAccelerationFactor": 3,
    "PartialFourier": 1,
    "PatientPosition": "HFS",
    "PercentPhaseFOV": 100,
    "PhaseEncodingDirection": "j",
    "PhaseEncodingSteps": 84,
    "PhaseResolution": 1,
    "PixelBandwidth": 2590,
    "ProcedureStepDescription": "Projets_Convers",
    "ProtocolName": "task-convers_run2_bold",
    "PulseSequenceDetails": "%CustomerSeq%_cmrr_mbep2d_bold",
    "ReceiveCoilActiveElements": "HC1-7",
    "ReceiveCoilName": "HeadNeck_64",
    "ReconMatrixPE": 84,
    "RepetitionTime": 1.205,
    "SAR": 0.086206,
    "ScanOptions": "FS_EXT",
    "ScanningSequence": "EP",
    "SequenceName": "epfid2d1_84",
    "SequenceVariant": "SK_SS",
    "SeriesDescription": "task-convers_run2_bold",
    "SeriesNumber": 12,
    "ShimSetting": [
      -579,
      -10730,
      -517,
      419,
      67,
      160,
      23,
      38
    ],
    "SliceThickness": 2.5,
    "SliceTiming": [
      1.1375,
      1.0725,
      1.005,
      0.9375,
      0.87,
      0.805,
      0.7375,
      0.67,
      0.6025,
      0.535,
      0.47,
      0.4025,
      0.335,
      0.2675,
      0.2025,
      0.135,
      0.0675,
      0,
      1.1375,
      1.0725,
      1.005,
      0.9375,
      0.87,
      0.805,
      0.7375,
      0.67,
      0.6025,
      0.535,
      0.47,
      0.4025,
      0.335,
      0.2675,
      0.2025,
      0.135,
      0.0675,
      0,
      1.1375,
      1.0725,
      1.005,
      0.9375,
      0.87,
      0.805,
      0.7375,
      0.67,
      0.6025,
      0.535,
      0.47,
      0.4025,
      0.335,
      0.2675,
      0.2025,
      0.135,
      0.0675,
      0
    ],
    "SoftwareVersions": "syngo_MR_E11",
    "SpacingBetweenSlices": 2.5,
    "StationName": "AWP66072",
    "TaskName": "convers",
    "TotalReadoutTime": 0.04199916,
    "TxRefAmp": 241.558,
    "dataset": "ds001740",
    "modality": "bold",
    "run_id": 2,
    "subject_id": "15",
    "task_id": "convers"
  },
  "dummy_trs": 0,
  "dvars_nstd": 38.21668434153649,
  "dvars_std": 1.169056545416667,
  "dvars_vstd": 1.0079105341145838,
  "efc": 0.5038646908062738,
  "fber": 7827.94189453125,
  "fd_mean": 0.2588029671747928,
  "fd_num": 212,
  "fd_perc": 55.064935064935064,
  "fwhm_avg": 3.013094666666667,
  "fwhm_x": 2.78464,
  "fwhm_y": 3.207788,
  "fwhm_z": 3.046856,
  "gcor": 0.021223,
  "gsr_x": 0.00603459682315588,
  "gsr_y": 0.03891120105981827,
  "provenance": {
    "md5sum": "fe4da09fa2a7ec589935f332b8741b29",
    "settings": {
      "fd_thres": 0.2,
      "testing": false
    },
    "software": "mriqc",
    "version": "23.0.1",
    "webapi_port": null,
    "webapi_url": "https://mriqc.nimh.nih.gov/api/v1"
  },
  "size_t": 385,
  "size_x": 84,
  "size_y": 84,
  "size_z": 54,
  "snr": 2.5615393215416558,
  "spacing_tr": 1.2050000429153442,
  "spacing_x": 2.5,
  "spacing_y": 2.5,
  "spacing_z": 2.5,
  "summary_bg_k": 21.183913259116224,
  "summary_bg_mad": 112.07353852442401,
  "summary_bg_mean": 864.6514282226562,
  "summary_bg_median": 115.23040771484375,
  "summary_bg_n": 243527.0,
  "summary_bg_p05": 31.128148460388186,
  "summary_bg_p95": 5068.307519531249,
  "summary_bg_stdv": 2093.166259765625,
  "summary_fg_k": 0.6418168043133443,
  "summary_fg_mad": 4161.3763044531515,
  "summary_fg_mean": 11190.1728515625,
  "summary_fg_median": 10533.1796875,
  "summary_fg_n": 71447.0,
  "summary_fg_p05": 5726.504931640625,
  "summary_fg_p95": 18658.360937499998,
  "summary_fg_stdv": 4112.02197265625,
  "tsnr": 40.59515380859375
}