{
  "aor": 0.005277246753246753,
  "aqi": 0.012592930987012986,
  "bids_meta": {
    "AcquisitionDateTime": "2018-07-17T10:30:26.123000",
    "AcquisitionMatrixPE": 84,
    "AcquisitionNumber": 1,
    "AcquisitionTime": "10:30:23.477500",
    "BandwidthPerPixelPhaseEncode": 23.81,
    "BaseResolution": 84,
    "BodyPartExamined": "HEAD",
    "ConsistencyInfo": "N4_VE11B_LATEST_20150530",
    "ConversionSoftware": "dcm2niix",
    "ConversionSoftwareVersion": "v1.0.20171215 GCC5.1.0",
    "DerivedVendorReportedEchoSpacing": 0.00049999,
    "DeviceSerialNumber": "66072",
    "DwellTime": 2.3e-06,
    "EchoTime": 0.03,
    "EchoTrainLength": 84,
    "EffectiveEchoSpacing": 0.00049999,
    "FlipAngle": 65,
    "ImageComments": "Unaliased_MB3_PE3_LB_SENSE1",
    "ImageOrientationPatientDICOM": [
      0.998396,
      0.0547013,
      0.0146205,
      -0.0517996,
      0.986669,
      -0.154276
    ],
    "ImageType": [
      "ORIGINAL",
      "PRIMARY",
      "M",
      "MB",
      "ND",
      "MOSAIC"
    ],
    "InPlanePhaseEncodingDirectionDICOM": "COL",
    "InstitutionAddress": "Boulevard_Jean_Moulin_27_Marseille_District_FR_13005",
    "InstitutionName": "Universite_d_aix_Marseille",
    "InstitutionalDepartmentName": "Department",
    "MRAcquisitionType": "2D",
    "MagneticFieldStrength": 3,
    "Manufacturer": "Siemens",
    "ManufacturersModelName": "Prisma",
    "Modality": "MR",
    "MultibandAccelerationFactor": 3,
    "PartialFourier": 1,
    "PatientPosition": "HFS",
    "PercentPhaseFOV": 100,
    "PhaseEncodingDirection": "j",
    "PhaseEncodingSteps": 84,
    "PhaseResolution": 1,
    "PixelBandwidth": 2590,
    "ProcedureStepDescription": "Projets_Convers",
    "ProtocolName": "task-convers_run4_bold",
    "PulseSequenceDetails": "%CustomerSeq%_cmrr_mbep2d_bold",
    "ReceiveCoilActiveElements": "HC1-7",
    "ReceiveCoilName": "HeadNeck_64",
    "ReconMatrixPE": 84,
    "RepetitionTime": 1.205,
    "SAR": 0.086206,
    "ScanOptions": "FS_EXT",
    "ScanningSequence": "EP",
    "SequenceName": "epfid2d1_84",
    "SequenceVariant": "SK_SS",
    "SeriesDescription": "task-convers_run4_bold",
    "SeriesNumber": 16,
    "ShimSetting": [
      -579,
      -10730,
      -517,
      419,
      67,
      160,
      23,
      38
    ],
    "SliceThickness": 2.5,
    "SliceTiming": [
      1.1375,
      1.0725,
      1.005,
      0.9375,
      0.87,
      0.8025,
      0.7375,
      0.67,
      0.6025,
      0.535,
      0.47,
      0.4025,
      0.335,
      0.2675,
      0.2,
      0.135,
      0.0675,
      0,
      1.1375,
      1.0725,
      1.005,
      0.9375,
      0.87,
      0.8025,
      0.7375,
      0.67,
      0.6025,
      0.535,
      0.47,
      0.4025,
      0.335,
      0.2675,
      0.2,
      0.135,
      0.0675,
      0,
      1.1375,
      1.0725,
      1.005,
      0.9375,
      0.87,
      0.8025,
      0.7375,
      0.67,
      0.6025,
      0.535,
      0.47,
      0.4025,
      0.335,
      0.2675,
      0.2,
      0.135,
      0.0675,
      0
    ],
    "SoftwareVersions": "syngo_MR_E11",
    "SpacingBetweenSlices": 2.5,
    "StationName": "AWP66072",
    "TaskName": "convers",
    "TotalReadoutTime": 0.04199916,
    "TxRefAmp": 241.558,
    "dataset": "ds001740",
    "modality": "bold",
    "run_id": 4,
    "subject_id": "15",
    "task_id": "convers"
  },
  "dummy_trs": 0,
  "dvars_nstd": 41.922191942942725,
  "dvars_std": 1.1804404023697925,
  "dvars_vstd": 1.0270326667968754,
  "efc": 0.5064181230153251,
  "fber": 6630.43115234375,
  "fd_mean": 0.3110660905311244,
  "fd_num": 238,
  "fd_perc": 61.81818181818182,
  "fwhm_avg": 3.0427613333333334,
  "fwhm_x": 2.802876,
  "fwhm_y": 3.2306959999999996,
  "fwhm_z": 3.0947120000000004,
  "gcor": 0.0236608,
  "gsr_x": 0.007365122903138399,
  "gsr_y": 0.03808983042836189,
  "provenance": {
    "md5sum": "cb7d470bf1d552dda7155248e16b3d47",
    "settings": {
      "fd_thres": 0.2,
      "testing": false
    },
    "software": "mriqc",
    "version": "23.0.1",
    "webapi_port": null,
    "webapi_url": "https://mriqc.nimh.nih.gov/api/v1"
  },
  "size_t": 385,
  "size_x": 84,
  "size_y": 84,
  "size_z": 54,
  "snr": 2.5506004366793107,
  "spacing_tr": 1.2050000429153442,
  "spacing_x": 2.5,
  "spacing_y": 2.5,
  "spacing_z": 2.5,
  "summary_bg_k": 20.32910361559283,
  "summary_bg_mad": 123.79010818903764,
  "summary_bg_mean": 894.3411865234375,
  "summary_bg_median": 124.17818450927734,
  "summary_bg_n": 243226.0,
  "summary_bg_p05": 29.576178550720215,
  "summary_bg_p95": 5281.531494140625,
  "summary_bg_stdv": 2156.41015625,
  "summary_fg_k": 0.6628132874388752,
  "summary_fg_mad": 4175.319497826944,
  "summary_fg_mean": 11179.455078125,
  "summary_fg_median": 10516.806640625,
  "summary_fg_n": 71758.0,
  "summary_fg_p05": 5701.534423828125,
  "summary_fg_p95": 18658.9203125,
  "summary_fg_stdv": 4123.23828125,
  "tsnr": 33.561126708984375
}