{
  "aor": 0.0006865104166666665,
  "aqi": 0.002769785026041667,
  "bids_meta": {
    "AcquisitionDateTime": "2018-07-18T13:26:15.264000",
    "AcquisitionMatrixPE": 84,
    "AcquisitionNumber": 1,
    "AcquisitionTime": "13:26:12.982500",
    "BandwidthPerPixelPhaseEncode": 23.81,
    "BaseResolution": 84,
    "BodyPartExamined": "HEAD",
    "ConsistencyInfo": "N4_VE11B_LATEST_20150530",
    "ConversionSoftware": "dcm2niix",
    "ConversionSoftwareVersion": "v1.0.20171215 GCC5.1.0",
    "DerivedVendorReportedEchoSpacing": 0.00049999,
    "DeviceSerialNumber": "66072",
    "DwellTime": 2.3e-06,
    "EchoTime": 0.03,
    "EchoTrainLength": 84,
    "EffectiveEchoSpacing": 0.00049999,
    "FlipAngle": 65,
    "ImageComments": "Unaliased_MB3_PE3_LB_SENSE1",
    "ImageOrientationPatientDICOM": [
      0.997078,
      0.0702989,
      -0.0298971,
      -0.0697225,
      0.997368,
      0.019903
    ],
    "ImageType": [
      "ORIGINAL",
      "PRIMARY",
      "M",
      "MB",
      "ND",
      "MOSAIC"
    ],
    "InPlanePhaseEncodingDirectionDICOM": "COL",
    "InstitutionAddress": "Boulevard_Jean_Moulin_27_Marseille_District_FR_13005",
    "InstitutionName": "Universite_d_aix_Marseille",
    "InstitutionalDepartmentName": "Department",
    "MRAcquisitionType": "2D",
    "MagneticFieldStrength": 3,
    "Manufacturer": "Siemens",
    "ManufacturersModelName": "Prisma",
    "Modality": "MR",
    "MultibandAccelerationFactor": 3,
    "PartialFourier": 1,
    "PatientPosition": "HFS",
    "PercentPhaseFOV": 100,
    "PhaseEncodingDirection": "j",
    "PhaseEncodingSteps": 84,
    "PhaseResolution": 1,
    "PixelBandwidth": 2590,
    "ProcedureStepDescription": "Projets_Convers",
    "ProtocolName": "task-convers_run3_bold",
    "PulseSequenceDetails": "%CustomerSeq%_cmrr_mbep2d_bold",
    "ReceiveCoilActiveElements": "HC1-6",
    "ReceiveCoilName": "HeadNeck_64",
    "ReconMatrixPE": 84,
    "RepetitionTime": 1.205,
    "SAR": 0.0674756,
    "ScanOptions": "FS_EXT",
    "ScanningSequence": "EP",
    "SequenceName": "epfid2d1_84",
    "SequenceVariant": "SK_SS",
    "SeriesDescription": "task-convers_run3_bold",
    "SeriesNumber": 14,
    "ShimSetting": [
      -614,
      -10744,
      -510,
      458,
      114,
      189,
      -9,
      -5
    ],
    "SliceThickness": 2.5,
    "SliceTiming": [
      1.1375,
      1.07,
      1.0025,
      0.935,
      0.87,
      0.8025,
      0.735,
      0.6675,
      0.6,
      0.535,
      0.4675,
      0.4,
      0.3325,
      0.2675,
      0.2,
      0.1325,
      0.065,
      0,
      1.1375,
      1.07,
      1.0025,
      0.935,
      0.87,
      0.8025,
      0.735,
      0.6675,
      0.6,
      0.535,
      0.4675,
      0.4,
      0.3325,
      0.2675,
      0.2,
      0.1325,
      0.065,
      0,
      1.1375,
      1.07,
      1.0025,
      0.935,
      0.87,
      0.8025,
      0.735,
      0.6675,
      0.6,
      0.535,
      0.4675,
      0.4,
      0.3325,
      0.2675,
      0.2,
      0.1325,
      0.065,
      0
    ],
    "SoftwareVersions": "syngo_MR_E11",
    "SpacingBetweenSlices": 2.5,
    "StationName": "AWP66072",
    "TaskName": "convers",
    "TotalReadoutTime": 0.04199916,
    "TxRefAmp": 220.918,
    "dataset": "ds001740",
    "modality": "bold",
    "run_id": 3,
    "subject_id": "21",
    "task_id": "convers"
  },
  "dummy_trs": 1,
  "dvars_nstd": 30.09168326067887,
  "dvars_std": 1.1260757355613575,
  "dvars_vstd": 1.0027206771018273,
  "efc": 0.4736422692728447,
  "fber": 14411.556640625,
  "fd_mean": 0.13862583751991098,
  "fd_num": 58,
  "fd_perc": 15.104166666666666,
  "fwhm_avg": 3.1291533333333335,
  "fwhm_x": 2.926608,
  "fwhm_y": 3.21006,
  "fwhm_z": 3.2507919999999997,
  "gcor": 0.0194989,
  "gsr_x": -0.016507171094417572,
  "gsr_y": 0.04935525730252266,
  "provenance": {
    "md5sum": "fd690ee2c9fd37fca91b1444502d2f95",
    "settings": {
      "fd_thres": 0.2,
      "testing": false
    },
    "software": "mriqc",
    "version": "23.0.1",
    "webapi_port": null,
    "webapi_url": "https://mriqc.nimh.nih.gov/api/v1"
  },
  "size_t": 384,
  "size_x": 84,
  "size_y": 84,
  "size_z": 54,
  "snr": 2.3485286339203495,
  "spacing_tr": 1.2050000429153442,
  "spacing_x": 2.5,
  "spacing_y": 2.5,
  "spacing_z": 2.5,
  "summary_bg_k": 32.383085994639025,
  "summary_bg_mad": 64.78278704567076,
  "summary_bg_mean": 476.3503723144531,
  "summary_bg_median": 83.90769958496094,
  "summary_bg_n": 243574.0,
  "summary_bg_p05": 36.5236457824707,
  "summary_bg_p95": 2419.1151977539043,
  "summary_bg_stdv": 1119.964599609375,
  "summary_fg_k": 0.9442780050312343,
  "summary_fg_mad": 4156.7782829732505,
  "summary_fg_mean": 10963.41796875,
  "summary_fg_median": 10180.298828125,
  "summary_fg_n": 74604.0,
  "summary_fg_p05": 5473.082934570312,
  "summary_fg_p95": 19263.480078124983,
  "summary_fg_stdv": 4334.72705078125,
  "tsnr": 51.81226348876953
}