{
  "aor": 0.001542753246753247,
  "aqi": 0.006696908285714286,
  "bids_meta": {
    "AcquisitionDateTime": "2018-05-30T15:38:20.198000",
    "AcquisitionMatrixPE": 84,
    "AcquisitionNumber": 1,
    "AcquisitionTime": "15:38:18.052500",
    "BandwidthPerPixelPhaseEncode": 23.81,
    "BaseResolution": 84,
    "BodyPartExamined": "HEAD",
    "ConsistencyInfo": "N4_VE11B_LATEST_20150530",
    "ConversionSoftware": "dcm2niix",
    "ConversionSoftwareVersion": "v1.0.20171215 GCC5.1.0",
    "DerivedVendorReportedEchoSpacing": 0.00049999,
    "DeviceSerialNumber": "66072",
    "DwellTime": 2.3e-06,
    "EchoTime": 0.03,
    "EchoTrainLength": 84,
    "EffectiveEchoSpacing": 0.00049999,
    "FlipAngle": 65,
    "ImageComments": "Unaliased_MB3_PE3_LB_SENSE1",
    "ImageOrientationPatientDICOM": [
      0.999383,
      0.000465242,
      0.0351118,
      -0.00366291,
      0.995839,
      0.0910618
    ],
    "ImageType": [
      "ORIGINAL",
      "PRIMARY",
      "M",
      "MB",
      "ND",
      "MOSAIC"
    ],
    "InPlanePhaseEncodingDirectionDICOM": "COL",
    "InstitutionAddress": "Boulevard_Jean_Moulin_27_Marseille_District_FR_13005",
    "InstitutionName": "Universite_d_aix_Marseille",
    "InstitutionalDepartmentName": "Department",
    "MRAcquisitionType": "2D",
    "MagneticFieldStrength": 3,
    "Manufacturer": "Siemens",
    "ManufacturersModelName": "Prisma",
    "Modality": "MR",
    "MultibandAccelerationFactor": 3,
    "PartialFourier": 1,
    "PatientPosition": "HFS",
    "PercentPhaseFOV": 100,
    "PhaseEncodingDirection": "j",
    "PhaseEncodingSteps": 84,
    "PhaseResolution": 1,
    "PixelBandwidth": 2590,
    "ProcedureStepDescription": "Projets_Convers",
    "ProtocolName": "task-convers_run3_bold",
    "PulseSequenceDetails": "%CustomerSeq%_cmrr_mbep2d_bold",
    "ReceiveCoilActiveElements": "HC1-6",
    "ReceiveCoilName": "HeadNeck_64",
    "ReconMatrixPE": 84,
    "RepetitionTime": 1.205,
    "SAR": 0.0718201,
    "ScanOptions": "FS_EXT",
    "ScanningSequence": "EP",
    "SequenceName": "epfid2d1_84",
    "SequenceVariant": "SK_SS",
    "SeriesDescription": "task-convers_run3_bold",
    "SeriesNumber": 20,
    "ShimSetting": [
      -606,
      -10786,
      -490,
      407,
      34,
      -26,
      2,
      24
    ],
    "SliceThickness": 2.5,
    "SliceTiming": [
      1.1375,
      1.0725,
      1.005,
      0.9375,
      0.87,
      0.8025,
      0.7375,
      0.67,
      0.6025,
      0.535,
      0.47,
      0.4025,
      0.335,
      0.2675,
      0.2,
      0.135,
      0.0675,
      0,
      1.1375,
      1.0725,
      1.005,
      0.9375,
      0.87,
      0.8025,
      0.7375,
      0.67,
      0.6025,
      0.535,
      0.47,
      0.4025,
      0.335,
      0.2675,
      0.2,
      0.135,
      0.0675,
      0,
      1.1375,
      1.0725,
      1.005,
      0.9375,
      0.87,
      0.8025,
      0.7375,
      0.67,
      0.6025,
      0.535,
      0.47,
      0.4025,
      0.335,
      0.2675,
      0.2,
      0.135,
      0.0675,
      0
    ],
    "SoftwareVersions": "syngo_MR_E11",
    "SpacingBetweenSlices": 2.5,
    "StationName": "AWP66072",
    "TaskName": "convers",
    "TotalReadoutTime": 0.04199916,
    "TxRefAmp": 231.604,
    "dataset": "ds001740",
    "modality": "bold",
    "run_id": 3,
    "subject_id": "08",
    "task_id": "convers"
  },
  "dummy_trs": 0,
  "dvars_nstd": 37.790491839322925,
  "dvars_std": 1.150604914895834,
  "dvars_vstd": 0.9957225753645838,
  "efc": 0.4702380418110325,
  "fber": 11279.88671875,
  "fd_mean": 0.27516469614934375,
  "fd_num": 213,
  "fd_perc": 55.324675324675326,
  "fwhm_avg": 3.3611279999999994,
  "fwhm_x": 3.136648,
  "fwhm_y": 3.499116,
  "fwhm_z": 3.4476199999999997,
  "gcor": 0.0144215,
  "gsr_x": -0.012134082615375519,
  "gsr_y": 0.033033765852451324,
  "provenance": {
    "md5sum": "b879da0819b09aa4bd2ab4bf00848870",
    "settings": {
      "fd_thres": 0.2,
      "testing": false
    },
    "software": "mriqc",
    "version": "23.0.1",
    "webapi_port": null,
    "webapi_url": "https://mriqc.nimh.nih.gov/api/v1"
  },
  "size_t": 385,
  "size_x": 84,
  "size_y": 84,
  "size_z": 54,
  "snr": 2.2699570815440273,
  "spacing_tr": 1.2050000429153442,
  "spacing_x": 2.5,
  "spacing_y": 2.5,
  "spacing_z": 2.5,
  "summary_bg_k": 26.785197513364846,
  "summary_bg_mad": 92.37770273943467,
  "summary_bg_mean": 526.6227416992188,
  "summary_bg_median": 100.85356903076172,
  "summary_bg_n": 246784.0,
  "summary_bg_p05": 31.264563083648685,
  "summary_bg_p95": 2718.635009765614,
  "summary_bg_stdv": 1189.2257080078125,
  "summary_fg_k": 0.8066676999043825,
  "summary_fg_mad": 4581.119235469073,
  "summary_fg_mean": 11670.3486328125,
  "summary_fg_median": 10814.2255859375,
  "summary_fg_n": 73495.0,
  "summary_fg_p05": 5619.63037109375,
  "summary_fg_p95": 20823.3423828125,
  "summary_fg_stdv": 4764.03369140625,
  "tsnr": 40.384361267089844
}