{
  "bids_meta": {
    "AcquisitionDateTime": "2018-07-17T12:39:25.908000",
    "AcquisitionMatrixPE": 320,
    "AcquisitionNumber": 1,
    "AcquisitionTime": "12:31:22.540000",
    "BaseResolution": 320,
    "BodyPartExamined": "HEAD",
    "ConsistencyInfo": "N4_VE11B_LATEST_20150530",
    "ConversionSoftware": "dcm2niix",
    "ConversionSoftwareVersion": "v1.0.20171215 GCC5.1.0",
    "DeviceSerialNumber": "66072",
    "DwellTime": 2.2e-06,
    "EchoTime": 0.562,
    "EchoTrainLength": 305,
    "FlipAngle": 120,
    "ImageOrientationPatientDICOM": [
      -0.0577237,
      0.938654,
      0.339995,
      0.0394061,
      0.342439,
      -0.938713
    ],
    "ImageType": [
      "ORIGINAL",
      "PRIMARY",
      "M",
      "ND",
      "NORM"
    ],
    "InPlanePhaseEncodingDirectionDICOM": "ROW",
    "InstitutionAddress": "Boulevard_Jean_Moulin_27_Marseille_District_FR_13005",
    "InstitutionName": "Universite_d_aix_Marseille",
    "InstitutionalDepartmentName": "Department",
    "MRAcquisitionType": "3D",
    "MagneticFieldStrength": 3,
    "Manufacturer": "Siemens",
    "ManufacturersModelName": "Prisma",
    "Modality": "MR",
    "ParallelReductionFactorInPlane": 2,
    "PartialFourier": 1,
    "PatientPosition": "HFS",
    "PercentPhaseFOV": 100,
    "PhaseEncodingSteps": 315,
    "PhaseResolution": 1,
    "PixelBandwidth": 710,
    "ProcedureStepDescription": "Projets_Convers",
    "ProtocolName": "T2w",
    "PulseSequenceDetails": "%SiemensSeq%_tse_vfl",
    "ReceiveCoilActiveElements": "HC1-7;NC1,2",
    "ReceiveCoilName": "HeadNeck_64",
    "ReconMatrixPE": 320,
    "RepetitionTime": 3.2,
    "SAR": 0.147025,
    "ScanOptions": "PFP",
    "ScanningSequence": "SE",
    "SequenceName": "_spc_305ns",
    "SequenceVariant": "SK_SP",
    "SeriesDescription": "T2w",
    "SeriesNumber": 25,
    "ShimSetting": [
      -594,
      -10865,
      -633,
      106,
      21,
      -287,
      75,
      10
    ],
    "SliceThickness": 0.8,
    "SoftwareVersions": "syngo_MR_E11",
    "StationName": "AWP66072",
    "TxRefAmp": 230.068,
    "dataset": "ds001740",
    "modality": "T2w",
    "subject_id": "16"
  },
  "cjv": 3.486951556891541,
  "cnr": 0.21613035039704834,
  "efc": 0.42783981326951126,
  "fber": 8078.339108028837,
  "fwhm_avg": 2.6483094950705657,
  "fwhm_x": 2.5456160656677214,
  "fwhm_y": 2.8886749569553887,
  "fwhm_z": 2.510637462588586,
  "icvs_csf": 0.3232665299348066,
  "icvs_gm": 0.6114534724557011,
  "icvs_wm": 0.06527999760949223,
  "inu_med": 0.9205999374389648,
  "inu_range": 0.26981505155563357,
  "provenance": {
    "md5sum": "c9820dc16f7cc401ca79e0dd045ef7e3",
    "settings": {
      "testing": false
    },
    "software": "mriqc",
    "version": "23.0.1",
    "warnings": {
      "large_rot_frame": true,
      "small_air_mask": false
    },
    "webapi_port": null,
    "webapi_url": "https://mriqc.nimh.nih.gov/api/v1"
  },
  "qi_1": 0.0,
  "qi_2": 0.01243312411631384,
  "rpve_csf": 17.71270631436011,
  "rpve_gm": 12.362450203906981,
  "rpve_wm": 109.73617559798187,
  "size_x": 256,
  "size_y": 320,
  "size_z": 320,
  "snr_csf": 4.6179988550654745,
  "snr_gm": 7.826098152842445,
  "snr_total": 4.3057063393516275,
  "snr_wm": 0.4730220101469616,
  "snrd_csf": 141.8660268747201,
  "snrd_gm": 62.24413071422575,
  "snrd_total": 82.26055026688137,
  "snrd_wm": 42.671493211698284,
  "spacing_x": 0.7999988794326782,
  "spacing_y": 0.800000011920929,
  "spacing_z": 0.800000011920929,
  "summary_bg_k": 17.60468571610466,
  "summary_bg_mad": 0.0,
  "summary_bg_mean": 9.727759599449096,
  "summary_bg_median": 0.0,
  "summary_bg_n": 5255137.0,
  "summary_bg_p05": 0.0,
  "summary_bg_p95": 38.35736011713743,
  "summary_bg_stdv": 15.478448748982949,
  "summary_csf_k": -0.5967211462700339,
  "summary_csf_mad": 913.0083106735233,
  "summary_csf_mean": 3367.7028143949715,
  "summary_csf_median": 3351.769228823483,
  "summary_csf_n": 111211.0,
  "summary_csf_p05": 2281.127059813589,
  "summary_csf_p95": 4382.87448336184,
  "summary_csf_stdv": 725.8022932809843,
  "summary_gm_k": 1.089609052765276,
  "summary_gm_mad": 167.36758476024292,
  "summary_gm_mean": 1490.8763529472646,
  "summary_gm_median": 1470.5984695479274,
  "summary_gm_n": 589095.0,
  "summary_gm_p05": 1220.6203208118677,
  "summary_gm_p95": 1838.7068025171757,
  "summary_gm_stdv": 187.90937612107487,
  "summary_wm_k": -1.916434635939303,
  "summary_wm_mad": 1445.0999162483668,
  "summary_wm_mean": 2325.3761118851094,
  "summary_wm_median": 1008.1694754250348,
  "summary_wm_n": 13782.0,
  "summary_wm_p05": 49.62865728139877,
  "summary_wm_p95": 4889.2047430675475,
  "summary_wm_stdv": 2131.260020778947,
  "tpm_overlap_csf": 0.13264056350030032,
  "tpm_overlap_gm": 0.38711931478827827,
  "tpm_overlap_wm": 0.0189025237166393,
  "wm2max": 0.21653173694042072
}