{
  "aor": 0.001388046875,
  "aqi": 0.005381027135416667,
  "bids_meta": {
    "AcquisitionDateTime": "2018-07-16T18:11:28.282000",
    "AcquisitionMatrixPE": 84,
    "AcquisitionNumber": 1,
    "AcquisitionTime": "18:11:26.740000",
    "BandwidthPerPixelPhaseEncode": 23.81,
    "BaseResolution": 84,
    "BodyPartExamined": "HEAD",
    "ConsistencyInfo": "N4_VE11B_LATEST_20150530",
    "ConversionSoftware": "dcm2niix",
    "ConversionSoftwareVersion": "v1.0.20171215 GCC5.1.0",
    "DerivedVendorReportedEchoSpacing": 0.00049999,
    "DeviceSerialNumber": "66072",
    "DwellTime": 2.3e-06,
    "EchoTime": 0.03,
    "EchoTrainLength": 84,
    "EffectiveEchoSpacing": 0.00049999,
    "FlipAngle": 65,
    "ImageComments": "Unaliased_MB3_PE3_LB_SENSE1",
    "ImageOrientationPatientDICOM": [
      0.999573,
      0.0162093,
      0.0243003,
      -0.0183202,
      0.995834,
      0.0893248
    ],
    "ImageType": [
      "ORIGINAL",
      "PRIMARY",
      "M",
      "MB",
      "ND",
      "MOSAIC"
    ],
    "InPlanePhaseEncodingDirectionDICOM": "COL",
    "InstitutionAddress": "Boulevard_Jean_Moulin_27_Marseille_District_FR_13005",
    "InstitutionName": "Universite_d_aix_Marseille",
    "InstitutionalDepartmentName": "Department",
    "MRAcquisitionType": "2D",
    "MagneticFieldStrength": 3,
    "Manufacturer": "Siemens",
    "ManufacturersModelName": "Prisma",
    "Modality": "MR",
    "MultibandAccelerationFactor": 3,
    "PartialFourier": 1,
    "PatientPosition": "HFS",
    "PercentPhaseFOV": 100,
    "PhaseEncodingDirection": "j",
    "PhaseEncodingSteps": 84,
    "PhaseResolution": 1,
    "PixelBandwidth": 2590,
    "ProcedureStepDescription": "Projets_Convers",
    "ProtocolName": "task-convers_run3_bold",
    "PulseSequenceDetails": "%CustomerSeq%_cmrr_mbep2d_bold",
    "ReceiveCoilActiveElements": "HC1-6",
    "ReceiveCoilName": "HeadNeck_64",
    "ReconMatrixPE": 84,
    "RepetitionTime": 1.205,
    "SAR": 0.0751287,
    "ScanOptions": "FS_EXT",
    "ScanningSequence": "EP",
    "SequenceName": "epfid2d1_84",
    "SequenceVariant": "SK_SS",
    "SeriesDescription": "task-convers_run3_bold",
    "SeriesNumber": 18,
    "ShimSetting": [
      -618,
      -10808,
      -493,
      396,
      -20,
      -151,
      58,
      3
    ],
    "SliceThickness": 2.5,
    "SliceTiming": [
      1.1375,
      1.07,
      1.005,
      0.9375,
      0.87,
      0.8025,
      0.735,
      0.67,
      0.6025,
      0.535,
      0.4675,
      0.4025,
      0.335,
      0.2675,
      0.2,
      0.1325,
      0.0675,
      0,
      1.1375,
      1.07,
      1.005,
      0.9375,
      0.87,
      0.8025,
      0.735,
      0.67,
      0.6025,
      0.535,
      0.4675,
      0.4025,
      0.335,
      0.2675,
      0.2,
      0.1325,
      0.0675,
      0,
      1.1375,
      1.07,
      1.005,
      0.9375,
      0.87,
      0.8025,
      0.735,
      0.67,
      0.6025,
      0.535,
      0.4675,
      0.4025,
      0.335,
      0.2675,
      0.2,
      0.1325,
      0.0675,
      0
    ],
    "SoftwareVersions": "syngo_MR_E11",
    "SpacingBetweenSlices": 2.5,
    "StationName": "AWP66072",
    "TaskName": "convers",
    "TotalReadoutTime": 0.04199916,
    "TxRefAmp": 248.206,
    "dataset": "ds001740",
    "modality": "bold",
    "run_id": 3,
    "subject_id": "14",
    "task_id": "convers"
  },
  "dummy_trs": 1,
  "dvars_nstd": 33.974718178563954,
  "dvars_std": 1.098383784490861,
  "dvars_vstd": 0.9904060674412537,
  "efc": 0.4474653648545406,
  "fber": 9082.5341796875,
  "fd_mean": 0.23960817064974402,
  "fd_num": 192,
  "fd_perc": 50.0,
  "fwhm_avg": 3.162497333333333,
  "fwhm_x": 2.958296,
  "fwhm_y": 3.3691920000000004,
  "fwhm_z": 3.160004,
  "gcor": 0.0267317,
  "gsr_x": 0.017283067107200623,
  "gsr_y": 0.026241857558488846,
  "provenance": {
    "md5sum": "c59d8df891e4aac841cead4580367766",
    "settings": {
      "fd_thres": 0.2,
      "testing": false
    },
    "software": "mriqc",
    "version": "23.0.1",
    "webapi_port": null,
    "webapi_url": "https://mriqc.nimh.nih.gov/api/v1"
  },
  "size_t": 384,
  "size_x": 84,
  "size_y": 84,
  "size_z": 54,
  "snr": 2.432780202906172,
  "spacing_tr": 1.2050000429153442,
  "spacing_x": 2.5,
  "spacing_y": 2.5,
  "spacing_z": 2.5,
  "summary_bg_k": 25.862517907534524,
  "summary_bg_mad": 97.03714488924652,
  "summary_bg_mean": 624.1206665039062,
  "summary_bg_median": 106.60360717773438,
  "summary_bg_n": 264488.0,
  "summary_bg_p05": 36.35679244995117,
  "summary_bg_p95": 3350.4265258789055,
  "summary_bg_stdv": 1434.924560546875,
  "summary_fg_k": 1.4245798224258301,
  "summary_fg_mad": 3929.660345808762,
  "summary_fg_mean": 11175.3125,
  "summary_fg_median": 10389.9921875,
  "summary_fg_n": 54589.0,
  "summary_fg_p05": 5793.875390625,
  "summary_fg_p95": 19442.590234375,
  "summary_fg_stdv": 4270.79150390625,
  "tsnr": 42.45310974121094
}