{
  "aor": 0.0013960779220779222,
  "aqi": 0.0056366538181818185,
  "bids_meta": {
    "AcquisitionDateTime": "2018-07-16T17:47:06.234000",
    "AcquisitionMatrixPE": 84,
    "AcquisitionNumber": 1,
    "AcquisitionTime": "17:47:3.415000",
    "BandwidthPerPixelPhaseEncode": 23.81,
    "BaseResolution": 84,
    "BodyPartExamined": "HEAD",
    "ConsistencyInfo": "N4_VE11B_LATEST_20150530",
    "ConversionSoftware": "dcm2niix",
    "ConversionSoftwareVersion": "v1.0.20171215 GCC5.1.0",
    "DerivedVendorReportedEchoSpacing": 0.00049999,
    "DeviceSerialNumber": "66072",
    "DwellTime": 2.3e-06,
    "EchoTime": 0.03,
    "EchoTrainLength": 84,
    "EffectiveEchoSpacing": 0.00049999,
    "FlipAngle": 65,
    "ImageComments": "Unaliased_MB3_PE3_LB_SENSE1",
    "ImageOrientationPatientDICOM": [
      0.999573,
      0.0162093,
      0.0243003,
      -0.0183202,
      0.995834,
      0.0893248
    ],
    "ImageType": [
      "ORIGINAL",
      "PRIMARY",
      "M",
      "MB",
      "ND",
      "MOSAIC"
    ],
    "InPlanePhaseEncodingDirectionDICOM": "COL",
    "InstitutionAddress": "Boulevard_Jean_Moulin_27_Marseille_District_FR_13005",
    "InstitutionName": "Universite_d_aix_Marseille",
    "InstitutionalDepartmentName": "Department",
    "MRAcquisitionType": "2D",
    "MagneticFieldStrength": 3,
    "Manufacturer": "Siemens",
    "ManufacturersModelName": "Prisma",
    "Modality": "MR",
    "MultibandAccelerationFactor": 3,
    "PartialFourier": 1,
    "PatientPosition": "HFS",
    "PercentPhaseFOV": 100,
    "PhaseEncodingDirection": "j",
    "PhaseEncodingSteps": 84,
    "PhaseResolution": 1,
    "PixelBandwidth": 2590,
    "ProcedureStepDescription": "Projets_Convers",
    "ProtocolName": "task-convers_run1_bold",
    "PulseSequenceDetails": "%CustomerSeq%_cmrr_mbep2d_bold",
    "ReceiveCoilActiveElements": "HC1-6",
    "ReceiveCoilName": "HeadNeck_64",
    "ReconMatrixPE": 84,
    "RepetitionTime": 1.205,
    "SAR": 0.0751287,
    "ScanOptions": "FS_EXT",
    "ScanningSequence": "EP",
    "SequenceName": "epfid2d1_84",
    "SequenceVariant": "SK_SS",
    "SeriesDescription": "task-convers_run1_bold",
    "SeriesNumber": 12,
    "ShimSetting": [
      -618,
      -10808,
      -493,
      396,
      -20,
      -151,
      58,
      3
    ],
    "SliceThickness": 2.5,
    "SliceTiming": [
      1.14,
      1.0725,
      1.005,
      0.9375,
      0.87,
      0.805,
      0.7375,
      0.67,
      0.6025,
      0.5375,
      0.47,
      0.4025,
      0.335,
      0.2675,
      0.2025,
      0.135,
      0.0675,
      0,
      1.14,
      1.0725,
      1.005,
      0.9375,
      0.87,
      0.805,
      0.7375,
      0.67,
      0.6025,
      0.5375,
      0.47,
      0.4025,
      0.335,
      0.2675,
      0.2025,
      0.135,
      0.0675,
      0,
      1.14,
      1.0725,
      1.005,
      0.9375,
      0.87,
      0.805,
      0.7375,
      0.67,
      0.6025,
      0.5375,
      0.47,
      0.4025,
      0.335,
      0.2675,
      0.2025,
      0.135,
      0.0675,
      0
    ],
    "SoftwareVersions": "syngo_MR_E11",
    "SpacingBetweenSlices": 2.5,
    "StationName": "AWP66072",
    "TaskName": "convers",
    "TotalReadoutTime": 0.04199916,
    "TxRefAmp": 248.206,
    "dataset": "ds001740",
    "modality": "bold",
    "run_id": 1,
    "subject_id": "14",
    "task_id": "convers"
  },
  "dummy_trs": 0,
  "dvars_nstd": 32.271293049270845,
  "dvars_std": 1.0921535495833334,
  "dvars_vstd": 0.9944225109895838,
  "efc": 0.4471600166758827,
  "fber": 9510.0888671875,
  "fd_mean": 0.2329402467638693,
  "fd_num": 180,
  "fd_perc": 46.753246753246756,
  "fwhm_avg": 3.049944,
  "fwhm_x": 2.900932,
  "fwhm_y": 3.2318800000000003,
  "fwhm_z": 3.01702,
  "gcor": 0.0361327,
  "gsr_x": 0.016831383109092712,
  "gsr_y": 0.017964139580726624,
  "provenance": {
    "md5sum": "c113e660d1acb3bba6c2dfbdaea29a08",
    "settings": {
      "fd_thres": 0.2,
      "testing": false
    },
    "software": "mriqc",
    "version": "23.0.1",
    "webapi_port": null,
    "webapi_url": "https://mriqc.nimh.nih.gov/api/v1"
  },
  "size_t": 385,
  "size_x": 84,
  "size_y": 84,
  "size_z": 54,
  "snr": 2.475787715124722,
  "spacing_tr": 1.2050000429153442,
  "spacing_x": 2.5,
  "spacing_y": 2.5,
  "spacing_z": 2.5,
  "summary_bg_k": 23.843372810134294,
  "summary_bg_mad": 99.0069951329928,
  "summary_bg_mean": 662.1842651367188,
  "summary_bg_median": 107.28733825683594,
  "summary_bg_n": 268288.0,
  "summary_bg_p05": 35.73821868896484,
  "summary_bg_p95": 3649.747412109371,
  "summary_bg_stdv": 1523.6883544921875,
  "summary_fg_k": 1.3066550675436277,
  "summary_fg_mad": 3824.2866373017564,
  "summary_fg_mean": 11001.5673828125,
  "summary_fg_median": 10266.5458984375,
  "summary_fg_n": 54760.0,
  "summary_fg_p05": 5721.51240234375,
  "summary_fg_p95": 18985.70390624999,
  "summary_fg_stdv": 4146.74169921875,
  "tsnr": 41.697147369384766
}