{
  "aor": 0.0018487272727272725,
  "aqi": 0.005705165402597402,
  "bids_meta": {
    "AcquisitionDateTime": "2018-07-16T18:00:13.418000",
    "AcquisitionMatrixPE": 84,
    "AcquisitionNumber": 1,
    "AcquisitionTime": "18:00:11.557500",
    "BandwidthPerPixelPhaseEncode": 23.81,
    "BaseResolution": 84,
    "BodyPartExamined": "HEAD",
    "ConsistencyInfo": "N4_VE11B_LATEST_20150530",
    "ConversionSoftware": "dcm2niix",
    "ConversionSoftwareVersion": "v1.0.20171215 GCC5.1.0",
    "DerivedVendorReportedEchoSpacing": 0.00049999,
    "DeviceSerialNumber": "66072",
    "DwellTime": 2.3e-06,
    "EchoTime": 0.03,
    "EchoTrainLength": 84,
    "EffectiveEchoSpacing": 0.00049999,
    "FlipAngle": 65,
    "ImageComments": "Unaliased_MB3_PE3_LB_SENSE1",
    "ImageOrientationPatientDICOM": [
      0.999573,
      0.0162093,
      0.0243003,
      -0.0183202,
      0.995834,
      0.0893248
    ],
    "ImageType": [
      "ORIGINAL",
      "PRIMARY",
      "M",
      "MB",
      "ND",
      "MOSAIC"
    ],
    "InPlanePhaseEncodingDirectionDICOM": "COL",
    "InstitutionAddress": "Boulevard_Jean_Moulin_27_Marseille_District_FR_13005",
    "InstitutionName": "Universite_d_aix_Marseille",
    "InstitutionalDepartmentName": "Department",
    "MRAcquisitionType": "2D",
    "MagneticFieldStrength": 3,
    "Manufacturer": "Siemens",
    "ManufacturersModelName": "Prisma",
    "Modality": "MR",
    "MultibandAccelerationFactor": 3,
    "PartialFourier": 1,
    "PatientPosition": "HFS",
    "PercentPhaseFOV": 100,
    "PhaseEncodingDirection": "j",
    "PhaseEncodingSteps": 84,
    "PhaseResolution": 1,
    "PixelBandwidth": 2590,
    "ProcedureStepDescription": "Projets_Convers",
    "ProtocolName": "task-convers_run2_bold",
    "PulseSequenceDetails": "%CustomerSeq%_cmrr_mbep2d_bold",
    "ReceiveCoilActiveElements": "HC1-6",
    "ReceiveCoilName": "HeadNeck_64",
    "ReconMatrixPE": 84,
    "RepetitionTime": 1.205,
    "SAR": 0.0751287,
    "ScanOptions": "FS_EXT",
    "ScanningSequence": "EP",
    "SequenceName": "epfid2d1_84",
    "SequenceVariant": "SK_SS",
    "SeriesDescription": "task-convers_run2_bold",
    "SeriesNumber": 16,
    "ShimSetting": [
      -618,
      -10808,
      -493,
      396,
      -20,
      -151,
      58,
      3
    ],
    "SliceThickness": 2.5,
    "SliceTiming": [
      1.1375,
      1.07,
      1.0025,
      0.9375,
      0.87,
      0.8025,
      0.735,
      0.67,
      0.6025,
      0.535,
      0.4675,
      0.4,
      0.335,
      0.2675,
      0.2,
      0.1325,
      0.0675,
      0,
      1.1375,
      1.07,
      1.0025,
      0.9375,
      0.87,
      0.8025,
      0.735,
      0.67,
      0.6025,
      0.535,
      0.4675,
      0.4,
      0.335,
      0.2675,
      0.2,
      0.1325,
      0.0675,
      0,
      1.1375,
      1.07,
      1.0025,
      0.9375,
      0.87,
      0.8025,
      0.735,
      0.67,
      0.6025,
      0.535,
      0.4675,
      0.4,
      0.335,
      0.2675,
      0.2,
      0.1325,
      0.0675,
      0
    ],
    "SoftwareVersions": "syngo_MR_E11",
    "SpacingBetweenSlices": 2.5,
    "StationName": "AWP66072",
    "TaskName": "convers",
    "TotalReadoutTime": 0.04199916,
    "TxRefAmp": 248.206,
    "dataset": "ds001740",
    "modality": "bold",
    "run_id": 2,
    "subject_id": "14",
    "task_id": "convers"
  },
  "dummy_trs": 0,
  "dvars_nstd": 33.173106496380235,
  "dvars_std": 1.1316744899739584,
  "dvars_vstd": 1.0180131047395828,
  "efc": 0.4478205425565578,
  "fber": 8709.1279296875,
  "fd_mean": 0.24328161223002787,
  "fd_num": 186,
  "fd_perc": 48.311688311688314,
  "fwhm_avg": 3.1011626666666667,
  "fwhm_x": 2.948104,
  "fwhm_y": 3.239612,
  "fwhm_z": 3.115772,
  "gcor": 0.0243874,
  "gsr_x": 0.016467180103063583,
  "gsr_y": 0.01808314025402069,
  "provenance": {
    "md5sum": "e0904ba6a91e3700dbcecfd466623dc3",
    "settings": {
      "fd_thres": 0.2,
      "testing": false
    },
    "software": "mriqc",
    "version": "23.0.1",
    "webapi_port": null,
    "webapi_url": "https://mriqc.nimh.nih.gov/api/v1"
  },
  "size_t": 385,
  "size_x": 84,
  "size_y": 84,
  "size_z": 54,
  "snr": 2.456913499301823,
  "spacing_tr": 1.2050000429153442,
  "spacing_x": 2.5,
  "spacing_y": 2.5,
  "spacing_z": 2.5,
  "summary_bg_k": 23.53279550026586,
  "summary_bg_mad": 104.98517469655458,
  "summary_bg_mean": 671.2245483398438,
  "summary_bg_median": 111.42236328125,
  "summary_bg_n": 268081.0,
  "summary_bg_p05": 34.82817077636719,
  "summary_bg_p95": 3713.51904296875,
  "summary_bg_stdv": 1540.4937744140625,
  "summary_fg_k": 1.3682397200020455,
  "summary_fg_mad": 3840.159095769454,
  "summary_fg_mean": 11048.740234375,
  "summary_fg_median": 10291.8359375,
  "summary_fg_n": 54736.0,
  "summary_fg_p05": 5738.0655517578125,
  "summary_fg_p95": 19130.33447265625,
  "summary_fg_stdv": 4188.890625,
  "tsnr": 42.14345169067383
}