{
  "aor": 0.002298515625,
  "aqi": 0.006781056875,
  "bids_meta": {
    "AcquisitionDateTime": "2018-07-16T18:22:22.333000",
    "AcquisitionMatrixPE": 84,
    "AcquisitionNumber": 1,
    "AcquisitionTime": "18:22:20.457500",
    "BandwidthPerPixelPhaseEncode": 23.81,
    "BaseResolution": 84,
    "BodyPartExamined": "HEAD",
    "ConsistencyInfo": "N4_VE11B_LATEST_20150530",
    "ConversionSoftware": "dcm2niix",
    "ConversionSoftwareVersion": "v1.0.20171215 GCC5.1.0",
    "DerivedVendorReportedEchoSpacing": 0.00049999,
    "DeviceSerialNumber": "66072",
    "DwellTime": 2.3e-06,
    "EchoTime": 0.03,
    "EchoTrainLength": 84,
    "EffectiveEchoSpacing": 0.00049999,
    "FlipAngle": 65,
    "ImageComments": "Unaliased_MB3_PE3_LB_SENSE1",
    "ImageOrientationPatientDICOM": [
      0.999573,
      0.0162093,
      0.0243003,
      -0.0183202,
      0.995834,
      0.0893248
    ],
    "ImageType": [
      "ORIGINAL",
      "PRIMARY",
      "M",
      "MB",
      "ND",
      "MOSAIC"
    ],
    "InPlanePhaseEncodingDirectionDICOM": "COL",
    "InstitutionAddress": "Boulevard_Jean_Moulin_27_Marseille_District_FR_13005",
    "InstitutionName": "Universite_d_aix_Marseille",
    "InstitutionalDepartmentName": "Department",
    "MRAcquisitionType": "2D",
    "MagneticFieldStrength": 3,
    "Manufacturer": "Siemens",
    "ManufacturersModelName": "Prisma",
    "Modality": "MR",
    "MultibandAccelerationFactor": 3,
    "PartialFourier": 1,
    "PatientPosition": "HFS",
    "PercentPhaseFOV": 100,
    "PhaseEncodingDirection": "j",
    "PhaseEncodingSteps": 84,
    "PhaseResolution": 1,
    "PixelBandwidth": 2590,
    "ProcedureStepDescription": "Projets_Convers",
    "ProtocolName": "task-convers_run4_bold",
    "PulseSequenceDetails": "%CustomerSeq%_cmrr_mbep2d_bold",
    "ReceiveCoilActiveElements": "HC1-6",
    "ReceiveCoilName": "HeadNeck_64",
    "ReconMatrixPE": 84,
    "RepetitionTime": 1.205,
    "SAR": 0.0751287,
    "ScanOptions": "FS_EXT",
    "ScanningSequence": "EP",
    "SequenceName": "epfid2d1_84",
    "SequenceVariant": "SK_SS",
    "SeriesDescription": "task-convers_run4_bold",
    "SeriesNumber": 20,
    "ShimSetting": [
      -618,
      -10808,
      -493,
      396,
      -20,
      -151,
      58,
      3
    ],
    "SliceThickness": 2.5,
    "SliceTiming": [
      1.1375,
      1.07,
      1.005,
      0.9375,
      0.87,
      0.8025,
      0.7375,
      0.67,
      0.6025,
      0.535,
      0.4675,
      0.4025,
      0.335,
      0.2675,
      0.2,
      0.135,
      0.0675,
      0,
      1.1375,
      1.07,
      1.005,
      0.9375,
      0.87,
      0.8025,
      0.7375,
      0.67,
      0.6025,
      0.535,
      0.4675,
      0.4025,
      0.335,
      0.2675,
      0.2,
      0.135,
      0.0675,
      0,
      1.1375,
      1.07,
      1.005,
      0.9375,
      0.87,
      0.8025,
      0.7375,
      0.67,
      0.6025,
      0.535,
      0.4675,
      0.4025,
      0.335,
      0.2675,
      0.2,
      0.135,
      0.0675,
      0
    ],
    "SoftwareVersions": "syngo_MR_E11",
    "SpacingBetweenSlices": 2.5,
    "StationName": "AWP66072",
    "TaskName": "convers",
    "TotalReadoutTime": 0.04199916,
    "TxRefAmp": 248.206,
    "dataset": "ds001740",
    "modality": "bold",
    "run_id": 4,
    "subject_id": "14",
    "task_id": "convers"
  },
  "dummy_trs": 1,
  "dvars_nstd": 32.084688823864255,
  "dvars_std": 1.08397786848564,
  "dvars_vstd": 0.99721484840731,
  "efc": 0.4492943761301102,
  "fber": 8590.9189453125,
  "fd_mean": 0.23115842393531275,
  "fd_num": 185,
  "fd_perc": 48.177083333333336,
  "fwhm_avg": 3.0970906666666664,
  "fwhm_x": 2.936,
  "fwhm_y": 3.335416,
  "fwhm_z": 3.019856,
  "gcor": 0.0447433,
  "gsr_x": 0.017424194142222404,
  "gsr_y": 0.02662482112646103,
  "provenance": {
    "md5sum": "75117273f646e977e1aaba4844fb9074",
    "settings": {
      "fd_thres": 0.2,
      "testing": false
    },
    "software": "mriqc",
    "version": "23.0.1",
    "webapi_port": null,
    "webapi_url": "https://mriqc.nimh.nih.gov/api/v1"
  },
  "size_t": 384,
  "size_x": 84,
  "size_y": 84,
  "size_z": 54,
  "snr": 2.4468513678251274,
  "spacing_tr": 1.2050000429153442,
  "spacing_x": 2.5,
  "spacing_y": 2.5,
  "spacing_z": 2.5,
  "summary_bg_k": 25.558240824222523,
  "summary_bg_mad": 104.54266308926883,
  "summary_bg_mean": 629.3853149414062,
  "summary_bg_median": 109.69999694824219,
  "summary_bg_n": 264157.0,
  "summary_bg_p05": 32.66183776855469,
  "summary_bg_p95": 3347.850146484358,
  "summary_bg_stdv": 1436.4317626953125,
  "summary_fg_k": 1.4854023028376764,
  "summary_fg_mad": 3859.381525802647,
  "summary_fg_mean": 11096.318359375,
  "summary_fg_median": 10321.25390625,
  "summary_fg_n": 54707.0,
  "summary_fg_p05": 5772.717919921875,
  "summary_fg_p95": 19256.352148437498,
  "summary_fg_stdv": 4218.13916015625,
  "tsnr": 37.53330993652344
}