{
  "bids_meta": {
    "AcquisitionDateTime": "2018-05-30T14:43:36.549000",
    "AcquisitionMatrixPE": 320,
    "AcquisitionNumber": 1,
    "AcquisitionTime": "14:36:30.100000",
    "BaseResolution": 320,
    "BodyPartExamined": "HEAD",
    "ConsistencyInfo": "N4_VE11B_LATEST_20150530",
    "ConversionSoftware": "dcm2niix",
    "ConversionSoftwareVersion": "v1.0.20171215 GCC5.1.0",
    "DeviceSerialNumber": "66072",
    "DwellTime": 7.4e-06,
    "EchoTime": 0.00228,
    "FlipAngle": 8,
    "ImageOrientationPatientDICOM": [
      0.0101989,
      0.999765,
      -0.0191519,
      0.150114,
      -0.0204667,
      -0.988457
    ],
    "ImageType": [
      "ORIGINAL",
      "PRIMARY",
      "M",
      "ND",
      "NORM"
    ],
    "InPlanePhaseEncodingDirectionDICOM": "ROW",
    "InstitutionAddress": "Boulevard_Jean_Moulin_27_Marseille_District_FR_13005",
    "InstitutionName": "Universite_d_aix_Marseille",
    "InstitutionalDepartmentName": "Department",
    "InversionTime": 1.01,
    "MRAcquisitionType": "3D",
    "MagneticFieldStrength": 3,
    "Manufacturer": "Siemens",
    "ManufacturersModelName": "Prisma",
    "Modality": "MR",
    "ParallelReductionFactorInPlane": 2,
    "PartialFourier": 1,
    "PatientPosition": "HFS",
    "PercentPhaseFOV": 100,
    "PhaseEncodingSteps": 319,
    "PhaseResolution": 1,
    "PixelBandwidth": 210,
    "ProcedureStepDescription": "Projets_Convers",
    "ProtocolName": "T1w",
    "PulseSequenceDetails": "%SiemensSeq%_tfl",
    "ReceiveCoilActiveElements": "HC1-7;NC1,2",
    "ReceiveCoilName": "HeadNeck_64",
    "ReconMatrixPE": 320,
    "RepetitionTime": 2.4,
    "SAR": 0.0515212,
    "ScanOptions": "IR_WE",
    "ScanningSequence": "GR_IR",
    "SequenceName": "_tfl3d1_16ns",
    "SequenceVariant": "SK_SP_MP",
    "SeriesDescription": "T1w",
    "SeriesNumber": 19,
    "ShimSetting": [
      -548,
      -10764,
      -571,
      -209,
      -151,
      -247,
      57,
      -36
    ],
    "SliceThickness": 0.8,
    "SoftwareVersions": "syngo_MR_E11",
    "StationName": "AWP66072",
    "TxRefAmp": 249.955,
    "dataset": "ds001740",
    "modality": "T1w",
    "subject_id": "07"
  },
  "cjv": 0.39564781324450254,
  "cnr": 3.232502604304865,
  "efc": 0.5081123311369646,
  "fber": 22798.93155376243,
  "fwhm_avg": 4.643640001606171,
  "fwhm_x": 4.589857644011189,
  "fwhm_y": 4.61853743117843,
  "fwhm_z": 4.722524929628895,
  "icvs_csf": 0.20678622456512388,
  "icvs_gm": 0.42016700695097614,
  "icvs_wm": 0.3730467684839,
  "inu_med": 0.46954452991485596,
  "inu_range": 0.18531793951988212,
  "provenance": {
    "md5sum": "31d82ebab8e677b1196f58956c38119c",
    "settings": {
      "testing": false
    },
    "software": "mriqc",
    "version": "23.0.1",
    "warnings": {
      "large_rot_frame": true,
      "small_air_mask": false
    },
    "webapi_port": null,
    "webapi_url": "https://mriqc.nimh.nih.gov/api/v1"
  },
  "qi_1": 0.0,
  "qi_2": 0.0031333508849050165,
  "rpve_csf": 29.721333190460015,
  "rpve_gm": 15.412116035376727,
  "rpve_wm": 19.866858606904056,
  "size_x": 256,
  "size_y": 320,
  "size_z": 320,
  "snr_csf": 2.525619426448932,
  "snr_gm": 14.497360071767826,
  "snr_total": 13.350929573058792,
  "snr_wm": 23.029809220959617,
  "snrd_csf": 33.187375866847354,
  "snrd_gm": 91.54228478375222,
  "snrd_total": 81.16903140353766,
  "snrd_wm": 118.77743356001339,
  "spacing_x": 0.8000008463859558,
  "spacing_y": 0.800000011920929,
  "spacing_z": 0.800000011920929,
  "summary_bg_k": 5489.505609067341,
  "summary_bg_mad": 5.5158169882308234,
  "summary_bg_mean": 4.6704480990240675,
  "summary_bg_median": 3.7203620225191116,
  "summary_bg_n": 5436278.0,
  "summary_bg_p05": 0.0,
  "summary_bg_p95": 16.630573518574238,
  "summary_bg_stdv": 17.89147558634573,
  "summary_csf_k": 1.0726788408804229,
  "summary_csf_mad": 82.81958045015236,
  "summary_csf_mean": 287.1025419466909,
  "summary_csf_median": 279.41584622859955,
  "summary_csf_n": 102054.0,
  "summary_csf_p05": 89.19567948989571,
  "summary_csf_p95": 490.42145347595215,
  "summary_csf_stdv": 110.63205894695353,
  "summary_gm_k": 0.38944409221252174,
  "summary_gm_mad": 49.6011900807324,
  "summary_gm_mean": 769.6573812231848,
  "summary_gm_median": 770.7257443666458,
  "summary_gm_n": 98192.0,
  "summary_gm_p05": 680.0488610416651,
  "summary_gm_p95": 856.8215849027038,
  "summary_gm_stdv": 53.16290800228763,
  "summary_wm_k": 0.49141856084971947,
  "summary_wm_mad": 41.12165053166114,
  "summary_wm_mean": 1000.761897912935,
  "summary_wm_median": 1000.0277588739991,
  "summary_wm_n": 491217.0,
  "summary_wm_p05": 930.9511863961816,
  "summary_wm_p95": 1073.4354990795255,
  "summary_wm_stdv": 43.42314481941135,
  "tpm_overlap_csf": 0.1479595463385172,
  "tpm_overlap_gm": 0.4481223166178998,
  "tpm_overlap_wm": 0.5182829657627136,
  "wm2max": 0.8222389626991736
}