{
  "aor": 0.004299220779220779,
  "aqi": 0.02032030342857143,
  "bids_meta": {
    "AcquisitionDateTime": "2018-05-30T12:27:05.008000",
    "AcquisitionMatrixPE": 84,
    "AcquisitionNumber": 1,
    "AcquisitionTime": "12:27:2.665000",
    "BandwidthPerPixelPhaseEncode": 23.81,
    "BaseResolution": 84,
    "BodyPartExamined": "HEAD",
    "ConsistencyInfo": "N4_VE11B_LATEST_20150530",
    "ConversionSoftware": "dcm2niix",
    "ConversionSoftwareVersion": "v1.0.20171215 GCC5.1.0",
    "DerivedVendorReportedEchoSpacing": 0.00049999,
    "DeviceSerialNumber": "66072",
    "DwellTime": 2.3e-06,
    "EchoTime": 0.03,
    "EchoTrainLength": 84,
    "EffectiveEchoSpacing": 0.00049999,
    "FlipAngle": 65,
    "ImageComments": "Unaliased_MB3_PE3_LB_SENSE1",
    "ImageOrientationPatientDICOM": [
      0.9995,
      -0.0215451,
      0.0231612,
      0.0261728,
      0.97447,
      -0.222985
    ],
    "ImageType": [
      "ORIGINAL",
      "PRIMARY",
      "M",
      "MB",
      "ND",
      "MOSAIC"
    ],
    "InPlanePhaseEncodingDirectionDICOM": "COL",
    "InstitutionAddress": "Boulevard_Jean_Moulin_27_Marseille_District_FR_13005",
    "InstitutionName": "Universite_d_aix_Marseille",
    "InstitutionalDepartmentName": "Department",
    "MRAcquisitionType": "2D",
    "MagneticFieldStrength": 3,
    "Manufacturer": "Siemens",
    "ManufacturersModelName": "Prisma",
    "Modality": "MR",
    "MultibandAccelerationFactor": 3,
    "PartialFourier": 1,
    "PatientPosition": "HFS",
    "PercentPhaseFOV": 100,
    "PhaseEncodingDirection": "j",
    "PhaseEncodingSteps": 84,
    "PhaseResolution": 1,
    "PixelBandwidth": 2590,
    "ProcedureStepDescription": "Projets_Convers",
    "ProtocolName": "task-convers_run2_bold",
    "PulseSequenceDetails": "%CustomerSeq%_cmrr_mbep2d_bold",
    "ReceiveCoilActiveElements": "HC1-7",
    "ReceiveCoilName": "HeadNeck_64",
    "ReconMatrixPE": 84,
    "RepetitionTime": 1.205,
    "SAR": 0.0692157,
    "ScanOptions": "FS_EXT",
    "ScanningSequence": "EP",
    "SequenceName": "epfid2d1_84",
    "SequenceVariant": "SK_SS",
    "SeriesDescription": "task-convers_run2_bold",
    "SeriesNumber": 14,
    "ShimSetting": [
      -583,
      -10748,
      -592,
      323,
      15,
      36,
      -52,
      23
    ],
    "SliceThickness": 2.5,
    "SliceTiming": [
      1.1375,
      1.07,
      1.005,
      0.9375,
      0.87,
      0.8025,
      0.735,
      0.67,
      0.6025,
      0.535,
      0.4675,
      0.4025,
      0.335,
      0.2675,
      0.2,
      0.135,
      0.0675,
      0,
      1.1375,
      1.07,
      1.005,
      0.9375,
      0.87,
      0.8025,
      0.735,
      0.67,
      0.6025,
      0.535,
      0.4675,
      0.4025,
      0.335,
      0.2675,
      0.2,
      0.135,
      0.0675,
      0,
      1.1375,
      1.07,
      1.005,
      0.9375,
      0.87,
      0.8025,
      0.735,
      0.67,
      0.6025,
      0.535,
      0.4675,
      0.4025,
      0.335,
      0.2675,
      0.2,
      0.135,
      0.0675,
      0
    ],
    "SoftwareVersions": "syngo_MR_E11",
    "SpacingBetweenSlices": 2.5,
    "StationName": "AWP66072",
    "TaskName": "convers",
    "TotalReadoutTime": 0.04199916,
    "TxRefAmp": 251.399,
    "dataset": "ds001740",
    "modality": "bold",
    "run_id": 2,
    "subject_id": "06",
    "task_id": "convers"
  },
  "dummy_trs": 0,
  "dvars_nstd": 63.919921442760426,
  "dvars_std": 1.2437903262760408,
  "dvars_vstd": 1.0283000085416676,
  "efc": 0.4972896867379181,
  "fber": 6903.73974609375,
  "fd_mean": 0.5177330289536707,
  "fd_num": 320,
  "fd_perc": 83.11688311688312,
  "fwhm_avg": 3.111578767094304,
  "fwhm_x": 2.867032,
  "fwhm_y": 3.308524,
  "fwhm_z": 3.159180301282911,
  "gcor": 0.0217092,
  "gsr_x": -0.0024918806739151478,
  "gsr_y": 0.03157324343919754,
  "provenance": {
    "md5sum": "4809ae6db73393db128a01b31f336426",
    "settings": {
      "fd_thres": 0.2,
      "testing": false
    },
    "software": "mriqc",
    "version": "23.0.1",
    "webapi_port": null,
    "webapi_url": "https://mriqc.nimh.nih.gov/api/v1"
  },
  "size_t": 385,
  "size_x": 84,
  "size_y": 84,
  "size_z": 54,
  "snr": 2.4281044064122703,
  "spacing_tr": 1.2050000429153442,
  "spacing_x": 2.5,
  "spacing_y": 2.5,
  "spacing_z": 2.499999761581421,
  "summary_bg_k": 24.39577088791554,
  "summary_bg_mad": 108.80725969127965,
  "summary_bg_mean": 766.1600952148438,
  "summary_bg_median": 117.72048950195312,
  "summary_bg_n": 242051.0,
  "summary_bg_p05": 35.38900375366211,
  "summary_bg_p95": 4396.669677734375,
  "summary_bg_stdv": 1842.3062744140625,
  "summary_fg_k": 0.7425332078593518,
  "summary_fg_mad": 4435.4246104263175,
  "summary_fg_mean": 11236.6689453125,
  "summary_fg_median": 10560.2001953125,
  "summary_fg_n": 68979.0,
  "summary_fg_p05": 5523.697265625,
  "summary_fg_p95": 19111.61640625,
  "summary_fg_stdv": 4349.12255859375,
  "tsnr": 27.02104949951172
}