{
  "bids_meta": {
    "AcquisitionDateTime": "2018-07-18T18:53:04.762000",
    "AcquisitionMatrixPE": 320,
    "AcquisitionNumber": 1,
    "AcquisitionTime": "18:44:44.495000",
    "BaseResolution": 320,
    "BodyPartExamined": "HEAD",
    "ConsistencyInfo": "N4_VE11B_LATEST_20150530",
    "ConversionSoftware": "dcm2niix",
    "ConversionSoftwareVersion": "v1.0.20171215 GCC5.1.0",
    "DeviceSerialNumber": "66072",
    "DwellTime": 2.2e-06,
    "EchoTime": 0.562,
    "EchoTrainLength": 305,
    "FlipAngle": 120,
    "ImageOrientationPatientDICOM": [
      -0.0744663,
      0.95919,
      0.272781,
      -0.0260689,
      0.271575,
      -0.962064
    ],
    "ImageType": [
      "ORIGINAL",
      "PRIMARY",
      "M",
      "ND",
      "NORM"
    ],
    "InPlanePhaseEncodingDirectionDICOM": "ROW",
    "InstitutionAddress": "Boulevard_Jean_Moulin_27_Marseille_District_FR_13005",
    "InstitutionName": "Universite_d_aix_Marseille",
    "InstitutionalDepartmentName": "Department",
    "MRAcquisitionType": "3D",
    "MagneticFieldStrength": 3,
    "Manufacturer": "Siemens",
    "ManufacturersModelName": "Prisma",
    "Modality": "MR",
    "ParallelReductionFactorInPlane": 2,
    "PartialFourier": 1,
    "PatientPosition": "HFS",
    "PercentPhaseFOV": 100,
    "PhaseEncodingSteps": 315,
    "PhaseResolution": 1,
    "PixelBandwidth": 710,
    "ProcedureStepDescription": "Projets_Convers",
    "ProtocolName": "T2w",
    "PulseSequenceDetails": "%SiemensSeq%_tse_vfl",
    "ReceiveCoilActiveElements": "HC1-7;NC1,2",
    "ReceiveCoilName": "HeadNeck_64",
    "ReconMatrixPE": 320,
    "RepetitionTime": 3.2,
    "SAR": 0.152442,
    "ScanOptions": "PFP",
    "ScanningSequence": "SE",
    "SequenceName": "_spc_305ns",
    "SequenceVariant": "SK_SP",
    "SeriesDescription": "T2w",
    "SeriesNumber": 17,
    "ShimSetting": [
      -618,
      -10819,
      -643,
      -119,
      56,
      -195,
      186,
      13
    ],
    "SliceThickness": 0.8,
    "SoftwareVersions": "syngo_MR_E11",
    "StationName": "AWP66072",
    "TxRefAmp": 215.347,
    "dataset": "ds001740",
    "modality": "T2w",
    "subject_id": "24"
  },
  "cjv": 0.13171057022459112,
  "cnr": 1.8936408791688433,
  "efc": 0.4061673157696121,
  "fber": 6731.649842948804,
  "fwhm_avg": 2.6887058214788184,
  "fwhm_x": 2.593592545983432,
  "fwhm_y": 3.005974955207483,
  "fwhm_z": 2.4665499632455417,
  "icvs_csf": 0.2948928019722562,
  "icvs_gm": 0.6074587513940494,
  "icvs_wm": 0.0976484466336945,
  "inu_med": 0.884598970413208,
  "inu_range": 0.18668733239173885,
  "provenance": {
    "md5sum": "23135ba433a84417d97808db3e94ec51",
    "settings": {
      "testing": false
    },
    "software": "mriqc",
    "version": "23.0.1",
    "warnings": {
      "large_rot_frame": true,
      "small_air_mask": false
    },
    "webapi_port": null,
    "webapi_url": "https://mriqc.nimh.nih.gov/api/v1"
  },
  "qi_1": 0.0,
  "qi_2": 0.018425711825596873,
  "rpve_csf": 20.403919296030143,
  "rpve_gm": 13.332839483071407,
  "rpve_wm": 83.56353635229517,
  "size_x": 256,
  "size_y": 320,
  "size_z": 320,
  "snr_csf": 4.247038608449894,
  "snr_gm": 7.456401346704225,
  "snr_total": 4.812523495795163,
  "snr_wm": 2.734130532231369,
  "snrd_csf": 125.02185496138816,
  "snrd_gm": 61.120645407303506,
  "snrd_total": 129.25925723826472,
  "snrd_wm": 201.63527134610254,
  "spacing_x": 0.7999945878982544,
  "spacing_y": 0.800000011920929,
  "spacing_z": 0.800000011920929,
  "summary_bg_k": 702.4869622482565,
  "summary_bg_mad": 0.0,
  "summary_bg_mean": 1.9989350320170232,
  "summary_bg_median": 0.0,
  "summary_bg_n": 4822344.0,
  "summary_bg_p05": 0.0,
  "summary_bg_p95": 7.683984296396375,
  "summary_bg_stdv": 3.2492946658396535,
  "summary_csf_k": -0.7137560183657126,
  "summary_csf_mad": 164.05988286968977,
  "summary_csf_mean": 650.9585428221161,
  "summary_csf_median": 620.0736921951175,
  "summary_csf_n": 62697.0,
  "summary_csf_p05": 465.71546827442944,
  "summary_csf_p95": 892.6992543675005,
  "summary_csf_stdv": 146.0002614383642,
  "summary_gm_k": 1.2458429806445332,
  "summary_gm_mad": 35.07412146203179,
  "summary_gm_mean": 308.79399105610935,
  "summary_gm_median": 303.1414329819381,
  "summary_gm_n": 550868.0,
  "summary_gm_p05": 252.63619968295097,
  "summary_gm_p95": 386.8583501968533,
  "summary_gm_stdv": 40.655155716224634,
  "summary_wm_k": 0.5666794968185358,
  "summary_wm_mad": 56.71675765100644,
  "summary_wm_mean": 826.6645802147666,
  "summary_wm_median": 1000.0549681410193,
  "summary_wm_n": 32674.0,
  "summary_wm_p05": 22.74019218981266,
  "summary_wm_p95": 1060.1578462646341,
  "summary_wm_stdv": 365.7614926232011,
  "tpm_overlap_csf": 0.12552865090647475,
  "tpm_overlap_gm": 0.37722940215656836,
  "tpm_overlap_wm": 0.028061643927535077,
  "wm2max": 0.968768875466335
}