{
  "bids_meta": {
    "AcquisitionDateTime": "2018-07-18T19:00:02.640000",
    "AcquisitionMatrixPE": 320,
    "AcquisitionNumber": 1,
    "AcquisitionTime": "18:52:40.017500",
    "BaseResolution": 320,
    "BodyPartExamined": "HEAD",
    "ConsistencyInfo": "N4_VE11B_LATEST_20150530",
    "ConversionSoftware": "dcm2niix",
    "ConversionSoftwareVersion": "v1.0.20171215 GCC5.1.0",
    "DeviceSerialNumber": "66072",
    "DwellTime": 7.4e-06,
    "EchoTime": 0.00228,
    "FlipAngle": 8,
    "ImageOrientationPatientDICOM": [
      -0.0744663,
      0.95919,
      0.272781,
      -0.0260689,
      0.271575,
      -0.962064
    ],
    "ImageType": [
      "ORIGINAL",
      "PRIMARY",
      "M",
      "ND",
      "NORM"
    ],
    "InPlanePhaseEncodingDirectionDICOM": "ROW",
    "InstitutionAddress": "Boulevard_Jean_Moulin_27_Marseille_District_FR_13005",
    "InstitutionName": "Universite_d_aix_Marseille",
    "InstitutionalDepartmentName": "Department",
    "InversionTime": 1.01,
    "MRAcquisitionType": "3D",
    "MagneticFieldStrength": 3,
    "Manufacturer": "Siemens",
    "ManufacturersModelName": "Prisma",
    "Modality": "MR",
    "ParallelReductionFactorInPlane": 2,
    "PartialFourier": 1,
    "PatientPosition": "HFS",
    "PercentPhaseFOV": 100,
    "PhaseEncodingSteps": 319,
    "PhaseResolution": 1,
    "PixelBandwidth": 210,
    "ProcedureStepDescription": "Projets_Convers",
    "ProtocolName": "T1w",
    "PulseSequenceDetails": "%SiemensSeq%_tfl",
    "ReceiveCoilActiveElements": "HC1-7;NC1,2",
    "ReceiveCoilName": "HeadNeck_64",
    "ReconMatrixPE": 320,
    "RepetitionTime": 2.4,
    "SAR": 0.0459283,
    "ScanOptions": "IR_WE",
    "ScanningSequence": "GR_IR",
    "SequenceName": "_tfl3d1_16ns",
    "SequenceVariant": "SK_SP_MP",
    "SeriesDescription": "T1w",
    "SeriesNumber": 18,
    "ShimSetting": [
      -618,
      -10819,
      -643,
      -119,
      56,
      -195,
      186,
      13
    ],
    "SliceThickness": 0.8,
    "SoftwareVersions": "syngo_MR_E11",
    "StationName": "AWP66072",
    "TxRefAmp": 215.347,
    "dataset": "ds001740",
    "modality": "T1w",
    "subject_id": "24"
  },
  "cjv": 0.3063062078471216,
  "cnr": 4.175244676398791,
  "efc": 0.4349981521980546,
  "fber": 36437.93001300243,
  "fwhm_avg": 4.7305897662606755,
  "fwhm_x": 4.7212569399036575,
  "fwhm_y": 4.730099929516018,
  "fwhm_z": 4.74041242936235,
  "icvs_csf": 0.23851697183285692,
  "icvs_gm": 0.4261172970814733,
  "icvs_wm": 0.3353657310856698,
  "inu_med": 0.435439333319664,
  "inu_range": 0.17159492522478098,
  "provenance": {
    "md5sum": "ea75093f48f302b865bdfe451a7447ee",
    "settings": {
      "testing": false
    },
    "software": "mriqc",
    "version": "23.0.1",
    "warnings": {
      "large_rot_frame": true,
      "small_air_mask": false
    },
    "webapi_port": null,
    "webapi_url": "https://mriqc.nimh.nih.gov/api/v1"
  },
  "qi_1": 0.0,
  "qi_2": 0.009785879822713537,
  "rpve_csf": 30.23697420746457,
  "rpve_gm": 17.086003370461935,
  "rpve_wm": 24.44337534969392,
  "size_x": 256,
  "size_y": 320,
  "size_z": 320,
  "snr_csf": 2.4593035916341055,
  "snr_gm": 13.375203303915576,
  "snr_total": 13.993890126126429,
  "snr_wm": 26.147163482829605,
  "snrd_csf": 12.794864236440002,
  "snrd_gm": 36.13644445255986,
  "snrd_total": 33.059430621058766,
  "snrd_wm": 50.246983174176435,
  "spacing_x": 0.7999945878982544,
  "spacing_y": 0.800000011920929,
  "spacing_z": 0.800000011920929,
  "summary_bg_k": 4560.064157955238,
  "summary_bg_mad": 0.0,
  "summary_bg_mean": 3.766209432304704,
  "summary_bg_median": 0.0,
  "summary_bg_n": 4773318.0,
  "summary_bg_p05": 0.0,
  "summary_bg_p95": 14.35972966067493,
  "summary_bg_stdv": 13.038613736521253,
  "summary_csf_k": 0.5676976289105045,
  "summary_csf_mad": 90.7381129178276,
  "summary_csf_mean": 259.2148659759875,
  "summary_csf_median": 254.64512823615223,
  "summary_csf_n": 124858.0,
  "summary_csf_p05": 80.17329623922706,
  "summary_csf_p95": 441.84642509557307,
  "summary_csf_stdv": 103.54317757327942,
  "summary_gm_k": 0.5379821193320571,
  "summary_gm_mad": 49.89685683895866,
  "summary_gm_mean": 719.6022451862463,
  "summary_gm_median": 719.1924323365092,
  "summary_gm_n": 111406.0,
  "summary_gm_p05": 632.3026684527285,
  "summary_gm_p95": 809.655379339587,
  "summary_gm_stdv": 53.770338153989634,
  "summary_wm_k": 0.46241691992222167,
  "summary_wm_mad": 36.12307286748766,
  "summary_wm_mean": 997.7765917585112,
  "summary_wm_median": 1000.02229311876,
  "summary_wm_n": 378442.0,
  "summary_wm_p05": 932.2211434300989,
  "summary_wm_p95": 1057.1708906330168,
  "summary_wm_stdv": 38.24586833438779,
  "tpm_overlap_csf": 0.13909176087587402,
  "tpm_overlap_gm": 0.45264914855348454,
  "tpm_overlap_wm": 0.49251042161106723,
  "wm2max": 0.9284277746677448
}