{
  "aor": 0.001583350649350649,
  "aqi": 0.004642682623376623,
  "bids_meta": {
    "AcquisitionDateTime": "2018-10-10T12:13:47.250000",
    "AcquisitionMatrixPE": 84,
    "AcquisitionNumber": 1,
    "AcquisitionTime": "12:13:45.790000",
    "BandwidthPerPixelPhaseEncode": 23.81,
    "BaseResolution": 84,
    "BodyPartExamined": "HEAD",
    "ConsistencyInfo": "N4_VE11B_LATEST_20150530",
    "ConversionSoftware": "dcm2niix",
    "ConversionSoftwareVersion": "v1.0.20171215 GCC5.1.0",
    "DerivedVendorReportedEchoSpacing": 0.00049999,
    "DeviceSerialNumber": "66072",
    "DwellTime": 2.3e-06,
    "EchoTime": 0.03,
    "EchoTrainLength": 84,
    "EffectiveEchoSpacing": 0.00049999,
    "FlipAngle": 65,
    "ImageComments": "Unaliased_MB3_PE3_LB_SENSE1",
    "ImageOrientationPatientDICOM": [
      0.996093,
      -0.0390418,
      0.0792107,
      0.0344362,
      0.997682,
      0.058699
    ],
    "ImageType": [
      "ORIGINAL",
      "PRIMARY",
      "M",
      "MB",
      "ND",
      "MOSAIC"
    ],
    "InPlanePhaseEncodingDirectionDICOM": "COL",
    "InstitutionAddress": "Boulevard_Jean_Moulin_27_Marseille_District_FR_13005",
    "InstitutionName": "Universite_d_aix_Marseille",
    "InstitutionalDepartmentName": "Department",
    "MRAcquisitionType": "2D",
    "MagneticFieldStrength": 3,
    "Manufacturer": "Siemens",
    "ManufacturersModelName": "Prisma",
    "Modality": "MR",
    "MultibandAccelerationFactor": 3,
    "PartialFourier": 1,
    "PatientPosition": "HFS",
    "PercentPhaseFOV": 100,
    "PhaseEncodingDirection": "j",
    "PhaseEncodingSteps": 84,
    "PhaseResolution": 1,
    "PixelBandwidth": 2590,
    "ProcedureStepDescription": "Projets_Convers",
    "ProtocolName": "task-convers_run3_bold",
    "PulseSequenceDetails": "%CustomerSeq%_cmrr_mbep2d_bold",
    "ReceiveCoilActiveElements": "HC1-6",
    "ReceiveCoilName": "HeadNeck_64",
    "ReconMatrixPE": 84,
    "RepetitionTime": 1.205,
    "SAR": 0.0693253,
    "ScanOptions": "FS_EXT",
    "ScanningSequence": "EP",
    "SequenceName": "epfid2d1_84",
    "SequenceVariant": "SK_SS",
    "SeriesDescription": "task-convers_run3_bold",
    "SeriesNumber": 16,
    "ShimSetting": [
      -543,
      -10774,
      -383,
      640,
      143,
      -159,
      44,
      -10
    ],
    "SliceThickness": 2.5,
    "SliceTiming": [
      1.1375,
      1.07,
      1.0025,
      0.935,
      0.87,
      0.8025,
      0.735,
      0.6675,
      0.6025,
      0.535,
      0.4675,
      0.4,
      0.3325,
      0.2675,
      0.2,
      0.1325,
      0.065,
      0,
      1.1375,
      1.07,
      1.0025,
      0.935,
      0.87,
      0.8025,
      0.735,
      0.6675,
      0.6025,
      0.535,
      0.4675,
      0.4,
      0.3325,
      0.2675,
      0.2,
      0.1325,
      0.065,
      0,
      1.1375,
      1.07,
      1.0025,
      0.935,
      0.87,
      0.8025,
      0.735,
      0.6675,
      0.6025,
      0.535,
      0.4675,
      0.4,
      0.3325,
      0.2675,
      0.2,
      0.1325,
      0.065,
      0
    ],
    "SoftwareVersions": "syngo_MR_E11",
    "SpacingBetweenSlices": 2.5,
    "StationName": "AWP66072",
    "TaskName": "convers",
    "TotalReadoutTime": 0.04199916,
    "TxRefAmp": 231.109,
    "dataset": "ds001740",
    "modality": "bold",
    "run_id": 3,
    "subject_id": "25",
    "task_id": "convers"
  },
  "dummy_trs": 0,
  "dvars_nstd": 32.615538373437495,
  "dvars_std": 1.1392456880468749,
  "dvars_vstd": 1.0210245291666669,
  "efc": 0.4510332387497692,
  "fber": 13455.6826171875,
  "fd_mean": 0.16432414510465246,
  "fd_num": 94,
  "fd_perc": 24.415584415584416,
  "fwhm_avg": 3.1404346666666663,
  "fwhm_x": 2.892652,
  "fwhm_y": 3.401696,
  "fwhm_z": 3.126956,
  "gcor": 0.0230301,
  "gsr_x": -0.00339817744679749,
  "gsr_y": 0.051537226885557175,
  "provenance": {
    "md5sum": "4c315b9921f0289ce95d3e9513f4012e",
    "settings": {
      "fd_thres": 0.2,
      "testing": false
    },
    "software": "mriqc",
    "version": "23.0.1",
    "webapi_port": null,
    "webapi_url": "https://mriqc.nimh.nih.gov/api/v1"
  },
  "size_t": 385,
  "size_x": 84,
  "size_y": 84,
  "size_z": 54,
  "snr": 2.516938703176812,
  "spacing_tr": 1.2050000429153442,
  "spacing_x": 2.5,
  "spacing_y": 2.5,
  "spacing_z": 2.5,
  "summary_bg_k": 38.996513003172375,
  "summary_bg_mad": 78.64524277919584,
  "summary_bg_mean": 496.2579040527344,
  "summary_bg_median": 88.94374084472656,
  "summary_bg_n": 258327.0,
  "summary_bg_p05": 29.788356971740725,
  "summary_bg_p95": 2364.508056640621,
  "summary_bg_stdv": 1091.4388427734375,
  "summary_fg_k": 1.7685217405030995,
  "summary_fg_mad": 3651.4498223281266,
  "summary_fg_mean": 10837.9365234375,
  "summary_fg_median": 10125.22265625,
  "summary_fg_n": 62576.0,
  "summary_fg_p05": 5753.632568359375,
  "summary_fg_p95": 18452.36376953125,
  "summary_fg_stdv": 4022.80029296875,
  "tsnr": 43.73933029174805
}