{
  "aor": 0.0009424935064935064,
  "aqi": 0.004359996311688311,
  "bids_meta": {
    "AcquisitionDateTime": "2018-05-29T10:19:41.512000",
    "AcquisitionMatrixPE": 84,
    "AcquisitionNumber": 1,
    "AcquisitionTime": "10:19:39.822500",
    "BandwidthPerPixelPhaseEncode": 23.81,
    "BaseResolution": 84,
    "BodyPartExamined": "HEAD",
    "ConsistencyInfo": "N4_VE11B_LATEST_20150530",
    "ConversionSoftware": "dcm2niix",
    "ConversionSoftwareVersion": "v1.0.20171215 GCC5.1.0",
    "DerivedVendorReportedEchoSpacing": 0.00049999,
    "DeviceSerialNumber": "66072",
    "DwellTime": 2.3e-06,
    "EchoTime": 0.03,
    "EchoTrainLength": 84,
    "EffectiveEchoSpacing": 0.00049999,
    "FlipAngle": 65,
    "ImageComments": "Unaliased_MB3_PE3_LB_SENSE1",
    "ImageOrientationPatientDICOM": [
      0.994154,
      0.0917362,
      -0.0569329,
      -0.0822584,
      0.985115,
      0.150935
    ],
    "ImageType": [
      "ORIGINAL",
      "PRIMARY",
      "M",
      "MB",
      "ND",
      "MOSAIC"
    ],
    "InPlanePhaseEncodingDirectionDICOM": "COL",
    "InstitutionAddress": "Boulevard_Jean_Moulin_27_Marseille_District_FR_13005",
    "InstitutionName": "Universite_d_aix_Marseille",
    "InstitutionalDepartmentName": "Department",
    "MRAcquisitionType": "2D",
    "MagneticFieldStrength": 3,
    "Manufacturer": "Siemens",
    "ManufacturersModelName": "Prisma",
    "Modality": "MR",
    "MultibandAccelerationFactor": 3,
    "PartialFourier": 1,
    "PatientPosition": "HFS",
    "PercentPhaseFOV": 100,
    "PhaseEncodingDirection": "j",
    "PhaseEncodingSteps": 84,
    "PhaseResolution": 1,
    "PixelBandwidth": 2590,
    "ProcedureStepDescription": "Projets_Convers",
    "ProtocolName": "task-convers_run3_bold",
    "PulseSequenceDetails": "%CustomerSeq%_cmrr_mbep2d_bold",
    "ReceiveCoilActiveElements": "HC1-7",
    "ReceiveCoilName": "HeadNeck_64",
    "ReconMatrixPE": 84,
    "RepetitionTime": 1.205,
    "SAR": 0.0581186,
    "ScanOptions": "FS_EXT",
    "ScanningSequence": "EP",
    "SequenceName": "epfid2d1_84",
    "SequenceVariant": "SK_SS",
    "SeriesDescription": "task-convers_run3_bold",
    "SeriesNumber": 14,
    "ShimSetting": [
      -631,
      -10757,
      -562,
      391,
      67,
      5,
      142,
      22
    ],
    "SliceThickness": 2.5,
    "SliceTiming": [
      1.1375,
      1.0725,
      1.005,
      0.9375,
      0.87,
      0.805,
      0.7375,
      0.67,
      0.6025,
      0.535,
      0.47,
      0.4025,
      0.335,
      0.2675,
      0.2025,
      0.135,
      0.0675,
      0,
      1.1375,
      1.0725,
      1.005,
      0.9375,
      0.87,
      0.805,
      0.7375,
      0.67,
      0.6025,
      0.535,
      0.47,
      0.4025,
      0.335,
      0.2675,
      0.2025,
      0.135,
      0.0675,
      0,
      1.1375,
      1.0725,
      1.005,
      0.9375,
      0.87,
      0.805,
      0.7375,
      0.67,
      0.6025,
      0.535,
      0.47,
      0.4025,
      0.335,
      0.2675,
      0.2025,
      0.135,
      0.0675,
      0
    ],
    "SoftwareVersions": "syngo_MR_E11",
    "SpacingBetweenSlices": 2.5,
    "StationName": "AWP66072",
    "TaskName": "convers",
    "TotalReadoutTime": 0.04199916,
    "TxRefAmp": 235.042,
    "dataset": "ds001740",
    "modality": "bold",
    "run_id": 3,
    "subject_id": "01",
    "task_id": "convers"
  },
  "dummy_trs": 0,
  "dvars_nstd": 35.29672386755208,
  "dvars_std": 1.2727661031250004,
  "dvars_vstd": 1.00820225703125,
  "efc": 0.5168257222453781,
  "fber": 7498.486328125,
  "fd_mean": 0.12707338992608927,
  "fd_num": 50,
  "fd_perc": 12.987012987012987,
  "fwhm_avg": 3.0930439999999995,
  "fwhm_x": 2.877596,
  "fwhm_y": 3.1994879999999997,
  "fwhm_z": 3.202048,
  "gcor": 0.0245059,
  "gsr_x": -0.0105748837813735,
  "gsr_y": 0.06270047277212143,
  "provenance": {
    "md5sum": "2a112fd6b92aed056f3b2180a6f22219",
    "settings": {
      "fd_thres": 0.2,
      "testing": false
    },
    "software": "mriqc",
    "version": "23.0.1",
    "webapi_port": null,
    "webapi_url": "https://mriqc.nimh.nih.gov/api/v1"
  },
  "size_t": 385,
  "size_x": 84,
  "size_y": 84,
  "size_z": 54,
  "snr": 2.3028719895116647,
  "spacing_tr": 1.2050000429153442,
  "spacing_x": 2.5,
  "spacing_y": 2.5,
  "spacing_z": 2.5,
  "summary_bg_k": 20.380601211185553,
  "summary_bg_mad": 120.67587944799311,
  "summary_bg_mean": 807.9112548828125,
  "summary_bg_median": 121.25288391113281,
  "summary_bg_n": 231176.0,
  "summary_bg_p05": 35.14778804779053,
  "summary_bg_p95": 4359.662353515625,
  "summary_bg_stdv": 1780.94677734375,
  "summary_fg_k": 1.1470720853307013,
  "summary_fg_mad": 4554.679978523633,
  "summary_fg_mean": 12014.7861328125,
  "summary_fg_median": 11090.10546875,
  "summary_fg_n": 81935.0,
  "summary_fg_p05": 5900.440283203125,
  "summary_fg_p95": 21143.8419921875,
  "summary_fg_stdv": 4815.7421875,
  "tsnr": 49.88928985595703
}