{
  "aor": 0.0007517662337662339,
  "aqi": 0.006680532961038961,
  "bids_meta": {
    "AcquisitionDateTime": "2018-05-29T10:00:16.367000",
    "AcquisitionMatrixPE": 84,
    "AcquisitionNumber": 1,
    "AcquisitionTime": "10:00:12.310000",
    "BandwidthPerPixelPhaseEncode": 23.81,
    "BaseResolution": 84,
    "BodyPartExamined": "HEAD",
    "ConsistencyInfo": "N4_VE11B_LATEST_20150530",
    "ConversionSoftware": "dcm2niix",
    "ConversionSoftwareVersion": "v1.0.20171215 GCC5.1.0",
    "DerivedVendorReportedEchoSpacing": 0.00049999,
    "DeviceSerialNumber": "66072",
    "DwellTime": 2.3e-06,
    "EchoTime": 0.03,
    "EchoTrainLength": 84,
    "EffectiveEchoSpacing": 0.00049999,
    "FlipAngle": 65,
    "ImageComments": "Unaliased_MB3_PE3_LB_SENSE1",
    "ImageOrientationPatientDICOM": [
      0.994154,
      0.0917362,
      -0.0569329,
      -0.0822584,
      0.985115,
      0.150935
    ],
    "ImageType": [
      "ORIGINAL",
      "PRIMARY",
      "M",
      "MB",
      "ND",
      "MOSAIC"
    ],
    "InPlanePhaseEncodingDirectionDICOM": "COL",
    "InstitutionAddress": "Boulevard_Jean_Moulin_27_Marseille_District_FR_13005",
    "InstitutionName": "Universite_d_aix_Marseille",
    "InstitutionalDepartmentName": "Department",
    "MRAcquisitionType": "2D",
    "MagneticFieldStrength": 3,
    "Manufacturer": "Siemens",
    "ManufacturersModelName": "Prisma",
    "Modality": "MR",
    "MultibandAccelerationFactor": 3,
    "PartialFourier": 1,
    "PatientPosition": "HFS",
    "PercentPhaseFOV": 100,
    "PhaseEncodingDirection": "j",
    "PhaseEncodingSteps": 84,
    "PhaseResolution": 1,
    "PixelBandwidth": 2590,
    "ProcedureStepDescription": "Projets_Convers",
    "ProtocolName": "task-convers_run1_bold",
    "PulseSequenceDetails": "%CustomerSeq%_cmrr_mbep2d_bold",
    "ReceiveCoilActiveElements": "HC1-7",
    "ReceiveCoilName": "HeadNeck_64",
    "ReconMatrixPE": 84,
    "RepetitionTime": 1.205,
    "SAR": 0.0581186,
    "ScanOptions": "FS_EXT",
    "ScanningSequence": "EP",
    "SequenceName": "epfid2d1_84",
    "SequenceVariant": "SK_SS",
    "SeriesDescription": "task-convers_run1_bold",
    "SeriesNumber": 10,
    "ShimSetting": [
      -631,
      -10757,
      -562,
      391,
      67,
      5,
      142,
      22
    ],
    "SliceThickness": 2.5,
    "SliceTiming": [
      1.1375,
      1.07,
      1.0025,
      0.935,
      0.87,
      0.8025,
      0.735,
      0.6675,
      0.6025,
      0.535,
      0.4675,
      0.4,
      0.3325,
      0.2675,
      0.2,
      0.1325,
      0.065,
      0,
      1.1375,
      1.07,
      1.0025,
      0.935,
      0.87,
      0.8025,
      0.735,
      0.6675,
      0.6025,
      0.535,
      0.4675,
      0.4,
      0.3325,
      0.2675,
      0.2,
      0.1325,
      0.065,
      0,
      1.1375,
      1.07,
      1.0025,
      0.935,
      0.87,
      0.8025,
      0.735,
      0.6675,
      0.6025,
      0.535,
      0.4675,
      0.4,
      0.3325,
      0.2675,
      0.2,
      0.1325,
      0.065,
      0
    ],
    "SoftwareVersions": "syngo_MR_E11",
    "SpacingBetweenSlices": 2.5,
    "StationName": "AWP66072",
    "TaskName": "convers",
    "TotalReadoutTime": 0.04199916,
    "TxRefAmp": 235.042,
    "dataset": "ds001740",
    "modality": "bold",
    "run_id": 1,
    "subject_id": "01",
    "task_id": "convers"
  },
  "dummy_trs": 0,
  "dvars_nstd": 37.90729638955729,
  "dvars_std": 1.2713237226041663,
  "dvars_vstd": 0.9802865723177079,
  "efc": 0.5149482664548194,
  "fber": 6085.0927734375,
  "fd_mean": 0.13433426213274455,
  "fd_num": 55,
  "fd_perc": 14.285714285714286,
  "fwhm_avg": 3.100186666666666,
  "fwhm_x": 2.894764,
  "fwhm_y": 3.2207079999999997,
  "fwhm_z": 3.185088,
  "gcor": 0.0314753,
  "gsr_x": -0.009209617972373962,
  "gsr_y": 0.05868055671453476,
  "provenance": {
    "md5sum": "9fa6202d16aa0aa0613ee4d5420551ee",
    "settings": {
      "fd_thres": 0.2,
      "testing": false
    },
    "software": "mriqc",
    "version": "23.0.1",
    "webapi_port": null,
    "webapi_url": "https://mriqc.nimh.nih.gov/api/v1"
  },
  "size_t": 385,
  "size_x": 84,
  "size_y": 84,
  "size_z": 54,
  "snr": 2.292331695486006,
  "spacing_tr": 1.2050000429153442,
  "spacing_x": 2.5,
  "spacing_y": 2.5,
  "spacing_z": 2.5,
  "summary_bg_k": 19.41195908293541,
  "summary_bg_mad": 152.67656031018555,
  "summary_bg_mean": 810.5890502929688,
  "summary_bg_median": 138.2655792236328,
  "summary_bg_n": 232275.0,
  "summary_bg_p05": 23.998600959777832,
  "summary_bg_p95": 4379.491552734375,
  "summary_bg_stdv": 1767.8743896484375,
  "summary_fg_k": 1.1414775440308533,
  "summary_fg_mad": 4615.253834984198,
  "summary_fg_mean": 12152.4931640625,
  "summary_fg_median": 11203.037109375,
  "summary_fg_n": 81789.0,
  "summary_fg_p05": 5959.15087890625,
  "summary_fg_p95": 21441.438281249983,
  "summary_fg_stdv": 4887.14990234375,
  "tsnr": 43.289947509765625
}