{
  "aor": 0.0009332727272727274,
  "aqi": 0.0047183864415584415,
  "bids_meta": {
    "AcquisitionDateTime": "2018-05-29T10:10:27.629000",
    "AcquisitionMatrixPE": 84,
    "AcquisitionNumber": 1,
    "AcquisitionTime": "10:10:25.062500",
    "BandwidthPerPixelPhaseEncode": 23.81,
    "BaseResolution": 84,
    "BodyPartExamined": "HEAD",
    "ConsistencyInfo": "N4_VE11B_LATEST_20150530",
    "ConversionSoftware": "dcm2niix",
    "ConversionSoftwareVersion": "v1.0.20171215 GCC5.1.0",
    "DerivedVendorReportedEchoSpacing": 0.00049999,
    "DeviceSerialNumber": "66072",
    "DwellTime": 2.3e-06,
    "EchoTime": 0.03,
    "EchoTrainLength": 84,
    "EffectiveEchoSpacing": 0.00049999,
    "FlipAngle": 65,
    "ImageComments": "Unaliased_MB3_PE3_LB_SENSE1",
    "ImageOrientationPatientDICOM": [
      0.994154,
      0.0917362,
      -0.0569329,
      -0.0822584,
      0.985115,
      0.150935
    ],
    "ImageType": [
      "ORIGINAL",
      "PRIMARY",
      "M",
      "MB",
      "ND",
      "MOSAIC"
    ],
    "InPlanePhaseEncodingDirectionDICOM": "COL",
    "InstitutionAddress": "Boulevard_Jean_Moulin_27_Marseille_District_FR_13005",
    "InstitutionName": "Universite_d_aix_Marseille",
    "InstitutionalDepartmentName": "Department",
    "MRAcquisitionType": "2D",
    "MagneticFieldStrength": 3,
    "Manufacturer": "Siemens",
    "ManufacturersModelName": "Prisma",
    "Modality": "MR",
    "MultibandAccelerationFactor": 3,
    "PartialFourier": 1,
    "PatientPosition": "HFS",
    "PercentPhaseFOV": 100,
    "PhaseEncodingDirection": "j",
    "PhaseEncodingSteps": 84,
    "PhaseResolution": 1,
    "PixelBandwidth": 2590,
    "ProcedureStepDescription": "Projets_Convers",
    "ProtocolName": "task-convers_run2_bold",
    "PulseSequenceDetails": "%CustomerSeq%_cmrr_mbep2d_bold",
    "ReceiveCoilActiveElements": "HC1-7",
    "ReceiveCoilName": "HeadNeck_64",
    "ReconMatrixPE": 84,
    "RepetitionTime": 1.205,
    "SAR": 0.0581186,
    "ScanOptions": "FS_EXT",
    "ScanningSequence": "EP",
    "SequenceName": "epfid2d1_84",
    "SequenceVariant": "SK_SS",
    "SeriesDescription": "task-convers_run2_bold",
    "SeriesNumber": 12,
    "ShimSetting": [
      -631,
      -10757,
      -562,
      391,
      67,
      5,
      142,
      22
    ],
    "SliceThickness": 2.5,
    "SliceTiming": [
      1.1375,
      1.07,
      1.0025,
      0.9375,
      0.87,
      0.8025,
      0.735,
      0.67,
      0.6025,
      0.535,
      0.4675,
      0.4,
      0.335,
      0.2675,
      0.2,
      0.1325,
      0.0675,
      0,
      1.1375,
      1.07,
      1.0025,
      0.9375,
      0.87,
      0.8025,
      0.735,
      0.67,
      0.6025,
      0.535,
      0.4675,
      0.4,
      0.335,
      0.2675,
      0.2,
      0.1325,
      0.0675,
      0,
      1.1375,
      1.07,
      1.0025,
      0.9375,
      0.87,
      0.8025,
      0.735,
      0.67,
      0.6025,
      0.535,
      0.4675,
      0.4,
      0.335,
      0.2675,
      0.2,
      0.1325,
      0.0675,
      0
    ],
    "SoftwareVersions": "syngo_MR_E11",
    "SpacingBetweenSlices": 2.5,
    "StationName": "AWP66072",
    "TaskName": "convers",
    "TotalReadoutTime": 0.04199916,
    "TxRefAmp": 235.042,
    "dataset": "ds001740",
    "modality": "bold",
    "run_id": 2,
    "subject_id": "01",
    "task_id": "convers"
  },
  "dummy_trs": 0,
  "dvars_nstd": 36.860165799531266,
  "dvars_std": 1.2736621859375006,
  "dvars_vstd": 1.0072394123437498,
  "efc": 0.5159857916138314,
  "fber": 6742.70361328125,
  "fd_mean": 0.14146265304682357,
  "fd_num": 67,
  "fd_perc": 17.4025974025974,
  "fwhm_avg": 3.1043706666666666,
  "fwhm_x": 2.8848279999999997,
  "fwhm_y": 3.2092039999999997,
  "fwhm_z": 3.2190800000000004,
  "gcor": 0.0275026,
  "gsr_x": -0.010448716580867767,
  "gsr_y": 0.06036671623587608,
  "provenance": {
    "md5sum": "451b21beed5f755dc0bb931dc1b3eb46",
    "settings": {
      "fd_thres": 0.2,
      "testing": false
    },
    "software": "mriqc",
    "version": "23.0.1",
    "webapi_port": null,
    "webapi_url": "https://mriqc.nimh.nih.gov/api/v1"
  },
  "size_t": 385,
  "size_x": 84,
  "size_y": 84,
  "size_z": 54,
  "snr": 2.3022369125667876,
  "spacing_tr": 1.2050000429153442,
  "spacing_x": 2.5,
  "spacing_y": 2.5,
  "spacing_z": 2.5,
  "summary_bg_k": 20.215357398908466,
  "summary_bg_mad": 136.9193702286245,
  "summary_bg_mean": 802.2516479492188,
  "summary_bg_median": 128.85926818847656,
  "summary_bg_n": 231385.0,
  "summary_bg_p05": 27.550142288208008,
  "summary_bg_p95": 4318.448535156249,
  "summary_bg_stdv": 1770.058837890625,
  "summary_fg_k": 1.1362374858012645,
  "summary_fg_mad": 4562.565713858683,
  "summary_fg_mean": 12044.5908203125,
  "summary_fg_median": 11105.41796875,
  "summary_fg_n": 81824.0,
  "summary_fg_p05": 5919.81259765625,
  "summary_fg_p95": 21176.54414062497,
  "summary_fg_stdv": 4823.7216796875,
  "tsnr": 48.70486068725586
}