{
  "aor": 0.0010667447916666666,
  "aqi": 0.005002894270833333,
  "bids_meta": {
    "AcquisitionDateTime": "2018-05-29T10:35:43.278000",
    "AcquisitionMatrixPE": 84,
    "AcquisitionNumber": 1,
    "AcquisitionTime": "10:35:41.142500",
    "BandwidthPerPixelPhaseEncode": 23.81,
    "BaseResolution": 84,
    "BodyPartExamined": "HEAD",
    "ConsistencyInfo": "N4_VE11B_LATEST_20150530",
    "ConversionSoftware": "dcm2niix",
    "ConversionSoftwareVersion": "v1.0.20171215 GCC5.1.0",
    "DerivedVendorReportedEchoSpacing": 0.00049999,
    "DeviceSerialNumber": "66072",
    "DwellTime": 2.3e-06,
    "EchoTime": 0.03,
    "EchoTrainLength": 84,
    "EffectiveEchoSpacing": 0.00049999,
    "FlipAngle": 65,
    "ImageComments": "Unaliased_MB3_PE3_LB_SENSE1",
    "ImageOrientationPatientDICOM": [
      0.994154,
      0.0917362,
      -0.0569329,
      -0.0822584,
      0.985115,
      0.150935
    ],
    "ImageType": [
      "ORIGINAL",
      "PRIMARY",
      "M",
      "MB",
      "ND",
      "MOSAIC"
    ],
    "InPlanePhaseEncodingDirectionDICOM": "COL",
    "InstitutionAddress": "Boulevard_Jean_Moulin_27_Marseille_District_FR_13005",
    "InstitutionName": "Universite_d_aix_Marseille",
    "InstitutionalDepartmentName": "Department",
    "MRAcquisitionType": "2D",
    "MagneticFieldStrength": 3,
    "Manufacturer": "Siemens",
    "ManufacturersModelName": "Prisma",
    "Modality": "MR",
    "MultibandAccelerationFactor": 3,
    "PartialFourier": 1,
    "PatientPosition": "HFS",
    "PercentPhaseFOV": 100,
    "PhaseEncodingDirection": "j",
    "PhaseEncodingSteps": 84,
    "PhaseResolution": 1,
    "PixelBandwidth": 2590,
    "ProcedureStepDescription": "Projets_Convers",
    "ProtocolName": "task-convers_run4_bold",
    "PulseSequenceDetails": "%CustomerSeq%_cmrr_mbep2d_bold",
    "ReceiveCoilActiveElements": "HC1-7",
    "ReceiveCoilName": "HeadNeck_64",
    "ReconMatrixPE": 84,
    "RepetitionTime": 1.205,
    "SAR": 0.0581186,
    "ScanOptions": "FS_EXT",
    "ScanningSequence": "EP",
    "SequenceName": "epfid2d1_84",
    "SequenceVariant": "SK_SS",
    "SeriesDescription": "task-convers_run4_bold",
    "SeriesNumber": 18,
    "ShimSetting": [
      -631,
      -10757,
      -562,
      391,
      67,
      5,
      142,
      22
    ],
    "SliceThickness": 2.5,
    "SliceTiming": [
      1.1375,
      1.07,
      1.0025,
      0.935,
      0.87,
      0.8025,
      0.735,
      0.6675,
      0.6025,
      0.535,
      0.4675,
      0.4,
      0.335,
      0.2675,
      0.2,
      0.1325,
      0.065,
      0,
      1.1375,
      1.07,
      1.0025,
      0.935,
      0.87,
      0.8025,
      0.735,
      0.6675,
      0.6025,
      0.535,
      0.4675,
      0.4,
      0.335,
      0.2675,
      0.2,
      0.1325,
      0.065,
      0,
      1.1375,
      1.07,
      1.0025,
      0.935,
      0.87,
      0.8025,
      0.735,
      0.6675,
      0.6025,
      0.535,
      0.4675,
      0.4,
      0.335,
      0.2675,
      0.2,
      0.1325,
      0.065,
      0
    ],
    "SoftwareVersions": "syngo_MR_E11",
    "SpacingBetweenSlices": 2.5,
    "StationName": "AWP66072",
    "TaskName": "convers",
    "TotalReadoutTime": 0.04199916,
    "TxRefAmp": 235.042,
    "dataset": "ds001740",
    "modality": "bold",
    "run_id": 4,
    "subject_id": "01",
    "task_id": "convers"
  },
  "dummy_trs": 1,
  "dvars_nstd": 36.24372746738906,
  "dvars_std": 1.2514464165274146,
  "dvars_vstd": 1.0053685807832897,
  "efc": 0.5177345339598637,
  "fber": 6056.77001953125,
  "fd_mean": 0.1559308302370601,
  "fd_num": 92,
  "fd_perc": 23.958333333333332,
  "fwhm_avg": 3.098029333333333,
  "fwhm_x": 2.8822479999999997,
  "fwhm_y": 3.179484,
  "fwhm_z": 3.2323560000000002,
  "gcor": 0.0303107,
  "gsr_x": -0.009587668813765049,
  "gsr_y": 0.06273732334375381,
  "provenance": {
    "md5sum": "386b9349e6b0e5ad2cd1a56be5003d30",
    "settings": {
      "fd_thres": 0.2,
      "testing": false
    },
    "software": "mriqc",
    "version": "23.0.1",
    "webapi_port": null,
    "webapi_url": "https://mriqc.nimh.nih.gov/api/v1"
  },
  "size_t": 384,
  "size_x": 84,
  "size_y": 84,
  "size_z": 54,
  "snr": 2.297715104066002,
  "spacing_tr": 1.2050000429153442,
  "spacing_x": 2.5,
  "spacing_y": 2.5,
  "spacing_z": 2.5,
  "summary_bg_k": 19.34387509783127,
  "summary_bg_mad": 153.30414834492484,
  "summary_bg_mean": 826.4356689453125,
  "summary_bg_median": 136.81924438476562,
  "summary_bg_n": 231756.0,
  "summary_bg_p05": 20.502774715423584,
  "summary_bg_p95": 4462.9075927734375,
  "summary_bg_stdv": 1797.2762451171875,
  "summary_fg_k": 1.1395914427190244,
  "summary_fg_mad": 4544.137069632419,
  "summary_fg_mean": 12006.00390625,
  "summary_fg_median": 11072.615234375,
  "summary_fg_n": 82006.0,
  "summary_fg_p05": 5897.3795166015625,
  "summary_fg_p95": 21179.29248046875,
  "summary_fg_stdv": 4818.9384765625,
  "tsnr": 46.927032470703125
}