{
  "aor": 0.001653116883116883,
  "aqi": 0.005495797350649351,
  "bids_meta": {
    "AcquisitionDateTime": "2018-05-30T15:28:24.935000",
    "AcquisitionMatrixPE": 84,
    "AcquisitionNumber": 1,
    "AcquisitionTime": "15:28:23.032500",
    "BandwidthPerPixelPhaseEncode": 23.81,
    "BaseResolution": 84,
    "BodyPartExamined": "HEAD",
    "ConsistencyInfo": "N4_VE11B_LATEST_20150530",
    "ConversionSoftware": "dcm2niix",
    "ConversionSoftwareVersion": "v1.0.20171215 GCC5.1.0",
    "DerivedVendorReportedEchoSpacing": 0.00049999,
    "DeviceSerialNumber": "66072",
    "DwellTime": 2.3e-06,
    "EchoTime": 0.03,
    "EchoTrainLength": 84,
    "EffectiveEchoSpacing": 0.00049999,
    "FlipAngle": 65,
    "ImageComments": "Unaliased_MB3_PE3_LB_SENSE1",
    "ImageOrientationPatientDICOM": [
      0.999383,
      0.000465242,
      0.0351118,
      -0.00366291,
      0.995839,
      0.0910618
    ],
    "ImageType": [
      "ORIGINAL",
      "PRIMARY",
      "M",
      "MB",
      "ND",
      "MOSAIC"
    ],
    "InPlanePhaseEncodingDirectionDICOM": "COL",
    "InstitutionAddress": "Boulevard_Jean_Moulin_27_Marseille_District_FR_13005",
    "InstitutionName": "Universite_d_aix_Marseille",
    "InstitutionalDepartmentName": "Department",
    "MRAcquisitionType": "2D",
    "MagneticFieldStrength": 3,
    "Manufacturer": "Siemens",
    "ManufacturersModelName": "Prisma",
    "Modality": "MR",
    "MultibandAccelerationFactor": 3,
    "PartialFourier": 1,
    "PatientPosition": "HFS",
    "PercentPhaseFOV": 100,
    "PhaseEncodingDirection": "j",
    "PhaseEncodingSteps": 84,
    "PhaseResolution": 1,
    "PixelBandwidth": 2590,
    "ProcedureStepDescription": "Projets_Convers",
    "ProtocolName": "task-convers_run2_bold",
    "PulseSequenceDetails": "%CustomerSeq%_cmrr_mbep2d_bold",
    "ReceiveCoilActiveElements": "HC1-6",
    "ReceiveCoilName": "HeadNeck_64",
    "ReconMatrixPE": 84,
    "RepetitionTime": 1.205,
    "SAR": 0.0718201,
    "ScanOptions": "FS_EXT",
    "ScanningSequence": "EP",
    "SequenceName": "epfid2d1_84",
    "SequenceVariant": "SK_SS",
    "SeriesDescription": "task-convers_run2_bold",
    "SeriesNumber": 18,
    "ShimSetting": [
      -606,
      -10786,
      -490,
      407,
      34,
      -26,
      2,
      24
    ],
    "SliceThickness": 2.5,
    "SliceTiming": [
      1.1375,
      1.07,
      1.005,
      0.9375,
      0.87,
      0.8025,
      0.735,
      0.67,
      0.6025,
      0.535,
      0.4675,
      0.4025,
      0.335,
      0.2675,
      0.2,
      0.1325,
      0.0675,
      0,
      1.1375,
      1.07,
      1.005,
      0.9375,
      0.87,
      0.8025,
      0.735,
      0.67,
      0.6025,
      0.535,
      0.4675,
      0.4025,
      0.335,
      0.2675,
      0.2,
      0.1325,
      0.0675,
      0,
      1.1375,
      1.07,
      1.005,
      0.9375,
      0.87,
      0.8025,
      0.735,
      0.67,
      0.6025,
      0.535,
      0.4675,
      0.4025,
      0.335,
      0.2675,
      0.2,
      0.1325,
      0.0675,
      0
    ],
    "SoftwareVersions": "syngo_MR_E11",
    "SpacingBetweenSlices": 2.5,
    "StationName": "AWP66072",
    "TaskName": "convers",
    "TotalReadoutTime": 0.04199916,
    "TxRefAmp": 231.604,
    "dataset": "ds001740",
    "modality": "bold",
    "run_id": 2,
    "subject_id": "08",
    "task_id": "convers"
  },
  "dummy_trs": 0,
  "dvars_nstd": 35.10658682364581,
  "dvars_std": 1.1596271121354165,
  "dvars_vstd": 1.0081840383854166,
  "efc": 0.47006365386825705,
  "fber": 10962.86328125,
  "fd_mean": 0.23273808981661434,
  "fd_num": 184,
  "fd_perc": 47.79220779220779,
  "fwhm_avg": 3.3235146666666666,
  "fwhm_x": 3.1218399999999997,
  "fwhm_y": 3.471884,
  "fwhm_z": 3.37682,
  "gcor": 0.0153532,
  "gsr_x": -0.010663536377251148,
  "gsr_y": 0.03159715607762337,
  "provenance": {
    "md5sum": "65624b4548db960e9bbf8342531a811e",
    "settings": {
      "fd_thres": 0.2,
      "testing": false
    },
    "software": "mriqc",
    "version": "23.0.1",
    "webapi_port": null,
    "webapi_url": "https://mriqc.nimh.nih.gov/api/v1"
  },
  "size_t": 385,
  "size_x": 84,
  "size_y": 84,
  "size_z": 54,
  "snr": 2.273570519887614,
  "spacing_tr": 1.2050000429153442,
  "spacing_x": 2.5,
  "spacing_y": 2.5,
  "spacing_z": 2.5,
  "summary_bg_k": 25.22550024784014,
  "summary_bg_mad": 100.76313707622654,
  "summary_bg_mean": 537.1362915039062,
  "summary_bg_median": 103.25301361083984,
  "summary_bg_n": 247333.0,
  "summary_bg_p05": 24.41512222290039,
  "summary_bg_p95": 2790.9155273437495,
  "summary_bg_stdv": 1217.8094482421875,
  "summary_fg_k": 0.8173191732244467,
  "summary_fg_mad": 4566.9346124859685,
  "summary_fg_mean": 11669.7294921875,
  "summary_fg_median": 10810.7060546875,
  "summary_fg_n": 73425.0,
  "summary_fg_p05": 5626.38203125,
  "summary_fg_p95": 20797.57109375,
  "summary_fg_stdv": 4754.9140625,
  "tsnr": 42.32764434814453
}