{
  "aor": 0.001878051948051948,
  "aqi": 0.006978452571428572,
  "bids_meta": {
    "AcquisitionDateTime": "2018-07-16T10:40:52.714000",
    "AcquisitionMatrixPE": 84,
    "AcquisitionNumber": 1,
    "AcquisitionTime": "10:40:50.172500",
    "BandwidthPerPixelPhaseEncode": 23.81,
    "BaseResolution": 84,
    "BodyPartExamined": "HEAD",
    "ConsistencyInfo": "N4_VE11B_LATEST_20150530",
    "ConversionSoftware": "dcm2niix",
    "ConversionSoftwareVersion": "v1.0.20171215 GCC5.1.0",
    "DerivedVendorReportedEchoSpacing": 0.00049999,
    "DeviceSerialNumber": "66072",
    "DwellTime": 2.3e-06,
    "EchoTime": 0.03,
    "EchoTrainLength": 84,
    "EffectiveEchoSpacing": 0.00049999,
    "FlipAngle": 65,
    "ImageComments": "Unaliased_MB3_PE3_LB_SENSE1",
    "ImageOrientationPatientDICOM": [
      0.993362,
      -0.0319096,
      0.110512,
      0.033821,
      0.999308,
      -0.0154642
    ],
    "ImageType": [
      "ORIGINAL",
      "PRIMARY",
      "M",
      "MB",
      "ND",
      "MOSAIC"
    ],
    "InPlanePhaseEncodingDirectionDICOM": "COL",
    "InstitutionAddress": "Boulevard_Jean_Moulin_27_Marseille_District_FR_13005",
    "InstitutionName": "Universite_d_aix_Marseille",
    "InstitutionalDepartmentName": "Department",
    "MRAcquisitionType": "2D",
    "MagneticFieldStrength": 3,
    "Manufacturer": "Siemens",
    "ManufacturersModelName": "Prisma",
    "Modality": "MR",
    "MultibandAccelerationFactor": 3,
    "PartialFourier": 1,
    "PatientPosition": "HFS",
    "PercentPhaseFOV": 100,
    "PhaseEncodingDirection": "j",
    "PhaseEncodingSteps": 84,
    "PhaseResolution": 1,
    "PixelBandwidth": 2590,
    "ProcedureStepDescription": "Projets_Convers",
    "ProtocolName": "task-convers_run3_bold",
    "PulseSequenceDetails": "%CustomerSeq%_cmrr_mbep2d_bold",
    "ReceiveCoilActiveElements": "HC1-7",
    "ReceiveCoilName": "HeadNeck_64",
    "ReconMatrixPE": 84,
    "RepetitionTime": 1.205,
    "SAR": 0.0796623,
    "ScanOptions": "FS_EXT",
    "ScanningSequence": "EP",
    "SequenceName": "epfid2d1_84",
    "SequenceVariant": "SK_SS",
    "SeriesDescription": "task-convers_run3_bold",
    "SeriesNumber": 21,
    "ShimSetting": [
      -566,
      -10748,
      -515,
      437,
      18,
      5,
      33,
      15
    ],
    "SliceThickness": 2.5,
    "SliceTiming": [
      1.1375,
      1.07,
      1.005,
      0.9375,
      0.87,
      0.8025,
      0.7375,
      0.67,
      0.6025,
      0.535,
      0.4675,
      0.4025,
      0.335,
      0.2675,
      0.2,
      0.135,
      0.0675,
      0,
      1.1375,
      1.07,
      1.005,
      0.9375,
      0.87,
      0.8025,
      0.7375,
      0.67,
      0.6025,
      0.535,
      0.4675,
      0.4025,
      0.335,
      0.2675,
      0.2,
      0.135,
      0.0675,
      0,
      1.1375,
      1.07,
      1.005,
      0.9375,
      0.87,
      0.8025,
      0.7375,
      0.67,
      0.6025,
      0.535,
      0.4675,
      0.4025,
      0.335,
      0.2675,
      0.2,
      0.135,
      0.0675,
      0
    ],
    "SoftwareVersions": "syngo_MR_E11",
    "SpacingBetweenSlices": 2.5,
    "StationName": "AWP66072",
    "TaskName": "convers",
    "TotalReadoutTime": 0.04199916,
    "TxRefAmp": 258.095,
    "dataset": "ds001740",
    "modality": "bold",
    "run_id": 3,
    "subject_id": "10",
    "task_id": "convers"
  },
  "dummy_trs": 0,
  "dvars_nstd": 36.11344270434899,
  "dvars_std": 1.1500675272656256,
  "dvars_vstd": 1.01545089109375,
  "efc": 0.5405225998982455,
  "fber": 2939.019775390625,
  "fd_mean": 0.16221742297514805,
  "fd_num": 97,
  "fd_perc": 25.194805194805195,
  "fwhm_avg": 3.003781333333334,
  "fwhm_x": 2.767888,
  "fwhm_y": 3.1277280000000003,
  "fwhm_z": 3.115728,
  "gcor": 0.0157095,
  "gsr_x": -0.001887025311589241,
  "gsr_y": 0.06726455688476562,
  "provenance": {
    "md5sum": "b9ed00d2e3110c7e2e0acc6cdbc55bf4",
    "settings": {
      "fd_thres": 0.2,
      "testing": false
    },
    "software": "mriqc",
    "version": "23.0.1",
    "webapi_port": null,
    "webapi_url": "https://mriqc.nimh.nih.gov/api/v1"
  },
  "size_t": 385,
  "size_x": 84,
  "size_y": 84,
  "size_z": 54,
  "snr": 2.372572836720854,
  "spacing_tr": 1.2050000429153442,
  "spacing_x": 2.5,
  "spacing_y": 2.5,
  "spacing_z": 2.5,
  "summary_bg_k": 19.8742903049159,
  "summary_bg_mad": 186.40331187234167,
  "summary_bg_mean": 838.5413208007812,
  "summary_bg_median": 169.435791015625,
  "summary_bg_n": 224624.0,
  "summary_bg_p05": 38.990250968933104,
  "summary_bg_p95": 4189.151245117164,
  "summary_bg_stdv": 1736.750244140625,
  "summary_fg_k": 0.6940031667289608,
  "summary_fg_mad": 4041.9703595680194,
  "summary_fg_mean": 10568.5556640625,
  "summary_fg_median": 9842.7255859375,
  "summary_fg_n": 85801.0,
  "summary_fg_p05": 5263.779296875,
  "summary_fg_p95": 18397.955078125,
  "summary_fg_stdv": 4148.52099609375,
  "tsnr": 38.42244338989258
}