{
  "aor": 0.0010226233766233766,
  "aqi": 0.014001545350649349,
  "bids_meta": {
    "AcquisitionDateTime": "2018-07-16T10:19:25.533000",
    "AcquisitionMatrixPE": 84,
    "AcquisitionNumber": 1,
    "AcquisitionTime": "10:19:20.922500",
    "BandwidthPerPixelPhaseEncode": 23.81,
    "BaseResolution": 84,
    "BodyPartExamined": "HEAD",
    "ConsistencyInfo": "N4_VE11B_LATEST_20150530",
    "ConversionSoftware": "dcm2niix",
    "ConversionSoftwareVersion": "v1.0.20171215 GCC5.1.0",
    "DerivedVendorReportedEchoSpacing": 0.00049999,
    "DeviceSerialNumber": "66072",
    "DwellTime": 2.3e-06,
    "EchoTime": 0.03,
    "EchoTrainLength": 84,
    "EffectiveEchoSpacing": 0.00049999,
    "FlipAngle": 65,
    "ImageComments": "Unaliased_MB3_PE3_LB_SENSE1",
    "ImageOrientationPatientDICOM": [
      0.993362,
      -0.0319096,
      0.110512,
      0.033821,
      0.999308,
      -0.0154642
    ],
    "ImageType": [
      "ORIGINAL",
      "PRIMARY",
      "M",
      "MB",
      "ND",
      "MOSAIC"
    ],
    "InPlanePhaseEncodingDirectionDICOM": "COL",
    "InstitutionAddress": "Boulevard_Jean_Moulin_27_Marseille_District_FR_13005",
    "InstitutionName": "Universite_d_aix_Marseille",
    "InstitutionalDepartmentName": "Department",
    "MRAcquisitionType": "2D",
    "MagneticFieldStrength": 3,
    "Manufacturer": "Siemens",
    "ManufacturersModelName": "Prisma",
    "Modality": "MR",
    "MultibandAccelerationFactor": 3,
    "PartialFourier": 1,
    "PatientPosition": "HFS",
    "PercentPhaseFOV": 100,
    "PhaseEncodingDirection": "j",
    "PhaseEncodingSteps": 84,
    "PhaseResolution": 1,
    "PixelBandwidth": 2590,
    "ProcedureStepDescription": "Projets_Convers",
    "ProtocolName": "task-convers_run1_bold",
    "PulseSequenceDetails": "%CustomerSeq%_cmrr_mbep2d_bold",
    "ReceiveCoilActiveElements": "HC1-7",
    "ReceiveCoilName": "HeadNeck_64",
    "ReconMatrixPE": 84,
    "RepetitionTime": 1.205,
    "SAR": 0.0796623,
    "ScanOptions": "FS_EXT",
    "ScanningSequence": "EP",
    "SequenceName": "epfid2d1_84",
    "SequenceVariant": "SK_SS",
    "SeriesDescription": "task-convers_run1_bold",
    "SeriesNumber": 17,
    "ShimSetting": [
      -566,
      -10748,
      -515,
      437,
      18,
      5,
      33,
      15
    ],
    "SliceThickness": 2.5,
    "SliceTiming": [
      1.1375,
      1.0725,
      1.005,
      0.9375,
      0.87,
      0.8025,
      0.7375,
      0.67,
      0.6025,
      0.535,
      0.47,
      0.4025,
      0.335,
      0.2675,
      0.2,
      0.135,
      0.0675,
      0,
      1.1375,
      1.0725,
      1.005,
      0.9375,
      0.87,
      0.8025,
      0.7375,
      0.67,
      0.6025,
      0.535,
      0.47,
      0.4025,
      0.335,
      0.2675,
      0.2,
      0.135,
      0.0675,
      0,
      1.1375,
      1.0725,
      1.005,
      0.9375,
      0.87,
      0.8025,
      0.7375,
      0.67,
      0.6025,
      0.535,
      0.47,
      0.4025,
      0.335,
      0.2675,
      0.2,
      0.135,
      0.0675,
      0
    ],
    "SoftwareVersions": "syngo_MR_E11",
    "SpacingBetweenSlices": 2.5,
    "StationName": "AWP66072",
    "TaskName": "convers",
    "TotalReadoutTime": 0.04199916,
    "TxRefAmp": 258.095,
    "dataset": "ds001740",
    "modality": "bold",
    "run_id": 1,
    "subject_id": "10",
    "task_id": "convers"
  },
  "dummy_trs": 0,
  "dvars_nstd": 43.807647218776054,
  "dvars_std": 1.090701164765625,
  "dvars_vstd": 0.9612915685677081,
  "efc": 0.5397282822090202,
  "fber": 2428.92822265625,
  "fd_mean": 0.3156306481465354,
  "fd_num": 203,
  "fd_perc": 52.72727272727273,
  "fwhm_avg": 3.105008,
  "fwhm_x": 2.833252,
  "fwhm_y": 3.252312,
  "fwhm_z": 3.2294600000000004,
  "gcor": 0.0311952,
  "gsr_x": -0.002221015514805913,
  "gsr_y": 0.06688830256462097,
  "provenance": {
    "md5sum": "98a44f3639e4bbd708fd87bac3d53486",
    "settings": {
      "fd_thres": 0.2,
      "testing": false
    },
    "software": "mriqc",
    "version": "23.0.1",
    "webapi_port": null,
    "webapi_url": "https://mriqc.nimh.nih.gov/api/v1"
  },
  "size_t": 385,
  "size_x": 84,
  "size_y": 84,
  "size_z": 54,
  "snr": 2.37480714025578,
  "spacing_tr": 1.2050000429153442,
  "spacing_x": 2.5,
  "spacing_y": 2.5,
  "spacing_z": 2.5,
  "summary_bg_k": 18.985229769717257,
  "summary_bg_mad": 221.62806041023137,
  "summary_bg_mean": 848.650146484375,
  "summary_bg_median": 190.67662048339844,
  "summary_bg_n": 225491.0,
  "summary_bg_p05": 31.630248069763184,
  "summary_bg_p95": 4201.808349609375,
  "summary_bg_stdv": 1709.3828125,
  "summary_fg_k": 0.6388981776283713,
  "summary_fg_mad": 4163.481483775131,
  "summary_fg_mean": 10777.4990234375,
  "summary_fg_median": 10036.9248046875,
  "summary_fg_n": 85505.0,
  "summary_fg_p05": 5349.37353515625,
  "summary_fg_p95": 18765.076953125,
  "summary_fg_stdv": 4226.39208984375,
  "tsnr": 28.696609497070312
}