{
  "aor": 0.000504025974025974,
  "aqi": 0.009421914337662336,
  "bids_meta": {
    "AcquisitionDateTime": "2018-07-16T10:54:11.288000",
    "AcquisitionMatrixPE": 84,
    "AcquisitionNumber": 1,
    "AcquisitionTime": "10:54:9.250000",
    "BandwidthPerPixelPhaseEncode": 23.81,
    "BaseResolution": 84,
    "BodyPartExamined": "HEAD",
    "ConsistencyInfo": "N4_VE11B_LATEST_20150530",
    "ConversionSoftware": "dcm2niix",
    "ConversionSoftwareVersion": "v1.0.20171215 GCC5.1.0",
    "DerivedVendorReportedEchoSpacing": 0.00049999,
    "DeviceSerialNumber": "66072",
    "DwellTime": 2.3e-06,
    "EchoTime": 0.03,
    "EchoTrainLength": 84,
    "EffectiveEchoSpacing": 0.00049999,
    "FlipAngle": 65,
    "ImageComments": "Unaliased_MB3_PE3_LB_SENSE1",
    "ImageOrientationPatientDICOM": [
      0.993362,
      -0.0319096,
      0.110512,
      0.033821,
      0.999308,
      -0.0154642
    ],
    "ImageType": [
      "ORIGINAL",
      "PRIMARY",
      "M",
      "MB",
      "ND",
      "MOSAIC"
    ],
    "InPlanePhaseEncodingDirectionDICOM": "COL",
    "InstitutionAddress": "Boulevard_Jean_Moulin_27_Marseille_District_FR_13005",
    "InstitutionName": "Universite_d_aix_Marseille",
    "InstitutionalDepartmentName": "Department",
    "MRAcquisitionType": "2D",
    "MagneticFieldStrength": 3,
    "Manufacturer": "Siemens",
    "ManufacturersModelName": "Prisma",
    "Modality": "MR",
    "MultibandAccelerationFactor": 3,
    "PartialFourier": 1,
    "PatientPosition": "HFS",
    "PercentPhaseFOV": 100,
    "PhaseEncodingDirection": "j",
    "PhaseEncodingSteps": 84,
    "PhaseResolution": 1,
    "PixelBandwidth": 2590,
    "ProcedureStepDescription": "Projets_Convers",
    "ProtocolName": "task-convers_run4_bold",
    "PulseSequenceDetails": "%CustomerSeq%_cmrr_mbep2d_bold",
    "ReceiveCoilActiveElements": "HC1-7",
    "ReceiveCoilName": "HeadNeck_64",
    "ReconMatrixPE": 84,
    "RepetitionTime": 1.205,
    "SAR": 0.0796623,
    "ScanOptions": "FS_EXT",
    "ScanningSequence": "EP",
    "SequenceName": "epfid2d1_84",
    "SequenceVariant": "SK_SS",
    "SeriesDescription": "task-convers_run4_bold",
    "SeriesNumber": 23,
    "ShimSetting": [
      -566,
      -10748,
      -515,
      437,
      18,
      5,
      33,
      15
    ],
    "SliceThickness": 2.5,
    "SliceTiming": [
      1.1375,
      1.07,
      1.0025,
      0.9375,
      0.87,
      0.8025,
      0.735,
      0.67,
      0.6025,
      0.535,
      0.4675,
      0.4,
      0.335,
      0.2675,
      0.2,
      0.1325,
      0.0675,
      0,
      1.1375,
      1.07,
      1.0025,
      0.9375,
      0.87,
      0.8025,
      0.735,
      0.67,
      0.6025,
      0.535,
      0.4675,
      0.4,
      0.335,
      0.2675,
      0.2,
      0.1325,
      0.0675,
      0,
      1.1375,
      1.07,
      1.0025,
      0.9375,
      0.87,
      0.8025,
      0.735,
      0.67,
      0.6025,
      0.535,
      0.4675,
      0.4,
      0.335,
      0.2675,
      0.2,
      0.1325,
      0.0675,
      0
    ],
    "SoftwareVersions": "syngo_MR_E11",
    "SpacingBetweenSlices": 2.5,
    "StationName": "AWP66072",
    "TaskName": "convers",
    "TotalReadoutTime": 0.04199916,
    "TxRefAmp": 258.095,
    "dataset": "ds001740",
    "modality": "bold",
    "run_id": 4,
    "subject_id": "10",
    "task_id": "convers"
  },
  "dummy_trs": 0,
  "dvars_nstd": 33.89565590520833,
  "dvars_std": 1.0381225077864582,
  "dvars_vstd": 0.9416036776041669,
  "efc": 0.5410274200601594,
  "fber": 2870.602294921875,
  "fd_mean": 0.13098048728821693,
  "fd_num": 58,
  "fd_perc": 15.064935064935066,
  "fwhm_avg": 2.9884346666666666,
  "fwhm_x": 2.76296,
  "fwhm_y": 3.106868,
  "fwhm_z": 3.095476,
  "gcor": 0.0213534,
  "gsr_x": 0.0004982346436008811,
  "gsr_y": 0.06710578501224518,
  "provenance": {
    "md5sum": "4d2330c4c73226d273156cee22950037",
    "settings": {
      "fd_thres": 0.2,
      "testing": false
    },
    "software": "mriqc",
    "version": "23.0.1",
    "webapi_port": null,
    "webapi_url": "https://mriqc.nimh.nih.gov/api/v1"
  },
  "size_t": 385,
  "size_x": 84,
  "size_y": 84,
  "size_z": 54,
  "snr": 2.369824427140721,
  "spacing_tr": 1.2050000429153442,
  "spacing_x": 2.5,
  "spacing_y": 2.5,
  "spacing_z": 2.5,
  "summary_bg_k": 19.561295821057776,
  "summary_bg_mad": 194.5374615798103,
  "summary_bg_mean": 837.7686157226562,
  "summary_bg_median": 172.03518676757812,
  "summary_bg_n": 224852.0,
  "summary_bg_p05": 34.09438056945801,
  "summary_bg_p95": 4181.00073242187,
  "summary_bg_stdv": 1717.8802490234375,
  "summary_fg_k": 0.7334745400642504,
  "summary_fg_mad": 4020.931597031784,
  "summary_fg_mean": 10511.1572265625,
  "summary_fg_median": 9775.177734375,
  "summary_fg_n": 85790.0,
  "summary_fg_p05": 5239.344873046875,
  "summary_fg_p95": 18286.60791015625,
  "summary_fg_stdv": 4124.8291015625,
  "tsnr": 33.42845153808594
}