{
  "bids_meta": {
    "AcquisitionDateTime": "2018-05-30T10:40:49.299000",
    "AcquisitionMatrixPE": 320,
    "AcquisitionNumber": 1,
    "AcquisitionTime": "10:32:45.517500",
    "BaseResolution": 320,
    "BodyPartExamined": "HEAD",
    "ConsistencyInfo": "N4_VE11B_LATEST_20150530",
    "ConversionSoftware": "dcm2niix",
    "ConversionSoftwareVersion": "v1.0.20171215 GCC5.1.0",
    "DeviceSerialNumber": "66072",
    "DwellTime": 2.2e-06,
    "EchoTime": 0.562,
    "EchoTrainLength": 305,
    "FlipAngle": 120,
    "ImageOrientationPatientDICOM": [
      0.0392512,
      0.996466,
      0.0742613,
      -0.0210324,
      0.075126,
      -0.996952
    ],
    "ImageType": [
      "ORIGINAL",
      "PRIMARY",
      "M",
      "ND",
      "NORM"
    ],
    "InPlanePhaseEncodingDirectionDICOM": "ROW",
    "InstitutionAddress": "Boulevard_Jean_Moulin_27_Marseille_District_FR_13005",
    "InstitutionName": "Universite_d_aix_Marseille",
    "InstitutionalDepartmentName": "Department",
    "MRAcquisitionType": "3D",
    "MagneticFieldStrength": 3,
    "Manufacturer": "Siemens",
    "ManufacturersModelName": "Prisma",
    "Modality": "MR",
    "ParallelReductionFactorInPlane": 2,
    "PartialFourier": 1,
    "PatientPosition": "HFS",
    "PercentPhaseFOV": 100,
    "PhaseEncodingSteps": 315,
    "PhaseResolution": 1,
    "PixelBandwidth": 710,
    "ProcedureStepDescription": "Projets_Convers",
    "ProtocolName": "T2w",
    "PulseSequenceDetails": "%SiemensSeq%_tse_vfl",
    "ReceiveCoilActiveElements": "HC1-7;NC1,2",
    "ReceiveCoilName": "HeadNeck_64",
    "ReconMatrixPE": 320,
    "RepetitionTime": 3.2,
    "SAR": 0.113856,
    "ScanOptions": "PFP",
    "ScanningSequence": "SE",
    "SequenceName": "_spc_305ns",
    "SequenceVariant": "SK_SP",
    "SeriesDescription": "T2w",
    "SeriesNumber": 17,
    "ShimSetting": [
      -600,
      -10808,
      -655,
      152,
      60,
      -379,
      -1,
      44
    ],
    "SliceThickness": 0.8,
    "SoftwareVersions": "syngo_MR_E11",
    "StationName": "AWP66072",
    "TxRefAmp": 233.498,
    "dataset": "ds001740",
    "modality": "T2w",
    "subject_id": "05"
  },
  "cjv": 0.35429120007554527,
  "cnr": 1.5921112318869706,
  "efc": 0.4640205184467714,
  "fber": 8322.83842669721,
  "fwhm_avg": 2.6421214381933464,
  "fwhm_x": 2.532714394951687,
  "fwhm_y": 2.858324957407639,
  "fwhm_z": 2.535324962220714,
  "icvs_csf": 0.35695156268839023,
  "icvs_gm": 0.49822934413944003,
  "icvs_wm": 0.1448190931721697,
  "inu_med": 0.9808267056941986,
  "inu_range": 0.25698257982730865,
  "provenance": {
    "md5sum": "202636a59e28c20d2db9237a6f0b732b",
    "settings": {
      "testing": false
    },
    "software": "mriqc",
    "version": "23.0.1",
    "warnings": {
      "large_rot_frame": true,
      "small_air_mask": false
    },
    "webapi_port": null,
    "webapi_url": "https://mriqc.nimh.nih.gov/api/v1"
  },
  "qi_1": 1.0610523168473253e-05,
  "qi_2": 0.013633911832247112,
  "rpve_csf": 16.147893787444037,
  "rpve_gm": 13.677033007293074,
  "rpve_wm": 46.96267945332374,
  "size_x": 256,
  "size_y": 320,
  "size_z": 320,
  "snr_csf": 9.487707497249078,
  "snr_gm": 10.204454657063218,
  "snr_total": 7.423133831327649,
  "snr_wm": 2.5772393396706486,
  "snrd_csf": 88.74827939300995,
  "snrd_gm": 54.791789064734,
  "snrd_total": 95.98876599255476,
  "snrd_wm": 144.4262295199203,
  "spacing_x": 0.8000033497810364,
  "spacing_y": 0.800000011920929,
  "spacing_z": 0.800000011920929,
  "summary_bg_k": 10.870284356281811,
  "summary_bg_mad": 0.0,
  "summary_bg_mean": 3.0863563851196676,
  "summary_bg_median": 0.0,
  "summary_bg_n": 5917700.0,
  "summary_bg_p05": 0.0,
  "summary_bg_p95": 11.836165551096201,
  "summary_bg_stdv": 4.536697761694153,
  "summary_csf_k": 0.5694272874002841,
  "summary_csf_mad": 63.06911291391754,
  "summary_csf_mean": 617.9191230890251,
  "summary_csf_median": 614.5653339922428,
  "summary_csf_n": 98356.0,
  "summary_csf_p05": 519.8084040684626,
  "summary_csf_p95": 728.5430318759754,
  "summary_csf_stdv": 64.77457383400211,
  "summary_gm_k": 0.33693306271658185,
  "summary_gm_mad": 36.08355115368388,
  "summary_gm_mean": 380.0466186890851,
  "summary_gm_median": 379.4229519367218,
  "summary_gm_n": 520915.0,
  "summary_gm_p05": 319.9509004242718,
  "summary_gm_p95": 441.62002574652433,
  "summary_gm_stdv": 37.18205435750484,
  "summary_wm_k": -0.34752530786343794,
  "summary_wm_mad": 183.82564671071174,
  "summary_wm_mean": 820.1333754698104,
  "summary_wm_median": 1000.1247865222394,
  "summary_wm_n": 58876.0,
  "summary_wm_p05": 44.203605968505144,
  "summary_wm_p95": 1184.0325890481472,
  "summary_wm_stdv": 388.05720431439784,
  "tpm_overlap_csf": 0.1142516731599604,
  "tpm_overlap_gm": 0.31236620413390803,
  "tpm_overlap_wm": 0.026387498014521837,
  "wm2max": 0.8601663833974417
}