{
  "bids_meta": {
    "AcquisitionDateTime": "2018-05-30T10:47:47.912000",
    "AcquisitionMatrixPE": 320,
    "AcquisitionNumber": 1,
    "AcquisitionTime": "10:40:41.745000",
    "BaseResolution": 320,
    "BodyPartExamined": "HEAD",
    "ConsistencyInfo": "N4_VE11B_LATEST_20150530",
    "ConversionSoftware": "dcm2niix",
    "ConversionSoftwareVersion": "v1.0.20171215 GCC5.1.0",
    "DeviceSerialNumber": "66072",
    "DwellTime": 7.4e-06,
    "EchoTime": 0.00228,
    "FlipAngle": 8,
    "ImageOrientationPatientDICOM": [
      0.0392512,
      0.996466,
      0.0742613,
      -0.0210324,
      0.075126,
      -0.996952
    ],
    "ImageType": [
      "ORIGINAL",
      "PRIMARY",
      "M",
      "ND",
      "NORM"
    ],
    "InPlanePhaseEncodingDirectionDICOM": "ROW",
    "InstitutionAddress": "Boulevard_Jean_Moulin_27_Marseille_District_FR_13005",
    "InstitutionName": "Universite_d_aix_Marseille",
    "InstitutionalDepartmentName": "Department",
    "InversionTime": 1.01,
    "MRAcquisitionType": "3D",
    "MagneticFieldStrength": 3,
    "Manufacturer": "Siemens",
    "ManufacturersModelName": "Prisma",
    "Modality": "MR",
    "ParallelReductionFactorInPlane": 2,
    "PartialFourier": 1,
    "PatientPosition": "HFS",
    "PercentPhaseFOV": 100,
    "PhaseEncodingSteps": 319,
    "PhaseResolution": 1,
    "PixelBandwidth": 210,
    "ProcedureStepDescription": "Projets_Convers",
    "ProtocolName": "T1w",
    "PulseSequenceDetails": "%SiemensSeq%_tfl",
    "ReceiveCoilActiveElements": "HC1-7;NC1,2",
    "ReceiveCoilName": "HeadNeck_64",
    "ReconMatrixPE": 320,
    "RepetitionTime": 2.4,
    "SAR": 0.034303,
    "ScanOptions": "IR_WE",
    "ScanningSequence": "GR_IR",
    "SequenceName": "_tfl3d1_16ns",
    "SequenceVariant": "SK_SP_MP",
    "SeriesDescription": "T1w",
    "SeriesNumber": 18,
    "ShimSetting": [
      -600,
      -10808,
      -655,
      152,
      60,
      -379,
      -1,
      44
    ],
    "SliceThickness": 0.8,
    "SoftwareVersions": "syngo_MR_E11",
    "StationName": "AWP66072",
    "TxRefAmp": 233.498,
    "dataset": "ds001740",
    "modality": "T1w",
    "subject_id": "05"
  },
  "cjv": 0.37228093142260454,
  "cnr": 3.5530335068943466,
  "efc": 0.4762324410752684,
  "fber": -1.0,
  "fwhm_avg": 4.611576983449678,
  "fwhm_x": 4.5163060892043845,
  "fwhm_y": 4.54294993230477,
  "fwhm_z": 4.775474928839879,
  "icvs_csf": 0.19465935487065025,
  "icvs_gm": 0.4187049760160982,
  "icvs_wm": 0.3866356691132516,
  "inu_med": 0.4086160957813263,
  "inu_range": 0.15403373241424556,
  "provenance": {
    "md5sum": "120a9728634c0a586eb86152a7b6d55a",
    "settings": {
      "testing": false
    },
    "software": "mriqc",
    "version": "23.0.1",
    "warnings": {
      "large_rot_frame": true,
      "small_air_mask": false
    },
    "webapi_port": null,
    "webapi_url": "https://mriqc.nimh.nih.gov/api/v1"
  },
  "qi_1": 0.0,
  "qi_2": 0.011177493294881378,
  "rpve_csf": 29.662688116242865,
  "rpve_gm": 14.61843855451047,
  "rpve_wm": 18.39211870213467,
  "size_x": 256,
  "size_y": 320,
  "size_z": 320,
  "snr_csf": 2.5193333078337696,
  "snr_gm": 13.107630353533539,
  "snr_total": 13.85000232389901,
  "snr_wm": 25.92304331032972,
  "snrd_csf": 17.152261010704326,
  "snrd_gm": 44.605823568987404,
  "snrd_total": 40.37415902425708,
  "snrd_wm": 59.364392493079514,
  "spacing_x": 0.8000033497810364,
  "spacing_y": 0.800000011920929,
  "spacing_z": 0.800000011920929,
  "summary_bg_k": 7404.554653292822,
  "summary_bg_mad": 0.0,
  "summary_bg_mean": 2.447526141524021,
  "summary_bg_median": 0.0,
  "summary_bg_n": 6071019.0,
  "summary_bg_p05": 0.0,
  "summary_bg_p95": 11.912795066833496,
  "summary_bg_stdv": 11.035848208420855,
  "summary_csf_k": 0.4878462044864236,
  "summary_csf_mad": 103.76387631880336,
  "summary_csf_mean": 294.51509943481096,
  "summary_csf_median": 288.9318147264421,
  "summary_csf_n": 101373.0,
  "summary_csf_p05": 106.35427002049983,
  "summary_csf_p95": 501.57986010499286,
  "summary_csf_stdv": 114.68525769573911,
  "summary_gm_k": 0.14294350969142577,
  "summary_gm_mad": 55.67649480669834,
  "summary_gm_mean": 751.1977191759605,
  "summary_gm_median": 751.3902419693768,
  "summary_gm_n": 117149.0,
  "summary_gm_p05": 656.4136219248176,
  "summary_gm_p95": 846.4971582099794,
  "summary_gm_stdv": 57.32439920192548,
  "summary_wm_k": 0.3797476182043682,
  "summary_wm_mad": 36.876191417819406,
  "summary_wm_mean": 999.4006762213517,
  "summary_wm_median": 1000.0000374559313,
  "summary_wm_n": 544214.0,
  "summary_wm_p05": 935.4103517029434,
  "summary_wm_p95": 1061.8674633987248,
  "summary_wm_stdv": 38.57568367757092,
  "tpm_overlap_csf": 0.1357583981905413,
  "tpm_overlap_gm": 0.4435881494552313,
  "tpm_overlap_wm": 0.5105359431616423,
  "wm2max": 0.9103020290591773
}