{
  "aor": 0.00301174025974026,
  "aqi": 0.006436330285714286,
  "bids_meta": {
    "AcquisitionDateTime": "2018-07-16T15:11:51.644000",
    "AcquisitionMatrixPE": 84,
    "AcquisitionNumber": 1,
    "AcquisitionTime": "15:11:47.165000",
    "BandwidthPerPixelPhaseEncode": 23.81,
    "BaseResolution": 84,
    "BodyPartExamined": "HEAD",
    "ConsistencyInfo": "N4_VE11B_LATEST_20150530",
    "ConversionSoftware": "dcm2niix",
    "ConversionSoftwareVersion": "v1.0.20171215 GCC5.1.0",
    "DerivedVendorReportedEchoSpacing": 0.00049999,
    "DeviceSerialNumber": "66072",
    "DwellTime": 2.3e-06,
    "EchoTime": 0.03,
    "EchoTrainLength": 84,
    "EffectiveEchoSpacing": 0.00049999,
    "FlipAngle": 65,
    "ImageComments": "Unaliased_MB3_PE3_LB_SENSE1",
    "ImageOrientationPatientDICOM": [
      0.998989,
      -0.0396835,
      0.0211074,
      0.0425687,
      0.986058,
      -0.160865
    ],
    "ImageType": [
      "ORIGINAL",
      "PRIMARY",
      "M",
      "MB",
      "ND",
      "MOSAIC"
    ],
    "InPlanePhaseEncodingDirectionDICOM": "COL",
    "InstitutionAddress": "Boulevard_Jean_Moulin_27_Marseille_District_FR_13005",
    "InstitutionName": "Universite_d_aix_Marseille",
    "InstitutionalDepartmentName": "Department",
    "MRAcquisitionType": "2D",
    "MagneticFieldStrength": 3,
    "Manufacturer": "Siemens",
    "ManufacturersModelName": "Prisma",
    "Modality": "MR",
    "MultibandAccelerationFactor": 3,
    "PartialFourier": 1,
    "PatientPosition": "HFS",
    "PercentPhaseFOV": 100,
    "PhaseEncodingDirection": "j",
    "PhaseEncodingSteps": 84,
    "PhaseResolution": 1,
    "PixelBandwidth": 2590,
    "ProcedureStepDescription": "Projets_Convers",
    "ProtocolName": "task-convers_run4_bold",
    "PulseSequenceDetails": "%CustomerSeq%_cmrr_mbep2d_bold",
    "ReceiveCoilActiveElements": "HC1-7",
    "ReceiveCoilName": "HeadNeck_64",
    "ReconMatrixPE": 84,
    "RepetitionTime": 1.205,
    "SAR": 0.0639193,
    "ScanOptions": "FS_EXT",
    "ScanningSequence": "EP",
    "SequenceName": "epfid2d1_84",
    "SequenceVariant": "SK_SS",
    "SeriesDescription": "task-convers_run4_bold",
    "SeriesNumber": 12,
    "ShimSetting": [
      -617,
      -10738,
      -579,
      700,
      6,
      138,
      -21,
      -4
    ],
    "SliceThickness": 2.5,
    "SliceTiming": [
      1.1375,
      1.07,
      1.0025,
      0.9375,
      0.87,
      0.8025,
      0.735,
      0.67,
      0.6025,
      0.535,
      0.4675,
      0.4,
      0.335,
      0.2675,
      0.2,
      0.1325,
      0.0675,
      0,
      1.1375,
      1.07,
      1.0025,
      0.9375,
      0.87,
      0.8025,
      0.735,
      0.67,
      0.6025,
      0.535,
      0.4675,
      0.4,
      0.335,
      0.2675,
      0.2,
      0.1325,
      0.0675,
      0,
      1.1375,
      1.07,
      1.0025,
      0.9375,
      0.87,
      0.8025,
      0.735,
      0.67,
      0.6025,
      0.535,
      0.4675,
      0.4,
      0.335,
      0.2675,
      0.2,
      0.1325,
      0.0675,
      0
    ],
    "SoftwareVersions": "syngo_MR_E11",
    "SpacingBetweenSlices": 2.5,
    "StationName": "AWP66072",
    "TaskName": "convers",
    "TotalReadoutTime": 0.04199916,
    "TxRefAmp": 232.483,
    "dataset": "ds001740",
    "modality": "bold",
    "run_id": 4,
    "subject_id": "12",
    "task_id": "convers"
  },
  "dummy_trs": 0,
  "dvars_nstd": 40.4300871689844,
  "dvars_std": 1.1595516246614586,
  "dvars_vstd": 1.015254607682291,
  "efc": 0.4721256851076024,
  "fber": 14733.1875,
  "fd_mean": 0.35324942621114014,
  "fd_num": 261,
  "fd_perc": 67.79220779220779,
  "fwhm_avg": 2.9501666666666666,
  "fwhm_x": 2.788216,
  "fwhm_y": 3.1021799999999997,
  "fwhm_z": 2.9601040000000003,
  "gcor": 0.0199956,
  "gsr_x": -0.009362422861158848,
  "gsr_y": 0.037488196045160294,
  "provenance": {
    "md5sum": "3aba666335d8c12d59289375ef7b9d9b",
    "settings": {
      "fd_thres": 0.2,
      "testing": false
    },
    "software": "mriqc",
    "version": "23.0.1",
    "webapi_port": null,
    "webapi_url": "https://mriqc.nimh.nih.gov/api/v1"
  },
  "size_t": 385,
  "size_x": 84,
  "size_y": 84,
  "size_z": 54,
  "snr": 2.599445047041163,
  "spacing_tr": 1.2050000429153442,
  "spacing_x": 2.5,
  "spacing_y": 2.5,
  "spacing_z": 2.5,
  "summary_bg_k": 30.70306884579795,
  "summary_bg_mad": 70.57473076766007,
  "summary_bg_mean": 456.09039306640625,
  "summary_bg_median": 85.58875274658203,
  "summary_bg_n": 245625.0,
  "summary_bg_p05": 32.58761291503906,
  "summary_bg_p95": 2341.8143554687485,
  "summary_bg_stdv": 1029.3997802734375,
  "summary_fg_k": 0.6275079639515173,
  "summary_fg_mad": 4033.216997885861,
  "summary_fg_mean": 11191.537109375,
  "summary_fg_median": 10602.71875,
  "summary_fg_n": 70802.0,
  "summary_fg_p05": 5721.628662109375,
  "summary_fg_p95": 18809.684667968748,
  "summary_fg_stdv": 4078.810546875,
  "tsnr": 38.48947525024414
}