{
  "aor": 0.0006523697916666667,
  "aqi": 0.005222145885416667,
  "bids_meta": {
    "AcquisitionDateTime": "2018-10-10T12:03:06.978000",
    "AcquisitionMatrixPE": 84,
    "AcquisitionNumber": 1,
    "AcquisitionTime": "12:03:4.972500",
    "BandwidthPerPixelPhaseEncode": 23.81,
    "BaseResolution": 84,
    "BodyPartExamined": "HEAD",
    "ConsistencyInfo": "N4_VE11B_LATEST_20150530",
    "ConversionSoftware": "dcm2niix",
    "ConversionSoftwareVersion": "v1.0.20171215 GCC5.1.0",
    "DerivedVendorReportedEchoSpacing": 0.00049999,
    "DeviceSerialNumber": "66072",
    "DwellTime": 2.3e-06,
    "EchoTime": 0.03,
    "EchoTrainLength": 84,
    "EffectiveEchoSpacing": 0.00049999,
    "FlipAngle": 65,
    "ImageComments": "Unaliased_MB3_PE3_LB_SENSE1",
    "ImageOrientationPatientDICOM": [
      0.996093,
      -0.0390418,
      0.0792107,
      0.0344362,
      0.997682,
      0.058699
    ],
    "ImageType": [
      "ORIGINAL",
      "PRIMARY",
      "M",
      "MB",
      "ND",
      "MOSAIC"
    ],
    "InPlanePhaseEncodingDirectionDICOM": "COL",
    "InstitutionAddress": "Boulevard_Jean_Moulin_27_Marseille_District_FR_13005",
    "InstitutionName": "Universite_d_aix_Marseille",
    "InstitutionalDepartmentName": "Department",
    "MRAcquisitionType": "2D",
    "MagneticFieldStrength": 3,
    "Manufacturer": "Siemens",
    "ManufacturersModelName": "Prisma",
    "Modality": "MR",
    "MultibandAccelerationFactor": 3,
    "PartialFourier": 1,
    "PatientPosition": "HFS",
    "PercentPhaseFOV": 100,
    "PhaseEncodingDirection": "j",
    "PhaseEncodingSteps": 84,
    "PhaseResolution": 1,
    "PixelBandwidth": 2590,
    "ProcedureStepDescription": "Projets_Convers",
    "ProtocolName": "task-convers_run2_bold",
    "PulseSequenceDetails": "%CustomerSeq%_cmrr_mbep2d_bold",
    "ReceiveCoilActiveElements": "HC1-6",
    "ReceiveCoilName": "HeadNeck_64",
    "ReconMatrixPE": 84,
    "RepetitionTime": 1.205,
    "SAR": 0.0693253,
    "ScanOptions": "FS_EXT",
    "ScanningSequence": "EP",
    "SequenceName": "epfid2d1_84",
    "SequenceVariant": "SK_SS",
    "SeriesDescription": "task-convers_run2_bold",
    "SeriesNumber": 14,
    "ShimSetting": [
      -543,
      -10774,
      -383,
      640,
      143,
      -159,
      44,
      -10
    ],
    "SliceThickness": 2.5,
    "SliceTiming": [
      1.1375,
      1.07,
      1.0025,
      0.9375,
      0.87,
      0.8025,
      0.735,
      0.67,
      0.6025,
      0.535,
      0.4675,
      0.4,
      0.335,
      0.2675,
      0.2,
      0.1325,
      0.0675,
      0,
      1.1375,
      1.07,
      1.0025,
      0.9375,
      0.87,
      0.8025,
      0.735,
      0.67,
      0.6025,
      0.535,
      0.4675,
      0.4,
      0.335,
      0.2675,
      0.2,
      0.1325,
      0.0675,
      0,
      1.1375,
      1.07,
      1.0025,
      0.9375,
      0.87,
      0.8025,
      0.735,
      0.67,
      0.6025,
      0.535,
      0.4675,
      0.4,
      0.335,
      0.2675,
      0.2,
      0.1325,
      0.0675,
      0
    ],
    "SoftwareVersions": "syngo_MR_E11",
    "SpacingBetweenSlices": 2.5,
    "StationName": "AWP66072",
    "TaskName": "convers",
    "TotalReadoutTime": 0.04199916,
    "TxRefAmp": 231.109,
    "dataset": "ds001740",
    "modality": "bold",
    "run_id": 2,
    "subject_id": "25",
    "task_id": "convers"
  },
  "dummy_trs": 1,
  "dvars_nstd": 31.755272305091392,
  "dvars_std": 1.0965557398172325,
  "dvars_vstd": 0.9888493478851184,
  "efc": 0.4503423042408798,
  "fber": 14751.0224609375,
  "fd_mean": 0.15056609574762178,
  "fd_num": 86,
  "fd_perc": 22.395833333333332,
  "fwhm_avg": 3.0775946666666667,
  "fwhm_x": 2.8579,
  "fwhm_y": 3.324752,
  "fwhm_z": 3.050132,
  "gcor": 0.0226608,
  "gsr_x": -0.0029381480999290943,
  "gsr_y": 0.05050009489059448,
  "provenance": {
    "md5sum": "8669704d38f28d90d81dbf92c78ecd41",
    "settings": {
      "fd_thres": 0.2,
      "testing": false
    },
    "software": "mriqc",
    "version": "23.0.1",
    "webapi_port": null,
    "webapi_url": "https://mriqc.nimh.nih.gov/api/v1"
  },
  "size_t": 384,
  "size_x": 84,
  "size_y": 84,
  "size_z": 54,
  "snr": 2.5338258225258823,
  "spacing_tr": 1.2050000429153442,
  "spacing_x": 2.5,
  "spacing_y": 2.5,
  "spacing_z": 2.5,
  "summary_bg_k": 42.23183496442137,
  "summary_bg_mad": 69.13711381696908,
  "summary_bg_mean": 483.0595703125,
  "summary_bg_median": 84.04945373535156,
  "summary_bg_n": 258236.0,
  "summary_bg_p05": 33.2822151184082,
  "summary_bg_p95": 2290.8668823242188,
  "summary_bg_stdv": 1071.9935302734375,
  "summary_fg_k": 1.8161699188614326,
  "summary_fg_mad": 3614.303687056662,
  "summary_fg_mean": 10784.390625,
  "summary_fg_median": 10074.080078125,
  "summary_fg_n": 62648.0,
  "summary_fg_p05": 5751.1158447265625,
  "summary_fg_p95": 18277.213476562498,
  "summary_fg_stdv": 3975.805908203125,
  "tsnr": 42.07925033569336
}