{
  "aor": 0.0035120259740259742,
  "aqi": 0.004588632337662338,
  "bids_meta": {
    "AcquisitionDateTime": "2018-10-10T11:45:13.821000",
    "AcquisitionMatrixPE": 84,
    "AcquisitionNumber": 1,
    "AcquisitionTime": "11:45:9.807500",
    "BandwidthPerPixelPhaseEncode": 23.81,
    "BaseResolution": 84,
    "BodyPartExamined": "HEAD",
    "ConsistencyInfo": "N4_VE11B_LATEST_20150530",
    "ConversionSoftware": "dcm2niix",
    "ConversionSoftwareVersion": "v1.0.20171215 GCC5.1.0",
    "DerivedVendorReportedEchoSpacing": 0.00049999,
    "DeviceSerialNumber": "66072",
    "DwellTime": 2.3e-06,
    "EchoTime": 0.03,
    "EchoTrainLength": 84,
    "EffectiveEchoSpacing": 0.00049999,
    "FlipAngle": 65,
    "ImageComments": "Unaliased_MB3_PE3_LB_SENSE1",
    "ImageOrientationPatientDICOM": [
      0.996093,
      -0.0390418,
      0.0792107,
      0.0344362,
      0.997682,
      0.058699
    ],
    "ImageType": [
      "ORIGINAL",
      "PRIMARY",
      "M",
      "MB",
      "ND",
      "MOSAIC"
    ],
    "InPlanePhaseEncodingDirectionDICOM": "COL",
    "InstitutionAddress": "Boulevard_Jean_Moulin_27_Marseille_District_FR_13005",
    "InstitutionName": "Universite_d_aix_Marseille",
    "InstitutionalDepartmentName": "Department",
    "MRAcquisitionType": "2D",
    "MagneticFieldStrength": 3,
    "Manufacturer": "Siemens",
    "ManufacturersModelName": "Prisma",
    "Modality": "MR",
    "MultibandAccelerationFactor": 3,
    "PartialFourier": 1,
    "PatientPosition": "HFS",
    "PercentPhaseFOV": 100,
    "PhaseEncodingDirection": "j",
    "PhaseEncodingSteps": 84,
    "PhaseResolution": 1,
    "PixelBandwidth": 2590,
    "ProcedureStepDescription": "Projets_Convers",
    "ProtocolName": "task-convers_run1_bold",
    "PulseSequenceDetails": "%CustomerSeq%_cmrr_mbep2d_bold",
    "ReceiveCoilActiveElements": "HC1-6",
    "ReceiveCoilName": "HeadNeck_64",
    "ReconMatrixPE": 84,
    "RepetitionTime": 1.205,
    "SAR": 0.0671753,
    "ScanOptions": "FS_EXT",
    "ScanningSequence": "EP",
    "SequenceName": "epfid2d1_84",
    "SequenceVariant": "SK_SS",
    "SeriesDescription": "task-convers_run1_bold",
    "SeriesNumber": 10,
    "ShimSetting": [
      -553,
      -10772,
      -380,
      650,
      117,
      -154,
      39,
      -22
    ],
    "SliceThickness": 2.5,
    "SliceTiming": [
      1.1375,
      1.07,
      1.0025,
      0.9375,
      0.87,
      0.8025,
      0.735,
      0.6675,
      0.6025,
      0.535,
      0.4675,
      0.4,
      0.335,
      0.2675,
      0.2,
      0.1325,
      0.065,
      0,
      1.1375,
      1.07,
      1.0025,
      0.9375,
      0.87,
      0.8025,
      0.735,
      0.6675,
      0.6025,
      0.535,
      0.4675,
      0.4,
      0.335,
      0.2675,
      0.2,
      0.1325,
      0.065,
      0,
      1.1375,
      1.07,
      1.0025,
      0.9375,
      0.87,
      0.8025,
      0.735,
      0.6675,
      0.6025,
      0.535,
      0.4675,
      0.4,
      0.335,
      0.2675,
      0.2,
      0.1325,
      0.065,
      0
    ],
    "SoftwareVersions": "syngo_MR_E11",
    "SpacingBetweenSlices": 2.5,
    "StationName": "AWP66072",
    "TaskName": "convers",
    "TotalReadoutTime": 0.04199916,
    "TxRefAmp": 228.991,
    "dataset": "ds001740",
    "modality": "bold",
    "run_id": 1,
    "subject_id": "25",
    "task_id": "convers"
  },
  "dummy_trs": 0,
  "dvars_nstd": 32.325386012552094,
  "dvars_std": 1.1586513305729158,
  "dvars_vstd": 1.046522488619792,
  "efc": 0.44896834515979234,
  "fber": 14553.0859375,
  "fd_mean": 0.1717066832536794,
  "fd_num": 110,
  "fd_perc": 28.571428571428573,
  "fwhm_avg": 3.0285240000000004,
  "fwhm_x": 2.858628,
  "fwhm_y": 3.28132,
  "fwhm_z": 2.945624,
  "gcor": 0.0223994,
  "gsr_x": -0.002800571732223034,
  "gsr_y": 0.049304887652397156,
  "provenance": {
    "md5sum": "cfba2e33a117d98dd4ca19d72f05aea5",
    "settings": {
      "fd_thres": 0.2,
      "testing": false
    },
    "software": "mriqc",
    "version": "23.0.1",
    "webapi_port": null,
    "webapi_url": "https://mriqc.nimh.nih.gov/api/v1"
  },
  "size_t": 385,
  "size_x": 84,
  "size_y": 84,
  "size_z": 54,
  "snr": 2.5004950410513,
  "spacing_tr": 1.2050000429153442,
  "spacing_x": 2.5,
  "spacing_y": 2.5,
  "spacing_z": 2.5,
  "summary_bg_k": 42.505376750031886,
  "summary_bg_mad": 76.25842762853074,
  "summary_bg_mean": 480.13531494140625,
  "summary_bg_median": 85.27411651611328,
  "summary_bg_n": 258101.0,
  "summary_bg_p05": 26.411670684814453,
  "summary_bg_p95": 2262.1865234375,
  "summary_bg_stdv": 1068.14013671875,
  "summary_fg_k": 2.092145401285327,
  "summary_fg_mad": 3643.5054489170525,
  "summary_fg_mean": 10859.6650390625,
  "summary_fg_median": 10118.083984375,
  "summary_fg_n": 62858.0,
  "summary_fg_p05": 5794.837426757813,
  "summary_fg_p95": 18504.570898437494,
  "summary_fg_stdv": 4046.400146484375,
  "tsnr": 43.08164596557617
}