{
  "aor": 0.0011364415584415584,
  "aqi": 0.004851900545454545,
  "bids_meta": {
    "AcquisitionDateTime": "2018-10-10T12:24:05.232000",
    "AcquisitionMatrixPE": 84,
    "AcquisitionNumber": 1,
    "AcquisitionTime": "12:24:2.792500",
    "BandwidthPerPixelPhaseEncode": 23.81,
    "BaseResolution": 84,
    "BodyPartExamined": "HEAD",
    "ConsistencyInfo": "N4_VE11B_LATEST_20150530",
    "ConversionSoftware": "dcm2niix",
    "ConversionSoftwareVersion": "v1.0.20171215 GCC5.1.0",
    "DerivedVendorReportedEchoSpacing": 0.00049999,
    "DeviceSerialNumber": "66072",
    "DwellTime": 2.3e-06,
    "EchoTime": 0.03,
    "EchoTrainLength": 84,
    "EffectiveEchoSpacing": 0.00049999,
    "FlipAngle": 65,
    "ImageComments": "Unaliased_MB3_PE3_LB_SENSE1",
    "ImageOrientationPatientDICOM": [
      0.996093,
      -0.0390418,
      0.0792107,
      0.0344362,
      0.997682,
      0.058699
    ],
    "ImageType": [
      "ORIGINAL",
      "PRIMARY",
      "M",
      "MB",
      "ND",
      "MOSAIC"
    ],
    "InPlanePhaseEncodingDirectionDICOM": "COL",
    "InstitutionAddress": "Boulevard_Jean_Moulin_27_Marseille_District_FR_13005",
    "InstitutionName": "Universite_d_aix_Marseille",
    "InstitutionalDepartmentName": "Department",
    "MRAcquisitionType": "2D",
    "MagneticFieldStrength": 3,
    "Manufacturer": "Siemens",
    "ManufacturersModelName": "Prisma",
    "Modality": "MR",
    "MultibandAccelerationFactor": 3,
    "PartialFourier": 1,
    "PatientPosition": "HFS",
    "PercentPhaseFOV": 100,
    "PhaseEncodingDirection": "j",
    "PhaseEncodingSteps": 84,
    "PhaseResolution": 1,
    "PixelBandwidth": 2590,
    "ProcedureStepDescription": "Projets_Convers",
    "ProtocolName": "task-convers_run4_bold",
    "PulseSequenceDetails": "%CustomerSeq%_cmrr_mbep2d_bold",
    "ReceiveCoilActiveElements": "HC1-6",
    "ReceiveCoilName": "HeadNeck_64",
    "ReconMatrixPE": 84,
    "RepetitionTime": 1.205,
    "SAR": 0.0693253,
    "ScanOptions": "FS_EXT",
    "ScanningSequence": "EP",
    "SequenceName": "epfid2d1_84",
    "SequenceVariant": "SK_SS",
    "SeriesDescription": "task-convers_run4_bold",
    "SeriesNumber": 18,
    "ShimSetting": [
      -543,
      -10774,
      -383,
      640,
      143,
      -159,
      44,
      -10
    ],
    "SliceThickness": 2.5,
    "SliceTiming": [
      1.1375,
      1.07,
      1.005,
      0.9375,
      0.87,
      0.8025,
      0.7375,
      0.67,
      0.6025,
      0.535,
      0.4675,
      0.4025,
      0.335,
      0.2675,
      0.2,
      0.135,
      0.0675,
      0,
      1.1375,
      1.07,
      1.005,
      0.9375,
      0.87,
      0.8025,
      0.7375,
      0.67,
      0.6025,
      0.535,
      0.4675,
      0.4025,
      0.335,
      0.2675,
      0.2,
      0.135,
      0.0675,
      0,
      1.1375,
      1.07,
      1.005,
      0.9375,
      0.87,
      0.8025,
      0.7375,
      0.67,
      0.6025,
      0.535,
      0.4675,
      0.4025,
      0.335,
      0.2675,
      0.2,
      0.135,
      0.0675,
      0
    ],
    "SoftwareVersions": "syngo_MR_E11",
    "SpacingBetweenSlices": 2.5,
    "StationName": "AWP66072",
    "TaskName": "convers",
    "TotalReadoutTime": 0.04199916,
    "TxRefAmp": 231.109,
    "dataset": "ds001740",
    "modality": "bold",
    "run_id": 4,
    "subject_id": "25",
    "task_id": "convers"
  },
  "dummy_trs": 0,
  "dvars_nstd": 33.37850549820316,
  "dvars_std": 1.1189595463020836,
  "dvars_vstd": 1.0027318612239589,
  "efc": 0.45217328530613127,
  "fber": 13330.7353515625,
  "fd_mean": 0.16175268292018344,
  "fd_num": 92,
  "fd_perc": 23.896103896103895,
  "fwhm_avg": 3.1154586666666666,
  "fwhm_x": 2.886328,
  "fwhm_y": 3.369172,
  "fwhm_z": 3.090876,
  "gcor": 0.0170876,
  "gsr_x": -0.003909626509994268,
  "gsr_y": 0.05185170844197273,
  "provenance": {
    "md5sum": "0d805b7096bf1a58130f99cf58fc3abc",
    "settings": {
      "fd_thres": 0.2,
      "testing": false
    },
    "software": "mriqc",
    "version": "23.0.1",
    "webapi_port": null,
    "webapi_url": "https://mriqc.nimh.nih.gov/api/v1"
  },
  "size_t": 385,
  "size_x": 84,
  "size_y": 84,
  "size_z": 54,
  "snr": 2.5345866315091734,
  "spacing_tr": 1.2050000429153442,
  "spacing_x": 2.5,
  "spacing_y": 2.5,
  "spacing_z": 2.5,
  "summary_bg_k": 38.37904474008331,
  "summary_bg_mad": 76.41792907722419,
  "summary_bg_mean": 506.22869873046875,
  "summary_bg_median": 89.28046417236328,
  "summary_bg_n": 258241.0,
  "summary_bg_p05": 33.7859001159668,
  "summary_bg_p95": 2422.34912109375,
  "summary_bg_stdv": 1105.385009765625,
  "summary_fg_k": 1.6130770711157938,
  "summary_fg_mad": 3674.8909361642204,
  "summary_fg_mean": 10857.86328125,
  "summary_fg_median": 10167.2490234375,
  "summary_fg_n": 62395.0,
  "summary_fg_p05": 5785.290136718751,
  "summary_fg_p95": 18480.8234375,
  "summary_fg_stdv": 4011.37109375,
  "tsnr": 43.4290885925293
}