{
  "bids_meta": {
    "AcquisitionDateTime": "2018-07-16T13:19:26.110000",
    "AcquisitionMatrixPE": 320,
    "AcquisitionNumber": 1,
    "AcquisitionTime": "13:12:14.010000",
    "BaseResolution": 320,
    "BodyPartExamined": "HEAD",
    "ConsistencyInfo": "N4_VE11B_LATEST_20150530",
    "ConversionSoftware": "dcm2niix",
    "ConversionSoftwareVersion": "v1.0.20171215 GCC5.1.0",
    "DeviceSerialNumber": "66072",
    "DwellTime": 7.4e-06,
    "EchoTime": 0.00228,
    "FlipAngle": 8,
    "ImageOrientationPatientDICOM": [
      0.0837253,
      0.98517,
      0.149764,
      -0.102055,
      0.157979,
      -0.982154
    ],
    "ImageType": [
      "ORIGINAL",
      "PRIMARY",
      "M",
      "ND",
      "NORM"
    ],
    "InPlanePhaseEncodingDirectionDICOM": "ROW",
    "InstitutionAddress": "Boulevard_Jean_Moulin_27_Marseille_District_FR_13005",
    "InstitutionName": "Universite_d_aix_Marseille",
    "InstitutionalDepartmentName": "Department",
    "InversionTime": 1.01,
    "MRAcquisitionType": "3D",
    "MagneticFieldStrength": 3,
    "Manufacturer": "Siemens",
    "ManufacturersModelName": "Prisma",
    "Modality": "MR",
    "ParallelReductionFactorInPlane": 2,
    "PartialFourier": 1,
    "PatientPosition": "HFS",
    "PercentPhaseFOV": 100,
    "PhaseEncodingSteps": 319,
    "PhaseResolution": 1,
    "PixelBandwidth": 210,
    "ProcedureStepDescription": "Projets_Convers",
    "ProtocolName": "T1w",
    "PulseSequenceDetails": "%SiemensSeq%_tfl",
    "ReceiveCoilActiveElements": "HC1-7;NC1,2",
    "ReceiveCoilName": "HeadNeck_64",
    "ReconMatrixPE": 320,
    "RepetitionTime": 2.4,
    "SAR": 0.0418525,
    "ScanOptions": "IR_WE",
    "ScanningSequence": "GR_IR",
    "SequenceName": "_tfl3d1_16ns",
    "SequenceVariant": "SK_SP_MP",
    "SeriesDescription": "T1w",
    "SeriesNumber": 19,
    "ShimSetting": [
      -633,
      -10810,
      -672,
      -11,
      121,
      -293,
      6,
      67
    ],
    "SliceThickness": 0.8,
    "SoftwareVersions": "syngo_MR_E11",
    "StationName": "AWP66072",
    "TxRefAmp": 220.561,
    "dataset": "ds001740",
    "modality": "T1w",
    "subject_id": "11"
  },
  "cjv": 0.36830559263588153,
  "cnr": 3.6532262427950792,
  "efc": 0.47028478949664493,
  "fber": 33804.22721536351,
  "fwhm_avg": 4.858788257995843,
  "fwhm_x": 4.776602420015369,
  "fwhm_y": 4.8705124274237095,
  "fwhm_z": 4.929249926548453,
  "icvs_csf": 0.23018368069076223,
  "icvs_gm": 0.4237915230621191,
  "icvs_wm": 0.3460247962471187,
  "inu_med": 0.5675793588161469,
  "inu_range": 0.2650377482175826,
  "provenance": {
    "md5sum": "55a902dfe1b2f98b6a6cc016440a9baf",
    "settings": {
      "testing": false
    },
    "software": "mriqc",
    "version": "23.0.1",
    "warnings": {
      "large_rot_frame": true,
      "small_air_mask": false
    },
    "webapi_port": null,
    "webapi_url": "https://mriqc.nimh.nih.gov/api/v1"
  },
  "qi_1": 1.5828892834240427e-05,
  "qi_2": 0.004917007150490005,
  "rpve_csf": 27.68281972003262,
  "rpve_gm": 15.369681883510394,
  "rpve_wm": 21.16051148238178,
  "size_x": 256,
  "size_y": 320,
  "size_z": 320,
  "snr_csf": 2.797402381106926,
  "snr_gm": 13.131741117383376,
  "snr_total": 12.838427726067872,
  "snr_wm": 22.586139679713316,
  "snrd_csf": 16.417665934900704,
  "snrd_gm": 47.875682521957884,
  "snrd_total": 43.10223189258645,
  "snrd_wm": 65.01334722090077,
  "spacing_x": 0.7999995946884155,
  "spacing_y": 0.800000011920929,
  "spacing_z": 0.800000011920929,
  "summary_bg_k": 794.26581506626,
  "summary_bg_mad": 0.0,
  "summary_bg_mean": 4.867454976308416,
  "summary_bg_median": 0.0,
  "summary_bg_n": 4697100.0,
  "summary_bg_p05": 0.0,
  "summary_bg_p95": 19.570542473345995,
  "summary_bg_stdv": 10.077477473226438,
  "summary_csf_k": 1.45430563917198,
  "summary_csf_mad": 77.23254866443865,
  "summary_csf_mean": 259.48917429755875,
  "summary_csf_median": 252.5407817699015,
  "summary_csf_n": 167397.0,
  "summary_csf_p05": 125.60587845742702,
  "summary_csf_p95": 420.4200743421908,
  "summary_csf_stdv": 90.2766184648477,
  "summary_gm_k": 0.2293907067244607,
  "summary_gm_mad": 54.70799845364939,
  "summary_gm_mean": 735.6494517224087,
  "summary_gm_median": 736.436125561595,
  "summary_gm_n": 112761.0,
  "summary_gm_p05": 643.0134960450232,
  "summary_gm_p95": 826.7837563939393,
  "summary_gm_stdv": 56.080366913869526,
  "summary_wm_k": 0.4322970374794428,
  "summary_wm_mad": 42.38324456472696,
  "summary_wm_mean": 1000.6762159959274,
  "summary_wm_median": 1000.052114456892,
  "summary_wm_n": 436805.0,
  "summary_wm_p05": 929.3271447196603,
  "summary_wm_p95": 1074.1387352980673,
  "summary_wm_stdv": 44.27719760447947,
  "tpm_overlap_csf": 0.14836564963181076,
  "tpm_overlap_gm": 0.4381404075170453,
  "tpm_overlap_wm": 0.49325151843387305,
  "wm2max": 0.8621107966033158
}