{
  "bids_meta": {
    "AcquisitionDateTime": "2018-07-16T13:12:30.971000",
    "AcquisitionMatrixPE": 320,
    "AcquisitionNumber": 1,
    "AcquisitionTime": "13:04:17.492500",
    "BaseResolution": 320,
    "BodyPartExamined": "HEAD",
    "ConsistencyInfo": "N4_VE11B_LATEST_20150530",
    "ConversionSoftware": "dcm2niix",
    "ConversionSoftwareVersion": "v1.0.20171215 GCC5.1.0",
    "DeviceSerialNumber": "66072",
    "DwellTime": 2.2e-06,
    "EchoTime": 0.562,
    "EchoTrainLength": 305,
    "FlipAngle": 120,
    "ImageOrientationPatientDICOM": [
      0.0837253,
      0.98517,
      0.149764,
      -0.102055,
      0.157979,
      -0.982154
    ],
    "ImageType": [
      "ORIGINAL",
      "PRIMARY",
      "M",
      "ND",
      "NORM"
    ],
    "InPlanePhaseEncodingDirectionDICOM": "ROW",
    "InstitutionAddress": "Boulevard_Jean_Moulin_27_Marseille_District_FR_13005",
    "InstitutionName": "Universite_d_aix_Marseille",
    "InstitutionalDepartmentName": "Department",
    "MRAcquisitionType": "3D",
    "MagneticFieldStrength": 3,
    "Manufacturer": "Siemens",
    "ManufacturersModelName": "Prisma",
    "Modality": "MR",
    "ParallelReductionFactorInPlane": 2,
    "PartialFourier": 1,
    "PatientPosition": "HFS",
    "PercentPhaseFOV": 100,
    "PhaseEncodingSteps": 315,
    "PhaseResolution": 1,
    "PixelBandwidth": 710,
    "ProcedureStepDescription": "Projets_Convers",
    "ProtocolName": "T2w",
    "PulseSequenceDetails": "%SiemensSeq%_tse_vfl",
    "ReceiveCoilActiveElements": "HC1-7;NC1,2",
    "ReceiveCoilName": "HeadNeck_64",
    "ReconMatrixPE": 320,
    "RepetitionTime": 3.2,
    "SAR": 0.138914,
    "ScanOptions": "PFP",
    "ScanningSequence": "SE",
    "SequenceName": "_spc_305ns",
    "SequenceVariant": "SK_SP",
    "SeriesDescription": "T2w",
    "SeriesNumber": 18,
    "ShimSetting": [
      -633,
      -10810,
      -672,
      -11,
      121,
      -293,
      6,
      67
    ],
    "SliceThickness": 0.8,
    "SoftwareVersions": "syngo_MR_E11",
    "StationName": "AWP66072",
    "TxRefAmp": 220.561,
    "dataset": "ds001740",
    "modality": "T2w",
    "subject_id": "11"
  },
  "cjv": 0.14183132069306953,
  "cnr": 1.8525087591606275,
  "efc": 0.43066996031875665,
  "fber": -1.0,
  "fwhm_avg": 2.8314170934491933,
  "fwhm_x": 2.6976263667240215,
  "fwhm_y": 3.111337453637459,
  "fwhm_z": 2.6852874599860987,
  "icvs_csf": 0.26987079372418166,
  "icvs_gm": 0.6461177119354007,
  "icvs_wm": 0.08401149434041769,
  "inu_med": 0.9421062469482422,
  "inu_range": 0.3335238188505172,
  "provenance": {
    "md5sum": "3aa62300247b063ea11cb7cc267923b7",
    "settings": {
      "testing": false
    },
    "software": "mriqc",
    "version": "23.0.1",
    "warnings": {
      "large_rot_frame": true,
      "small_air_mask": false
    },
    "webapi_port": null,
    "webapi_url": "https://mriqc.nimh.nih.gov/api/v1"
  },
  "qi_1": 1.9035930421013373e-05,
  "qi_2": 0.008936947973713751,
  "rpve_csf": 19.327673849189377,
  "rpve_gm": 11.448225054612685,
  "rpve_wm": 85.00787176648932,
  "size_x": 256,
  "size_y": 320,
  "size_z": 320,
  "snr_csf": 5.818339765631627,
  "snr_gm": 8.483397994363493,
  "snr_total": 5.6972032670218615,
  "snr_wm": 2.7898720410704634,
  "snrd_csf": 158.66600085727424,
  "snrd_gm": 62.953142634193576,
  "snrd_total": 137.07539121961506,
  "snrd_wm": 189.6070301673773,
  "spacing_x": 0.7999995946884155,
  "spacing_y": 0.800000011920929,
  "spacing_z": 0.800000011920929,
  "summary_bg_k": 28.409463765374696,
  "summary_bg_mad": 0.0,
  "summary_bg_mean": 1.7359723600897556,
  "summary_bg_median": 0.0,
  "summary_bg_n": 4519587.0,
  "summary_bg_p05": 0.0,
  "summary_bg_p95": 8.797375619411469,
  "summary_bg_stdv": 3.455887618593048,
  "summary_csf_k": 0.5426233814900909,
  "summary_csf_mad": 100.98493196711591,
  "summary_csf_mean": 788.900720077755,
  "summary_csf_median": 836.9735948946327,
  "summary_csf_n": 77846.0,
  "summary_csf_p05": 521.282425172627,
  "summary_csf_p95": 950.4151847111061,
  "summary_csf_stdv": 143.8500075214051,
  "summary_gm_k": 0.8658241563421782,
  "summary_gm_mad": 34.715766452160935,
  "summary_gm_mean": 336.2766793760059,
  "summary_gm_median": 332.0819697715342,
  "summary_gm_n": 704123.0,
  "summary_gm_p05": 279.44939494505525,
  "summary_gm_p95": 409.9311600588262,
  "summary_gm_stdv": 39.14489620546147,
  "summary_wm_k": 0.7020371153935248,
  "summary_wm_mad": 60.04281549944596,
  "summary_wm_mean": 837.2379359020432,
  "summary_wm_median": 1000.1895604543388,
  "summary_wm_n": 39845.0,
  "summary_wm_p05": 37.76804360747337,
  "summary_wm_p95": 1066.1850454889236,
  "summary_wm_stdv": 358.50282545115437,
  "tpm_overlap_csf": 0.1277067170308541,
  "tpm_overlap_gm": 0.395127154338534,
  "tpm_overlap_wm": 0.03039520272923502,
  "wm2max": 0.947397722782946
}