{
  "aor": 0.0006343489583333332,
  "aqi": 0.002602209244791667,
  "bids_meta": {
    "AcquisitionDateTime": "2018-07-18T17:00:01.618000",
    "AcquisitionMatrixPE": 84,
    "AcquisitionNumber": 1,
    "AcquisitionTime": "16:59:45.267500",
    "BandwidthPerPixelPhaseEncode": 23.81,
    "BaseResolution": 84,
    "BodyPartExamined": "HEAD",
    "ConsistencyInfo": "N4_VE11B_LATEST_20150530",
    "ConversionSoftware": "dcm2niix",
    "ConversionSoftwareVersion": "v1.0.20171215 GCC5.1.0",
    "DerivedVendorReportedEchoSpacing": 0.00049999,
    "DeviceSerialNumber": "66072",
    "DwellTime": 2.3e-06,
    "EchoTime": 0.03,
    "EchoTrainLength": 84,
    "EffectiveEchoSpacing": 0.00049999,
    "FlipAngle": 65,
    "ImageComments": "Unaliased_MB3_PE3_LB_SENSE1",
    "ImageOrientationPatientDICOM": [
      0.999927,
      0.0118746,
      0.0023491,
      -0.011868,
      0.999926,
      -0.00279716
    ],
    "ImageType": [
      "ORIGINAL",
      "PRIMARY",
      "M",
      "MB",
      "ND",
      "MOSAIC"
    ],
    "InPlanePhaseEncodingDirectionDICOM": "COL",
    "InstitutionAddress": "Boulevard_Jean_Moulin_27_Marseille_District_FR_13005",
    "InstitutionName": "Universite_d_aix_Marseille",
    "InstitutionalDepartmentName": "Department",
    "MRAcquisitionType": "2D",
    "MagneticFieldStrength": 3,
    "Manufacturer": "Siemens",
    "ManufacturersModelName": "Prisma",
    "Modality": "MR",
    "MultibandAccelerationFactor": 3,
    "PartialFourier": 1,
    "PatientPosition": "HFS",
    "PercentPhaseFOV": 100,
    "PhaseEncodingDirection": "j",
    "PhaseEncodingSteps": 84,
    "PhaseResolution": 1,
    "PixelBandwidth": 2590,
    "ProcedureStepDescription": "Projets_Convers",
    "ProtocolName": "task-convers_run4_bold",
    "PulseSequenceDetails": "%CustomerSeq%_cmrr_mbep2d_bold",
    "ReceiveCoilActiveElements": "HC1-6",
    "ReceiveCoilName": "HeadNeck_64",
    "ReconMatrixPE": 84,
    "RepetitionTime": 1.205,
    "SAR": 0.0665881,
    "ScanOptions": "FS_EXT",
    "ScanningSequence": "EP",
    "SequenceName": "epfid2d1_84",
    "SequenceVariant": "SK_SS",
    "SeriesDescription": "task-convers_run4_bold",
    "SeriesNumber": 16,
    "ShimSetting": [
      -613,
      -10783,
      -557,
      392,
      10,
      -70,
      -6,
      31
    ],
    "SliceThickness": 2.5,
    "SliceTiming": [
      1.1375,
      1.07,
      1.005,
      0.9375,
      0.87,
      0.8025,
      0.7375,
      0.67,
      0.6025,
      0.535,
      0.4675,
      0.4025,
      0.335,
      0.2675,
      0.2,
      0.135,
      0.0675,
      0,
      1.1375,
      1.07,
      1.005,
      0.9375,
      0.87,
      0.8025,
      0.7375,
      0.67,
      0.6025,
      0.535,
      0.4675,
      0.4025,
      0.335,
      0.2675,
      0.2,
      0.135,
      0.0675,
      0,
      1.1375,
      1.07,
      1.005,
      0.9375,
      0.87,
      0.8025,
      0.7375,
      0.67,
      0.6025,
      0.535,
      0.4675,
      0.4025,
      0.335,
      0.2675,
      0.2,
      0.135,
      0.0675,
      0
    ],
    "SoftwareVersions": "syngo_MR_E11",
    "SpacingBetweenSlices": 2.5,
    "StationName": "AWP66072",
    "TaskName": "convers",
    "TotalReadoutTime": 0.04199916,
    "TxRefAmp": 215.628,
    "dataset": "ds001740",
    "modality": "bold",
    "run_id": 4,
    "subject_id": "23",
    "task_id": "convers"
  },
  "dummy_trs": 1,
  "dvars_nstd": 25.80531972365535,
  "dvars_std": 1.1358399857963444,
  "dvars_vstd": 1.0026464131070498,
  "efc": 0.4688057892665464,
  "fber": 16171.3486328125,
  "fd_mean": 0.06517816133895361,
  "fd_num": 2,
  "fd_perc": 0.5208333333333334,
  "fwhm_avg": 3.185073333333333,
  "fwhm_x": 2.981884,
  "fwhm_y": 3.36156,
  "fwhm_z": 3.2117759999999995,
  "gcor": 0.029528,
  "gsr_x": 0.00618007592856884,
  "gsr_y": 0.04341607540845871,
  "provenance": {
    "md5sum": "ffd8415976e9441dec4a44f244469ad9",
    "settings": {
      "fd_thres": 0.2,
      "testing": false
    },
    "software": "mriqc",
    "version": "23.0.1",
    "webapi_port": null,
    "webapi_url": "https://mriqc.nimh.nih.gov/api/v1"
  },
  "size_t": 384,
  "size_x": 84,
  "size_y": 84,
  "size_z": 54,
  "snr": 2.3600695646755474,
  "spacing_tr": 1.2050000429153442,
  "spacing_x": 2.5,
  "spacing_y": 2.5,
  "spacing_z": 2.5,
  "summary_bg_k": 27.380368176320843,
  "summary_bg_mad": 68.44572972729534,
  "summary_bg_mean": 659.0670776367188,
  "summary_bg_median": 87.68934631347656,
  "summary_bg_n": 250166.0,
  "summary_bg_p05": 37.64977169036865,
  "summary_bg_p95": 3726.5623779296875,
  "summary_bg_stdv": 1691.2049560546875,
  "summary_fg_k": 0.7472552627347229,
  "summary_fg_mad": 4735.440896956131,
  "summary_fg_mean": 12018.9365234375,
  "summary_fg_median": 11145.69921875,
  "summary_fg_n": 69179.0,
  "summary_fg_p05": 5992.929736328125,
  "summary_fg_p95": 20792.53281249999,
  "summary_fg_stdv": 4722.58056640625,
  "tsnr": 58.02067565917969
}