{
  "aor": 0.00046898437500000005,
  "aqi": 0.002795281640625,
  "bids_meta": {
    "AcquisitionDateTime": "2018-07-18T16:38:04.785000",
    "AcquisitionMatrixPE": 84,
    "AcquisitionNumber": 1,
    "AcquisitionTime": "16:37:39.552500",
    "BandwidthPerPixelPhaseEncode": 23.81,
    "BaseResolution": 84,
    "BodyPartExamined": "HEAD",
    "ConsistencyInfo": "N4_VE11B_LATEST_20150530",
    "ConversionSoftware": "dcm2niix",
    "ConversionSoftwareVersion": "v1.0.20171215 GCC5.1.0",
    "DerivedVendorReportedEchoSpacing": 0.00049999,
    "DeviceSerialNumber": "66072",
    "DwellTime": 2.3e-06,
    "EchoTime": 0.03,
    "EchoTrainLength": 84,
    "EffectiveEchoSpacing": 0.00049999,
    "FlipAngle": 65,
    "ImageComments": "Unaliased_MB3_PE3_LB_SENSE1",
    "ImageOrientationPatientDICOM": [
      0.999927,
      0.0118746,
      0.0023491,
      -0.011868,
      0.999926,
      -0.00279716
    ],
    "ImageType": [
      "ORIGINAL",
      "PRIMARY",
      "M",
      "MB",
      "ND",
      "MOSAIC"
    ],
    "InPlanePhaseEncodingDirectionDICOM": "COL",
    "InstitutionAddress": "Boulevard_Jean_Moulin_27_Marseille_District_FR_13005",
    "InstitutionName": "Universite_d_aix_Marseille",
    "InstitutionalDepartmentName": "Department",
    "MRAcquisitionType": "2D",
    "MagneticFieldStrength": 3,
    "Manufacturer": "Siemens",
    "ManufacturersModelName": "Prisma",
    "Modality": "MR",
    "MultibandAccelerationFactor": 3,
    "PartialFourier": 1,
    "PatientPosition": "HFS",
    "PercentPhaseFOV": 100,
    "PhaseEncodingDirection": "j",
    "PhaseEncodingSteps": 84,
    "PhaseResolution": 1,
    "PixelBandwidth": 2590,
    "ProcedureStepDescription": "Projets_Convers",
    "ProtocolName": "task-convers_run2_bold",
    "PulseSequenceDetails": "%CustomerSeq%_cmrr_mbep2d_bold",
    "ReceiveCoilActiveElements": "HC1-6",
    "ReceiveCoilName": "HeadNeck_64",
    "ReconMatrixPE": 84,
    "RepetitionTime": 1.205,
    "SAR": 0.0665881,
    "ScanOptions": "FS_EXT",
    "ScanningSequence": "EP",
    "SequenceName": "epfid2d1_84",
    "SequenceVariant": "SK_SS",
    "SeriesDescription": "task-convers_run2_bold",
    "SeriesNumber": 12,
    "ShimSetting": [
      -613,
      -10783,
      -557,
      392,
      10,
      -70,
      -6,
      31
    ],
    "SliceThickness": 2.5,
    "SliceTiming": [
      1.1375,
      1.0725,
      1.005,
      0.9375,
      0.87,
      0.805,
      0.7375,
      0.67,
      0.6025,
      0.535,
      0.47,
      0.4025,
      0.335,
      0.2675,
      0.2025,
      0.135,
      0.0675,
      0,
      1.1375,
      1.0725,
      1.005,
      0.9375,
      0.87,
      0.805,
      0.7375,
      0.67,
      0.6025,
      0.535,
      0.47,
      0.4025,
      0.335,
      0.2675,
      0.2025,
      0.135,
      0.0675,
      0,
      1.1375,
      1.0725,
      1.005,
      0.9375,
      0.87,
      0.805,
      0.7375,
      0.67,
      0.6025,
      0.535,
      0.47,
      0.4025,
      0.335,
      0.2675,
      0.2025,
      0.135,
      0.0675,
      0
    ],
    "SoftwareVersions": "syngo_MR_E11",
    "SpacingBetweenSlices": 2.5,
    "StationName": "AWP66072",
    "TaskName": "convers",
    "TotalReadoutTime": 0.04199916,
    "TxRefAmp": 215.628,
    "dataset": "ds001740",
    "modality": "bold",
    "run_id": 2,
    "subject_id": "23",
    "task_id": "convers"
  },
  "dummy_trs": 1,
  "dvars_nstd": 26.392275140600503,
  "dvars_std": 1.147973834464752,
  "dvars_vstd": 0.9936088645430813,
  "efc": 0.46994235791300143,
  "fber": 16449.38671875,
  "fd_mean": 0.07300756537919208,
  "fd_num": 1,
  "fd_perc": 0.2604166666666667,
  "fwhm_avg": 3.1957986666666667,
  "fwhm_x": 3.022352,
  "fwhm_y": 3.3364040000000004,
  "fwhm_z": 3.22864,
  "gcor": 0.0232752,
  "gsr_x": 0.007287302520126104,
  "gsr_y": 0.04351173713803291,
  "provenance": {
    "md5sum": "b54f13ea53a42e0b74bb133acf78190d",
    "settings": {
      "fd_thres": 0.2,
      "testing": false
    },
    "software": "mriqc",
    "version": "23.0.1",
    "webapi_port": null,
    "webapi_url": "https://mriqc.nimh.nih.gov/api/v1"
  },
  "size_t": 384,
  "size_x": 84,
  "size_y": 84,
  "size_z": 54,
  "snr": 2.3727496533483277,
  "spacing_tr": 1.2050000429153442,
  "spacing_x": 2.5,
  "spacing_y": 2.5,
  "spacing_z": 2.5,
  "summary_bg_k": 27.600071862170022,
  "summary_bg_mad": 69.12592122896241,
  "summary_bg_mean": 654.733154296875,
  "summary_bg_median": 86.64256286621094,
  "summary_bg_n": 248972.0,
  "summary_bg_p05": 34.68599720001221,
  "summary_bg_p95": 3734.842187499982,
  "summary_bg_stdv": 1696.096923828125,
  "summary_fg_k": 0.7344679623376442,
  "summary_fg_mad": 4723.398373565096,
  "summary_fg_mean": 12056.0859375,
  "summary_fg_median": 11183.279296875,
  "summary_fg_n": 69590.0,
  "summary_fg_p05": 6032.31513671875,
  "summary_fg_p95": 20820.398339843752,
  "summary_fg_stdv": 4713.18115234375,
  "tsnr": 57.034950256347656
}