{
  "aor": 0.001735090909090909,
  "aqi": 0.006719231896103897,
  "bids_meta": {
    "AcquisitionDateTime": "2018-07-16T10:29:40.313000",
    "AcquisitionMatrixPE": 84,
    "AcquisitionNumber": 1,
    "AcquisitionTime": "10:29:37.437500",
    "BandwidthPerPixelPhaseEncode": 23.81,
    "BaseResolution": 84,
    "BodyPartExamined": "HEAD",
    "ConsistencyInfo": "N4_VE11B_LATEST_20150530",
    "ConversionSoftware": "dcm2niix",
    "ConversionSoftwareVersion": "v1.0.20171215 GCC5.1.0",
    "DerivedVendorReportedEchoSpacing": 0.00049999,
    "DeviceSerialNumber": "66072",
    "DwellTime": 2.3e-06,
    "EchoTime": 0.03,
    "EchoTrainLength": 84,
    "EffectiveEchoSpacing": 0.00049999,
    "FlipAngle": 65,
    "ImageComments": "Unaliased_MB3_PE3_LB_SENSE1",
    "ImageOrientationPatientDICOM": [
      0.993362,
      -0.0319096,
      0.110512,
      0.033821,
      0.999308,
      -0.0154642
    ],
    "ImageType": [
      "ORIGINAL",
      "PRIMARY",
      "M",
      "MB",
      "ND",
      "MOSAIC"
    ],
    "InPlanePhaseEncodingDirectionDICOM": "COL",
    "InstitutionAddress": "Boulevard_Jean_Moulin_27_Marseille_District_FR_13005",
    "InstitutionName": "Universite_d_aix_Marseille",
    "InstitutionalDepartmentName": "Department",
    "MRAcquisitionType": "2D",
    "MagneticFieldStrength": 3,
    "Manufacturer": "Siemens",
    "ManufacturersModelName": "Prisma",
    "Modality": "MR",
    "MultibandAccelerationFactor": 3,
    "PartialFourier": 1,
    "PatientPosition": "HFS",
    "PercentPhaseFOV": 100,
    "PhaseEncodingDirection": "j",
    "PhaseEncodingSteps": 84,
    "PhaseResolution": 1,
    "PixelBandwidth": 2590,
    "ProcedureStepDescription": "Projets_Convers",
    "ProtocolName": "task-convers_run2_bold",
    "PulseSequenceDetails": "%CustomerSeq%_cmrr_mbep2d_bold",
    "ReceiveCoilActiveElements": "HC1-7",
    "ReceiveCoilName": "HeadNeck_64",
    "ReconMatrixPE": 84,
    "RepetitionTime": 1.205,
    "SAR": 0.0796623,
    "ScanOptions": "FS_EXT",
    "ScanningSequence": "EP",
    "SequenceName": "epfid2d1_84",
    "SequenceVariant": "SK_SS",
    "SeriesDescription": "task-convers_run2_bold",
    "SeriesNumber": 19,
    "ShimSetting": [
      -566,
      -10748,
      -515,
      437,
      18,
      5,
      33,
      15
    ],
    "SliceThickness": 2.5,
    "SliceTiming": [
      1.1375,
      1.07,
      1.0025,
      0.935,
      0.87,
      0.8025,
      0.735,
      0.6675,
      0.6025,
      0.535,
      0.4675,
      0.4,
      0.3325,
      0.2675,
      0.2,
      0.1325,
      0.065,
      0,
      1.1375,
      1.07,
      1.0025,
      0.935,
      0.87,
      0.8025,
      0.735,
      0.6675,
      0.6025,
      0.535,
      0.4675,
      0.4,
      0.3325,
      0.2675,
      0.2,
      0.1325,
      0.065,
      0,
      1.1375,
      1.07,
      1.0025,
      0.935,
      0.87,
      0.8025,
      0.735,
      0.6675,
      0.6025,
      0.535,
      0.4675,
      0.4,
      0.3325,
      0.2675,
      0.2,
      0.1325,
      0.065,
      0
    ],
    "SoftwareVersions": "syngo_MR_E11",
    "SpacingBetweenSlices": 2.5,
    "StationName": "AWP66072",
    "TaskName": "convers",
    "TotalReadoutTime": 0.04199916,
    "TxRefAmp": 258.095,
    "dataset": "ds001740",
    "modality": "bold",
    "run_id": 2,
    "subject_id": "10",
    "task_id": "convers"
  },
  "dummy_trs": 0,
  "dvars_nstd": 37.11983064817707,
  "dvars_std": 1.1357177232552085,
  "dvars_vstd": 1.0051460682031237,
  "efc": 0.5396370563243773,
  "fber": 3030.14794921875,
  "fd_mean": 0.16910090721726243,
  "fd_num": 114,
  "fd_perc": 29.61038961038961,
  "fwhm_avg": 2.983068,
  "fwhm_x": 2.76604,
  "fwhm_y": 3.1314520000000003,
  "fwhm_z": 3.0517119999999998,
  "gcor": 0.0158553,
  "gsr_x": -0.0017182069132104516,
  "gsr_y": 0.06651629507541656,
  "provenance": {
    "md5sum": "d6b58146aff8254856109a2e39a6730a",
    "settings": {
      "fd_thres": 0.2,
      "testing": false
    },
    "software": "mriqc",
    "version": "23.0.1",
    "webapi_port": null,
    "webapi_url": "https://mriqc.nimh.nih.gov/api/v1"
  },
  "size_t": 385,
  "size_x": 84,
  "size_y": 84,
  "size_z": 54,
  "snr": 2.3857581739585596,
  "spacing_tr": 1.2050000429153442,
  "spacing_x": 2.5,
  "spacing_y": 2.5,
  "spacing_z": 2.5,
  "summary_bg_k": 19.587080239211257,
  "summary_bg_mad": 190.92930828490364,
  "summary_bg_mean": 832.3585205078125,
  "summary_bg_median": 169.64117431640625,
  "summary_bg_n": 224868.0,
  "summary_bg_p05": 34.1550178527832,
  "summary_bg_p95": 4137.544824218749,
  "summary_bg_stdv": 1708.7303466796875,
  "summary_fg_k": 0.6855092062778816,
  "summary_fg_mad": 4075.6315109137586,
  "summary_fg_mean": 10643.9873046875,
  "summary_fg_median": 9916.78125,
  "summary_fg_n": 85179.0,
  "summary_fg_p05": 5326.607958984375,
  "summary_fg_p95": 18470.458203124996,
  "summary_fg_stdv": 4156.6337890625,
  "tsnr": 38.02979278564453
}