{
  "bids_meta": {
    "AcquisitionDateTime": "2018-07-17T10:47:31.749000",
    "AcquisitionMatrixPE": 320,
    "AcquisitionNumber": 1,
    "AcquisitionTime": "10:39:27.510000",
    "BaseResolution": 320,
    "BodyPartExamined": "HEAD",
    "ConsistencyInfo": "N4_VE11B_LATEST_20150530",
    "ConversionSoftware": "dcm2niix",
    "ConversionSoftwareVersion": "v1.0.20171215 GCC5.1.0",
    "DeviceSerialNumber": "66072",
    "DwellTime": 2.2e-06,
    "EchoTime": 0.562,
    "EchoTrainLength": 305,
    "FlipAngle": 120,
    "ImageOrientationPatientDICOM": [
      -0.0556547,
      0.995912,
      0.0711417,
      0.0106583,
      0.0718407,
      -0.997359
    ],
    "ImageType": [
      "ORIGINAL",
      "PRIMARY",
      "M",
      "ND",
      "NORM"
    ],
    "InPlanePhaseEncodingDirectionDICOM": "ROW",
    "InstitutionAddress": "Boulevard_Jean_Moulin_27_Marseille_District_FR_13005",
    "InstitutionName": "Universite_d_aix_Marseille",
    "InstitutionalDepartmentName": "Department",
    "MRAcquisitionType": "3D",
    "MagneticFieldStrength": 3,
    "Manufacturer": "Siemens",
    "ManufacturersModelName": "Prisma",
    "Modality": "MR",
    "ParallelReductionFactorInPlane": 2,
    "PartialFourier": 1,
    "PatientPosition": "HFS",
    "PercentPhaseFOV": 100,
    "PhaseEncodingSteps": 315,
    "PhaseResolution": 1,
    "PixelBandwidth": 710,
    "ProcedureStepDescription": "Projets_Convers",
    "ProtocolName": "T2w",
    "PulseSequenceDetails": "%SiemensSeq%_tse_vfl",
    "ReceiveCoilActiveElements": "HC1-7;NC1,2",
    "ReceiveCoilName": "HeadNeck_64",
    "ReconMatrixPE": 320,
    "RepetitionTime": 3.2,
    "SAR": 0.187171,
    "ScanOptions": "PFP",
    "ScanningSequence": "SE",
    "SequenceName": "_spc_305ns",
    "SequenceVariant": "SK_SP",
    "SeriesDescription": "T2w",
    "SeriesNumber": 17,
    "ShimSetting": [
      -589,
      -10813,
      -660,
      46,
      3,
      -144,
      112,
      11
    ],
    "SliceThickness": 0.8,
    "SoftwareVersions": "syngo_MR_E11",
    "StationName": "AWP66072",
    "TxRefAmp": 241.558,
    "dataset": "ds001740",
    "modality": "T2w",
    "subject_id": "15"
  },
  "cjv": 0.346550570968964,
  "cnr": 1.4724862352154926,
  "efc": 0.46775732617172294,
  "fber": 6786.379907955294,
  "fwhm_avg": 2.5186512844756415,
  "fwhm_x": 2.4195914299646892,
  "fwhm_y": 2.754637458952703,
  "fwhm_z": 2.3817249645095324,
  "icvs_csf": 0.3309338581570164,
  "icvs_gm": 0.5552906529864784,
  "icvs_wm": 0.11377548885650518,
  "inu_med": 0.9708729386329651,
  "inu_range": 0.40842771828174596,
  "provenance": {
    "md5sum": "0cb53e147e645597f35148a227ae677f",
    "settings": {
      "testing": false
    },
    "software": "mriqc",
    "version": "23.0.1",
    "warnings": {
      "large_rot_frame": true,
      "small_air_mask": false
    },
    "webapi_port": null,
    "webapi_url": "https://mriqc.nimh.nih.gov/api/v1"
  },
  "qi_1": 0.0,
  "qi_2": 0.017347435532011755,
  "rpve_csf": 16.87131933471256,
  "rpve_gm": 12.228989231209923,
  "rpve_wm": 61.664297644090674,
  "size_x": 256,
  "size_y": 320,
  "size_z": 320,
  "snr_csf": 7.483856864384813,
  "snr_gm": 8.82300133496975,
  "snr_total": 6.2466046295417454,
  "snr_wm": 2.4329556892706745,
  "snrd_csf": 69.59653891790674,
  "snrd_gm": 40.633577148825125,
  "snrd_total": 71.36816157231318,
  "snrd_wm": 103.87436865020769,
  "spacing_x": 0.7999987006187439,
  "spacing_y": 0.800000011920929,
  "spacing_z": 0.800000011920929,
  "summary_bg_k": 7.425603314608118,
  "summary_bg_mad": 6.306560249936542,
  "summary_bg_mean": 6.445553942439999,
  "summary_bg_median": 4.253710247576237,
  "summary_bg_n": 4819786.0,
  "summary_bg_p05": 0.0,
  "summary_bg_p95": 20.583231253549457,
  "summary_bg_stdv": 7.221837077458459,
  "summary_csf_k": 1.6484390412568937,
  "summary_csf_mad": 77.11521727839072,
  "summary_csf_mean": 680.6788503211156,
  "summary_csf_median": 669.9593639932573,
  "summary_csf_n": 84310.0,
  "summary_csf_p05": 557.8032037988305,
  "summary_csf_p95": 840.8876207750291,
  "summary_csf_stdv": 89.52007005630442,
  "summary_gm_k": 0.41415060057417286,
  "summary_gm_mad": 43.34008349539724,
  "summary_gm_mean": 393.1505321523584,
  "summary_gm_median": 391.1522889882326,
  "summary_gm_n": 487370.0,
  "summary_gm_p05": 324.5344601664692,
  "summary_gm_p95": 468.6064446656962,
  "summary_gm_stdv": 44.333200557146085,
  "summary_wm_k": -0.7006762272027798,
  "summary_wm_mad": 167.6318750878966,
  "summary_wm_mean": 801.2201680580482,
  "summary_wm_median": 999.929120587185,
  "summary_wm_n": 33224.0,
  "summary_wm_p05": 32.068248922005296,
  "summary_wm_p95": 1215.7068439987488,
  "summary_wm_stdv": 410.9873749811186,
  "tpm_overlap_csf": 0.11939296129668868,
  "tpm_overlap_gm": 0.35652064257653365,
  "tpm_overlap_wm": 0.03413621384183124,
  "wm2max": 0.8662531220570774
}