{
  "bids_meta": {
    "AcquisitionDateTime": "2018-07-18T13:59:40.267000",
    "AcquisitionMatrixPE": 320,
    "AcquisitionNumber": 1,
    "AcquisitionTime": "13:52:33.030000",
    "BaseResolution": 320,
    "BodyPartExamined": "HEAD",
    "ConsistencyInfo": "N4_VE11B_LATEST_20150530",
    "ConversionSoftware": "dcm2niix",
    "ConversionSoftwareVersion": "v1.0.20171215 GCC5.1.0",
    "DeviceSerialNumber": "66072",
    "DwellTime": 7.4e-06,
    "EchoTime": 0.00228,
    "FlipAngle": 8,
    "ImageOrientationPatientDICOM": [
      -0.0672863,
      0.993371,
      0.0931978,
      -0.0362538,
      0.0909136,
      -0.995199
    ],
    "ImageType": [
      "ORIGINAL",
      "PRIMARY",
      "M",
      "ND",
      "NORM"
    ],
    "InPlanePhaseEncodingDirectionDICOM": "ROW",
    "InstitutionAddress": "Boulevard_Jean_Moulin_27_Marseille_District_FR_13005",
    "InstitutionName": "Universite_d_aix_Marseille",
    "InstitutionalDepartmentName": "Department",
    "InversionTime": 1.01,
    "MRAcquisitionType": "3D",
    "MagneticFieldStrength": 3,
    "Manufacturer": "Siemens",
    "ManufacturersModelName": "Prisma",
    "Modality": "MR",
    "ParallelReductionFactorInPlane": 2,
    "PartialFourier": 1,
    "PatientPosition": "HFS",
    "PercentPhaseFOV": 100,
    "PhaseEncodingSteps": 319,
    "PhaseResolution": 1,
    "PixelBandwidth": 210,
    "ProcedureStepDescription": "Projets_Convers",
    "ProtocolName": "T1w",
    "PulseSequenceDetails": "%SiemensSeq%_tfl",
    "ReceiveCoilActiveElements": "HC1-7;NC1,2",
    "ReceiveCoilName": "HeadNeck_64",
    "ReconMatrixPE": 320,
    "RepetitionTime": 2.4,
    "SAR": 0.0441389,
    "ScanOptions": "IR_WE",
    "ScanningSequence": "GR_IR",
    "SequenceName": "_tfl3d1_16ns",
    "SequenceVariant": "SK_SP_MP",
    "SeriesDescription": "T1w",
    "SeriesNumber": 18,
    "ShimSetting": [
      -626,
      -10806,
      -653,
      -69,
      90,
      -161,
      98,
      18
    ],
    "SliceThickness": 0.8,
    "SoftwareVersions": "syngo_MR_E11",
    "StationName": "AWP66072",
    "TxRefAmp": 220.918,
    "dataset": "ds001740",
    "modality": "T1w",
    "subject_id": "21"
  },
  "cjv": 0.3217869071352152,
  "cnr": 4.077786521241551,
  "efc": 0.4575985446486358,
  "fber": 24629.51419738407,
  "fwhm_avg": 4.7629687683821755,
  "fwhm_x": 4.7228314476921485,
  "fwhm_y": 4.764224929007517,
  "fwhm_z": 4.80184992844686,
  "icvs_csf": 0.20283497503900325,
  "icvs_gm": 0.4464089371040416,
  "icvs_wm": 0.35075608785695517,
  "inu_med": 0.5127524733543396,
  "inu_range": 0.24795961976051328,
  "provenance": {
    "md5sum": "938eab1e29d27834ef7703e9475704c8",
    "settings": {
      "testing": false
    },
    "software": "mriqc",
    "version": "23.0.1",
    "warnings": {
      "large_rot_frame": true,
      "small_air_mask": false
    },
    "webapi_port": null,
    "webapi_url": "https://mriqc.nimh.nih.gov/api/v1"
  },
  "qi_1": 2.9615648118715313e-06,
  "qi_2": 0.01702373834363723,
  "rpve_csf": 29.511036138030974,
  "rpve_gm": 14.49060115495798,
  "rpve_wm": 20.650776551995083,
  "size_x": 256,
  "size_y": 320,
  "size_z": 320,
  "snr_csf": 2.5496323444085305,
  "snr_gm": 13.859138239925821,
  "snr_total": 13.849282728457327,
  "snr_wm": 25.13907760103763,
  "snrd_csf": 24.777159223630118,
  "snrd_gm": 68.40673803839425,
  "snrd_total": 62.32017889880871,
  "snrd_wm": 93.77663943440177,
  "spacing_x": 0.8000010251998901,
  "spacing_y": 0.800000011920929,
  "spacing_z": 0.800000011920929,
  "summary_bg_k": 6519.068711188916,
  "summary_bg_mad": 0.0,
  "summary_bg_mean": 3.6528066532196695,
  "summary_bg_median": 0.0,
  "summary_bg_n": 6709363.0,
  "summary_bg_p05": 0.0,
  "summary_bg_p95": 14.300832524895668,
  "summary_bg_stdv": 6.986336382486976,
  "summary_csf_k": 0.7483726436082052,
  "summary_csf_mad": 97.4888468362262,
  "summary_csf_mean": 275.6427548684318,
  "summary_csf_median": 264.22218172997236,
  "summary_csf_n": 101300.0,
  "summary_csf_p05": 131.45325256884098,
  "summary_csf_p95": 469.15454189497945,
  "summary_csf_stdv": 103.63097179455457,
  "summary_gm_k": 0.35639758337392147,
  "summary_gm_mad": 49.528913921144934,
  "summary_gm_mean": 730.0891110189486,
  "summary_gm_median": 729.485467094928,
  "summary_gm_n": 129503.0,
  "summary_gm_p05": 644.4813185669482,
  "summary_gm_p95": 818.6940603852272,
  "summary_gm_stdv": 52.635498541100986,
  "summary_wm_k": 0.5369395512143065,
  "summary_wm_mad": 37.52832946936067,
  "summary_wm_mean": 999.9712137121069,
  "summary_wm_median": 1000.0286168009043,
  "summary_wm_n": 455459.0,
  "summary_wm_p05": 934.8740238174796,
  "summary_wm_p95": 1064.8399898037314,
  "summary_wm_stdv": 39.779801584046794,
  "tpm_overlap_csf": 0.15201498367299465,
  "tpm_overlap_gm": 0.46458556305951515,
  "tpm_overlap_wm": 0.5141498517312905,
  "wm2max": 0.8880467633172742
}