{
  "bids_meta": {
    "AcquisitionDateTime": "2018-07-16T11:18:36.561000",
    "AcquisitionMatrixPE": 320,
    "AcquisitionNumber": 1,
    "AcquisitionTime": "11:11:28.757500",
    "BaseResolution": 320,
    "BodyPartExamined": "HEAD",
    "ConsistencyInfo": "N4_VE11B_LATEST_20150530",
    "ConversionSoftware": "dcm2niix",
    "ConversionSoftwareVersion": "v1.0.20171215 GCC5.1.0",
    "DeviceSerialNumber": "66072",
    "DwellTime": 7.4e-06,
    "EchoTime": 0.00228,
    "FlipAngle": 8,
    "ImageOrientationPatientDICOM": [
      0.0177812,
      0.991725,
      0.127147,
      0.113664,
      0.124337,
      -0.985708
    ],
    "ImageType": [
      "ORIGINAL",
      "PRIMARY",
      "M",
      "ND",
      "NORM"
    ],
    "InPlanePhaseEncodingDirectionDICOM": "ROW",
    "InstitutionAddress": "Boulevard_Jean_Moulin_27_Marseille_District_FR_13005",
    "InstitutionName": "Universite_d_aix_Marseille",
    "InstitutionalDepartmentName": "Department",
    "InversionTime": 1.01,
    "MRAcquisitionType": "3D",
    "MagneticFieldStrength": 3,
    "Manufacturer": "Siemens",
    "ManufacturersModelName": "Prisma",
    "Modality": "MR",
    "ParallelReductionFactorInPlane": 2,
    "PartialFourier": 1,
    "PatientPosition": "HFS",
    "PercentPhaseFOV": 100,
    "PhaseEncodingSteps": 319,
    "PhaseResolution": 1,
    "PixelBandwidth": 210,
    "ProcedureStepDescription": "Projets_Convers",
    "ProtocolName": "T1w",
    "PulseSequenceDetails": "%SiemensSeq%_tfl",
    "ReceiveCoilActiveElements": "HC1-7;NC1,2",
    "ReceiveCoilName": "HeadNeck_64",
    "ReconMatrixPE": 320,
    "RepetitionTime": 2.4,
    "SAR": 0.0521108,
    "ScanOptions": "IR_WE",
    "ScanningSequence": "GR_IR",
    "SequenceName": "_tfl3d1_16ns",
    "SequenceVariant": "SK_SP_MP",
    "SeriesDescription": "T1w",
    "SeriesNumber": 25,
    "ShimSetting": [
      -577,
      -10811,
      -616,
      43,
      -26,
      -307,
      106,
      -10
    ],
    "SliceThickness": 0.8,
    "SoftwareVersions": "syngo_MR_E11",
    "StationName": "AWP66072",
    "TxRefAmp": 258.095,
    "dataset": "ds001740",
    "modality": "T1w",
    "subject_id": "10"
  },
  "cjv": 0.3271930903714737,
  "cnr": 4.019091232500007,
  "efc": 0.5217632961629377,
  "fber": 59227.94668921324,
  "fwhm_avg": 4.601821634617418,
  "fwhm_x": 4.609027540889851,
  "fwhm_y": 4.579199931764603,
  "fwhm_z": 4.6172374311978,
  "icvs_csf": 0.2028839183539526,
  "icvs_gm": 0.45656124700227513,
  "icvs_wm": 0.3405548346437723,
  "inu_med": 0.5038101673126221,
  "inu_range": 0.2340331852436065,
  "provenance": {
    "md5sum": "2a19427bf44e708337ef28b60f84b7a4",
    "settings": {
      "testing": false
    },
    "software": "mriqc",
    "version": "23.0.1",
    "warnings": {
      "large_rot_frame": true,
      "small_air_mask": false
    },
    "webapi_port": null,
    "webapi_url": "https://mriqc.nimh.nih.gov/api/v1"
  },
  "qi_1": 0.0,
  "qi_2": 0.004015123170333735,
  "rpve_csf": 25.582802475817946,
  "rpve_gm": 12.401206708771781,
  "rpve_wm": 18.443988493613503,
  "size_x": 256,
  "size_y": 320,
  "size_z": 320,
  "snr_csf": 2.5876524632751354,
  "snr_gm": 13.215095827378345,
  "snr_total": 13.482662270801995,
  "snr_wm": 24.64523852175251,
  "snrd_csf": 18.02427334857031,
  "snrd_gm": 46.24198857642609,
  "snrd_total": 42.73772136600676,
  "snrd_wm": 63.9469021730239,
  "spacing_x": 0.7999973893165588,
  "spacing_y": 0.800000011920929,
  "spacing_z": 0.800000011920929,
  "summary_bg_k": 3922.0811953182792,
  "summary_bg_mad": 0.0,
  "summary_bg_mean": 3.8885449411325754,
  "summary_bg_median": 0.0,
  "summary_bg_n": 4504719.0,
  "summary_bg_p05": 0.0,
  "summary_bg_p95": 16.537137921899557,
  "summary_bg_stdv": 10.245266756802126,
  "summary_csf_k": 0.8749810590033298,
  "summary_csf_mad": 96.93864599895599,
  "summary_csf_mean": 291.53864389914423,
  "summary_csf_median": 281.8702922835946,
  "summary_csf_n": 114562.0,
  "summary_csf_p05": 119.42922255769372,
  "summary_csf_p95": 484.2642208764329,
  "summary_csf_stdv": 108.92848482274732,
  "summary_gm_k": 0.3039299423093351,
  "summary_gm_mad": 51.907131567640505,
  "summary_gm_mean": 722.8791358573678,
  "summary_gm_median": 723.14942099154,
  "summary_gm_n": 158873.0,
  "summary_gm_p05": 632.9468505084515,
  "summary_gm_p95": 813.8361295647919,
  "summary_gm_stdv": 54.72129408378272,
  "summary_wm_k": 0.5125082589137775,
  "summary_wm_mad": 38.68479092086163,
  "summary_wm_mean": 998.522893446182,
  "summary_wm_median": 1000.0254466608167,
  "summary_wm_n": 485462.0,
  "summary_wm_p05": 929.9783092997968,
  "summary_wm_p95": 1062.326374579221,
  "summary_wm_stdv": 40.57677980290998,
  "tpm_overlap_csf": 0.15222736483095858,
  "tpm_overlap_gm": 0.4552727659185919,
  "tpm_overlap_wm": 0.5017721696876056,
  "wm2max": 0.8831431850401674
}