{
  "bids_meta": {
    "AcquisitionDateTime": "2018-07-16T11:11:37.218000",
    "AcquisitionMatrixPE": 320,
    "AcquisitionNumber": 1,
    "AcquisitionTime": "11:03:32.512500",
    "BaseResolution": 320,
    "BodyPartExamined": "HEAD",
    "ConsistencyInfo": "N4_VE11B_LATEST_20150530",
    "ConversionSoftware": "dcm2niix",
    "ConversionSoftwareVersion": "v1.0.20171215 GCC5.1.0",
    "DeviceSerialNumber": "66072",
    "DwellTime": 2.2e-06,
    "EchoTime": 0.562,
    "EchoTrainLength": 305,
    "FlipAngle": 120,
    "ImageOrientationPatientDICOM": [
      0.0177812,
      0.991725,
      0.127147,
      0.113664,
      0.124337,
      -0.985708
    ],
    "ImageType": [
      "ORIGINAL",
      "PRIMARY",
      "M",
      "ND",
      "NORM"
    ],
    "InPlanePhaseEncodingDirectionDICOM": "ROW",
    "InstitutionAddress": "Boulevard_Jean_Moulin_27_Marseille_District_FR_13005",
    "InstitutionName": "Universite_d_aix_Marseille",
    "InstitutionalDepartmentName": "Department",
    "MRAcquisitionType": "3D",
    "MagneticFieldStrength": 3,
    "Manufacturer": "Siemens",
    "ManufacturersModelName": "Prisma",
    "Modality": "MR",
    "ParallelReductionFactorInPlane": 2,
    "PartialFourier": 1,
    "PatientPosition": "HFS",
    "PercentPhaseFOV": 100,
    "PhaseEncodingSteps": 315,
    "PhaseResolution": 1,
    "PixelBandwidth": 710,
    "ProcedureStepDescription": "Projets_Convers",
    "ProtocolName": "T2w",
    "PulseSequenceDetails": "%SiemensSeq%_tse_vfl",
    "ReceiveCoilActiveElements": "HC1-7;NC1,2",
    "ReceiveCoilName": "HeadNeck_64",
    "ReconMatrixPE": 320,
    "RepetitionTime": 3.2,
    "SAR": 0.172963,
    "ScanOptions": "PFP",
    "ScanningSequence": "SE",
    "SequenceName": "_spc_305ns",
    "SequenceVariant": "SK_SP",
    "SeriesDescription": "T2w",
    "SeriesNumber": 24,
    "ShimSetting": [
      -577,
      -10811,
      -616,
      43,
      -26,
      -307,
      106,
      -10
    ],
    "SliceThickness": 0.8,
    "SoftwareVersions": "syngo_MR_E11",
    "StationName": "AWP66072",
    "TxRefAmp": 258.095,
    "dataset": "ds001740",
    "modality": "T2w",
    "subject_id": "10"
  },
  "cjv": 0.26878704368891937,
  "cnr": 1.372969121084875,
  "efc": 0.4876840786634082,
  "fber": 10252.976654910895,
  "fwhm_avg": 2.5746901712030654,
  "fwhm_x": 2.479583091758148,
  "fwhm_y": 2.8529374574879194,
  "fwhm_z": 2.3915499643631284,
  "icvs_csf": 0.33045920690801267,
  "icvs_gm": 0.569395947259026,
  "icvs_wm": 0.10014484583296138,
  "inu_med": 0.9156573116779327,
  "inu_range": 0.28078949451446533,
  "provenance": {
    "md5sum": "0973973470bd3daf649a5c334ea33173",
    "settings": {
      "testing": false
    },
    "software": "mriqc",
    "version": "23.0.1",
    "warnings": {
      "large_rot_frame": true,
      "small_air_mask": false
    },
    "webapi_port": null,
    "webapi_url": "https://mriqc.nimh.nih.gov/api/v1"
  },
  "qi_1": 0.0,
  "qi_2": 0.010582137304614228,
  "rpve_csf": 14.531765529198589,
  "rpve_gm": 10.519622954393128,
  "rpve_wm": 62.8082743467905,
  "size_x": 256,
  "size_y": 320,
  "size_z": 320,
  "snr_csf": 5.945608625397902,
  "snr_gm": 8.9412874551107,
  "snr_total": 5.694337322268681,
  "snr_wm": 2.196115886297441,
  "snrd_csf": 83.96949559797561,
  "snrd_gm": 46.78728157779744,
  "snrd_total": 85.48775953204147,
  "snrd_wm": 125.70650142035136,
  "spacing_x": 0.7999973893165588,
  "spacing_y": 0.800000011920929,
  "spacing_z": 0.800000011920929,
  "summary_bg_k": 37.79650838076943,
  "summary_bg_mad": 5.212610809965717,
  "summary_bg_mean": 3.1323373243907793,
  "summary_bg_median": 3.515852563083172,
  "summary_bg_n": 4519163.0,
  "summary_bg_p05": 0.0,
  "summary_bg_p95": 11.858200952410698,
  "summary_bg_stdv": 4.287028242749627,
  "summary_csf_k": 1.8208485244719155,
  "summary_csf_mad": 80.02437128080506,
  "summary_csf_mean": 689.2362915054346,
  "summary_csf_median": 668.1056043617427,
  "summary_csf_n": 100146.0,
  "summary_csf_p05": 550.953860303387,
  "summary_csf_p95": 941.7491942346096,
  "summary_csf_stdv": 112.36902910856206,
  "summary_gm_k": 1.3036903195210892,
  "summary_gm_mad": 36.88924573206508,
  "summary_gm_mean": 375.70782924060455,
  "summary_gm_median": 372.26429446041584,
  "summary_gm_n": 623950.0,
  "summary_gm_p05": 314.51277543604374,
  "summary_gm_p95": 449.88350104540586,
  "summary_gm_stdv": 41.6342722473278,
  "summary_wm_k": -1.5493314977001724,
  "summary_wm_mad": 131.8883066474166,
  "summary_wm_mean": 694.4139057831493,
  "summary_wm_median": 1000.1872406825423,
  "summary_wm_n": 32096.0,
  "summary_wm_p05": 15.290838070213795,
  "summary_wm_p95": 1117.0477306824178,
  "summary_wm_stdv": 455.4275416974168,
  "tpm_overlap_csf": 0.1258764973989926,
  "tpm_overlap_gm": 0.36014389033087296,
  "tpm_overlap_wm": 0.021655433050988392,
  "wm2max": 0.8944558139534884
}