{
  "aor": 0.0011940885416666666,
  "aqi": 0.0033893368750000006,
  "bids_meta": {
    "AcquisitionDateTime": "2018-07-18T13:16:11.273000",
    "AcquisitionMatrixPE": 84,
    "AcquisitionNumber": 1,
    "AcquisitionTime": "13:16:9.202500",
    "BandwidthPerPixelPhaseEncode": 23.81,
    "BaseResolution": 84,
    "BodyPartExamined": "HEAD",
    "ConsistencyInfo": "N4_VE11B_LATEST_20150530",
    "ConversionSoftware": "dcm2niix",
    "ConversionSoftwareVersion": "v1.0.20171215 GCC5.1.0",
    "DerivedVendorReportedEchoSpacing": 0.00049999,
    "DeviceSerialNumber": "66072",
    "DwellTime": 2.3e-06,
    "EchoTime": 0.03,
    "EchoTrainLength": 84,
    "EffectiveEchoSpacing": 0.00049999,
    "FlipAngle": 65,
    "ImageComments": "Unaliased_MB3_PE3_LB_SENSE1",
    "ImageOrientationPatientDICOM": [
      0.997078,
      0.0702989,
      -0.0298971,
      -0.0697225,
      0.997368,
      0.019903
    ],
    "ImageType": [
      "ORIGINAL",
      "PRIMARY",
      "M",
      "MB",
      "ND",
      "MOSAIC"
    ],
    "InPlanePhaseEncodingDirectionDICOM": "COL",
    "InstitutionAddress": "Boulevard_Jean_Moulin_27_Marseille_District_FR_13005",
    "InstitutionName": "Universite_d_aix_Marseille",
    "InstitutionalDepartmentName": "Department",
    "MRAcquisitionType": "2D",
    "MagneticFieldStrength": 3,
    "Manufacturer": "Siemens",
    "ManufacturersModelName": "Prisma",
    "Modality": "MR",
    "MultibandAccelerationFactor": 3,
    "PartialFourier": 1,
    "PatientPosition": "HFS",
    "PercentPhaseFOV": 100,
    "PhaseEncodingDirection": "j",
    "PhaseEncodingSteps": 84,
    "PhaseResolution": 1,
    "PixelBandwidth": 2590,
    "ProcedureStepDescription": "Projets_Convers",
    "ProtocolName": "task-convers_run2_bold",
    "PulseSequenceDetails": "%CustomerSeq%_cmrr_mbep2d_bold",
    "ReceiveCoilActiveElements": "HC1-6",
    "ReceiveCoilName": "HeadNeck_64",
    "ReconMatrixPE": 84,
    "RepetitionTime": 1.205,
    "SAR": 0.0674756,
    "ScanOptions": "FS_EXT",
    "ScanningSequence": "EP",
    "SequenceName": "epfid2d1_84",
    "SequenceVariant": "SK_SS",
    "SeriesDescription": "task-convers_run2_bold",
    "SeriesNumber": 12,
    "ShimSetting": [
      -614,
      -10744,
      -510,
      458,
      114,
      189,
      -9,
      -5
    ],
    "SliceThickness": 2.5,
    "SliceTiming": [
      1.1375,
      1.07,
      1.005,
      0.9375,
      0.87,
      0.8025,
      0.7375,
      0.67,
      0.6025,
      0.535,
      0.4675,
      0.4025,
      0.335,
      0.2675,
      0.2,
      0.135,
      0.0675,
      0,
      1.1375,
      1.07,
      1.005,
      0.9375,
      0.87,
      0.8025,
      0.7375,
      0.67,
      0.6025,
      0.535,
      0.4675,
      0.4025,
      0.335,
      0.2675,
      0.2,
      0.135,
      0.0675,
      0,
      1.1375,
      1.07,
      1.005,
      0.9375,
      0.87,
      0.8025,
      0.7375,
      0.67,
      0.6025,
      0.535,
      0.4675,
      0.4025,
      0.335,
      0.2675,
      0.2,
      0.135,
      0.0675,
      0
    ],
    "SoftwareVersions": "syngo_MR_E11",
    "SpacingBetweenSlices": 2.5,
    "StationName": "AWP66072",
    "TaskName": "convers",
    "TotalReadoutTime": 0.04199916,
    "TxRefAmp": 220.918,
    "dataset": "ds001740",
    "modality": "bold",
    "run_id": 2,
    "subject_id": "21",
    "task_id": "convers"
  },
  "dummy_trs": 1,
  "dvars_nstd": 30.44490935715404,
  "dvars_std": 1.1252676769451695,
  "dvars_vstd": 1.0064249367624016,
  "efc": 0.4738663020711968,
  "fber": 12831.0380859375,
  "fd_mean": 0.14149343915459373,
  "fd_num": 59,
  "fd_perc": 15.364583333333334,
  "fwhm_avg": 3.1374066666666667,
  "fwhm_x": 2.946724,
  "fwhm_y": 3.21594,
  "fwhm_z": 3.2495559999999997,
  "gcor": 0.0185009,
  "gsr_x": -0.0162657480686903,
  "gsr_y": 0.05042329430580139,
  "provenance": {
    "md5sum": "0a877cc81764a031273f45ed0e9b5138",
    "settings": {
      "fd_thres": 0.2,
      "testing": false
    },
    "software": "mriqc",
    "version": "23.0.1",
    "webapi_port": null,
    "webapi_url": "https://mriqc.nimh.nih.gov/api/v1"
  },
  "size_t": 384,
  "size_x": 84,
  "size_y": 84,
  "size_z": 54,
  "snr": 2.3484986887846677,
  "spacing_tr": 1.2050000429153442,
  "spacing_x": 2.5,
  "spacing_y": 2.5,
  "spacing_z": 2.5,
  "summary_bg_k": 34.057182255323696,
  "summary_bg_mad": 77.83041784776678,
  "summary_bg_mean": 470.60821533203125,
  "summary_bg_median": 89.37789916992188,
  "summary_bg_n": 243071.0,
  "summary_bg_p05": 28.80731773376465,
  "summary_bg_p95": 2393.85107421875,
  "summary_bg_stdv": 1102.346923828125,
  "summary_fg_k": 0.969861220112354,
  "summary_fg_mad": 4165.205515602949,
  "summary_fg_mean": 10991.7978515625,
  "summary_fg_median": 10210.052734375,
  "summary_fg_n": 74842.0,
  "summary_fg_p05": 5474.60859375,
  "summary_fg_p95": 19322.048632812497,
  "summary_fg_stdv": 4347.45166015625,
  "tsnr": 48.41166687011719
}