{
  "bids_meta": {
    "AcquisitionDateTime": "2018-05-29T14:18:45.630000",
    "AcquisitionMatrixPE": 320,
    "AcquisitionNumber": 1,
    "AcquisitionTime": "14:11:39.035000",
    "BaseResolution": 320,
    "BodyPartExamined": "HEAD",
    "ConsistencyInfo": "N4_VE11B_LATEST_20150530",
    "ConversionSoftware": "dcm2niix",
    "ConversionSoftwareVersion": "v1.0.20171215 GCC5.1.0",
    "DeviceSerialNumber": "66072",
    "DwellTime": 7.4e-06,
    "EchoTime": 0.00228,
    "FlipAngle": 8,
    "ImageOrientationPatientDICOM": [
      -0.0861496,
      0.983691,
      0.157894,
      -0.0720064,
      0.151921,
      -0.985766
    ],
    "ImageType": [
      "ORIGINAL",
      "PRIMARY",
      "M",
      "ND",
      "NORM"
    ],
    "InPlanePhaseEncodingDirectionDICOM": "ROW",
    "InstitutionAddress": "Boulevard_Jean_Moulin_27_Marseille_District_FR_13005",
    "InstitutionName": "Universite_d_aix_Marseille",
    "InstitutionalDepartmentName": "Department",
    "InversionTime": 1.01,
    "MRAcquisitionType": "3D",
    "MagneticFieldStrength": 3,
    "Manufacturer": "Siemens",
    "ManufacturersModelName": "Prisma",
    "Modality": "MR",
    "ParallelReductionFactorInPlane": 2,
    "PartialFourier": 1,
    "PatientPosition": "HFS",
    "PercentPhaseFOV": 100,
    "PhaseEncodingSteps": 319,
    "PhaseResolution": 1,
    "PixelBandwidth": 210,
    "ProcedureStepDescription": "Projets_Convers",
    "ProtocolName": "T1w",
    "PulseSequenceDetails": "%SiemensSeq%_tfl",
    "ReceiveCoilActiveElements": "HC1-7;NC1,2",
    "ReceiveCoilName": "HeadNeck_64",
    "ReconMatrixPE": 320,
    "RepetitionTime": 2.4,
    "SAR": 0.0345342,
    "ScanOptions": "IR_WE",
    "ScanningSequence": "GR_IR",
    "SequenceName": "_tfl3d1_16ns",
    "SequenceVariant": "SK_SP_MP",
    "SeriesDescription": "T1w",
    "SeriesNumber": 18,
    "ShimSetting": [
      -616,
      -10735,
      -702,
      -181,
      126,
      -248,
      -6,
      23
    ],
    "SliceThickness": 0.8,
    "SoftwareVersions": "syngo_MR_E11",
    "StationName": "AWP66072",
    "TxRefAmp": 217.908,
    "dataset": "ds001740",
    "modality": "T1w",
    "subject_id": "03"
  },
  "cjv": 0.31813244254966705,
  "cnr": 4.086090712593474,
  "efc": 0.4579519974242883,
  "fber": 43846.05470919956,
  "fwhm_avg": 4.460675485518412,
  "fwhm_x": 4.475976589265722,
  "fwhm_y": 4.400274934430794,
  "fwhm_z": 4.5057749328587215,
  "icvs_csf": 0.21071217907403517,
  "icvs_gm": 0.45892294368065156,
  "icvs_wm": 0.33036487724531327,
  "inu_med": 0.5425498485565186,
  "inu_range": 0.25077804327011105,
  "provenance": {
    "md5sum": "4af063dfd1289a6a5a67578b7172f8e2",
    "settings": {
      "testing": false
    },
    "software": "mriqc",
    "version": "23.0.1",
    "warnings": {
      "large_rot_frame": true,
      "small_air_mask": false
    },
    "webapi_port": null,
    "webapi_url": "https://mriqc.nimh.nih.gov/api/v1"
  },
  "qi_1": 0.0,
  "qi_2": 0.012430040268140768,
  "rpve_csf": 30.35435775944865,
  "rpve_gm": 15.047125508703056,
  "rpve_wm": 23.020716538539965,
  "size_x": 256,
  "size_y": 320,
  "size_z": 320,
  "snr_csf": 2.521551295358375,
  "snr_gm": 14.284056071968662,
  "snr_total": 13.652696617476153,
  "snr_wm": 24.15248248510142,
  "snrd_csf": 42.36922653443874,
  "snrd_gm": 110.17394775870679,
  "snrd_total": 101.11819626220779,
  "snrd_wm": 150.81141449347786,
  "spacing_x": 0.8000041842460632,
  "spacing_y": 0.800000011920929,
  "spacing_z": 0.800000011920929,
  "summary_bg_k": 10.336835438297221,
  "summary_bg_mad": 0.0,
  "summary_bg_mean": 2.6008295355245807,
  "summary_bg_median": 0.0,
  "summary_bg_n": 4937529.0,
  "summary_bg_p05": 0.0,
  "summary_bg_p95": 11.338655397295952,
  "summary_bg_stdv": 4.344202610568094,
  "summary_csf_k": 0.5125363613061267,
  "summary_csf_mad": 101.85063689130371,
  "summary_csf_mean": 289.64072889018115,
  "summary_csf_median": 280.94989763759077,
  "summary_csf_n": 107091.0,
  "summary_csf_p05": 119.54760907404125,
  "summary_csf_p95": 488.5167117472738,
  "summary_csf_stdv": 111.41894532040324,
  "summary_gm_k": 0.4647071968343104,
  "summary_gm_mad": 47.60177134709352,
  "summary_gm_mean": 729.9442136208683,
  "summary_gm_median": 730.5622943099588,
  "summary_gm_n": 119543.0,
  "summary_gm_p05": 644.1918223295361,
  "summary_gm_p95": 813.4588568178935,
  "summary_gm_stdv": 51.14508336961471,
  "summary_wm_k": 0.8159881246387108,
  "summary_wm_mad": 38.12430155636589,
  "summary_wm_mean": 999.6724491043159,
  "summary_wm_median": 1000.0289108436555,
  "summary_wm_n": 379582.0,
  "summary_wm_p05": 931.18707450293,
  "summary_wm_p95": 1066.267484465614,
  "summary_wm_stdv": 41.40475390813932,
  "tpm_overlap_csf": 0.16010477019320124,
  "tpm_overlap_gm": 0.4599384172146186,
  "tpm_overlap_wm": 0.4989311225832796,
  "wm2max": 0.849522077794432
}