{
  "bids_meta": {
    "AcquisitionDateTime": "2018-05-29T14:11:46.875000",
    "AcquisitionMatrixPE": 320,
    "AcquisitionNumber": 1,
    "AcquisitionTime": "14:03:42.507500",
    "BaseResolution": 320,
    "BodyPartExamined": "HEAD",
    "ConsistencyInfo": "N4_VE11B_LATEST_20150530",
    "ConversionSoftware": "dcm2niix",
    "ConversionSoftwareVersion": "v1.0.20171215 GCC5.1.0",
    "DeviceSerialNumber": "66072",
    "DwellTime": 2.2e-06,
    "EchoTime": 0.562,
    "EchoTrainLength": 305,
    "FlipAngle": 120,
    "ImageOrientationPatientDICOM": [
      -0.0861496,
      0.983691,
      0.157894,
      -0.0720064,
      0.151921,
      -0.985766
    ],
    "ImageType": [
      "ORIGINAL",
      "PRIMARY",
      "M",
      "ND",
      "NORM"
    ],
    "InPlanePhaseEncodingDirectionDICOM": "ROW",
    "InstitutionAddress": "Boulevard_Jean_Moulin_27_Marseille_District_FR_13005",
    "InstitutionName": "Universite_d_aix_Marseille",
    "InstitutionalDepartmentName": "Department",
    "MRAcquisitionType": "3D",
    "MagneticFieldStrength": 3,
    "Manufacturer": "Siemens",
    "ManufacturersModelName": "Prisma",
    "Modality": "MR",
    "ParallelReductionFactorInPlane": 2,
    "PartialFourier": 1,
    "PatientPosition": "HFS",
    "PercentPhaseFOV": 100,
    "PhaseEncodingSteps": 315,
    "PhaseResolution": 1,
    "PixelBandwidth": 710,
    "ProcedureStepDescription": "Projets_Convers",
    "ProtocolName": "T2w",
    "PulseSequenceDetails": "%SiemensSeq%_tse_vfl",
    "ReceiveCoilActiveElements": "HC1-7;NC1,2",
    "ReceiveCoilName": "HeadNeck_64",
    "ReconMatrixPE": 320,
    "RepetitionTime": 3.2,
    "SAR": 0.114624,
    "ScanOptions": "PFP",
    "ScanningSequence": "SE",
    "SequenceName": "_spc_305ns",
    "SequenceVariant": "SK_SP",
    "SeriesDescription": "T2w",
    "SeriesNumber": 17,
    "ShimSetting": [
      -616,
      -10735,
      -702,
      -181,
      126,
      -248,
      -6,
      23
    ],
    "SliceThickness": 0.8,
    "SoftwareVersions": "syngo_MR_E11",
    "StationName": "AWP66072",
    "TxRefAmp": 217.908,
    "dataset": "ds001740",
    "modality": "T2w",
    "subject_id": "03"
  },
  "cjv": 0.2722521069331395,
  "cnr": 1.7309335304252893,
  "efc": 0.42703469610073663,
  "fber": -1.0,
  "fwhm_avg": 2.7151245764200502,
  "fwhm_x": 2.617123811637493,
  "fwhm_y": 2.9503499560363595,
  "fwhm_z": 2.577899961586297,
  "icvs_csf": 0.3290248618098823,
  "icvs_gm": 0.5274274792080962,
  "icvs_wm": 0.1435476589820215,
  "inu_med": 0.9823714196681976,
  "inu_range": 0.304120907187462,
  "provenance": {
    "md5sum": "076e6a255a3b44f3ef6d63863f806b90",
    "settings": {
      "testing": false
    },
    "software": "mriqc",
    "version": "23.0.1",
    "warnings": {
      "large_rot_frame": true,
      "small_air_mask": false
    },
    "webapi_port": null,
    "webapi_url": "https://mriqc.nimh.nih.gov/api/v1"
  },
  "qi_1": 0.0002367275995579846,
  "qi_2": 0.03561114283905299,
  "rpve_csf": 17.92833548837248,
  "rpve_gm": 13.679190218840507,
  "rpve_wm": 54.40324766005553,
  "size_x": 256,
  "size_y": 320,
  "size_z": 320,
  "snr_csf": 9.07446059113118,
  "snr_gm": 9.736651031883417,
  "snr_total": 7.149920993748736,
  "snr_wm": 2.6386513582316087,
  "snrd_csf": 94.03600364795874,
  "snrd_gm": 54.67452080384263,
  "snrd_total": 102.98762275894121,
  "snrd_wm": 160.25234382502225,
  "spacing_x": 0.8000041842460632,
  "spacing_y": 0.800000011920929,
  "spacing_z": 0.800000011920929,
  "summary_bg_k": 13.925401068167783,
  "summary_bg_mad": 0.0,
  "summary_bg_mean": 2.0417515489081843,
  "summary_bg_median": 0.0,
  "summary_bg_n": 4990459.0,
  "summary_bg_p05": 0.0,
  "summary_bg_p95": 10.49527146667242,
  "summary_bg_stdv": 4.088155042615137,
  "summary_csf_k": 2.0798645999395173,
  "summary_csf_mad": 55.757787391100344,
  "summary_csf_mean": 594.1047038405131,
  "summary_csf_median": 586.7995771579444,
  "summary_csf_n": 67319.0,
  "summary_csf_p05": 505.44088361784816,
  "summary_csf_p95": 711.5651676690205,
  "summary_csf_stdv": 64.66447376110557,
  "summary_gm_k": 1.2341155113992652,
  "summary_gm_mad": 31.54280454899457,
  "summary_gm_mean": 342.77159799184574,
  "summary_gm_median": 341.17768136039376,
  "summary_gm_n": 481738.0,
  "summary_gm_p05": 288.25385121256113,
  "summary_gm_p95": 401.7899080477655,
  "summary_gm_stdv": 35.04052123587033,
  "summary_wm_k": -0.08268479392138817,
  "summary_wm_mad": 147.8229712229172,
  "summary_wm_mean": 820.1196881625526,
  "summary_wm_median": 1000.0000419747084,
  "summary_wm_n": 60172.0,
  "summary_wm_p05": 30.38747203722596,
  "summary_wm_p95": 1139.5190145756117,
  "summary_wm_stdv": 378.9783479001513,
  "tpm_overlap_csf": 0.11925788083943352,
  "tpm_overlap_gm": 0.3396371429469507,
  "tpm_overlap_wm": 0.029408702555467257,
  "wm2max": 0.8927566232681448
}