{
  "aor": 0.001995168831168831,
  "aqi": 0.009482592077922078,
  "bids_meta": {
    "AcquisitionDateTime": "2018-07-16T12:25:09.219000",
    "AcquisitionMatrixPE": 84,
    "AcquisitionNumber": 1,
    "AcquisitionTime": "12:25:7.162500",
    "BandwidthPerPixelPhaseEncode": 23.81,
    "BaseResolution": 84,
    "BodyPartExamined": "HEAD",
    "ConsistencyInfo": "N4_VE11B_LATEST_20150530",
    "ConversionSoftware": "dcm2niix",
    "ConversionSoftwareVersion": "v1.0.20171215 GCC5.1.0",
    "DerivedVendorReportedEchoSpacing": 0.00049999,
    "DeviceSerialNumber": "66072",
    "DwellTime": 2.3e-06,
    "EchoTime": 0.03,
    "EchoTrainLength": 84,
    "EffectiveEchoSpacing": 0.00049999,
    "FlipAngle": 65,
    "ImageComments": "Unaliased_MB3_PE3_LB_SENSE1",
    "ImageOrientationPatientDICOM": [
      0.991246,
      -0.0669863,
      -0.113769,
      0.0675764,
      0.997713,
      0.00133435
    ],
    "ImageType": [
      "ORIGINAL",
      "PRIMARY",
      "M",
      "MB",
      "ND",
      "MOSAIC"
    ],
    "InPlanePhaseEncodingDirectionDICOM": "COL",
    "InstitutionAddress": "Boulevard_Jean_Moulin_27_Marseille_District_FR_13005",
    "InstitutionName": "Universite_d_aix_Marseille",
    "InstitutionalDepartmentName": "Department",
    "MRAcquisitionType": "2D",
    "MagneticFieldStrength": 3,
    "Manufacturer": "Siemens",
    "ManufacturersModelName": "Prisma",
    "Modality": "MR",
    "MultibandAccelerationFactor": 3,
    "PartialFourier": 1,
    "PatientPosition": "HFS",
    "PercentPhaseFOV": 100,
    "PhaseEncodingDirection": "j",
    "PhaseEncodingSteps": 84,
    "PhaseResolution": 1,
    "PixelBandwidth": 2590,
    "ProcedureStepDescription": "Projets_Convers",
    "ProtocolName": "task-convers_run2_bold",
    "PulseSequenceDetails": "%CustomerSeq%_cmrr_mbep2d_bold",
    "ReceiveCoilActiveElements": "HC1-6",
    "ReceiveCoilName": "HeadNeck_64",
    "ReconMatrixPE": 84,
    "RepetitionTime": 1.205,
    "SAR": 0.0639802,
    "ScanOptions": "FS_EXT",
    "ScanningSequence": "EP",
    "SequenceName": "epfid2d1_84",
    "SequenceVariant": "SK_SS",
    "SeriesDescription": "task-convers_run2_bold",
    "SeriesNumber": 13,
    "ShimSetting": [
      -638,
      -10792,
      -554,
      516,
      -39,
      -85,
      -20,
      17
    ],
    "SliceThickness": 2.5,
    "SliceTiming": [
      1.1375,
      1.0725,
      1.005,
      0.9375,
      0.87,
      0.805,
      0.7375,
      0.67,
      0.6025,
      0.535,
      0.47,
      0.4025,
      0.335,
      0.2675,
      0.2025,
      0.135,
      0.0675,
      0,
      1.1375,
      1.0725,
      1.005,
      0.9375,
      0.87,
      0.805,
      0.7375,
      0.67,
      0.6025,
      0.535,
      0.47,
      0.4025,
      0.335,
      0.2675,
      0.2025,
      0.135,
      0.0675,
      0,
      1.1375,
      1.0725,
      1.005,
      0.9375,
      0.87,
      0.805,
      0.7375,
      0.67,
      0.6025,
      0.535,
      0.47,
      0.4025,
      0.335,
      0.2675,
      0.2025,
      0.135,
      0.0675,
      0
    ],
    "SoftwareVersions": "syngo_MR_E11",
    "SpacingBetweenSlices": 2.5,
    "StationName": "AWP66072",
    "TaskName": "convers",
    "TotalReadoutTime": 0.04199916,
    "TxRefAmp": 220.561,
    "dataset": "ds001740",
    "modality": "bold",
    "run_id": 2,
    "subject_id": "11",
    "task_id": "convers"
  },
  "dummy_trs": 0,
  "dvars_nstd": 39.437947094322915,
  "dvars_std": 1.0888803400520837,
  "dvars_vstd": 0.9941565499739577,
  "efc": 0.4897161224126954,
  "fber": 4986.94775390625,
  "fd_mean": 0.25861253343422597,
  "fd_num": 216,
  "fd_perc": 56.103896103896105,
  "fwhm_avg": 3.020589333333333,
  "fwhm_x": 2.812404,
  "fwhm_y": 3.2053199999999995,
  "fwhm_z": 3.044044,
  "gcor": 0.0300541,
  "gsr_x": 0.0034840654116123915,
  "gsr_y": 0.050766099244356155,
  "provenance": {
    "md5sum": "b24c424a1f9c8aef7cf05206cbef7669",
    "settings": {
      "fd_thres": 0.2,
      "testing": false
    },
    "software": "mriqc",
    "version": "23.0.1",
    "webapi_port": null,
    "webapi_url": "https://mriqc.nimh.nih.gov/api/v1"
  },
  "size_t": 385,
  "size_x": 84,
  "size_y": 84,
  "size_z": 54,
  "snr": 2.4265583912054,
  "spacing_tr": 1.2050000429153442,
  "spacing_x": 2.5,
  "spacing_y": 2.5,
  "spacing_z": 2.5,
  "summary_bg_k": 27.86687321562239,
  "summary_bg_mad": 147.32430318400685,
  "summary_bg_mean": 621.1434936523438,
  "summary_bg_median": 140.49658203125,
  "summary_bg_n": 244609.0,
  "summary_bg_p05": 35.19763946533203,
  "summary_bg_p95": 2845.0621093749983,
  "summary_bg_stdv": 1272.1781005859375,
  "summary_fg_k": 1.8033176184431836,
  "summary_fg_mad": 3717.6214432684746,
  "summary_fg_mean": 10928.291015625,
  "summary_fg_median": 10123.5,
  "summary_fg_n": 70914.0,
  "summary_fg_p05": 5678.28271484375,
  "summary_fg_p95": 19011.930175781246,
  "summary_fg_stdv": 4171.9287109375,
  "tsnr": 32.83821105957031
}