{
  "bids_meta": {
    "AcquisitionDateTime": "2018-07-17T15:41:05.711000",
    "AcquisitionMatrixPE": 320,
    "AcquisitionNumber": 1,
    "AcquisitionTime": "15:34:0.035000",
    "BaseResolution": 320,
    "BodyPartExamined": "HEAD",
    "ConsistencyInfo": "N4_VE11B_LATEST_20150530",
    "ConversionSoftware": "dcm2niix",
    "ConversionSoftwareVersion": "v1.0.20171215 GCC5.1.0",
    "DeviceSerialNumber": "66072",
    "DwellTime": 7.4e-06,
    "EchoTime": 0.00228,
    "FlipAngle": 8,
    "ImageOrientationPatientDICOM": [
      0.0647133,
      0.980991,
      0.182942,
      0.0722363,
      0.17824,
      -0.981332
    ],
    "ImageType": [
      "ORIGINAL",
      "PRIMARY",
      "M",
      "ND",
      "NORM"
    ],
    "InPlanePhaseEncodingDirectionDICOM": "ROW",
    "InstitutionAddress": "Boulevard_Jean_Moulin_27_Marseille_District_FR_13005",
    "InstitutionName": "Universite_d_aix_Marseille",
    "InstitutionalDepartmentName": "Department",
    "InversionTime": 1.01,
    "MRAcquisitionType": "3D",
    "MagneticFieldStrength": 3,
    "Manufacturer": "Siemens",
    "ManufacturersModelName": "Prisma",
    "Modality": "MR",
    "ParallelReductionFactorInPlane": 2,
    "PartialFourier": 1,
    "PatientPosition": "HFS",
    "PercentPhaseFOV": 100,
    "PhaseEncodingSteps": 319,
    "PhaseResolution": 1,
    "PixelBandwidth": 210,
    "ProcedureStepDescription": "Projets_Convers",
    "ProtocolName": "T1w",
    "PulseSequenceDetails": "%SiemensSeq%_tfl",
    "ReceiveCoilActiveElements": "HC1-7;NC1,2",
    "ReceiveCoilName": "HeadNeck_64",
    "ReconMatrixPE": 320,
    "RepetitionTime": 2.4,
    "SAR": 0.0501542,
    "ScanOptions": "IR_WE",
    "ScanningSequence": "GR_IR",
    "SequenceName": "_tfl3d1_16ns",
    "SequenceVariant": "SK_SP_MP",
    "SeriesDescription": "T1w",
    "SeriesNumber": 18,
    "ShimSetting": [
      -580,
      -10726,
      -650,
      -60,
      175,
      41,
      -61,
      -88
    ],
    "SliceThickness": 0.8,
    "SoftwareVersions": "syngo_MR_E11",
    "StationName": "AWP66072",
    "TxRefAmp": 234.209,
    "dataset": "ds001740",
    "modality": "T1w",
    "subject_id": "18"
  },
  "cjv": 0.34269908694544887,
  "cnr": 3.744052902922872,
  "efc": 0.4931964946641359,
  "fber": -1.0,
  "fwhm_avg": 4.713065448809276,
  "fwhm_x": 4.675483987448132,
  "fwhm_y": 4.622987431112119,
  "fwhm_z": 4.840724927867578,
  "icvs_csf": 0.15783976675049718,
  "icvs_gm": 0.4571557246367931,
  "icvs_wm": 0.3850045086127097,
  "inu_med": 0.4852007031440735,
  "inu_range": 0.24465416073799134,
  "provenance": {
    "md5sum": "96441ae191791ef8136ab8ac4eb51618",
    "settings": {
      "testing": false
    },
    "software": "mriqc",
    "version": "23.0.1",
    "warnings": {
      "large_rot_frame": true,
      "small_air_mask": false
    },
    "webapi_port": null,
    "webapi_url": "https://mriqc.nimh.nih.gov/api/v1"
  },
  "qi_1": 0.0,
  "qi_2": 0.013868515736329386,
  "rpve_csf": 34.34327849029962,
  "rpve_gm": 13.713838583291832,
  "rpve_wm": 18.192148617499452,
  "size_x": 256,
  "size_y": 320,
  "size_z": 320,
  "snr_csf": 2.632508895615922,
  "snr_gm": 13.843682538064877,
  "snr_total": 14.016724575358916,
  "snr_wm": 25.57398229239595,
  "snrd_csf": 11.441251681774737,
  "snrd_gm": 27.253402678546074,
  "snrd_total": 25.13104999278657,
  "snrd_wm": 36.6984956180389,
  "spacing_x": 0.7999984622001648,
  "spacing_y": 0.800000011920929,
  "spacing_z": 0.800000011920929,
  "summary_bg_k": 5626.124374931669,
  "summary_bg_mad": 0.0,
  "summary_bg_mean": 2.3865785947301155,
  "summary_bg_median": 0.0,
  "summary_bg_n": 4460673.0,
  "summary_bg_p05": 0.0,
  "summary_bg_p95": 10.723750814795494,
  "summary_bg_stdv": 17.851859072157154,
  "summary_csf_k": 1.0401431939336963,
  "summary_csf_mad": 99.74693397484084,
  "summary_csf_mean": 310.95511543725496,
  "summary_csf_median": 311.76349326968193,
  "summary_csf_n": 60682.0,
  "summary_csf_p05": 104.66870091855526,
  "summary_csf_p95": 512.9051768034697,
  "summary_csf_stdv": 118.42730140369814,
  "summary_gm_k": 0.2369461104982329,
  "summary_gm_mad": 51.86840566691724,
  "summary_gm_mean": 743.1901205066932,
  "summary_gm_median": 742.6299376040697,
  "summary_gm_n": 165433.0,
  "summary_gm_p05": 656.309859752655,
  "summary_gm_p95": 833.0682619661093,
  "summary_gm_stdv": 53.643796804434416,
  "summary_wm_k": 0.6339889433810106,
  "summary_wm_mad": 36.33206504174506,
  "summary_wm_mean": 1000.9573817276695,
  "summary_wm_median": 999.9999571591616,
  "summary_wm_n": 529057.0,
  "summary_wm_p05": 938.5524572432041,
  "summary_wm_p95": 1066.8704945594072,
  "summary_wm_stdv": 39.102201630066006,
  "tpm_overlap_csf": 0.14656176061176854,
  "tpm_overlap_gm": 0.47069149982900516,
  "tpm_overlap_wm": 0.5268623388026369,
  "wm2max": 0.6931882419446015
}