{
  "bids_meta": {
    "AcquisitionDateTime": "2018-07-17T15:34:06.153000",
    "AcquisitionMatrixPE": 320,
    "AcquisitionNumber": 1,
    "AcquisitionTime": "15:26:3.517500",
    "BaseResolution": 320,
    "BodyPartExamined": "HEAD",
    "ConsistencyInfo": "N4_VE11B_LATEST_20150530",
    "ConversionSoftware": "dcm2niix",
    "ConversionSoftwareVersion": "v1.0.20171215 GCC5.1.0",
    "DeviceSerialNumber": "66072",
    "DwellTime": 2.2e-06,
    "EchoTime": 0.562,
    "EchoTrainLength": 305,
    "FlipAngle": 120,
    "ImageOrientationPatientDICOM": [
      0.0647133,
      0.980991,
      0.182942,
      0.0722363,
      0.17824,
      -0.981332
    ],
    "ImageType": [
      "ORIGINAL",
      "PRIMARY",
      "M",
      "ND",
      "NORM"
    ],
    "InPlanePhaseEncodingDirectionDICOM": "ROW",
    "InstitutionAddress": "Boulevard_Jean_Moulin_27_Marseille_District_FR_13005",
    "InstitutionName": "Universite_d_aix_Marseille",
    "InstitutionalDepartmentName": "Department",
    "MRAcquisitionType": "3D",
    "MagneticFieldStrength": 3,
    "Manufacturer": "Siemens",
    "ManufacturersModelName": "Prisma",
    "Modality": "MR",
    "ParallelReductionFactorInPlane": 2,
    "PartialFourier": 1,
    "PatientPosition": "HFS",
    "PercentPhaseFOV": 100,
    "PhaseEncodingSteps": 315,
    "PhaseResolution": 1,
    "PixelBandwidth": 710,
    "ProcedureStepDescription": "Projets_Convers",
    "ProtocolName": "T2w",
    "PulseSequenceDetails": "%SiemensSeq%_tse_vfl",
    "ReceiveCoilActiveElements": "HC1-7;NC1,2",
    "ReceiveCoilName": "HeadNeck_64",
    "ReconMatrixPE": 320,
    "RepetitionTime": 3.2,
    "SAR": 0.166468,
    "ScanOptions": "PFP",
    "ScanningSequence": "SE",
    "SequenceName": "_spc_305ns",
    "SequenceVariant": "SK_SP",
    "SeriesDescription": "T2w",
    "SeriesNumber": 17,
    "ShimSetting": [
      -580,
      -10726,
      -650,
      -60,
      175,
      41,
      -61,
      -88
    ],
    "SliceThickness": 0.8,
    "SoftwareVersions": "syngo_MR_E11",
    "StationName": "AWP66072",
    "TxRefAmp": 234.209,
    "dataset": "ds001740",
    "modality": "T2w",
    "subject_id": "18"
  },
  "cjv": 0.5418367719722198,
  "cnr": 1.38672005918581,
  "efc": 0.47947178765748766,
  "fber": 11054.53326515705,
  "fwhm_avg": 2.6437932639084933,
  "fwhm_x": 2.5346048721436936,
  "fwhm_y": 2.8529999574869875,
  "fwhm_z": 2.543774962094799,
  "icvs_csf": 0.4395184291685387,
  "icvs_gm": 0.4335769787663204,
  "icvs_wm": 0.12690459206514085,
  "inu_med": 0.9932983815670013,
  "inu_range": 0.3672194778919219,
  "provenance": {
    "md5sum": "508d77e01799a321a4fae7d78bffb403",
    "settings": {
      "testing": false
    },
    "software": "mriqc",
    "version": "23.0.1",
    "warnings": {
      "large_rot_frame": true,
      "small_air_mask": false
    },
    "webapi_port": null,
    "webapi_url": "https://mriqc.nimh.nih.gov/api/v1"
  },
  "qi_1": 0.0,
  "qi_2": 0.009236000558060661,
  "rpve_csf": 14.504255302499299,
  "rpve_gm": 15.618109618631308,
  "rpve_wm": 51.00927690096513,
  "size_x": 256,
  "size_y": 320,
  "size_z": 320,
  "snr_csf": 11.252866962345704,
  "snr_gm": 11.369379350789039,
  "snr_total": 8.333130514174268,
  "snr_wm": 2.377145229388062,
  "snrd_csf": 95.86719429553807,
  "snrd_gm": 60.11030908013648,
  "snrd_total": 100.3399805145339,
  "snrd_wm": 145.04243816792717,
  "spacing_x": 0.7999984622001648,
  "spacing_y": 0.800000011920929,
  "spacing_z": 0.800000011920929,
  "summary_bg_k": 53.902317596925265,
  "summary_bg_mad": 0.0,
  "summary_bg_mean": 2.87897745698833,
  "summary_bg_median": 0.0,
  "summary_bg_n": 4479264.0,
  "summary_bg_p05": 0.0,
  "summary_bg_p95": 10.29302278533578,
  "summary_bg_stdv": 4.518096642737487,
  "summary_csf_k": 0.43817085068668193,
  "summary_csf_mad": 57.30789171365575,
  "summary_csf_mean": 663.4034138632593,
  "summary_csf_median": 661.1405635457486,
  "summary_csf_n": 217832.0,
  "summary_csf_p05": 572.1289115034975,
  "summary_csf_p95": 761.8807865511626,
  "summary_csf_stdv": 58.75294253538965,
  "summary_gm_k": 0.3013252185040569,
  "summary_gm_mad": 35.52115214432827,
  "summary_gm_mean": 414.52157451934636,
  "summary_gm_median": 414.54601766727865,
  "summary_gm_n": 494579.0,
  "summary_gm_p05": 354.5836849305779,
  "summary_gm_p95": 473.71994865871966,
  "summary_gm_stdv": 36.46158561403865,
  "summary_wm_k": -0.810660690231678,
  "summary_wm_mad": 281.847679331665,
  "summary_wm_mean": 819.9794520654335,
  "summary_wm_median": 1000.2737642740831,
  "summary_wm_n": 40376.0,
  "summary_wm_p05": 38.34698488749564,
  "summary_wm_p95": 1239.8329195785336,
  "summary_wm_stdv": 420.782611363832,
  "tpm_overlap_csf": 0.11421021387302932,
  "tpm_overlap_gm": 0.26059073367687263,
  "tpm_overlap_wm": 0.02011491015160961,
  "wm2max": 0.8260897088081027
}