{
  "bids_meta": {
    "AcquisitionDateTime": "2018-07-18T15:35:22.651000",
    "AcquisitionMatrixPE": 320,
    "AcquisitionNumber": 1,
    "AcquisitionTime": "15:28:7.012500",
    "BaseResolution": 320,
    "BodyPartExamined": "HEAD",
    "ConsistencyInfo": "N4_VE11B_LATEST_20150530",
    "ConversionSoftware": "dcm2niix",
    "ConversionSoftwareVersion": "v1.0.20171215 GCC5.1.0",
    "DeviceSerialNumber": "66072",
    "DwellTime": 7.4e-06,
    "EchoTime": 0.00228,
    "FlipAngle": 8,
    "ImageOrientationPatientDICOM": [
      0.0454313,
      0.984093,
      0.171745,
      0.0200944,
      0.170987,
      -0.985068
    ],
    "ImageType": [
      "ORIGINAL",
      "PRIMARY",
      "M",
      "ND",
      "NORM"
    ],
    "InPlanePhaseEncodingDirectionDICOM": "ROW",
    "InstitutionAddress": "Boulevard_Jean_Moulin_27_Marseille_District_FR_13005",
    "InstitutionName": "Universite_d_aix_Marseille",
    "InstitutionalDepartmentName": "Department",
    "InversionTime": 1.01,
    "MRAcquisitionType": "3D",
    "MagneticFieldStrength": 3,
    "Manufacturer": "Siemens",
    "ManufacturersModelName": "Prisma",
    "Modality": "MR",
    "ParallelReductionFactorInPlane": 2,
    "PartialFourier": 1,
    "PatientPosition": "HFS",
    "PercentPhaseFOV": 100,
    "PhaseEncodingSteps": 319,
    "PhaseResolution": 1,
    "PixelBandwidth": 210,
    "ProcedureStepDescription": "Projets_Convers",
    "ProtocolName": "T1w",
    "PulseSequenceDetails": "%SiemensSeq%_tfl",
    "ReceiveCoilActiveElements": "HC1-7;NC1,2",
    "ReceiveCoilName": "HeadNeck_64",
    "ReconMatrixPE": 320,
    "RepetitionTime": 2.4,
    "SAR": 0.0483755,
    "ScanOptions": "IR_WE",
    "ScanningSequence": "GR_IR",
    "SequenceName": "_tfl3d1_16ns",
    "SequenceVariant": "SK_SP_MP",
    "SeriesDescription": "T1w",
    "SeriesNumber": 18,
    "ShimSetting": [
      -599,
      -10845,
      -624,
      129,
      42,
      -174,
      108,
      46
    ],
    "SliceThickness": 0.8,
    "SoftwareVersions": "syngo_MR_E11",
    "StationName": "AWP66072",
    "TxRefAmp": 264.25,
    "dataset": "ds001740",
    "modality": "T1w",
    "subject_id": "22"
  },
  "cjv": 0.35237189713797523,
  "cnr": 3.731705821054602,
  "efc": 0.5240600140697036,
  "fber": 33184.694444444445,
  "fwhm_avg": 4.619077359923724,
  "fwhm_x": 4.656882216867068,
  "fwhm_y": 4.522949932602794,
  "fwhm_z": 4.677399930301309,
  "icvs_csf": 0.20769981177343766,
  "icvs_gm": 0.42133370886439514,
  "icvs_wm": 0.3709664793621672,
  "inu_med": 0.4889129102230072,
  "inu_range": 0.2261558055877685,
  "provenance": {
    "md5sum": "88f346f20f417dfd61257f2fa36e3ad2",
    "settings": {
      "testing": false
    },
    "software": "mriqc",
    "version": "23.0.1",
    "warnings": {
      "large_rot_frame": true,
      "small_air_mask": false
    },
    "webapi_port": null,
    "webapi_url": "https://mriqc.nimh.nih.gov/api/v1"
  },
  "qi_1": 0.0,
  "qi_2": 0.006765370405227909,
  "rpve_csf": 25.140564932043258,
  "rpve_gm": 12.955069852503001,
  "rpve_wm": 16.97274405218126,
  "size_x": 256,
  "size_y": 320,
  "size_z": 320,
  "snr_csf": 2.4753522112006836,
  "snr_gm": 13.603753909157962,
  "snr_total": 13.232655357840065,
  "snr_wm": 23.618859953161543,
  "snrd_csf": 19.153733896093335,
  "snrd_gm": 51.32945794369464,
  "snrd_total": 46.60645988453419,
  "snrd_wm": 69.33618781381458,
  "spacing_x": 0.7999987602233887,
  "spacing_y": 0.800000011920929,
  "spacing_z": 0.800000011920929,
  "summary_bg_k": 2066.0593770032447,
  "summary_bg_mad": 0.0,
  "summary_bg_mean": 4.226050869905395,
  "summary_bg_median": 0.0,
  "summary_bg_n": 4459343.0,
  "summary_bg_p05": 0.0,
  "summary_bg_p95": 17.225021790713072,
  "summary_bg_stdv": 9.448973569247523,
  "summary_csf_k": 0.39053950617459465,
  "summary_csf_mad": 105.36013714830005,
  "summary_csf_mean": 279.77534723812533,
  "summary_csf_median": 276.25258699804544,
  "summary_csf_n": 124584.0,
  "summary_csf_p05": 93.86302752047777,
  "summary_csf_p95": 471.5979718156159,
  "summary_csf_stdv": 111.60087725928965,
  "summary_gm_k": 0.47089964453910005,
  "summary_gm_mad": 50.98780103964458,
  "summary_gm_mean": 739.9086963342191,
  "summary_gm_median": 740.3201706297696,
  "summary_gm_n": 90732.0,
  "summary_gm_p05": 650.2816315963864,
  "summary_gm_p95": 829.4692937359214,
  "summary_gm_stdv": 54.41998553148937,
  "summary_wm_k": 0.4173770188285211,
  "summary_wm_mad": 40.526510826338196,
  "summary_wm_mean": 999.3681980530064,
  "summary_wm_median": 1000.0296213813126,
  "summary_wm_n": 543660.0,
  "summary_wm_p05": 929.4099967591465,
  "summary_wm_p95": 1067.6252318508923,
  "summary_wm_stdv": 42.34026128459819,
  "tpm_overlap_csf": 0.15161475799800822,
  "tpm_overlap_gm": 0.44336245970636334,
  "tpm_overlap_wm": 0.5004528232300227,
  "wm2max": 0.732136655669387
}