{
  "aor": 0.0020327012987012985,
  "aqi": 0.007726025766233767,
  "bids_meta": {
    "AcquisitionDateTime": "2018-07-16T12:38:06.136000",
    "AcquisitionMatrixPE": 84,
    "AcquisitionNumber": 1,
    "AcquisitionTime": "12:37:46.632500",
    "BandwidthPerPixelPhaseEncode": 23.81,
    "BaseResolution": 84,
    "BodyPartExamined": "HEAD",
    "ConsistencyInfo": "N4_VE11B_LATEST_20150530",
    "ConversionSoftware": "dcm2niix",
    "ConversionSoftwareVersion": "v1.0.20171215 GCC5.1.0",
    "DerivedVendorReportedEchoSpacing": 0.00049999,
    "DeviceSerialNumber": "66072",
    "DwellTime": 2.3e-06,
    "EchoTime": 0.03,
    "EchoTrainLength": 84,
    "EffectiveEchoSpacing": 0.00049999,
    "FlipAngle": 65,
    "ImageComments": "Unaliased_MB3_PE3_LB_SENSE1",
    "ImageOrientationPatientDICOM": [
      0.991246,
      -0.0669863,
      -0.113769,
      0.0675764,
      0.997713,
      0.00133435
    ],
    "ImageType": [
      "ORIGINAL",
      "PRIMARY",
      "M",
      "MB",
      "ND",
      "MOSAIC"
    ],
    "InPlanePhaseEncodingDirectionDICOM": "COL",
    "InstitutionAddress": "Boulevard_Jean_Moulin_27_Marseille_District_FR_13005",
    "InstitutionName": "Universite_d_aix_Marseille",
    "InstitutionalDepartmentName": "Department",
    "MRAcquisitionType": "2D",
    "MagneticFieldStrength": 3,
    "Manufacturer": "Siemens",
    "ManufacturersModelName": "Prisma",
    "Modality": "MR",
    "MultibandAccelerationFactor": 3,
    "PartialFourier": 1,
    "PatientPosition": "HFS",
    "PercentPhaseFOV": 100,
    "PhaseEncodingDirection": "j",
    "PhaseEncodingSteps": 84,
    "PhaseResolution": 1,
    "PixelBandwidth": 2590,
    "ProcedureStepDescription": "Projets_Convers",
    "ProtocolName": "task-convers_run3_bold",
    "PulseSequenceDetails": "%CustomerSeq%_cmrr_mbep2d_bold",
    "ReceiveCoilActiveElements": "HC1-6",
    "ReceiveCoilName": "HeadNeck_64",
    "ReconMatrixPE": 84,
    "RepetitionTime": 1.205,
    "SAR": 0.0639802,
    "ScanOptions": "FS_EXT",
    "ScanningSequence": "EP",
    "SequenceName": "epfid2d1_84",
    "SequenceVariant": "SK_SS",
    "SeriesDescription": "task-convers_run3_bold",
    "SeriesNumber": 15,
    "ShimSetting": [
      -638,
      -10792,
      -554,
      516,
      -39,
      -85,
      -20,
      17
    ],
    "SliceThickness": 2.5,
    "SliceTiming": [
      1.1375,
      1.07,
      1.005,
      0.9375,
      0.87,
      0.8025,
      0.735,
      0.67,
      0.6025,
      0.535,
      0.4675,
      0.4025,
      0.335,
      0.2675,
      0.2,
      0.1325,
      0.0675,
      0,
      1.1375,
      1.07,
      1.005,
      0.9375,
      0.87,
      0.8025,
      0.735,
      0.67,
      0.6025,
      0.535,
      0.4675,
      0.4025,
      0.335,
      0.2675,
      0.2,
      0.1325,
      0.0675,
      0,
      1.1375,
      1.07,
      1.005,
      0.9375,
      0.87,
      0.8025,
      0.735,
      0.67,
      0.6025,
      0.535,
      0.4675,
      0.4025,
      0.335,
      0.2675,
      0.2,
      0.1325,
      0.0675,
      0
    ],
    "SoftwareVersions": "syngo_MR_E11",
    "SpacingBetweenSlices": 2.5,
    "StationName": "AWP66072",
    "TaskName": "convers",
    "TotalReadoutTime": 0.04199916,
    "TxRefAmp": 220.561,
    "dataset": "ds001740",
    "modality": "bold",
    "run_id": 3,
    "subject_id": "11",
    "task_id": "convers"
  },
  "dummy_trs": 0,
  "dvars_nstd": 40.47626837593748,
  "dvars_std": 1.1102973366666664,
  "dvars_vstd": 1.0017504722395827,
  "efc": 0.48966343053870465,
  "fber": 5025.00439453125,
  "fd_mean": 0.26838448793923847,
  "fd_num": 215,
  "fd_perc": 55.84415584415584,
  "fwhm_avg": 3.0252813333333335,
  "fwhm_x": 2.841704,
  "fwhm_y": 3.175788,
  "fwhm_z": 3.058352,
  "gcor": 0.0272281,
  "gsr_x": 0.0020695480052381754,
  "gsr_y": 0.04781458154320717,
  "provenance": {
    "md5sum": "0a498b901dc08640296e4b40382d76f9",
    "settings": {
      "fd_thres": 0.2,
      "testing": false
    },
    "software": "mriqc",
    "version": "23.0.1",
    "webapi_port": null,
    "webapi_url": "https://mriqc.nimh.nih.gov/api/v1"
  },
  "size_t": 385,
  "size_x": 84,
  "size_y": 84,
  "size_z": 54,
  "snr": 2.390836542876321,
  "spacing_tr": 1.2050000429153442,
  "spacing_x": 2.5,
  "spacing_y": 2.5,
  "spacing_z": 2.5,
  "summary_bg_k": 25.855300598030627,
  "summary_bg_mad": 149.4267904029591,
  "summary_bg_mean": 640.2191162109375,
  "summary_bg_median": 141.3529052734375,
  "summary_bg_n": 245648.0,
  "summary_bg_p05": 34.051058006286624,
  "summary_bg_p95": 2997.951721191401,
  "summary_bg_stdv": 1326.4925537109375,
  "summary_fg_k": 1.704684262764153,
  "summary_fg_mad": 3736.94232735524,
  "summary_fg_mean": 10813.2666015625,
  "summary_fg_median": 10024.24609375,
  "summary_fg_n": 71930.0,
  "summary_fg_p05": 5499.955053710937,
  "summary_fg_p95": 18896.23388671875,
  "summary_fg_stdv": 4192.74853515625,
  "tsnr": 34.69072723388672
}