{
  "aor": 0.0013732207792207791,
  "aqi": 0.011915928493506492,
  "bids_meta": {
    "AcquisitionDateTime": "2018-05-30T13:48:15.777000",
    "AcquisitionMatrixPE": 84,
    "AcquisitionNumber": 1,
    "AcquisitionTime": "13:48:12.570000",
    "BandwidthPerPixelPhaseEncode": 23.81,
    "BaseResolution": 84,
    "BodyPartExamined": "HEAD",
    "ConsistencyInfo": "N4_VE11B_LATEST_20150530",
    "ConversionSoftware": "dcm2niix",
    "ConversionSoftwareVersion": "v1.0.20171215 GCC5.1.0",
    "DerivedVendorReportedEchoSpacing": 0.00049999,
    "DeviceSerialNumber": "66072",
    "DwellTime": 2.3e-06,
    "EchoTime": 0.03,
    "EchoTrainLength": 84,
    "EffectiveEchoSpacing": 0.00049999,
    "FlipAngle": 65,
    "ImageComments": "Unaliased_MB3_PE3_LB_SENSE1",
    "ImageOrientationPatientDICOM": [
      0.988615,
      -0.00727373,
      0.150294,
      0.0219169,
      0.99514,
      -0.0960047
    ],
    "ImageType": [
      "ORIGINAL",
      "PRIMARY",
      "M",
      "MB",
      "ND",
      "MOSAIC"
    ],
    "InPlanePhaseEncodingDirectionDICOM": "COL",
    "InstitutionAddress": "Boulevard_Jean_Moulin_27_Marseille_District_FR_13005",
    "InstitutionName": "Universite_d_aix_Marseille",
    "InstitutionalDepartmentName": "Department",
    "MRAcquisitionType": "2D",
    "MagneticFieldStrength": 3,
    "Manufacturer": "Siemens",
    "ManufacturersModelName": "Prisma",
    "Modality": "MR",
    "MultibandAccelerationFactor": 3,
    "PartialFourier": 1,
    "PatientPosition": "HFS",
    "PercentPhaseFOV": 100,
    "PhaseEncodingDirection": "j",
    "PhaseEncodingSteps": 84,
    "PhaseResolution": 1,
    "PixelBandwidth": 2590,
    "ProcedureStepDescription": "Projets_Convers",
    "ProtocolName": "task-convers_run1_bold",
    "PulseSequenceDetails": "%CustomerSeq%_cmrr_mbep2d_bold",
    "ReceiveCoilActiveElements": "HC1-7;NC1",
    "ReceiveCoilName": "HeadNeck_64",
    "ReconMatrixPE": 84,
    "RepetitionTime": 1.205,
    "SAR": 0.0787609,
    "ScanOptions": "FS_EXT",
    "ScanningSequence": "EP",
    "SequenceName": "epfid2d1_84",
    "SequenceVariant": "SK_SS",
    "SeriesDescription": "task-convers_run1_bold",
    "SeriesNumber": 11,
    "ShimSetting": [
      -555,
      -10759,
      -602,
      554,
      28,
      -69,
      50,
      -36
    ],
    "SliceThickness": 2.5,
    "SliceTiming": [
      1.1375,
      1.0725,
      1.005,
      0.9375,
      0.87,
      0.8025,
      0.7375,
      0.67,
      0.6025,
      0.535,
      0.47,
      0.4025,
      0.335,
      0.2675,
      0.2,
      0.135,
      0.0675,
      0,
      1.1375,
      1.0725,
      1.005,
      0.9375,
      0.87,
      0.8025,
      0.7375,
      0.67,
      0.6025,
      0.535,
      0.47,
      0.4025,
      0.335,
      0.2675,
      0.2,
      0.135,
      0.0675,
      0,
      1.1375,
      1.0725,
      1.005,
      0.9375,
      0.87,
      0.8025,
      0.7375,
      0.67,
      0.6025,
      0.535,
      0.47,
      0.4025,
      0.335,
      0.2675,
      0.2,
      0.135,
      0.0675,
      0
    ],
    "SoftwareVersions": "syngo_MR_E11",
    "SpacingBetweenSlices": 2.5,
    "StationName": "AWP66072",
    "TaskName": "convers",
    "TotalReadoutTime": 0.04199916,
    "TxRefAmp": 249.955,
    "dataset": "ds001740",
    "modality": "bold",
    "run_id": 1,
    "subject_id": "07",
    "task_id": "convers"
  },
  "dummy_trs": 0,
  "dvars_nstd": 40.150154119010416,
  "dvars_std": 1.0803877157291655,
  "dvars_vstd": 0.9733750667447923,
  "efc": 0.49302850843058915,
  "fber": 4492.02197265625,
  "fd_mean": 0.33533249369155177,
  "fd_num": 273,
  "fd_perc": 70.9090909090909,
  "fwhm_avg": 3.035788100085077,
  "fwhm_x": 2.761644,
  "fwhm_y": 3.148404300255232,
  "fwhm_z": 3.197316,
  "gcor": 0.0215403,
  "gsr_x": -0.004107560496777296,
  "gsr_y": 0.05421697720885277,
  "provenance": {
    "md5sum": "898751515fc277d1a507f5eec926f7a9",
    "settings": {
      "fd_thres": 0.2,
      "testing": false
    },
    "software": "mriqc",
    "version": "23.0.1",
    "webapi_port": null,
    "webapi_url": "https://mriqc.nimh.nih.gov/api/v1"
  },
  "size_t": 385,
  "size_x": 84,
  "size_y": 84,
  "size_z": 54,
  "snr": 2.608607293471376,
  "spacing_tr": 1.2050000429153442,
  "spacing_x": 2.5,
  "spacing_y": 2.499999761581421,
  "spacing_z": 2.5,
  "summary_bg_k": 29.73084837058626,
  "summary_bg_mad": 151.23569134428294,
  "summary_bg_mean": 564.400390625,
  "summary_bg_median": 138.9368896484375,
  "summary_bg_n": 245801.0,
  "summary_bg_p05": 30.834564208984375,
  "summary_bg_p95": 2398.1328125,
  "summary_bg_stdv": 1085.011474609375,
  "summary_fg_k": 1.1137300321269583,
  "summary_fg_mad": 3310.592839773849,
  "summary_fg_mean": 10054.1025390625,
  "summary_fg_median": 9399.833984375,
  "summary_fg_n": 71245.0,
  "summary_fg_p05": 5430.8056640625,
  "summary_fg_p95": 16974.010546875008,
  "summary_fg_stdv": 3603.366455078125,
  "tsnr": 29.636924743652344
}