{
  "bids_meta": {
    "AcquisitionDateTime": "2018-05-29T10:52:23.735000",
    "AcquisitionMatrixPE": 320,
    "AcquisitionNumber": 1,
    "AcquisitionTime": "10:52:23.735000",
    "BaseResolution": 320,
    "BodyPartExamined": "HEAD",
    "ConsistencyInfo": "N4_VE11B_LATEST_20150530",
    "ConversionSoftware": "dcm2niix",
    "ConversionSoftwareVersion": "v1.0.20171215 GCC5.1.0",
    "DeviceSerialNumber": "66072",
    "DwellTime": 7.4e-06,
    "EchoTime": 0.00228,
    "FlipAngle": 8,
    "ImageOrientationPatientDICOM": [
      -0.0700382,
      0.949389,
      0.306195,
      -0.0821355,
      0.300418,
      -0.950265
    ],
    "ImageType": [
      "ORIGINAL",
      "PRIMARY",
      "M",
      "ND",
      "NORM"
    ],
    "InPlanePhaseEncodingDirectionDICOM": "ROW",
    "InstitutionAddress": "Boulevard_Jean_Moulin_27_Marseille_District_FR_13005",
    "InstitutionName": "Universite_d_aix_Marseille",
    "InstitutionalDepartmentName": "Department",
    "InversionTime": 1.01,
    "MRAcquisitionType": "3D",
    "MagneticFieldStrength": 3,
    "Manufacturer": "Siemens",
    "ManufacturersModelName": "Prisma",
    "Modality": "MR",
    "ParallelReductionFactorInPlane": 2,
    "PartialFourier": 1,
    "PatientPosition": "HFS",
    "PercentPhaseFOV": 100,
    "PhaseEncodingSteps": 319,
    "PhaseResolution": 1,
    "PixelBandwidth": 210,
    "ProcedureStepDescription": "Projets_Convers",
    "ProtocolName": "T1w",
    "PulseSequenceDetails": "%SiemensSeq%_tfl",
    "ReceiveCoilActiveElements": "HC1-7;NC1,2",
    "ReceiveCoilName": "HeadNeck_64",
    "ReconMatrixPE": 320,
    "RepetitionTime": 2.4,
    "SAR": 0.0380181,
    "ScanOptions": "IR_WE",
    "ScanningSequence": "GR_IR",
    "SequenceName": "_tfl3d1_16ns",
    "SequenceVariant": "SK_SP_MP",
    "SeriesDescription": "T1w",
    "SeriesNumber": 20,
    "ShimSetting": [
      -634,
      -10819,
      -645,
      89,
      67,
      -320,
      183,
      47
    ],
    "SliceThickness": 0.8,
    "SoftwareVersions": "syngo_MR_E11",
    "StationName": "AWP66072",
    "TxRefAmp": 235.042,
    "dataset": "ds001740",
    "modality": "T1w",
    "subject_id": "01"
  },
  "cjv": 0.33190923013918516,
  "cnr": 4.040434022121917,
  "efc": 0.4850312935706013,
  "fber": 65950.85671001136,
  "fwhm_avg": 4.558436651295483,
  "fwhm_x": 4.491185090740572,
  "fwhm_y": 4.553949932140858,
  "fwhm_z": 4.630174931005017,
  "icvs_csf": 0.19696704339627022,
  "icvs_gm": 0.4579930972178147,
  "icvs_wm": 0.345039859385915,
  "inu_med": 0.49717284739017487,
  "inu_range": 0.2323502212762832,
  "provenance": {
    "md5sum": "e473c8997e031b8e822feffae060ff2c",
    "settings": {
      "testing": false
    },
    "software": "mriqc",
    "version": "23.0.1",
    "warnings": {
      "large_rot_frame": true,
      "small_air_mask": false
    },
    "webapi_port": null,
    "webapi_url": "https://mriqc.nimh.nih.gov/api/v1"
  },
  "qi_1": 0.0,
  "qi_2": 0.010738958508473385,
  "rpve_csf": 26.878588508722228,
  "rpve_gm": 12.706956471791328,
  "rpve_wm": 18.80462096614689,
  "size_x": 256,
  "size_y": 320,
  "size_z": 320,
  "snr_csf": 2.691680671793299,
  "snr_gm": 13.21886275891653,
  "snr_total": 13.765736646283633,
  "snr_wm": 25.386666508141072,
  "snrd_csf": 34.26240093406449,
  "snrd_gm": 87.89159104121563,
  "snrd_total": 81.07022502391065,
  "snrd_wm": 121.0566830964518,
  "spacing_x": 0.8000004291534424,
  "spacing_y": 0.800000011920929,
  "spacing_z": 0.800000011920929,
  "summary_bg_k": 3882.0090382065155,
  "summary_bg_mad": 0.0,
  "summary_bg_mean": 2.749140512899148,
  "summary_bg_median": 0.0,
  "summary_bg_n": 4677726.0,
  "summary_bg_p05": 0.0,
  "summary_bg_p95": 12.154923910275102,
  "summary_bg_stdv": 5.41197455415045,
  "summary_csf_k": 0.8508554729792985,
  "summary_csf_mad": 95.9515661601799,
  "summary_csf_mean": 291.17846765655554,
  "summary_csf_median": 283.0360853392631,
  "summary_csf_n": 110547.0,
  "summary_csf_p05": 136.58838224597275,
  "summary_csf_p95": 482.9419089909641,
  "summary_csf_stdv": 105.15170248112464,
  "summary_gm_k": 0.21062483668565157,
  "summary_gm_mad": 53.01553109805301,
  "summary_gm_mean": 726.3272383984686,
  "summary_gm_median": 726.058045681566,
  "summary_gm_n": 160506.0,
  "summary_gm_p05": 636.8238343112171,
  "summary_gm_p95": 818.3236303273588,
  "summary_gm_stdv": 54.9257373452779,
  "summary_wm_k": 0.3724431843452951,
  "summary_wm_mad": 37.91810413515067,
  "summary_wm_mean": 998.7003631951092,
  "summary_wm_median": 1000.0294420029968,
  "summary_wm_n": 469853.0,
  "summary_wm_p05": 932.4857364967465,
  "summary_wm_p95": 1061.304385298863,
  "summary_wm_stdv": 39.39187437183949,
  "tpm_overlap_csf": 0.1527211975340376,
  "tpm_overlap_gm": 0.4563300811485938,
  "tpm_overlap_wm": 0.5025534014833039,
  "wm2max": 0.7885405305052099
}