{
  "bids_meta": {
    "AcquisitionDateTime": "2018-05-29T10:52:32.150000",
    "AcquisitionMatrixPE": 320,
    "AcquisitionNumber": 1,
    "AcquisitionTime": "10:44:27.522500",
    "BaseResolution": 320,
    "BodyPartExamined": "HEAD",
    "ConsistencyInfo": "N4_VE11B_LATEST_20150530",
    "ConversionSoftware": "dcm2niix",
    "ConversionSoftwareVersion": "v1.0.20171215 GCC5.1.0",
    "DeviceSerialNumber": "66072",
    "DwellTime": 2.2e-06,
    "EchoTime": 0.562,
    "EchoTrainLength": 305,
    "FlipAngle": 120,
    "ImageOrientationPatientDICOM": [
      -0.0700382,
      0.949389,
      0.306195,
      -0.0821355,
      0.300418,
      -0.950265
    ],
    "ImageType": [
      "ORIGINAL",
      "PRIMARY",
      "M",
      "ND",
      "NORM"
    ],
    "InPlanePhaseEncodingDirectionDICOM": "ROW",
    "InstitutionAddress": "Boulevard_Jean_Moulin_27_Marseille_District_FR_13005",
    "InstitutionName": "Universite_d_aix_Marseille",
    "InstitutionalDepartmentName": "Department",
    "MRAcquisitionType": "3D",
    "MagneticFieldStrength": 3,
    "Manufacturer": "Siemens",
    "ManufacturersModelName": "Prisma",
    "Modality": "MR",
    "ParallelReductionFactorInPlane": 2,
    "PartialFourier": 1,
    "PatientPosition": "HFS",
    "PercentPhaseFOV": 100,
    "PhaseEncodingSteps": 315,
    "PhaseResolution": 1,
    "PixelBandwidth": 710,
    "ProcedureStepDescription": "Projets_Convers",
    "ProtocolName": "T2w",
    "PulseSequenceDetails": "%SiemensSeq%_tse_vfl",
    "ReceiveCoilActiveElements": "HC1-7;NC1,2",
    "ReceiveCoilName": "HeadNeck_64",
    "ReconMatrixPE": 320,
    "RepetitionTime": 3.2,
    "SAR": 0.126187,
    "ScanOptions": "PFP",
    "ScanningSequence": "SE",
    "SequenceName": "_spc_305ns",
    "SequenceVariant": "SK_SP",
    "SeriesDescription": "T2w",
    "SeriesNumber": 19,
    "ShimSetting": [
      -634,
      -10819,
      -645,
      89,
      67,
      -320,
      183,
      47
    ],
    "SliceThickness": 0.8,
    "SoftwareVersions": "syngo_MR_E11",
    "StationName": "AWP66072",
    "TxRefAmp": 235.042,
    "dataset": "ds001740",
    "modality": "T2w",
    "subject_id": "01"
  },
  "cjv": 0.36637096076751874,
  "cnr": 1.6752205791347596,
  "efc": 0.45686397409985524,
  "fber": -1.0,
  "fwhm_avg": 2.6934661759374046,
  "fwhm_x": 2.5918986095972363,
  "fwhm_y": 2.9791999556064614,
  "fwhm_z": 2.509299962608517,
  "icvs_csf": 0.3802273802524214,
  "icvs_gm": 0.4745129581235303,
  "icvs_wm": 0.14525966162404833,
  "inu_med": 1.0035847425460815,
  "inu_range": 0.3300333827733992,
  "provenance": {
    "md5sum": "0b2dca8bc9802210943f91fa0ac6da33",
    "settings": {
      "testing": false
    },
    "software": "mriqc",
    "version": "23.0.1",
    "warnings": {
      "large_rot_frame": true,
      "small_air_mask": false
    },
    "webapi_port": null,
    "webapi_url": "https://mriqc.nimh.nih.gov/api/v1"
  },
  "qi_1": 0.0,
  "qi_2": 0.011564757248432155,
  "rpve_csf": 14.354547411545127,
  "rpve_gm": 12.948399364564578,
  "rpve_wm": 43.873290250296456,
  "size_x": 256,
  "size_y": 320,
  "size_z": 320,
  "snr_csf": 10.325813200700747,
  "snr_gm": 10.515940165881263,
  "snr_total": 7.819374309890747,
  "snr_wm": 2.6163695630902297,
  "snrd_csf": 105.53841845838373,
  "snrd_gm": 63.69791630264138,
  "snrd_total": 115.8593673807127,
  "snrd_wm": 178.34176738111302,
  "spacing_x": 0.8000004291534424,
  "spacing_y": 0.800000011920929,
  "spacing_z": 0.800000011920929,
  "summary_bg_k": 18.19571697612523,
  "summary_bg_mad": 0.0,
  "summary_bg_mean": 1.8746073600817124,
  "summary_bg_median": 0.0,
  "summary_bg_n": 4631077.0,
  "summary_bg_p05": 0.0,
  "summary_bg_p95": 9.324390426278114,
  "summary_bg_stdv": 3.6737135867296575,
  "summary_csf_k": 1.1717781432550307,
  "summary_csf_mad": 52.144523077642994,
  "summary_csf_mean": 594.2104905705271,
  "summary_csf_median": 591.8125169239938,
  "summary_csf_n": 130511.0,
  "summary_csf_p05": 505.7868359517306,
  "summary_csf_p95": 691.681645963341,
  "summary_csf_stdv": 57.31366993833407,
  "summary_gm_k": 0.5091735481763782,
  "summary_gm_mad": 32.89349275537363,
  "summary_gm_mean": 357.0989526993645,
  "summary_gm_median": 357.1895876452327,
  "summary_gm_n": 494411.0,
  "summary_gm_p05": 301.7748989276588,
  "summary_gm_p95": 411.85791616421193,
  "summary_gm_stdv": 33.9664567107899,
  "summary_wm_k": -0.27553587629629694,
  "summary_wm_mad": 202.63604200637545,
  "summary_wm_mean": 832.574822751137,
  "summary_wm_median": 1000.0613214429468,
  "summary_wm_n": 68986.0,
  "summary_wm_p05": 48.441844122484326,
  "summary_wm_p95": 1180.7827306259423,
  "summary_wm_stdv": 382.22966939871606,
  "tpm_overlap_csf": 0.11303061714276369,
  "tpm_overlap_gm": 0.31029175147460936,
  "tpm_overlap_wm": 0.029859940503177706,
  "wm2max": 0.8701539008984965
}