{
  "bids_meta": {
    "AcquisitionDateTime": "2018-07-18T12:18:53.700000",
    "AcquisitionMatrixPE": 320,
    "AcquisitionNumber": 1,
    "AcquisitionTime": "12:11:46.780000",
    "BaseResolution": 320,
    "BodyPartExamined": "HEAD",
    "ConsistencyInfo": "N4_VE11B_LATEST_20150530",
    "ConversionSoftware": "dcm2niix",
    "ConversionSoftwareVersion": "v1.0.20171215 GCC5.1.0",
    "DeviceSerialNumber": "66072",
    "DwellTime": 7.4e-06,
    "EchoTime": 0.00228,
    "FlipAngle": 8,
    "ImageOrientationPatientDICOM": [
      -0.0455477,
      0.996436,
      0.0709925,
      0.0632136,
      0.0737987,
      -0.995268
    ],
    "ImageType": [
      "ORIGINAL",
      "PRIMARY",
      "M",
      "ND",
      "NORM"
    ],
    "InPlanePhaseEncodingDirectionDICOM": "ROW",
    "InstitutionAddress": "Boulevard_Jean_Moulin_27_Marseille_District_FR_13005",
    "InstitutionName": "Universite_d_aix_Marseille",
    "InstitutionalDepartmentName": "Department",
    "InversionTime": 1.01,
    "MRAcquisitionType": "3D",
    "MagneticFieldStrength": 3,
    "Manufacturer": "Siemens",
    "ManufacturersModelName": "Prisma",
    "Modality": "MR",
    "ParallelReductionFactorInPlane": 2,
    "PartialFourier": 1,
    "PatientPosition": "HFS",
    "PercentPhaseFOV": 100,
    "PhaseEncodingSteps": 319,
    "PhaseResolution": 1,
    "PixelBandwidth": 210,
    "ProcedureStepDescription": "Projets_Convers",
    "ProtocolName": "T1w",
    "PulseSequenceDetails": "%SiemensSeq%_tfl",
    "ReceiveCoilActiveElements": "HC1-7;NC1,2",
    "ReceiveCoilName": "HeadNeck_64",
    "ReconMatrixPE": 320,
    "RepetitionTime": 2.4,
    "SAR": 0.0374358,
    "ScanOptions": "IR_WE",
    "ScanningSequence": "GR_IR",
    "SequenceName": "_tfl3d1_16ns",
    "SequenceVariant": "SK_SP_MP",
    "SeriesDescription": "T1w",
    "SeriesNumber": 18,
    "ShimSetting": [
      -593,
      -10721,
      -721,
      -288,
      30,
      -198,
      17,
      -39
    ],
    "SliceThickness": 0.8,
    "SoftwareVersions": "syngo_MR_E11",
    "StationName": "AWP66072",
    "TxRefAmp": 211.888,
    "dataset": "ds001740",
    "modality": "T1w",
    "subject_id": "20"
  },
  "cjv": 0.3122328041689787,
  "cnr": 4.247199433708052,
  "efc": 0.4328531162431173,
  "fber": 45750.74195636095,
  "fwhm_avg": 4.57309012164795,
  "fwhm_x": 4.574370501213475,
  "fwhm_y": 4.535762432411873,
  "fwhm_z": 4.6091374313185005,
  "icvs_csf": 0.19093988260946754,
  "icvs_gm": 0.46344600843829564,
  "icvs_wm": 0.3456141089522368,
  "inu_med": 0.4937552213668823,
  "inu_range": 0.21970195323228842,
  "provenance": {
    "md5sum": "78cd685b288705a7eca2f89aef0138b4",
    "settings": {
      "testing": false
    },
    "software": "mriqc",
    "version": "23.0.1",
    "warnings": {
      "large_rot_frame": true,
      "small_air_mask": false
    },
    "webapi_port": null,
    "webapi_url": "https://mriqc.nimh.nih.gov/api/v1"
  },
  "qi_1": 0.0,
  "qi_2": 0.013994268089859966,
  "rpve_csf": 37.45491105644335,
  "rpve_gm": 17.12047776711621,
  "rpve_wm": 25.20439971835312,
  "size_x": 256,
  "size_y": 320,
  "size_z": 320,
  "snr_csf": 2.5888645661524934,
  "snr_gm": 14.260540080817037,
  "snr_total": 13.625356115347936,
  "snr_wm": 24.026663699074277,
  "snrd_csf": 35.151696055499464,
  "snrd_gm": 87.85791453952389,
  "snrd_total": 81.62491578832798,
  "snrd_wm": 121.86513676996059,
  "spacing_x": 0.800000786781311,
  "spacing_y": 0.800000011920929,
  "spacing_z": 0.800000011920929,
  "summary_bg_k": 13.608549785594477,
  "summary_bg_mad": 0.0,
  "summary_bg_mean": 3.090237335752386,
  "summary_bg_median": 0.0,
  "summary_bg_n": 5440383.0,
  "summary_bg_p05": 0.0,
  "summary_bg_p95": 13.971124252304435,
  "summary_bg_stdv": 5.3762267667300465,
  "summary_csf_k": 0.7102130493923768,
  "summary_csf_mad": 94.4437279087286,
  "summary_csf_mean": 288.5819833703816,
  "summary_csf_median": 288.4643399901688,
  "summary_csf_n": 66191.0,
  "summary_csf_p05": 83.01006184145808,
  "summary_csf_p95": 476.85576284117997,
  "summary_csf_stdv": 111.42419913480278,
  "summary_gm_k": 0.36775984612900725,
  "summary_gm_mad": 47.82727246659974,
  "summary_gm_mean": 720.577045088001,
  "summary_gm_median": 720.985846331343,
  "summary_gm_n": 134914.0,
  "summary_gm_p05": 636.9257626254112,
  "summary_gm_p95": 803.8209045287222,
  "summary_gm_stdv": 50.55791507336509,
  "summary_wm_k": 0.42943992398487296,
  "summary_wm_mad": 39.30830983014391,
  "summary_wm_mean": 999.3996736078145,
  "summary_wm_median": 1000.0583240892738,
  "summary_wm_n": 363342.0,
  "summary_wm_p05": 929.7068591695279,
  "summary_wm_p95": 1066.9097161274403,
  "summary_wm_stdv": 41.622797089911124,
  "tpm_overlap_csf": 0.14716082866664226,
  "tpm_overlap_gm": 0.46644416576436165,
  "tpm_overlap_wm": 0.5091847365067526,
  "wm2max": 0.8799887072350692
}