{
  "bids_meta": {
    "AcquisitionDateTime": "2018-07-16T18:46:14.199000",
    "AcquisitionMatrixPE": 320,
    "AcquisitionNumber": 1,
    "AcquisitionTime": "18:39:8.037500",
    "BaseResolution": 320,
    "BodyPartExamined": "HEAD",
    "ConsistencyInfo": "N4_VE11B_LATEST_20150530",
    "ConversionSoftware": "dcm2niix",
    "ConversionSoftwareVersion": "v1.0.20171215 GCC5.1.0",
    "DeviceSerialNumber": "66072",
    "DwellTime": 7.4e-06,
    "EchoTime": 0.00228,
    "FlipAngle": 8,
    "ImageOrientationPatientDICOM": [
      -0.0219573,
      0.964696,
      0.262449,
      0.0192002,
      0.26287,
      -0.96464
    ],
    "ImageType": [
      "ORIGINAL",
      "PRIMARY",
      "M",
      "ND",
      "NORM"
    ],
    "InPlanePhaseEncodingDirectionDICOM": "ROW",
    "InstitutionAddress": "Boulevard_Jean_Moulin_27_Marseille_District_FR_13005",
    "InstitutionName": "Universite_d_aix_Marseille",
    "InstitutionalDepartmentName": "Department",
    "InversionTime": 1.01,
    "MRAcquisitionType": "3D",
    "MagneticFieldStrength": 3,
    "Manufacturer": "Siemens",
    "ManufacturersModelName": "Prisma",
    "Modality": "MR",
    "ParallelReductionFactorInPlane": 2,
    "PartialFourier": 1,
    "PatientPosition": "HFS",
    "PercentPhaseFOV": 100,
    "PhaseEncodingSteps": 319,
    "PhaseResolution": 1,
    "PixelBandwidth": 210,
    "ProcedureStepDescription": "Projets_Convers",
    "ProtocolName": "T1w",
    "PulseSequenceDetails": "%SiemensSeq%_tfl",
    "ReceiveCoilActiveElements": "HC1-7;NC1,2",
    "ReceiveCoilName": "HeadNeck_64",
    "ReconMatrixPE": 320,
    "RepetitionTime": 2.4,
    "SAR": 0.0491452,
    "ScanOptions": "IR_WE",
    "ScanningSequence": "GR_IR",
    "SequenceName": "_tfl3d1_16ns",
    "SequenceVariant": "SK_SP_MP",
    "SeriesDescription": "T1w",
    "SeriesNumber": 22,
    "ShimSetting": [
      -613,
      -10797,
      -747,
      -294,
      43,
      -156,
      -34,
      -58
    ],
    "SliceThickness": 0.8,
    "SoftwareVersions": "syngo_MR_E11",
    "StationName": "AWP66072",
    "TxRefAmp": 248.206,
    "dataset": "ds001740",
    "modality": "T1w",
    "subject_id": "14"
  },
  "cjv": 0.34744025977985327,
  "cnr": 3.835920150040323,
  "efc": 0.45246059934531274,
  "fber": 19214.37938458307,
  "fwhm_avg": 4.769982557428592,
  "fwhm_x": 4.730010315037969,
  "fwhm_y": 4.751812429192477,
  "fwhm_z": 4.828124928055332,
  "icvs_csf": 0.23777747524964532,
  "icvs_gm": 0.4248486634185523,
  "icvs_wm": 0.33737386133180236,
  "inu_med": 0.578935295343399,
  "inu_range": 0.26656429916620256,
  "provenance": {
    "md5sum": "36b152fca77099018de4aaf8bda4d39d",
    "settings": {
      "testing": false
    },
    "software": "mriqc",
    "version": "23.0.1",
    "warnings": {
      "large_rot_frame": true,
      "small_air_mask": false
    },
    "webapi_port": null,
    "webapi_url": "https://mriqc.nimh.nih.gov/api/v1"
  },
  "qi_1": 0.0001747108610197585,
  "qi_2": 0.005622463380510893,
  "rpve_csf": 32.79910723823192,
  "rpve_gm": 18.334637953722687,
  "rpve_wm": 25.62880060680017,
  "size_x": 256,
  "size_y": 320,
  "size_z": 320,
  "snr_csf": 2.2372686423426247,
  "snr_gm": 13.803115811034688,
  "snr_total": 12.752954935235353,
  "snr_wm": 22.21848035232875,
  "snrd_csf": 12.837210143314582,
  "snrd_gm": 37.67321329533776,
  "snrd_total": 34.05466330608782,
  "snrd_wm": 51.65356647961111,
  "spacing_x": 0.8000003695487976,
  "spacing_y": 0.800000011920929,
  "spacing_z": 0.800000011920929,
  "summary_bg_k": 2888.76934932987,
  "summary_bg_mad": 0.0,
  "summary_bg_mean": 4.4864971133939235,
  "summary_bg_median": 0.0,
  "summary_bg_n": 5611602.0,
  "summary_bg_p05": 0.0,
  "summary_bg_p95": 17.894393853843212,
  "summary_bg_stdv": 12.683688709434898,
  "summary_csf_k": 0.3265072241750713,
  "summary_csf_mad": 105.68614967941954,
  "summary_csf_mean": 258.7236542517518,
  "summary_csf_median": 248.5332479700446,
  "summary_csf_n": 123914.0,
  "summary_csf_p05": 86.86440732330084,
  "summary_csf_p95": 460.66982035376105,
  "summary_csf_stdv": 111.08735018163483,
  "summary_gm_k": 0.3162474333893943,
  "summary_gm_mad": 50.88592391972052,
  "summary_gm_mean": 728.6850788059196,
  "summary_gm_median": 729.3676707968116,
  "summary_gm_n": 87090.0,
  "summary_gm_p05": 640.743159160018,
  "summary_gm_p95": 814.3741902336478,
  "summary_gm_stdv": 52.840495822350526,
  "summary_wm_k": 0.3898110206161012,
  "summary_wm_mad": 43.153969667911134,
  "summary_wm_mean": 999.7584139111575,
  "summary_wm_median": 1000.0326007828116,
  "summary_wm_n": 331166.0,
  "summary_wm_p05": 925.3911400809884,
  "summary_wm_p95": 1072.913957171142,
  "summary_wm_stdv": 45.008977889471495,
  "tpm_overlap_csf": 0.13438370272976485,
  "tpm_overlap_gm": 0.45976597781988743,
  "tpm_overlap_wm": 0.4922886978291881,
  "wm2max": 0.763417850655652
}