{
  "bids_meta": {
    "AcquisitionDateTime": "2018-07-16T18:39:15.378000",
    "AcquisitionMatrixPE": 320,
    "AcquisitionNumber": 1,
    "AcquisitionTime": "18:31:11.502500",
    "BaseResolution": 320,
    "BodyPartExamined": "HEAD",
    "ConsistencyInfo": "N4_VE11B_LATEST_20150530",
    "ConversionSoftware": "dcm2niix",
    "ConversionSoftwareVersion": "v1.0.20171215 GCC5.1.0",
    "DeviceSerialNumber": "66072",
    "DwellTime": 2.2e-06,
    "EchoTime": 0.562,
    "EchoTrainLength": 305,
    "FlipAngle": 120,
    "ImageOrientationPatientDICOM": [
      -0.0219573,
      0.964696,
      0.262449,
      0.0192002,
      0.26287,
      -0.96464
    ],
    "ImageType": [
      "ORIGINAL",
      "PRIMARY",
      "M",
      "ND",
      "NORM"
    ],
    "InPlanePhaseEncodingDirectionDICOM": "ROW",
    "InstitutionAddress": "Boulevard_Jean_Moulin_27_Marseille_District_FR_13005",
    "InstitutionName": "Universite_d_aix_Marseille",
    "InstitutionalDepartmentName": "Department",
    "MRAcquisitionType": "3D",
    "MagneticFieldStrength": 3,
    "Manufacturer": "Siemens",
    "ManufacturersModelName": "Prisma",
    "Modality": "MR",
    "ParallelReductionFactorInPlane": 2,
    "PartialFourier": 1,
    "PatientPosition": "HFS",
    "PercentPhaseFOV": 100,
    "PhaseEncodingSteps": 315,
    "PhaseResolution": 1,
    "PixelBandwidth": 710,
    "ProcedureStepDescription": "Projets_Convers",
    "ProtocolName": "T2w",
    "PulseSequenceDetails": "%SiemensSeq%_tse_vfl",
    "ReceiveCoilActiveElements": "HC1-7;NC1,2",
    "ReceiveCoilName": "HeadNeck_64",
    "ReconMatrixPE": 320,
    "RepetitionTime": 3.2,
    "SAR": 0.163119,
    "ScanOptions": "PFP",
    "ScanningSequence": "SE",
    "SequenceName": "_spc_305ns",
    "SequenceVariant": "SK_SP",
    "SeriesDescription": "T2w",
    "SeriesNumber": 21,
    "ShimSetting": [
      -613,
      -10797,
      -747,
      -294,
      43,
      -156,
      -34,
      -58
    ],
    "SliceThickness": 0.8,
    "SoftwareVersions": "syngo_MR_E11",
    "StationName": "AWP66072",
    "TxRefAmp": 248.206,
    "dataset": "ds001740",
    "modality": "T2w",
    "subject_id": "14"
  },
  "cjv": 0.829040804434621,
  "cnr": 0.5026091072908787,
  "efc": 0.4325222138636293,
  "fber": 8281.000000000002,
  "fwhm_avg": 2.633632912066389,
  "fwhm_x": 2.5637113157294573,
  "fwhm_y": 2.8435124576283624,
  "fwhm_z": 2.4936749628413475,
  "icvs_csf": 0.3077398149155454,
  "icvs_gm": 0.6210261744576936,
  "icvs_wm": 0.07123401062676095,
  "inu_med": 0.8507848680019379,
  "inu_range": 0.22466466128826135,
  "provenance": {
    "md5sum": "d36b44e6a32dbf344b2b9b812ae954f2",
    "settings": {
      "testing": false
    },
    "software": "mriqc",
    "version": "23.0.1",
    "warnings": {
      "large_rot_frame": true,
      "small_air_mask": false
    },
    "webapi_port": null,
    "webapi_url": "https://mriqc.nimh.nih.gov/api/v1"
  },
  "qi_1": 0.0,
  "qi_2": 0.019090905679927196,
  "rpve_csf": 21.404206649059994,
  "rpve_gm": 14.327705447096324,
  "rpve_wm": 120.01402209625756,
  "size_x": 256,
  "size_y": 320,
  "size_z": 320,
  "snr_csf": 5.449884423351807,
  "snr_gm": 7.947193138919271,
  "snr_total": 4.575878638338658,
  "snr_wm": 0.3305583527448945,
  "snrd_csf": 109.45825096933505,
  "snrd_gm": 43.46475631286818,
  "snrd_total": 56.703435115346444,
  "snrd_wm": 17.1872980638361,
  "spacing_x": 0.8000003695487976,
  "spacing_y": 0.800000011920929,
  "spacing_z": 0.800000011920929,
  "summary_bg_k": 12.34407487956354,
  "summary_bg_mad": 38.13902606320667,
  "summary_bg_mean": 22.220312342603783,
  "summary_bg_median": 25.724382162094116,
  "summary_bg_n": 5547689.0,
  "summary_bg_p05": 0.0,
  "summary_bg_p95": 79.85865890979767,
  "summary_bg_stdv": 29.860594653568075,
  "summary_csf_k": 0.3199169488013842,
  "summary_csf_mad": 1077.1131536531993,
  "summary_csf_mean": 6122.388809432204,
  "summary_csf_median": 6372.155609965324,
  "summary_csf_n": 92319.0,
  "summary_csf_p05": 3987.8304718852046,
  "summary_csf_p95": 7529.201570498942,
  "summary_csf_stdv": 1169.2213271447044,
  "summary_gm_k": 0.7055934771456842,
  "summary_gm_mad": 288.9764667096813,
  "summary_gm_mean": 2566.2732830956825,
  "summary_gm_median": 2530.318073987961,
  "summary_gm_n": 496720.0,
  "summary_gm_p05": 2107.1307860076427,
  "summary_gm_p95": 3158.7279810905457,
  "summary_gm_stdv": 318.3910951614553,
  "summary_wm_k": -0.430943944750374,
  "summary_wm_mad": 979.2509274360701,
  "summary_wm_mean": 2421.391481609568,
  "summary_wm_median": 1000.5653918981552,
  "summary_wm_n": 12800.0,
  "summary_wm_p05": 108.2614863574505,
  "summary_wm_p95": 7998.169778162241,
  "summary_wm_stdv": 3026.7766590707843,
  "tpm_overlap_csf": 0.1472897030798946,
  "tpm_overlap_gm": 0.3900454826314366,
  "tpm_overlap_wm": 0.01749859263217869,
  "wm2max": 0.1294765336357318
}