{
  "bids_meta": {
    "AcquisitionDateTime": "2018-05-30T16:06:05.441000",
    "AcquisitionMatrixPE": 320,
    "AcquisitionNumber": 1,
    "AcquisitionTime": "15:58:1.507500",
    "BaseResolution": 320,
    "BodyPartExamined": "HEAD",
    "ConsistencyInfo": "N4_VE11B_LATEST_20150530",
    "ConversionSoftware": "dcm2niix",
    "ConversionSoftwareVersion": "v1.0.20171215 GCC5.1.0",
    "DeviceSerialNumber": "66072",
    "DwellTime": 2.2e-06,
    "EchoTime": 0.562,
    "EchoTrainLength": 305,
    "FlipAngle": 120,
    "ImageOrientationPatientDICOM": [
      -0.00722041,
      0.98169,
      0.190349,
      0.0343728,
      0.190485,
      -0.981088
    ],
    "ImageType": [
      "ORIGINAL",
      "PRIMARY",
      "M",
      "ND",
      "NORM"
    ],
    "InPlanePhaseEncodingDirectionDICOM": "ROW",
    "InstitutionAddress": "Boulevard_Jean_Moulin_27_Marseille_District_FR_13005",
    "InstitutionName": "Universite_d_aix_Marseille",
    "InstitutionalDepartmentName": "Department",
    "MRAcquisitionType": "3D",
    "MagneticFieldStrength": 3,
    "Manufacturer": "Siemens",
    "ManufacturersModelName": "Prisma",
    "Modality": "MR",
    "ParallelReductionFactorInPlane": 2,
    "PartialFourier": 1,
    "PatientPosition": "HFS",
    "PercentPhaseFOV": 100,
    "PhaseEncodingSteps": 315,
    "PhaseResolution": 1,
    "PixelBandwidth": 710,
    "ProcedureStepDescription": "Projets_Convers",
    "ProtocolName": "T2w",
    "PulseSequenceDetails": "%SiemensSeq%_tse_vfl",
    "ReceiveCoilActiveElements": "HC1-7;NC1,2",
    "ReceiveCoilName": "HeadNeck_64",
    "ReconMatrixPE": 320,
    "RepetitionTime": 3.2,
    "SAR": 0.155936,
    "ScanOptions": "PFP",
    "ScanningSequence": "SE",
    "SequenceName": "_spc_305ns",
    "SequenceVariant": "SK_SP",
    "SeriesDescription": "T2w",
    "SeriesNumber": 23,
    "ShimSetting": [
      -598,
      -10826,
      -685,
      -42,
      90,
      -232,
      17,
      -18
    ],
    "SliceThickness": 0.8,
    "SoftwareVersions": "syngo_MR_E11",
    "StationName": "AWP66072",
    "TxRefAmp": 231.604,
    "dataset": "ds001740",
    "modality": "T2w",
    "subject_id": "08"
  },
  "cjv": 0.32075101813965967,
  "cnr": 1.511660050127117,
  "efc": 0.43069737030803085,
  "fber": 12146.48901234568,
  "fwhm_avg": 2.5203574104535313,
  "fwhm_x": 2.3765223086164076,
  "fwhm_y": 2.8167249580275273,
  "fwhm_z": 2.3678249647166587,
  "icvs_csf": 0.3933291502698433,
  "icvs_gm": 0.4643380201936349,
  "icvs_wm": 0.1423328295365218,
  "inu_med": 0.9555947780609131,
  "inu_range": 0.3335796892642976,
  "provenance": {
    "md5sum": "c41e8f2e63afdbfc76dce7892395333b",
    "settings": {
      "testing": false
    },
    "software": "mriqc",
    "version": "23.0.1",
    "warnings": {
      "large_rot_frame": true,
      "small_air_mask": false
    },
    "webapi_port": null,
    "webapi_url": "https://mriqc.nimh.nih.gov/api/v1"
  },
  "qi_1": 0.0,
  "qi_2": 0.020650988504299004,
  "rpve_csf": 16.65414076344514,
  "rpve_gm": 15.866103735027417,
  "rpve_wm": 50.57484638742261,
  "size_x": 256,
  "size_y": 320,
  "size_z": 320,
  "snr_csf": 10.379192852192944,
  "snr_gm": 11.442624991410032,
  "snr_total": 8.132311774533425,
  "snr_wm": 2.5751174799973007,
  "snrd_csf": 130.5642237360799,
  "snrd_gm": 81.63828927833197,
  "snrd_total": 137.03220332617457,
  "snrd_wm": 198.8940969641118,
  "spacing_x": 0.8000009059906006,
  "spacing_y": 0.800000011920929,
  "spacing_z": 0.800000011920929,
  "summary_bg_k": 53.90083823903996,
  "summary_bg_mad": 0.0,
  "summary_bg_mean": 2.023775035290092,
  "summary_bg_median": 0.0,
  "summary_bg_n": 4483874.0,
  "summary_bg_p05": 0.0,
  "summary_bg_p95": 7.982536602765322,
  "summary_bg_stdv": 3.2937898000593635,
  "summary_csf_k": 1.177959847400376,
  "summary_csf_mad": 58.92080017955953,
  "summary_csf_mean": 660.8250279427626,
  "summary_csf_median": 656.429879937321,
  "summary_csf_n": 152878.0,
  "summary_csf_p05": 567.5733330883086,
  "summary_csf_p95": 770.197077203542,
  "summary_csf_stdv": 63.24458388761117,
  "summary_gm_k": 0.2651785100623374,
  "summary_gm_mad": 35.34613430265445,
  "summary_gm_mean": 411.2932348867181,
  "summary_gm_median": 410.44790751859546,
  "summary_gm_n": 505453.0,
  "summary_gm_p05": 353.94952512905,
  "summary_gm_p95": 470.7128487341106,
  "summary_gm_stdv": 35.87004745909808,
  "summary_wm_k": -0.5392543457778824,
  "summary_wm_mad": 153.74299260638432,
  "summary_wm_mean": 801.9679538342255,
  "summary_wm_median": 999.9678660389036,
  "summary_wm_n": 42214.0,
  "summary_wm_p05": 35.86791245639324,
  "summary_wm_p95": 1149.072233381495,
  "summary_wm_stdv": 388.31471950499497,
  "tpm_overlap_csf": 0.1141078454381625,
  "tpm_overlap_gm": 0.29757942589211744,
  "tpm_overlap_wm": 0.02492657810920706,
  "wm2max": 0.8775895422872491
}