{
  "bids_meta": {
    "AcquisitionDateTime": "2018-05-30T14:36:37.373000",
    "AcquisitionMatrixPE": 320,
    "AcquisitionNumber": 1,
    "AcquisitionTime": "14:28:33.535000",
    "BaseResolution": 320,
    "BodyPartExamined": "HEAD",
    "ConsistencyInfo": "N4_VE11B_LATEST_20150530",
    "ConversionSoftware": "dcm2niix",
    "ConversionSoftwareVersion": "v1.0.20171215 GCC5.1.0",
    "DeviceSerialNumber": "66072",
    "DwellTime": 2.2e-06,
    "EchoTime": 0.562,
    "EchoTrainLength": 305,
    "FlipAngle": 120,
    "ImageOrientationPatientDICOM": [
      0.0101989,
      0.999765,
      -0.0191519,
      0.150114,
      -0.0204667,
      -0.988457
    ],
    "ImageType": [
      "ORIGINAL",
      "PRIMARY",
      "M",
      "ND",
      "NORM"
    ],
    "InPlanePhaseEncodingDirectionDICOM": "ROW",
    "InstitutionAddress": "Boulevard_Jean_Moulin_27_Marseille_District_FR_13005",
    "InstitutionName": "Universite_d_aix_Marseille",
    "InstitutionalDepartmentName": "Department",
    "MRAcquisitionType": "3D",
    "MagneticFieldStrength": 3,
    "Manufacturer": "Siemens",
    "ManufacturersModelName": "Prisma",
    "Modality": "MR",
    "ParallelReductionFactorInPlane": 2,
    "PartialFourier": 1,
    "PatientPosition": "HFS",
    "PercentPhaseFOV": 100,
    "PhaseEncodingSteps": 315,
    "PhaseResolution": 1,
    "PixelBandwidth": 710,
    "ProcedureStepDescription": "Projets_Convers",
    "ProtocolName": "T2w",
    "PulseSequenceDetails": "%SiemensSeq%_tse_vfl",
    "ReceiveCoilActiveElements": "HC1-7;NC1,2",
    "ReceiveCoilName": "HeadNeck_64",
    "ReconMatrixPE": 320,
    "RepetitionTime": 3.2,
    "SAR": 0.171006,
    "ScanOptions": "PFP",
    "ScanningSequence": "SE",
    "SequenceName": "_spc_305ns",
    "SequenceVariant": "SK_SP",
    "SeriesDescription": "T2w",
    "SeriesNumber": 18,
    "ShimSetting": [
      -548,
      -10764,
      -571,
      -209,
      -151,
      -247,
      57,
      -36
    ],
    "SliceThickness": 0.8,
    "SoftwareVersions": "syngo_MR_E11",
    "StationName": "AWP66072",
    "TxRefAmp": 249.955,
    "dataset": "ds001740",
    "modality": "T2w",
    "subject_id": "07"
  },
  "cjv": 0.22143791165046195,
  "cnr": 2.2215906815513597,
  "efc": 0.48024559315555637,
  "fber": -1.0,
  "fwhm_avg": 2.7125615473408735,
  "fwhm_x": 2.623684724187621,
  "fwhm_y": 2.944649956121296,
  "fwhm_z": 2.5693499617137023,
  "icvs_csf": 0.3043178330324417,
  "icvs_gm": 0.17356097954087363,
  "icvs_wm": 0.5221211874266847,
  "inu_med": 0.8823695778846741,
  "inu_range": 0.22091434001922605,
  "provenance": {
    "md5sum": "adf5c0ce64bd0164a799739ee8fdf5bf",
    "settings": {
      "testing": false
    },
    "software": "mriqc",
    "version": "23.0.1",
    "warnings": {
      "large_rot_frame": true,
      "small_air_mask": false
    },
    "webapi_port": null,
    "webapi_url": "https://mriqc.nimh.nih.gov/api/v1"
  },
  "qi_1": 0.00019032574414443163,
  "qi_2": 0.013875184488983497,
  "rpve_csf": 18.83356914173489,
  "rpve_gm": 42.671768998765195,
  "rpve_wm": 13.84336516005715,
  "size_x": 256,
  "size_y": 320,
  "size_z": 320,
  "snr_csf": 9.10585288354868,
  "snr_gm": 3.3409899885681025,
  "snr_total": 7.209290060381991,
  "snr_wm": 9.181027309029192,
  "snrd_csf": 88.65285064331077,
  "snrd_gm": 164.448204380329,
  "snrd_total": 102.46797173532038,
  "snrd_wm": 54.30286018232135,
  "spacing_x": 0.8000008463859558,
  "spacing_y": 0.800000011920929,
  "spacing_z": 0.800000011920929,
  "summary_bg_k": 18.31693621571734,
  "summary_bg_mad": 0.0,
  "summary_bg_mean": 6.701324454374352,
  "summary_bg_median": 0.0,
  "summary_bg_n": 5448326.0,
  "summary_bg_p05": 0.0,
  "summary_bg_p95": 32.57918559014797,
  "summary_bg_stdv": 12.065947361758486,
  "summary_csf_k": 0.985650796592874,
  "summary_csf_mad": 166.015669589181,
  "summary_csf_mean": 1643.8939351885087,
  "summary_csf_median": 1632.7601844929159,
  "summary_csf_n": 51685.0,
  "summary_csf_p05": 1374.672702793777,
  "summary_csf_p95": 1956.8506829246876,
  "summary_csf_stdv": 179.30713465249644,
  "summary_gm_k": 2.2081226207401494,
  "summary_gm_mad": 342.8545590168808,
  "summary_gm_mean": 2681.0962718876526,
  "summary_gm_median": 3028.7179552055895,
  "summary_gm_n": 74573.0,
  "summary_gm_p05": 272.2292615182698,
  "summary_gm_p95": 3389.7435970045626,
  "summary_gm_stdv": 906.5270049993844,
  "summary_wm_k": 0.38282615928639574,
  "summary_wm_mad": 106.35378833056906,
  "summary_wm_mean": 1001.8650847289299,
  "summary_wm_median": 1000.1206657923758,
  "summary_wm_n": 544958.0,
  "summary_wm_p05": 826.4253411367536,
  "summary_wm_p95": 1181.4781322441995,
  "summary_wm_stdv": 108.93331590417608,
  "tpm_overlap_csf": 0.12097513849920052,
  "tpm_overlap_gm": 0.09954845909258385,
  "tpm_overlap_wm": 0.4597227667507659,
  "wm2max": 0.2972173414135619
}