{
  "bids_meta": {
    "AcquisitionDateTime": "2018-07-18T12:11:53.750000",
    "AcquisitionMatrixPE": 320,
    "AcquisitionNumber": 1,
    "AcquisitionTime": "12:03:50.532500",
    "BaseResolution": 320,
    "BodyPartExamined": "HEAD",
    "ConsistencyInfo": "N4_VE11B_LATEST_20150530",
    "ConversionSoftware": "dcm2niix",
    "ConversionSoftwareVersion": "v1.0.20171215 GCC5.1.0",
    "DeviceSerialNumber": "66072",
    "DwellTime": 2.2e-06,
    "EchoTime": 0.562,
    "EchoTrainLength": 305,
    "FlipAngle": 120,
    "ImageOrientationPatientDICOM": [
      -0.0455477,
      0.996436,
      0.0709925,
      0.0632136,
      0.0737987,
      -0.995268
    ],
    "ImageType": [
      "ORIGINAL",
      "PRIMARY",
      "M",
      "ND",
      "NORM"
    ],
    "InPlanePhaseEncodingDirectionDICOM": "ROW",
    "InstitutionAddress": "Boulevard_Jean_Moulin_27_Marseille_District_FR_13005",
    "InstitutionName": "Universite_d_aix_Marseille",
    "InstitutionalDepartmentName": "Department",
    "MRAcquisitionType": "3D",
    "MagneticFieldStrength": 3,
    "Manufacturer": "Siemens",
    "ManufacturersModelName": "Prisma",
    "Modality": "MR",
    "ParallelReductionFactorInPlane": 2,
    "PartialFourier": 1,
    "PatientPosition": "HFS",
    "PercentPhaseFOV": 100,
    "PhaseEncodingSteps": 315,
    "PhaseResolution": 1,
    "PixelBandwidth": 710,
    "ProcedureStepDescription": "Projets_Convers",
    "ProtocolName": "T2w",
    "PulseSequenceDetails": "%SiemensSeq%_tse_vfl",
    "ReceiveCoilActiveElements": "HC1-7;NC1,2",
    "ReceiveCoilName": "HeadNeck_64",
    "ReconMatrixPE": 320,
    "RepetitionTime": 3.2,
    "SAR": 0.124255,
    "ScanOptions": "PFP",
    "ScanningSequence": "SE",
    "SequenceName": "_spc_305ns",
    "SequenceVariant": "SK_SP",
    "SeriesDescription": "T2w",
    "SeriesNumber": 17,
    "ShimSetting": [
      -593,
      -10721,
      -721,
      -288,
      30,
      -198,
      17,
      -39
    ],
    "SliceThickness": 0.8,
    "SoftwareVersions": "syngo_MR_E11",
    "StationName": "AWP66072",
    "TxRefAmp": 211.888,
    "dataset": "ds001740",
    "modality": "T2w",
    "subject_id": "20"
  },
  "cjv": 0.22385087778401833,
  "cnr": 1.5446691157722856,
  "efc": 0.410166719536667,
  "fber": 10803.702422245347,
  "fwhm_avg": 2.4755366953669955,
  "fwhm_x": 2.377960161331733,
  "fwhm_y": 2.749112459035032,
  "fwhm_z": 2.299537465734222,
  "icvs_csf": 0.40076349771319836,
  "icvs_gm": 0.47389171598220287,
  "icvs_wm": 0.12534478630459878,
  "inu_med": 0.8887092769145966,
  "inu_range": 0.21174082159996033,
  "provenance": {
    "md5sum": "33625034146bbaeb4eb7117c2206e271",
    "settings": {
      "testing": false
    },
    "software": "mriqc",
    "version": "23.0.1",
    "warnings": {
      "large_rot_frame": true,
      "small_air_mask": false
    },
    "webapi_port": null,
    "webapi_url": "https://mriqc.nimh.nih.gov/api/v1"
  },
  "qi_1": 0.0,
  "qi_2": 0.020649848132577923,
  "rpve_csf": 18.874142501685927,
  "rpve_gm": 17.374293806095842,
  "rpve_wm": 69.87257669464618,
  "size_x": 256,
  "size_y": 320,
  "size_z": 320,
  "snr_csf": 8.81623516792581,
  "snr_gm": 9.830335620406888,
  "snr_total": 7.073816421731073,
  "snr_wm": 2.574878476860519,
  "snrd_csf": 111.52344710850272,
  "snrd_gm": 65.2000597678435,
  "snrd_total": 113.6728753027913,
  "snrd_wm": 164.2951190320277,
  "spacing_x": 0.800000786781311,
  "spacing_y": 0.800000011920929,
  "spacing_z": 0.800000011920929,
  "summary_bg_k": 12.077120024033364,
  "summary_bg_mad": 0.0,
  "summary_bg_mean": 2.5475938834972545,
  "summary_bg_median": 0.0,
  "summary_bg_n": 5483031.0,
  "summary_bg_p05": 0.0,
  "summary_bg_p95": 11.277967695146799,
  "summary_bg_stdv": 3.9878003469575543,
  "summary_csf_k": 1.9754440685846815,
  "summary_csf_mad": 64.30592809888341,
  "summary_csf_mean": 687.4321175286807,
  "summary_csf_median": 678.8406827542931,
  "summary_csf_n": 121575.0,
  "summary_csf_p05": 579.7845543064177,
  "summary_csf_p95": 827.6168838366866,
  "summary_csf_stdv": 76.99861425640434,
  "summary_gm_k": 0.8527824727525815,
  "summary_gm_mad": 37.30702725214811,
  "summary_gm_mean": 398.65092200596933,
  "summary_gm_median": 396.87127896398306,
  "summary_gm_n": 373753.0,
  "summary_gm_p05": 336.05514133907855,
  "summary_gm_p95": 467.975025113672,
  "summary_gm_stdv": 40.3720445935279,
  "summary_wm_k": -0.41147666010975703,
  "summary_wm_mad": 97.71744246526507,
  "summary_wm_mean": 801.5686315192066,
  "summary_wm_median": 1000.0606479495764,
  "summary_wm_n": 27863.0,
  "summary_wm_p05": 31.711704863235354,
  "summary_wm_p95": 1106.00482548438,
  "summary_wm_stdv": 388.3844269709557,
  "tpm_overlap_csf": 0.11692003965669465,
  "tpm_overlap_gm": 0.30108561946164764,
  "tpm_overlap_wm": 0.027770662851338387,
  "wm2max": 0.9052323454079766
}