{
  "aor": 0.0019615844155844156,
  "aqi": 0.007332506935064934,
  "bids_meta": {
    "AcquisitionDateTime": "2018-07-18T15:10:41.627000",
    "AcquisitionMatrixPE": 84,
    "AcquisitionNumber": 1,
    "AcquisitionTime": "15:10:24.552500",
    "BandwidthPerPixelPhaseEncode": 23.81,
    "BaseResolution": 84,
    "BodyPartExamined": "HEAD",
    "ConsistencyInfo": "N4_VE11B_LATEST_20150530",
    "ConversionSoftware": "dcm2niix",
    "ConversionSoftwareVersion": "v1.0.20171215 GCC5.1.0",
    "DerivedVendorReportedEchoSpacing": 0.00049999,
    "DeviceSerialNumber": "66072",
    "DwellTime": 2.3e-06,
    "EchoTime": 0.03,
    "EchoTrainLength": 84,
    "EffectiveEchoSpacing": 0.00049999,
    "FlipAngle": 65,
    "ImageComments": "Unaliased_MB3_PE3_LB_SENSE1",
    "ImageOrientationPatientDICOM": [
      0.998766,
      -0.0481814,
      0.0120089,
      0.0467513,
      0.993934,
      0.0995488
    ],
    "ImageType": [
      "ORIGINAL",
      "PRIMARY",
      "M",
      "MB",
      "ND",
      "MOSAIC"
    ],
    "InPlanePhaseEncodingDirectionDICOM": "COL",
    "InstitutionAddress": "Boulevard_Jean_Moulin_27_Marseille_District_FR_13005",
    "InstitutionName": "Universite_d_aix_Marseille",
    "InstitutionalDepartmentName": "Department",
    "MRAcquisitionType": "2D",
    "MagneticFieldStrength": 3,
    "Manufacturer": "Siemens",
    "ManufacturersModelName": "Prisma",
    "Modality": "MR",
    "MultibandAccelerationFactor": 3,
    "PartialFourier": 1,
    "PatientPosition": "HFS",
    "PercentPhaseFOV": 100,
    "PhaseEncodingDirection": "j",
    "PhaseEncodingSteps": 84,
    "PhaseResolution": 1,
    "PixelBandwidth": 2590,
    "ProcedureStepDescription": "Projets_Convers",
    "ProtocolName": "task-convers_run4_bold",
    "PulseSequenceDetails": "%CustomerSeq%_cmrr_mbep2d_bold",
    "ReceiveCoilActiveElements": "HC1-6",
    "ReceiveCoilName": "HeadNeck_64",
    "ReconMatrixPE": 84,
    "RepetitionTime": 1.205,
    "SAR": 0.073952,
    "ScanOptions": "FS_EXT",
    "ScanningSequence": "EP",
    "SequenceName": "epfid2d1_84",
    "SequenceVariant": "SK_SS",
    "SeriesDescription": "task-convers_run4_bold",
    "SeriesNumber": 16,
    "ShimSetting": [
      -617,
      -10774,
      -516,
      397,
      24,
      178,
      24,
      34
    ],
    "SliceThickness": 2.5,
    "SliceTiming": [
      1.1375,
      1.0725,
      1.005,
      0.9375,
      0.87,
      0.8025,
      0.7375,
      0.67,
      0.6025,
      0.535,
      0.47,
      0.4025,
      0.335,
      0.2675,
      0.2025,
      0.135,
      0.0675,
      0,
      1.1375,
      1.0725,
      1.005,
      0.9375,
      0.87,
      0.8025,
      0.7375,
      0.67,
      0.6025,
      0.535,
      0.47,
      0.4025,
      0.335,
      0.2675,
      0.2025,
      0.135,
      0.0675,
      0,
      1.1375,
      1.0725,
      1.005,
      0.9375,
      0.87,
      0.8025,
      0.7375,
      0.67,
      0.6025,
      0.535,
      0.47,
      0.4025,
      0.335,
      0.2675,
      0.2025,
      0.135,
      0.0675,
      0
    ],
    "SoftwareVersions": "syngo_MR_E11",
    "SpacingBetweenSlices": 2.5,
    "StationName": "AWP66072",
    "TaskName": "convers",
    "TotalReadoutTime": 0.04199916,
    "TxRefAmp": 264.25,
    "dataset": "ds001740",
    "modality": "bold",
    "run_id": 4,
    "subject_id": "22",
    "task_id": "convers"
  },
  "dummy_trs": 0,
  "dvars_nstd": 38.28681707372396,
  "dvars_std": 1.160528545052084,
  "dvars_vstd": 1.0123877456510424,
  "efc": 0.517732256390544,
  "fber": 3717.904296875,
  "fd_mean": 0.22595118561859717,
  "fd_num": 168,
  "fd_perc": 43.63636363636363,
  "fwhm_avg": 3.0259626666666666,
  "fwhm_x": 2.729736,
  "fwhm_y": 3.184532,
  "fwhm_z": 3.16362,
  "gcor": 0.0142771,
  "gsr_x": 0.015497561544179916,
  "gsr_y": 0.034689079970121384,
  "provenance": {
    "md5sum": "eff61bd5aa0bb7dfbaa144334efb81d7",
    "settings": {
      "fd_thres": 0.2,
      "testing": false
    },
    "software": "mriqc",
    "version": "23.0.1",
    "webapi_port": null,
    "webapi_url": "https://mriqc.nimh.nih.gov/api/v1"
  },
  "size_t": 385,
  "size_x": 84,
  "size_y": 84,
  "size_z": 54,
  "snr": 2.2548105834971572,
  "spacing_tr": 1.2050000429153442,
  "spacing_x": 2.5,
  "spacing_y": 2.5,
  "spacing_z": 2.5,
  "summary_bg_k": 27.377151075262116,
  "summary_bg_mad": 167.8927960422455,
  "summary_bg_mean": 771.0398559570312,
  "summary_bg_median": 159.16036987304688,
  "summary_bg_n": 230691.0,
  "summary_bg_p05": 35.81098747253418,
  "summary_bg_p95": 3841.592041015625,
  "summary_bg_stdv": 1651.84423828125,
  "summary_fg_k": 1.5816993795296597,
  "summary_fg_mad": 4301.261416408257,
  "summary_fg_mean": 11369.0703125,
  "summary_fg_median": 10466.1708984375,
  "summary_fg_n": 78319.0,
  "summary_fg_p05": 5644.73349609375,
  "summary_fg_p95": 20154.747265624992,
  "summary_fg_stdv": 4641.677734375,
  "tsnr": 40.35552215576172
}