{
  "bids_meta": {
    "AcquisitionDateTime": "2018-05-29T16:02:00.791000",
    "AcquisitionMatrixPE": 320,
    "AcquisitionNumber": 1,
    "AcquisitionTime": "15:53:56.522500",
    "BaseResolution": 320,
    "BodyPartExamined": "HEAD",
    "ConsistencyInfo": "N4_VE11B_LATEST_20150530",
    "ConversionSoftware": "dcm2niix",
    "ConversionSoftwareVersion": "v1.0.20171215 GCC5.1.0",
    "DeviceSerialNumber": "66072",
    "DwellTime": 2.2e-06,
    "EchoTime": 0.562,
    "EchoTrainLength": 305,
    "FlipAngle": 120,
    "ImageOrientationPatientDICOM": [
      -0.0933431,
      0.988565,
      0.118434,
      0.038205,
      0.122422,
      -0.991743
    ],
    "ImageType": [
      "ORIGINAL",
      "PRIMARY",
      "M",
      "ND",
      "NORM"
    ],
    "InPlanePhaseEncodingDirectionDICOM": "ROW",
    "InstitutionAddress": "Boulevard_Jean_Moulin_27_Marseille_District_FR_13005",
    "InstitutionName": "Universite_d_aix_Marseille",
    "InstitutionalDepartmentName": "Department",
    "MRAcquisitionType": "3D",
    "MagneticFieldStrength": 3,
    "Manufacturer": "Siemens",
    "ManufacturersModelName": "Prisma",
    "Modality": "MR",
    "ParallelReductionFactorInPlane": 2,
    "PartialFourier": 1,
    "PatientPosition": "HFS",
    "PercentPhaseFOV": 100,
    "PhaseEncodingSteps": 315,
    "PhaseResolution": 1,
    "PixelBandwidth": 710,
    "ProcedureStepDescription": "Projets_Convers",
    "ProtocolName": "T2w",
    "PulseSequenceDetails": "%SiemensSeq%_tse_vfl",
    "ReceiveCoilActiveElements": "HC1-7;NC1,2",
    "ReceiveCoilName": "HeadNeck_64",
    "ReconMatrixPE": 320,
    "RepetitionTime": 3.2,
    "SAR": 0.184216,
    "ScanOptions": "PFP",
    "ScanningSequence": "SE",
    "SequenceName": "_spc_305ns",
    "SequenceVariant": "SK_SP",
    "SeriesDescription": "T2w",
    "SeriesNumber": 24,
    "ShimSetting": [
      -607,
      -10789,
      -648,
      -220,
      29,
      -93,
      33,
      -80
    ],
    "SliceThickness": 0.8,
    "SoftwareVersions": "syngo_MR_E11",
    "StationName": "AWP66072",
    "TxRefAmp": 271.439,
    "dataset": "ds001740",
    "modality": "T2w",
    "subject_id": "04"
  },
  "cjv": 0.28721613391734985,
  "cnr": 1.808327302577711,
  "efc": 0.5353110496343486,
  "fber": 4721.5715982851525,
  "fwhm_avg": 2.710895341490334,
  "fwhm_x": 2.5968111069619675,
  "fwhm_y": 3.0024499552600092,
  "fwhm_z": 2.5334249622490264,
  "icvs_csf": 0.4350216195364611,
  "icvs_gm": 0.13587759497225294,
  "icvs_wm": 0.42910078549128594,
  "inu_med": 0.9919482469558716,
  "inu_range": 0.3036942064762116,
  "provenance": {
    "md5sum": "20670ff49581f22469861d7b345be38d",
    "settings": {
      "testing": false
    },
    "software": "mriqc",
    "version": "23.0.1",
    "warnings": {
      "large_rot_frame": true,
      "small_air_mask": false
    },
    "webapi_port": null,
    "webapi_url": "https://mriqc.nimh.nih.gov/api/v1"
  },
  "qi_1": 0.0,
  "qi_2": 0.023097644831938845,
  "rpve_csf": 12.470275255733812,
  "rpve_gm": 42.54129869115443,
  "rpve_wm": 13.30822651109458,
  "size_x": 256,
  "size_y": 320,
  "size_z": 320,
  "snr_csf": 10.312564274491836,
  "snr_gm": 2.6318503757535474,
  "snr_total": 7.172642495849416,
  "snr_wm": 8.573512837302866,
  "snrd_csf": 62.3633109971277,
  "snrd_gm": 111.83336141453317,
  "snrd_total": 69.61157681379194,
  "snrd_wm": 34.63805802971494,
  "spacing_x": 0.8000004291534424,
  "spacing_y": 0.800000011920929,
  "spacing_z": 0.800000011920929,
  "summary_bg_k": 3.1997381057534247,
  "summary_bg_mad": 18.913773073140522,
  "summary_bg_mean": 15.706983968139253,
  "summary_bg_median": 12.757146075367928,
  "summary_bg_n": 3770547.0,
  "summary_bg_p05": 0.0,
  "summary_bg_p95": 54.501734018325806,
  "summary_bg_stdv": 19.305261468592207,
  "summary_csf_k": 1.1620322765758102,
  "summary_csf_mad": 156.75655903026936,
  "summary_csf_mean": 1810.4460770254984,
  "summary_csf_median": 1800.427380144596,
  "summary_csf_n": 205492.0,
  "summary_csf_p05": 1543.3475097566843,
  "summary_csf_p95": 2110.739949077368,
  "summary_csf_stdv": 174.58538453138954,
  "summary_gm_k": -0.34151589647891667,
  "summary_gm_mad": 530.8729709167872,
  "summary_gm_mean": 2577.212446932425,
  "summary_gm_median": 3228.6266185194254,
  "summary_gm_n": 56276.0,
  "summary_gm_p05": 92.62289172783494,
  "summary_gm_p95": 3682.4904764704406,
  "summary_gm_stdv": 1226.7406849918095,
  "summary_wm_k": 0.7723524168652385,
  "summary_wm_mad": 109.22456387263873,
  "summary_wm_mean": 1000.7421837380743,
  "summary_wm_median": 999.9999530911446,
  "summary_wm_n": 502202.0,
  "summary_wm_p05": 811.314415588975,
  "summary_wm_p95": 1191.3571442216635,
  "summary_wm_stdv": 116.6381827906581,
  "tpm_overlap_csf": 0.10769785930606122,
  "tpm_overlap_gm": 0.0841314941796302,
  "tpm_overlap_wm": 0.47130533822927917,
  "wm2max": 0.27866289458010723
}