{
  "bids_meta": {
    "AcquisitionDateTime": "2018-05-29T16:08:59.829000",
    "AcquisitionMatrixPE": 320,
    "AcquisitionNumber": 1,
    "AcquisitionTime": "16:01:52.952500",
    "BaseResolution": 320,
    "BodyPartExamined": "HEAD",
    "ConsistencyInfo": "N4_VE11B_LATEST_20150530",
    "ConversionSoftware": "dcm2niix",
    "ConversionSoftwareVersion": "v1.0.20171215 GCC5.1.0",
    "DeviceSerialNumber": "66072",
    "DwellTime": 7.4e-06,
    "EchoTime": 0.00228,
    "FlipAngle": 8,
    "ImageOrientationPatientDICOM": [
      -0.0933431,
      0.988565,
      0.118434,
      0.038205,
      0.122422,
      -0.991743
    ],
    "ImageType": [
      "ORIGINAL",
      "PRIMARY",
      "M",
      "ND",
      "NORM"
    ],
    "InPlanePhaseEncodingDirectionDICOM": "ROW",
    "InstitutionAddress": "Boulevard_Jean_Moulin_27_Marseille_District_FR_13005",
    "InstitutionName": "Universite_d_aix_Marseille",
    "InstitutionalDepartmentName": "Department",
    "InversionTime": 1.01,
    "MRAcquisitionType": "3D",
    "MagneticFieldStrength": 3,
    "Manufacturer": "Siemens",
    "ManufacturersModelName": "Prisma",
    "Modality": "MR",
    "ParallelReductionFactorInPlane": 2,
    "PartialFourier": 1,
    "PatientPosition": "HFS",
    "PercentPhaseFOV": 100,
    "PhaseEncodingSteps": 319,
    "PhaseResolution": 1,
    "PixelBandwidth": 210,
    "ProcedureStepDescription": "Projets_Convers",
    "ProtocolName": "T1w",
    "PulseSequenceDetails": "%SiemensSeq%_tfl",
    "ReceiveCoilActiveElements": "HC1-7;NC1,2",
    "ReceiveCoilName": "HeadNeck_64",
    "ReconMatrixPE": 320,
    "RepetitionTime": 2.4,
    "SAR": 0.0555014,
    "ScanOptions": "IR_WE",
    "ScanningSequence": "GR_IR",
    "SequenceName": "_tfl3d1_16ns",
    "SequenceVariant": "SK_SP_MP",
    "SeriesDescription": "T1w",
    "SeriesNumber": 25,
    "ShimSetting": [
      -607,
      -10789,
      -648,
      -220,
      29,
      -93,
      33,
      -80
    ],
    "SliceThickness": 0.8,
    "SoftwareVersions": "syngo_MR_E11",
    "StationName": "AWP66072",
    "TxRefAmp": 271.439,
    "dataset": "ds001740",
    "modality": "T1w",
    "subject_id": "04"
  },
  "cjv": 0.32623209477864107,
  "cnr": 4.066587333584809,
  "efc": 0.5636660695472364,
  "fber": 24136.260590957634,
  "fwhm_avg": 4.556311643599658,
  "fwhm_x": 4.535635066895747,
  "fwhm_y": 4.534512432430499,
  "fwhm_z": 4.5987874314727275,
  "icvs_csf": 0.18137876697269462,
  "icvs_gm": 0.45392173040196526,
  "icvs_wm": 0.3646995026253401,
  "inu_med": 0.5102298259735107,
  "inu_range": 0.24144599139690398,
  "provenance": {
    "md5sum": "5e00029d197c0f135ff6e53ccf8d0cc5",
    "settings": {
      "testing": false
    },
    "software": "mriqc",
    "version": "23.0.1",
    "warnings": {
      "large_rot_frame": true,
      "small_air_mask": false
    },
    "webapi_port": null,
    "webapi_url": "https://mriqc.nimh.nih.gov/api/v1"
  },
  "qi_1": 5.162367520743499e-06,
  "qi_2": 0.0034509025490514194,
  "rpve_csf": 27.116196838473087,
  "rpve_gm": 12.230652693158726,
  "rpve_wm": 16.970653262533304,
  "size_x": 256,
  "size_y": 320,
  "size_z": 320,
  "snr_csf": 2.84619493723355,
  "snr_gm": 14.977014898970177,
  "snr_total": 13.607114549788639,
  "snr_wm": 22.998133813162188,
  "snrd_csf": 28.784364626643203,
  "snrd_gm": 66.55655399424191,
  "snrd_total": 62.07580921965924,
  "snrd_wm": 90.8865090380926,
  "spacing_x": 0.8000004291534424,
  "spacing_y": 0.800000011920929,
  "spacing_z": 0.800000011920929,
  "summary_bg_k": 12.413862774028026,
  "summary_bg_mad": 0.0,
  "summary_bg_mean": 3.970702973351484,
  "summary_bg_median": 0.0,
  "summary_bg_n": 3740021.0,
  "summary_bg_p05": 0.0,
  "summary_bg_p95": 17.88301545381546,
  "summary_bg_stdv": 7.208589409173205,
  "summary_csf_k": 0.6434677662263462,
  "summary_csf_mad": 100.65271609270994,
  "summary_csf_mean": 322.555800346258,
  "summary_csf_median": 316.7197945304215,
  "summary_csf_n": 91387.0,
  "summary_csf_p05": 142.60876907035708,
  "summary_csf_p95": 515.3785703703761,
  "summary_csf_stdv": 111.27771240582841,
  "summary_gm_k": 0.41515240132184905,
  "summary_gm_mad": 46.275699959697135,
  "summary_gm_mean": 732.2103002833084,
  "summary_gm_median": 732.3343203552067,
  "summary_gm_n": 172714.0,
  "summary_gm_p05": 651.777959074825,
  "summary_gm_p95": 812.6423064209521,
  "summary_gm_stdv": 48.89707363010263,
  "summary_wm_k": 0.5702171834915064,
  "summary_wm_mad": 41.05894333294082,
  "summary_wm_mean": 1000.175242867768,
  "summary_wm_median": 1000.0414058640599,
  "summary_wm_n": 569853.0,
  "summary_wm_p05": 929.3372614309192,
  "summary_wm_p95": 1071.035321380943,
  "summary_wm_stdv": 43.48355116690998,
  "tpm_overlap_csf": 0.15959161054131446,
  "tpm_overlap_gm": 0.4574624197751667,
  "tpm_overlap_wm": 0.5114273512596399,
  "wm2max": 0.7285942636547336
}