{
  "bids_meta": {
    "AcquisitionDateTime": "2018-05-29T12:45:43.598000",
    "AcquisitionMatrixPE": 320,
    "AcquisitionNumber": 1,
    "AcquisitionTime": "12:38:37.032500",
    "BaseResolution": 320,
    "BodyPartExamined": "HEAD",
    "ConsistencyInfo": "N4_VE11B_LATEST_20150530",
    "ConversionSoftware": "dcm2niix",
    "ConversionSoftwareVersion": "v1.0.20171215 GCC5.1.0",
    "DeviceSerialNumber": "66072",
    "DwellTime": 7.4e-06,
    "EchoTime": 0.00228,
    "FlipAngle": 8,
    "ImageOrientationPatientDICOM": [
      0.00586889,
      0.997055,
      0.0764688,
      0.0813862,
      0.0757402,
      -0.993801
    ],
    "ImageType": [
      "ORIGINAL",
      "PRIMARY",
      "M",
      "ND",
      "NORM"
    ],
    "InPlanePhaseEncodingDirectionDICOM": "ROW",
    "InstitutionAddress": "Boulevard_Jean_Moulin_27_Marseille_District_FR_13005",
    "InstitutionName": "Universite_d_aix_Marseille",
    "InstitutionalDepartmentName": "Department",
    "InversionTime": 1.01,
    "MRAcquisitionType": "3D",
    "MagneticFieldStrength": 3,
    "Manufacturer": "Siemens",
    "ManufacturersModelName": "Prisma",
    "Modality": "MR",
    "ParallelReductionFactorInPlane": 2,
    "PartialFourier": 1,
    "PatientPosition": "HFS",
    "PercentPhaseFOV": 100,
    "PhaseEncodingSteps": 319,
    "PhaseResolution": 1,
    "PixelBandwidth": 210,
    "ProcedureStepDescription": "Projets_Convers",
    "ProtocolName": "T1w",
    "PulseSequenceDetails": "%SiemensSeq%_tfl",
    "ReceiveCoilActiveElements": "HC1-7;NC1,2",
    "ReceiveCoilName": "HeadNeck_64",
    "ReconMatrixPE": 320,
    "RepetitionTime": 2.4,
    "SAR": 0.0324029,
    "ScanOptions": "IR_WE",
    "ScanningSequence": "GR_IR",
    "SequenceName": "_tfl3d1_16ns",
    "SequenceVariant": "SK_SP_MP",
    "SeriesDescription": "T1w",
    "SeriesNumber": 18,
    "ShimSetting": [
      -595,
      -10772,
      -682,
      -263,
      34,
      -116,
      63,
      31
    ],
    "SliceThickness": 0.8,
    "SoftwareVersions": "syngo_MR_E11",
    "StationName": "AWP66072",
    "TxRefAmp": 216.133,
    "dataset": "ds001740",
    "modality": "T1w",
    "subject_id": "02"
  },
  "cjv": 0.37097783988434874,
  "cnr": 3.557029363357714,
  "efc": 0.41248641905771005,
  "fber": 38199.24875350044,
  "fwhm_avg": 4.407324384480876,
  "fwhm_x": 4.427935784483993,
  "fwhm_y": 4.326562435529196,
  "fwhm_z": 4.467474933429436,
  "icvs_csf": 0.21585796335987867,
  "icvs_gm": 0.46469586707530763,
  "icvs_wm": 0.3194461695648137,
  "inu_med": 0.5059666633605957,
  "inu_range": 0.2174786761403084,
  "provenance": {
    "md5sum": "5668c1d14358612c8531dd41c4729fd9",
    "settings": {
      "testing": false
    },
    "software": "mriqc",
    "version": "23.0.1",
    "warnings": {
      "large_rot_frame": true,
      "small_air_mask": false
    },
    "webapi_port": null,
    "webapi_url": "https://mriqc.nimh.nih.gov/api/v1"
  },
  "qi_1": 0.0,
  "qi_2": 0.011000594165361302,
  "rpve_csf": 37.53526531844684,
  "rpve_gm": 18.786719506086822,
  "rpve_wm": 29.27048104809135,
  "size_x": 256,
  "size_y": 320,
  "size_z": 320,
  "snr_csf": 2.5208760506631895,
  "snr_gm": 14.601915306368252,
  "snr_total": 12.937277457755423,
  "snr_wm": 21.689041016234825,
  "snrd_csf": 13.470025840625285,
  "snrd_gm": 41.14450459133224,
  "snrd_total": 36.47403101000483,
  "snrd_wm": 54.80756259805695,
  "spacing_x": 0.8000003099441528,
  "spacing_y": 0.800000011920929,
  "spacing_z": 0.800000011920929,
  "summary_bg_k": 6397.911505263886,
  "summary_bg_mad": 0.0,
  "summary_bg_mean": 3.8904945242776976,
  "summary_bg_median": 0.0,
  "summary_bg_n": 6262872.0,
  "summary_bg_p05": 0.0,
  "summary_bg_p95": 15.822349023073912,
  "summary_bg_stdv": 11.954051735985724,
  "summary_csf_k": 3.03092377656995,
  "summary_csf_mad": 73.31213013069922,
  "summary_csf_mean": 263.65830124418284,
  "summary_csf_median": 245.78299386799335,
  "summary_csf_n": 86720.0,
  "summary_csf_p05": 139.07019277419894,
  "summary_csf_p95": 452.876904733479,
  "summary_csf_stdv": 97.49847744100825,
  "summary_gm_k": 0.24051478220160716,
  "summary_gm_mad": 49.73148949878817,
  "summary_gm_mean": 748.7253776995593,
  "summary_gm_median": 750.7498232983053,
  "summary_gm_n": 100207.0,
  "summary_gm_p05": 661.3466720357537,
  "summary_gm_p95": 830.6320480182767,
  "summary_gm_stdv": 51.414219404945726,
  "summary_wm_k": 0.5618124063493859,
  "summary_wm_mad": 42.75521000388023,
  "summary_wm_mean": 1000.8569346145905,
  "summary_wm_median": 1000.0550096444786,
  "summary_wm_n": 271337.0,
  "summary_wm_p05": 926.1715189889073,
  "summary_wm_p95": 1078.3687580265105,
  "summary_wm_stdv": 46.10868530636764,
  "tpm_overlap_csf": 0.14910182694580407,
  "tpm_overlap_gm": 0.46864532325438363,
  "tpm_overlap_wm": 0.494957438487297,
  "wm2max": 0.8338801826400202
}