{
  "bids_meta": {
    "AcquisitionDateTime": "2018-05-29T12:38:43.888000",
    "AcquisitionMatrixPE": 320,
    "AcquisitionNumber": 1,
    "AcquisitionTime": "12:30:40.525000",
    "BaseResolution": 320,
    "BodyPartExamined": "HEAD",
    "ConsistencyInfo": "N4_VE11B_LATEST_20150530",
    "ConversionSoftware": "dcm2niix",
    "ConversionSoftwareVersion": "v1.0.20171215 GCC5.1.0",
    "DeviceSerialNumber": "66072",
    "DwellTime": 2.2e-06,
    "EchoTime": 0.562,
    "EchoTrainLength": 305,
    "FlipAngle": 120,
    "ImageOrientationPatientDICOM": [
      0.00586889,
      0.997055,
      0.0764688,
      0.0813862,
      0.0757402,
      -0.993801
    ],
    "ImageType": [
      "ORIGINAL",
      "PRIMARY",
      "M",
      "ND",
      "NORM"
    ],
    "InPlanePhaseEncodingDirectionDICOM": "ROW",
    "InstitutionAddress": "Boulevard_Jean_Moulin_27_Marseille_District_FR_13005",
    "InstitutionName": "Universite_d_aix_Marseille",
    "InstitutionalDepartmentName": "Department",
    "MRAcquisitionType": "3D",
    "MagneticFieldStrength": 3,
    "Manufacturer": "Siemens",
    "ManufacturersModelName": "Prisma",
    "Modality": "MR",
    "ParallelReductionFactorInPlane": 2,
    "PartialFourier": 1,
    "PatientPosition": "HFS",
    "PercentPhaseFOV": 100,
    "PhaseEncodingSteps": 315,
    "PhaseResolution": 1,
    "PixelBandwidth": 710,
    "ProcedureStepDescription": "Projets_Convers",
    "ProtocolName": "T2w",
    "PulseSequenceDetails": "%SiemensSeq%_tse_vfl",
    "ReceiveCoilActiveElements": "HC1-7;NC1,2",
    "ReceiveCoilName": "HeadNeck_64",
    "ReconMatrixPE": 320,
    "RepetitionTime": 3.2,
    "SAR": 0.107549,
    "ScanOptions": "PFP",
    "ScanningSequence": "SE",
    "SequenceName": "_spc_305ns",
    "SequenceVariant": "SK_SP",
    "SeriesDescription": "T2w",
    "SeriesNumber": 17,
    "ShimSetting": [
      -595,
      -10772,
      -682,
      -263,
      34,
      -116,
      63,
      31
    ],
    "SliceThickness": 0.8,
    "SoftwareVersions": "syngo_MR_E11",
    "StationName": "AWP66072",
    "TxRefAmp": 216.133,
    "dataset": "ds001740",
    "modality": "T2w",
    "subject_id": "02"
  },
  "cjv": 0.3527789842234982,
  "cnr": 2.889139902311877,
  "efc": 0.3855927350616896,
  "fber": 11762.951836734695,
  "fwhm_avg": 2.5631204873409748,
  "fwhm_x": 2.4787240396674717,
  "fwhm_y": 2.7916749584008014,
  "fwhm_z": 2.4189624639546503,
  "icvs_csf": 0.28100341678030893,
  "icvs_gm": 0.6478078311617702,
  "icvs_wm": 0.07118875205792086,
  "inu_med": 0.79959636926651,
  "inu_range": 0.2124523997306823,
  "provenance": {
    "md5sum": "0a7ac26847d32a0d9373c03e22dd16e5",
    "settings": {
      "testing": false
    },
    "software": "mriqc",
    "version": "23.0.1",
    "warnings": {
      "large_rot_frame": true,
      "small_air_mask": false
    },
    "webapi_port": null,
    "webapi_url": "https://mriqc.nimh.nih.gov/api/v1"
  },
  "qi_1": 0.0,
  "qi_2": 0.012949589605076589,
  "rpve_csf": 24.97270903690872,
  "rpve_gm": 14.902042593768773,
  "rpve_wm": 113.16473909716247,
  "size_x": 256,
  "size_y": 320,
  "size_z": 320,
  "snr_csf": 6.540980374990841,
  "snr_gm": 7.179799060331867,
  "snr_total": 4.790585114415564,
  "snr_wm": 0.6509759079239852,
  "snrd_csf": 183.38719713450507,
  "snrd_gm": 70.93035553716939,
  "snrd_total": 88.66920056390366,
  "snrd_wm": 11.690049020036485,
  "spacing_x": 0.8000003099441528,
  "spacing_y": 0.800000011920929,
  "spacing_z": 0.800000011920929,
  "summary_bg_k": 15.232493152201705,
  "summary_bg_mad": 0.0,
  "summary_bg_mean": 41.94917159905774,
  "summary_bg_median": 0.0,
  "summary_bg_n": 6145002.0,
  "summary_bg_p05": 0.0,
  "summary_bg_p95": 144.108157902956,
  "summary_bg_stdv": 56.30913738319341,
  "summary_csf_k": 3.993899440527546,
  "summary_csf_mad": 1273.2749115983806,
  "summary_csf_mean": 15016.545201411154,
  "summary_csf_median": 15762.175445854664,
  "summary_csf_n": 83336.0,
  "summary_csf_p05": 9752.342907637358,
  "summary_csf_p95": 17256.49100858718,
  "summary_csf_stdv": 2409.742878270996,
  "summary_gm_k": 0.522520277672446,
  "summary_gm_mad": 753.0316382368956,
  "summary_gm_mean": 6253.642864036865,
  "summary_gm_median": 6096.4817930758,
  "summary_gm_n": 435514.0,
  "summary_gm_p05": 5120.909508764744,
  "summary_gm_p95": 7911.1998753249645,
  "summary_gm_stdv": 849.1149602743824,
  "summary_wm_k": 7.980452611043594,
  "summary_wm_mad": 1043.2198739035032,
  "summary_wm_mean": 1473.0016670689051,
  "summary_wm_median": 1004.7626361250877,
  "summary_wm_n": 4411.0,
  "summary_wm_p05": 120.14134272933006,
  "summary_wm_p95": 4350.43785430491,
  "summary_wm_stdv": 1543.2963410781654,
  "tpm_overlap_csf": 0.16058338586180926,
  "tpm_overlap_gm": 0.41002633340638606,
  "tpm_overlap_wm": 0.03457278012571364,
  "wm2max": 0.058377220387396234
}