{
  "aor": 0.000835090909090909,
  "aqi": 0.013552698051948054,
  "bids_meta": {
    "AcquisitionDateTime": "2018-05-30T14:09:05.981000",
    "AcquisitionMatrixPE": 84,
    "AcquisitionNumber": 1,
    "AcquisitionTime": "14:09:3.927500",
    "BandwidthPerPixelPhaseEncode": 23.81,
    "BaseResolution": 84,
    "BodyPartExamined": "HEAD",
    "ConsistencyInfo": "N4_VE11B_LATEST_20150530",
    "ConversionSoftware": "dcm2niix",
    "ConversionSoftwareVersion": "v1.0.20171215 GCC5.1.0",
    "DerivedVendorReportedEchoSpacing": 0.00049999,
    "DeviceSerialNumber": "66072",
    "DwellTime": 2.3e-06,
    "EchoTime": 0.03,
    "EchoTrainLength": 84,
    "EffectiveEchoSpacing": 0.00049999,
    "FlipAngle": 65,
    "ImageComments": "Unaliased_MB3_PE3_LB_SENSE1",
    "ImageOrientationPatientDICOM": [
      0.988615,
      -0.00727373,
      0.150294,
      0.0219169,
      0.99514,
      -0.0960047
    ],
    "ImageType": [
      "ORIGINAL",
      "PRIMARY",
      "M",
      "MB",
      "ND",
      "MOSAIC"
    ],
    "InPlanePhaseEncodingDirectionDICOM": "COL",
    "InstitutionAddress": "Boulevard_Jean_Moulin_27_Marseille_District_FR_13005",
    "InstitutionName": "Universite_d_aix_Marseille",
    "InstitutionalDepartmentName": "Department",
    "MRAcquisitionType": "2D",
    "MagneticFieldStrength": 3,
    "Manufacturer": "Siemens",
    "ManufacturersModelName": "Prisma",
    "Modality": "MR",
    "MultibandAccelerationFactor": 3,
    "PartialFourier": 1,
    "PatientPosition": "HFS",
    "PercentPhaseFOV": 100,
    "PhaseEncodingDirection": "j",
    "PhaseEncodingSteps": 84,
    "PhaseResolution": 1,
    "PixelBandwidth": 2590,
    "ProcedureStepDescription": "Projets_Convers",
    "ProtocolName": "task-convers_run3_bold",
    "PulseSequenceDetails": "%CustomerSeq%_cmrr_mbep2d_bold",
    "ReceiveCoilActiveElements": "HC1-7;NC1",
    "ReceiveCoilName": "HeadNeck_64",
    "ReconMatrixPE": 84,
    "RepetitionTime": 1.205,
    "SAR": 0.0787609,
    "ScanOptions": "FS_EXT",
    "ScanningSequence": "EP",
    "SequenceName": "epfid2d1_84",
    "SequenceVariant": "SK_SS",
    "SeriesDescription": "task-convers_run3_bold",
    "SeriesNumber": 15,
    "ShimSetting": [
      -555,
      -10759,
      -602,
      554,
      28,
      -69,
      50,
      -36
    ],
    "SliceThickness": 2.5,
    "SliceTiming": [
      1.1375,
      1.07,
      1.0025,
      0.9375,
      0.87,
      0.8025,
      0.735,
      0.6675,
      0.6025,
      0.535,
      0.4675,
      0.4,
      0.335,
      0.2675,
      0.2,
      0.1325,
      0.065,
      0,
      1.1375,
      1.07,
      1.0025,
      0.9375,
      0.87,
      0.8025,
      0.735,
      0.6675,
      0.6025,
      0.535,
      0.4675,
      0.4,
      0.335,
      0.2675,
      0.2,
      0.1325,
      0.065,
      0,
      1.1375,
      1.07,
      1.0025,
      0.9375,
      0.87,
      0.8025,
      0.735,
      0.6675,
      0.6025,
      0.535,
      0.4675,
      0.4,
      0.335,
      0.2675,
      0.2,
      0.1325,
      0.065,
      0
    ],
    "SoftwareVersions": "syngo_MR_E11",
    "SpacingBetweenSlices": 2.5,
    "StationName": "AWP66072",
    "TaskName": "convers",
    "TotalReadoutTime": 0.04199916,
    "TxRefAmp": 249.955,
    "dataset": "ds001740",
    "modality": "bold",
    "run_id": 3,
    "subject_id": "07",
    "task_id": "convers"
  },
  "dummy_trs": 0,
  "dvars_nstd": 36.754411746822946,
  "dvars_std": 1.0351467797916682,
  "dvars_vstd": 0.9513122260937507,
  "efc": 0.4962509304603549,
  "fber": 4191.75634765625,
  "fd_mean": 0.2680830440339323,
  "fd_num": 222,
  "fd_perc": 57.66233766233766,
  "fwhm_avg": 3.023065432686497,
  "fwhm_x": 2.750928,
  "fwhm_y": 3.1253802980594916,
  "fwhm_z": 3.192888,
  "gcor": 0.0109212,
  "gsr_x": -0.001805705833248794,
  "gsr_y": 0.055056121200323105,
  "provenance": {
    "md5sum": "a01c353a0db799fa757ed95885744891",
    "settings": {
      "fd_thres": 0.2,
      "testing": false
    },
    "software": "mriqc",
    "version": "23.0.1",
    "webapi_port": null,
    "webapi_url": "https://mriqc.nimh.nih.gov/api/v1"
  },
  "size_t": 385,
  "size_x": 84,
  "size_y": 84,
  "size_z": 54,
  "snr": 2.6210637015628,
  "spacing_tr": 1.2050000429153442,
  "spacing_x": 2.5,
  "spacing_y": 2.499999761581421,
  "spacing_z": 2.5,
  "summary_bg_k": 24.385608259759614,
  "summary_bg_mad": 153.4238451274278,
  "summary_bg_mean": 571.6041259765625,
  "summary_bg_median": 141.50254821777344,
  "summary_bg_n": 245713.0,
  "summary_bg_p05": 32.31558532714844,
  "summary_bg_p95": 2462.280224609374,
  "summary_bg_stdv": 1081.360107421875,
  "summary_fg_k": 1.1302826200171117,
  "summary_fg_mad": 3231.264571997993,
  "summary_fg_mean": 9880.6220703125,
  "summary_fg_median": 9240.529296875,
  "summary_fg_n": 71562.0,
  "summary_fg_p05": 5345.275610351562,
  "summary_fg_p95": 16609.415624999998,
  "summary_fg_stdv": 3525.463623046875,
  "tsnr": 29.27570343017578
}