{
  "aor": 0.0007767012987012987,
  "aqi": 0.012443443714285712,
  "bids_meta": {
    "AcquisitionDateTime": "2018-05-30T13:58:40.964000",
    "AcquisitionMatrixPE": 84,
    "AcquisitionNumber": 1,
    "AcquisitionTime": "13:58:38.125000",
    "BandwidthPerPixelPhaseEncode": 23.81,
    "BaseResolution": 84,
    "BodyPartExamined": "HEAD",
    "ConsistencyInfo": "N4_VE11B_LATEST_20150530",
    "ConversionSoftware": "dcm2niix",
    "ConversionSoftwareVersion": "v1.0.20171215 GCC5.1.0",
    "DerivedVendorReportedEchoSpacing": 0.00049999,
    "DeviceSerialNumber": "66072",
    "DwellTime": 2.3e-06,
    "EchoTime": 0.03,
    "EchoTrainLength": 84,
    "EffectiveEchoSpacing": 0.00049999,
    "FlipAngle": 65,
    "ImageComments": "Unaliased_MB3_PE3_LB_SENSE1",
    "ImageOrientationPatientDICOM": [
      0.988615,
      -0.00727373,
      0.150294,
      0.0219169,
      0.99514,
      -0.0960047
    ],
    "ImageType": [
      "ORIGINAL",
      "PRIMARY",
      "M",
      "MB",
      "ND",
      "MOSAIC"
    ],
    "InPlanePhaseEncodingDirectionDICOM": "COL",
    "InstitutionAddress": "Boulevard_Jean_Moulin_27_Marseille_District_FR_13005",
    "InstitutionName": "Universite_d_aix_Marseille",
    "InstitutionalDepartmentName": "Department",
    "MRAcquisitionType": "2D",
    "MagneticFieldStrength": 3,
    "Manufacturer": "Siemens",
    "ManufacturersModelName": "Prisma",
    "Modality": "MR",
    "MultibandAccelerationFactor": 3,
    "PartialFourier": 1,
    "PatientPosition": "HFS",
    "PercentPhaseFOV": 100,
    "PhaseEncodingDirection": "j",
    "PhaseEncodingSteps": 84,
    "PhaseResolution": 1,
    "PixelBandwidth": 2590,
    "ProcedureStepDescription": "Projets_Convers",
    "ProtocolName": "task-convers_run2_bold",
    "PulseSequenceDetails": "%CustomerSeq%_cmrr_mbep2d_bold",
    "ReceiveCoilActiveElements": "HC1-7;NC1",
    "ReceiveCoilName": "HeadNeck_64",
    "ReconMatrixPE": 84,
    "RepetitionTime": 1.205,
    "SAR": 0.0787609,
    "ScanOptions": "FS_EXT",
    "ScanningSequence": "EP",
    "SequenceName": "epfid2d1_84",
    "SequenceVariant": "SK_SS",
    "SeriesDescription": "task-convers_run2_bold",
    "SeriesNumber": 13,
    "ShimSetting": [
      -555,
      -10759,
      -602,
      554,
      28,
      -69,
      50,
      -36
    ],
    "SliceThickness": 2.5,
    "SliceTiming": [
      1.1375,
      1.07,
      1.005,
      0.9375,
      0.87,
      0.8025,
      0.735,
      0.67,
      0.6025,
      0.535,
      0.4675,
      0.4025,
      0.335,
      0.2675,
      0.2,
      0.135,
      0.0675,
      0,
      1.1375,
      1.07,
      1.005,
      0.9375,
      0.87,
      0.8025,
      0.735,
      0.67,
      0.6025,
      0.535,
      0.4675,
      0.4025,
      0.335,
      0.2675,
      0.2,
      0.135,
      0.0675,
      0,
      1.1375,
      1.07,
      1.005,
      0.9375,
      0.87,
      0.8025,
      0.735,
      0.67,
      0.6025,
      0.535,
      0.4675,
      0.4025,
      0.335,
      0.2675,
      0.2,
      0.135,
      0.0675,
      0
    ],
    "SoftwareVersions": "syngo_MR_E11",
    "SpacingBetweenSlices": 2.5,
    "StationName": "AWP66072",
    "TaskName": "convers",
    "TotalReadoutTime": 0.04199916,
    "TxRefAmp": 249.955,
    "dataset": "ds001740",
    "modality": "bold",
    "run_id": 2,
    "subject_id": "07",
    "task_id": "convers"
  },
  "dummy_trs": 0,
  "dvars_nstd": 36.88407532382813,
  "dvars_std": 1.0508654054947908,
  "dvars_vstd": 0.9574405410937494,
  "efc": 0.4931907698556354,
  "fber": 4419.88427734375,
  "fd_mean": 0.2768370500651353,
  "fd_num": 232,
  "fd_perc": 60.25974025974026,
  "fwhm_avg": 3.0291214330262597,
  "fwhm_x": 2.744232,
  "fwhm_y": 3.136068299078779,
  "fwhm_z": 3.207064,
  "gcor": 0.0151397,
  "gsr_x": -0.002464135643094778,
  "gsr_y": 0.05436350777745247,
  "provenance": {
    "md5sum": "457da98b04caadb4fef0daa28bed9c84",
    "settings": {
      "fd_thres": 0.2,
      "testing": false
    },
    "software": "mriqc",
    "version": "23.0.1",
    "webapi_port": null,
    "webapi_url": "https://mriqc.nimh.nih.gov/api/v1"
  },
  "size_t": 385,
  "size_x": 84,
  "size_y": 84,
  "size_z": 54,
  "snr": 2.617136112096749,
  "spacing_tr": 1.2050000429153442,
  "spacing_x": 2.5,
  "spacing_y": 2.499999761581421,
  "spacing_z": 2.5,
  "summary_bg_k": 25.312306806463138,
  "summary_bg_mad": 151.16256624745,
  "summary_bg_mean": 568.3251342773438,
  "summary_bg_median": 140.82302856445312,
  "summary_bg_n": 246338.0,
  "summary_bg_p05": 34.057467269897465,
  "summary_bg_p95": 2449.1946655273437,
  "summary_bg_stdv": 1084.146240234375,
  "summary_fg_k": 1.1227895486050876,
  "summary_fg_mad": 3243.403377662007,
  "summary_fg_mean": 9939.5380859375,
  "summary_fg_median": 9286.75,
  "summary_fg_n": 70892.0,
  "summary_fg_p05": 5396.9202880859375,
  "summary_fg_p95": 16744.565234374997,
  "summary_fg_stdv": 3548.414794921875,
  "tsnr": 29.460214614868164
}