{
  "bids_meta": {
    "AcquisitionDateTime": "2018-07-17T14:15:38.463000",
    "AcquisitionMatrixPE": 320,
    "AcquisitionNumber": 1,
    "AcquisitionTime": "14:08:31.915000",
    "BaseResolution": 320,
    "BodyPartExamined": "HEAD",
    "ConsistencyInfo": "N4_VE11B_LATEST_20150530",
    "ConversionSoftware": "dcm2niix",
    "ConversionSoftwareVersion": "v1.0.20171215 GCC5.1.0",
    "DeviceSerialNumber": "66072",
    "DwellTime": 7.4e-06,
    "EchoTime": 0.00228,
    "FlipAngle": 8,
    "ImageOrientationPatientDICOM": [
      -0.0256376,
      0.971446,
      0.235872,
      0.0686498,
      0.237103,
      -0.969056
    ],
    "ImageType": [
      "ORIGINAL",
      "PRIMARY",
      "M",
      "ND",
      "NORM"
    ],
    "InPlanePhaseEncodingDirectionDICOM": "ROW",
    "InstitutionAddress": "Boulevard_Jean_Moulin_27_Marseille_District_FR_13005",
    "InstitutionName": "Universite_d_aix_Marseille",
    "InstitutionalDepartmentName": "Department",
    "InversionTime": 1.01,
    "MRAcquisitionType": "3D",
    "MagneticFieldStrength": 3,
    "Manufacturer": "Siemens",
    "ManufacturersModelName": "Prisma",
    "Modality": "MR",
    "ParallelReductionFactorInPlane": 2,
    "PartialFourier": 1,
    "PatientPosition": "HFS",
    "PercentPhaseFOV": 100,
    "PhaseEncodingSteps": 319,
    "PhaseResolution": 1,
    "PixelBandwidth": 210,
    "ProcedureStepDescription": "Projets_Convers",
    "ProtocolName": "T1w",
    "PulseSequenceDetails": "%SiemensSeq%_tfl",
    "ReceiveCoilActiveElements": "HC1-7;NC1,2",
    "ReceiveCoilName": "HeadNeck_64",
    "ReconMatrixPE": 320,
    "RepetitionTime": 2.4,
    "SAR": 0.0435327,
    "ScanOptions": "IR_WE",
    "ScanningSequence": "GR_IR",
    "SequenceName": "_tfl3d1_16ns",
    "SequenceVariant": "SK_SP_MP",
    "SeriesDescription": "T1w",
    "SeriesNumber": 20,
    "ShimSetting": [
      -605,
      -10853,
      -668,
      -56,
      50,
      -221,
      57,
      -76
    ],
    "SliceThickness": 0.8,
    "SoftwareVersions": "syngo_MR_E11",
    "StationName": "AWP66072",
    "TxRefAmp": 245.48,
    "dataset": "ds001740",
    "modality": "T1w",
    "subject_id": "17"
  },
  "cjv": 0.3256062163905532,
  "cnr": 4.016627926028999,
  "efc": 0.4970029535973392,
  "fber": -1.0,
  "fwhm_avg": 4.817614702918266,
  "fwhm_x": 4.853819251791411,
  "fwhm_y": 4.791187428605744,
  "fwhm_z": 4.807837428357639,
  "icvs_csf": 0.17558698358575361,
  "icvs_gm": 0.4663501287035457,
  "icvs_wm": 0.35806288771070066,
  "inu_med": 0.5434926450252533,
  "inu_range": 0.2796203404664993,
  "provenance": {
    "md5sum": "d704c8f6e80ea364d068001741c4b06c",
    "settings": {
      "testing": false
    },
    "software": "mriqc",
    "version": "23.0.1",
    "warnings": {
      "large_rot_frame": true,
      "small_air_mask": false
    },
    "webapi_port": null,
    "webapi_url": "https://mriqc.nimh.nih.gov/api/v1"
  },
  "qi_1": 0.0,
  "qi_2": 0.005114623732488132,
  "rpve_csf": 34.87764718467113,
  "rpve_gm": 14.644771760709551,
  "rpve_wm": 20.86514593734416,
  "size_x": 256,
  "size_y": 320,
  "size_z": 320,
  "snr_csf": 2.078460326119711,
  "snr_gm": 13.190623332201906,
  "snr_total": 12.735314661791973,
  "snr_wm": 22.9368603270543,
  "snrd_csf": 10.981635179510837,
  "snrd_gm": 28.11887659182794,
  "snrd_total": 26.176403447048568,
  "snrd_wm": 39.42869856980692,
  "spacing_x": 0.7999947667121887,
  "spacing_y": 0.800000011920929,
  "spacing_z": 0.800000011920929,
  "summary_bg_k": 3414.5887833775473,
  "summary_bg_mad": 0.0,
  "summary_bg_mean": 3.6796301394616537,
  "summary_bg_median": 0.0,
  "summary_bg_n": 4827837.0,
  "summary_bg_p05": 0.0,
  "summary_bg_p95": 17.073951959609985,
  "summary_bg_stdv": 16.615725077886992,
  "summary_csf_k": -0.277448975412832,
  "summary_csf_mad": 140.75571498971146,
  "summary_csf_mean": 276.23708959171876,
  "summary_csf_median": 278.5188413411379,
  "summary_csf_n": 66991.0,
  "summary_csf_p05": 58.976275727152824,
  "summary_csf_p95": 499.78658751770854,
  "summary_csf_stdv": 134.00148131539746,
  "summary_gm_k": 0.3704145903911069,
  "summary_gm_mad": 51.418816828388415,
  "summary_gm_mean": 713.2855987614718,
  "summary_gm_median": 713.1576309129596,
  "summary_gm_n": 182380.0,
  "summary_gm_p05": 624.5509343892336,
  "summary_gm_p95": 802.6180250346661,
  "summary_gm_stdv": 54.06535065156294,
  "summary_wm_k": 0.3239360317866611,
  "summary_wm_mad": 41.97884943117659,
  "summary_wm_mean": 999.4740895128034,
  "summary_wm_median": 1000.0000238344073,
  "summary_wm_n": 448116.0,
  "summary_wm_p05": 926.8310255408287,
  "summary_wm_p95": 1069.93208540231,
  "summary_wm_stdv": 43.59789848271984,
  "tpm_overlap_csf": 0.11811531576758483,
  "tpm_overlap_gm": 0.45850150419954255,
  "tpm_overlap_wm": 0.49363454197323037,
  "wm2max": 0.7731210296180183
}