{
  "bids_meta": {
    "AcquisitionDateTime": "2018-07-17T14:08:39.288000",
    "AcquisitionMatrixPE": 320,
    "AcquisitionNumber": 1,
    "AcquisitionTime": "14:00:35.522500",
    "BaseResolution": 320,
    "BodyPartExamined": "HEAD",
    "ConsistencyInfo": "N4_VE11B_LATEST_20150530",
    "ConversionSoftware": "dcm2niix",
    "ConversionSoftwareVersion": "v1.0.20171215 GCC5.1.0",
    "DeviceSerialNumber": "66072",
    "DwellTime": 2.2e-06,
    "EchoTime": 0.562,
    "EchoTrainLength": 305,
    "FlipAngle": 120,
    "ImageOrientationPatientDICOM": [
      -0.0256376,
      0.971446,
      0.235872,
      0.0686498,
      0.237103,
      -0.969056
    ],
    "ImageType": [
      "ORIGINAL",
      "PRIMARY",
      "M",
      "ND",
      "NORM"
    ],
    "InPlanePhaseEncodingDirectionDICOM": "ROW",
    "InstitutionAddress": "Boulevard_Jean_Moulin_27_Marseille_District_FR_13005",
    "InstitutionName": "Universite_d_aix_Marseille",
    "InstitutionalDepartmentName": "Department",
    "MRAcquisitionType": "3D",
    "MagneticFieldStrength": 3,
    "Manufacturer": "Siemens",
    "ManufacturersModelName": "Prisma",
    "Modality": "MR",
    "ParallelReductionFactorInPlane": 2,
    "PartialFourier": 1,
    "PatientPosition": "HFS",
    "PercentPhaseFOV": 100,
    "PhaseEncodingSteps": 315,
    "PhaseResolution": 1,
    "PixelBandwidth": 710,
    "ProcedureStepDescription": "Projets_Convers",
    "ProtocolName": "T2w",
    "PulseSequenceDetails": "%SiemensSeq%_tse_vfl",
    "ReceiveCoilActiveElements": "HC1-7;NC1,2",
    "ReceiveCoilName": "HeadNeck_64",
    "ReconMatrixPE": 320,
    "RepetitionTime": 3.2,
    "SAR": 0.144491,
    "ScanOptions": "PFP",
    "ScanningSequence": "SE",
    "SequenceName": "_spc_305ns",
    "SequenceVariant": "SK_SP",
    "SeriesDescription": "T2w",
    "SeriesNumber": 19,
    "ShimSetting": [
      -605,
      -10853,
      -668,
      -56,
      50,
      -221,
      57,
      -76
    ],
    "SliceThickness": 0.8,
    "SoftwareVersions": "syngo_MR_E11",
    "StationName": "AWP66072",
    "TxRefAmp": 245.48,
    "dataset": "ds001740",
    "modality": "T2w",
    "subject_id": "17"
  },
  "cjv": 0.4129582494787426,
  "cnr": 1.2593453004412947,
  "efc": 0.47789654157657413,
  "fber": 9730.56317904029,
  "fwhm_avg": 2.6453722199879537,
  "fwhm_x": 2.5590167400888935,
  "fwhm_y": 2.9632624558439487,
  "fwhm_z": 2.413837464031019,
  "icvs_csf": 0.42588093815691863,
  "icvs_gm": 0.43094599601487243,
  "icvs_wm": 0.14317306582820896,
  "inu_med": 0.901220440864563,
  "inu_range": 0.22491190433502184,
  "provenance": {
    "md5sum": "2a20ee9b36b4583dc740c3a93aaa49b9",
    "settings": {
      "testing": false
    },
    "software": "mriqc",
    "version": "23.0.1",
    "warnings": {
      "large_rot_frame": true,
      "small_air_mask": false
    },
    "webapi_port": null,
    "webapi_url": "https://mriqc.nimh.nih.gov/api/v1"
  },
  "qi_1": 0.0,
  "qi_2": 0.01872353875918886,
  "rpve_csf": 16.27676200629779,
  "rpve_gm": 16.993904750947234,
  "rpve_wm": 52.54445419089619,
  "size_x": 256,
  "size_y": 320,
  "size_z": 320,
  "snr_csf": 9.860083867105418,
  "snr_gm": 9.949679793859517,
  "snr_total": 7.321515796867445,
  "snr_wm": 2.1547837296373986,
  "snrd_csf": 98.53554492725927,
  "snrd_gm": 58.89516456743275,
  "snrd_total": 99.98804447072926,
  "snrd_wm": 142.53342391749578,
  "spacing_x": 0.7999947667121887,
  "spacing_y": 0.800000011920929,
  "spacing_z": 0.800000011920929,
  "summary_bg_k": 35.426595538643255,
  "summary_bg_mad": 0.0,
  "summary_bg_mean": 3.1600866419183187,
  "summary_bg_median": 0.0,
  "summary_bg_n": 4828646.0,
  "summary_bg_p05": 0.0,
  "summary_bg_p95": 12.015149429440498,
  "summary_bg_stdv": 4.602823330945607,
  "summary_csf_k": 1.2070781815240172,
  "summary_csf_mad": 65.09095485856088,
  "summary_csf_mean": 696.7087832659741,
  "summary_csf_median": 692.2859195712954,
  "summary_csf_n": 216464.0,
  "summary_csf_p05": 592.2717721874826,
  "summary_csf_p95": 816.6165962759405,
  "summary_csf_stdv": 70.2107943321211,
  "summary_gm_k": 0.30300696956970796,
  "summary_gm_mad": 40.597134958884276,
  "summary_gm_mean": 414.02808100945526,
  "summary_gm_median": 413.78259176388383,
  "summary_gm_n": 436843.0,
  "summary_gm_p05": 346.32797567360103,
  "summary_gm_p95": 482.28200345672667,
  "summary_gm_stdv": 41.58748087685888,
  "summary_wm_k": -1.63505481458479,
  "summary_wm_mad": 202.06594637921611,
  "summary_wm_mean": 685.3222551722101,
  "summary_wm_median": 1001.4039351912215,
  "summary_wm_n": 36202.0,
  "summary_wm_p05": 18.003134226612755,
  "summary_wm_p95": 1144.202462499868,
  "summary_wm_stdv": 464.7288219882214,
  "tpm_overlap_csf": 0.10791530630385891,
  "tpm_overlap_gm": 0.2668301095917158,
  "tpm_overlap_wm": 0.024739294326650507,
  "wm2max": 0.8788084277282191
}