{
  "bids_meta": {
    "AcquisitionDateTime": "2018-05-30T17:34:52.413000",
    "AcquisitionMatrixPE": 320,
    "AcquisitionNumber": 1,
    "AcquisitionTime": "17:27:45.170000",
    "BaseResolution": 320,
    "BodyPartExamined": "HEAD",
    "ConsistencyInfo": "N4_VE11B_LATEST_20150530",
    "ConversionSoftware": "dcm2niix",
    "ConversionSoftwareVersion": "v1.0.20171215 GCC5.1.0",
    "DeviceSerialNumber": "66072",
    "DwellTime": 7.4e-06,
    "EchoTime": 0.00228,
    "FlipAngle": 8,
    "ImageOrientationPatientDICOM": [
      -0.0372725,
      0.990779,
      0.130262,
      0.0326912,
      0.131492,
      -0.990778
    ],
    "ImageType": [
      "ORIGINAL",
      "PRIMARY",
      "M",
      "ND",
      "NORM"
    ],
    "InPlanePhaseEncodingDirectionDICOM": "ROW",
    "InstitutionAddress": "Boulevard_Jean_Moulin_27_Marseille_District_FR_13005",
    "InstitutionName": "Universite_d_aix_Marseille",
    "InstitutionalDepartmentName": "Department",
    "InversionTime": 1.01,
    "MRAcquisitionType": "3D",
    "MagneticFieldStrength": 3,
    "Manufacturer": "Siemens",
    "ManufacturersModelName": "Prisma",
    "Modality": "MR",
    "ParallelReductionFactorInPlane": 2,
    "PartialFourier": 1,
    "PatientPosition": "HFS",
    "PercentPhaseFOV": 100,
    "PhaseEncodingSteps": 319,
    "PhaseResolution": 1,
    "PixelBandwidth": 210,
    "ProcedureStepDescription": "Projets_Convers",
    "ProtocolName": "T1w",
    "PulseSequenceDetails": "%SiemensSeq%_tfl",
    "ReceiveCoilActiveElements": "HC1-7;NC1,2",
    "ReceiveCoilName": "HeadNeck_64",
    "ReconMatrixPE": 320,
    "RepetitionTime": 2.4,
    "SAR": 0.0455198,
    "ScanOptions": "IR_WE",
    "ScanningSequence": "GR_IR",
    "SequenceName": "_tfl3d1_16ns",
    "SequenceVariant": "SK_SP_MP",
    "SeriesDescription": "T1w",
    "SeriesNumber": 22,
    "ShimSetting": [
      -607,
      -10794,
      -642,
      -207,
      102,
      -187,
      56,
      -18
    ],
    "SliceThickness": 0.8,
    "SoftwareVersions": "syngo_MR_E11",
    "StationName": "AWP66072",
    "TxRefAmp": 234.264,
    "dataset": "ds001740",
    "modality": "T1w",
    "subject_id": "09"
  },
  "cjv": 0.31489386425146976,
  "cnr": 4.21959995260192,
  "efc": 0.467397144077269,
  "fber": 26000.096611570247,
  "fwhm_avg": 4.645296249248322,
  "fwhm_x": 4.494663888430178,
  "fwhm_y": 4.750637429209986,
  "fwhm_z": 4.6905874301048005,
  "icvs_csf": 0.20037558409534267,
  "icvs_gm": 0.45463129717595196,
  "icvs_wm": 0.34499311872870536,
  "inu_med": 0.5080509185791016,
  "inu_range": 0.22133882790803905,
  "provenance": {
    "md5sum": "b3d8cdfb49168c9a9cfe07f1c54a23db",
    "settings": {
      "testing": false
    },
    "software": "mriqc",
    "version": "23.0.1",
    "warnings": {
      "large_rot_frame": true,
      "small_air_mask": false
    },
    "webapi_port": null,
    "webapi_url": "https://mriqc.nimh.nih.gov/api/v1"
  },
  "qi_1": 0.0,
  "qi_2": 0.0056747655995122,
  "rpve_csf": 32.61397431247733,
  "rpve_gm": 15.63620115206082,
  "rpve_wm": 22.892460037425963,
  "size_x": 256,
  "size_y": 320,
  "size_z": 320,
  "snr_csf": 2.374283009890571,
  "snr_gm": 13.783848055980492,
  "snr_total": 13.448386885439533,
  "snr_wm": 24.18702959044753,
  "snrd_csf": 27.848625422099982,
  "snrd_gm": 72.47937646415569,
  "snrd_total": 67.08954840051935,
  "snrd_wm": 100.94064331530238,
  "spacing_x": 0.7999953031539917,
  "spacing_y": 0.800000011920929,
  "spacing_z": 0.800000011920929,
  "summary_bg_k": 6.6771420455579324,
  "summary_bg_mad": 0.0,
  "summary_bg_mean": 4.503127643473723,
  "summary_bg_median": 0.0,
  "summary_bg_n": 5248563.0,
  "summary_bg_p05": 0.0,
  "summary_bg_p95": 16.839741468429565,
  "summary_bg_stdv": 6.490313177604827,
  "summary_csf_k": 0.6275618488773609,
  "summary_csf_mad": 94.82121079929495,
  "summary_csf_mean": 278.4952347304946,
  "summary_csf_median": 275.8910977244377,
  "summary_csf_n": 84639.0,
  "summary_csf_p05": 69.49901635199785,
  "summary_csf_p95": 481.4411920234561,
  "summary_csf_stdv": 116.19906589047574,
  "summary_gm_k": 0.2650909302837898,
  "summary_gm_mad": 49.881262291016924,
  "summary_gm_mean": 718.5129386420086,
  "summary_gm_median": 718.0395596548915,
  "summary_gm_n": 127625.0,
  "summary_gm_p05": 633.1391964182258,
  "summary_gm_p95": 805.0729568108912,
  "summary_gm_stdv": 52.09261910387616,
  "summary_wm_k": 0.47180069203283415,
  "summary_wm_mad": 38.90634431040736,
  "summary_wm_mean": 1000.4158428051117,
  "summary_wm_median": 999.999980866909,
  "summary_wm_n": 399245.0,
  "summary_wm_p05": 933.3075880929828,
  "summary_wm_p95": 1069.2534176558256,
  "summary_wm_stdv": 41.344420767453535,
  "tpm_overlap_csf": 0.1476594000716164,
  "tpm_overlap_gm": 0.4647071601945458,
  "tpm_overlap_wm": 0.5047209360474603,
  "wm2max": 0.7799912434325744
}