{
  "aor": 0.003986935064935066,
  "aqi": 0.00764117638961039,
  "bids_meta": {
    "AcquisitionDateTime": "2018-07-16T13:56:14.285000",
    "AcquisitionMatrixPE": 84,
    "AcquisitionNumber": 1,
    "AcquisitionTime": "13:56:11.695000",
    "BandwidthPerPixelPhaseEncode": 23.81,
    "BaseResolution": 84,
    "BodyPartExamined": "HEAD",
    "ConsistencyInfo": "N4_VE11B_LATEST_20150530",
    "ConversionSoftware": "dcm2niix",
    "ConversionSoftwareVersion": "v1.0.20171215 GCC5.1.0",
    "DerivedVendorReportedEchoSpacing": 0.00049999,
    "DeviceSerialNumber": "66072",
    "DwellTime": 2.3e-06,
    "EchoTime": 0.03,
    "EchoTrainLength": 84,
    "EffectiveEchoSpacing": 0.00049999,
    "FlipAngle": 65,
    "ImageComments": "Unaliased_MB3_PE3_LB_SENSE1",
    "ImageOrientationPatientDICOM": [
      0.999925,
      -0.00837601,
      -0.0088853,
      0.00785352,
      0.998327,
      -0.0572921
    ],
    "ImageType": [
      "ORIGINAL",
      "PRIMARY",
      "M",
      "MB",
      "ND",
      "MOSAIC"
    ],
    "InPlanePhaseEncodingDirectionDICOM": "COL",
    "InstitutionAddress": "Boulevard_Jean_Moulin_27_Marseille_District_FR_13005",
    "InstitutionName": "Universite_d_aix_Marseille",
    "InstitutionalDepartmentName": "Department",
    "MRAcquisitionType": "2D",
    "MagneticFieldStrength": 3,
    "Manufacturer": "Siemens",
    "ManufacturersModelName": "Prisma",
    "Modality": "MR",
    "MultibandAccelerationFactor": 3,
    "PartialFourier": 1,
    "PatientPosition": "HFS",
    "PercentPhaseFOV": 100,
    "PhaseEncodingDirection": "j",
    "PhaseEncodingSteps": 84,
    "PhaseResolution": 1,
    "PixelBandwidth": 2590,
    "ProcedureStepDescription": "Projets_Convers",
    "ProtocolName": "task-convers_run1_bold",
    "PulseSequenceDetails": "%CustomerSeq%_cmrr_mbep2d_bold",
    "ReceiveCoilActiveElements": "HC1-7",
    "ReceiveCoilName": "HeadNeck_64",
    "ReconMatrixPE": 84,
    "RepetitionTime": 1.205,
    "SAR": 0.0666736,
    "ScanOptions": "FS_EXT",
    "ScanningSequence": "EP",
    "SequenceName": "epfid2d1_84",
    "SequenceVariant": "SK_SS",
    "SeriesDescription": "task-convers_run1_bold",
    "SeriesNumber": 11,
    "ShimSetting": [
      -618,
      -10756,
      -609,
      721,
      52,
      145,
      132,
      -14
    ],
    "SliceThickness": 2.5,
    "SliceTiming": [
      1.1375,
      1.07,
      1.0025,
      0.9375,
      0.87,
      0.8025,
      0.735,
      0.67,
      0.6025,
      0.535,
      0.4675,
      0.4,
      0.335,
      0.2675,
      0.2,
      0.1325,
      0.0675,
      0,
      1.1375,
      1.07,
      1.0025,
      0.9375,
      0.87,
      0.8025,
      0.735,
      0.67,
      0.6025,
      0.535,
      0.4675,
      0.4,
      0.335,
      0.2675,
      0.2,
      0.1325,
      0.0675,
      0,
      1.1375,
      1.07,
      1.0025,
      0.9375,
      0.87,
      0.8025,
      0.735,
      0.67,
      0.6025,
      0.535,
      0.4675,
      0.4,
      0.335,
      0.2675,
      0.2,
      0.1325,
      0.0675,
      0
    ],
    "SoftwareVersions": "syngo_MR_E11",
    "SpacingBetweenSlices": 2.5,
    "StationName": "AWP66072",
    "TaskName": "convers",
    "TotalReadoutTime": 0.04199916,
    "TxRefAmp": 239.049,
    "dataset": "ds001740",
    "modality": "bold",
    "run_id": 1,
    "subject_id": "12",
    "task_id": "convers"
  },
  "dummy_trs": 0,
  "dvars_nstd": 39.0020553569271,
  "dvars_std": 1.1499211564322909,
  "dvars_vstd": 1.0150379728645829,
  "efc": 0.47486043030127956,
  "fber": 14703.5048828125,
  "fd_mean": 0.32863647630796167,
  "fd_num": 231,
  "fd_perc": 60.0,
  "fwhm_avg": 2.8771186666666666,
  "fwhm_x": 2.702808,
  "fwhm_y": 3.009772,
  "fwhm_z": 2.9187760000000003,
  "gcor": 0.0167597,
  "gsr_x": -0.009070800617337227,
  "gsr_y": 0.035486191511154175,
  "provenance": {
    "md5sum": "614a0a1b06810604cf5e009b34ca7797",
    "settings": {
      "fd_thres": 0.2,
      "testing": false
    },
    "software": "mriqc",
    "version": "23.0.1",
    "webapi_port": null,
    "webapi_url": "https://mriqc.nimh.nih.gov/api/v1"
  },
  "size_t": 385,
  "size_x": 84,
  "size_y": 84,
  "size_z": 54,
  "snr": 2.77317731890939,
  "spacing_tr": 1.2050000429153442,
  "spacing_x": 2.5,
  "spacing_y": 2.5,
  "spacing_z": 2.5,
  "summary_bg_k": 34.15845524184006,
  "summary_bg_mad": 68.95937846037592,
  "summary_bg_mean": 409.9090576171875,
  "summary_bg_median": 82.42750549316406,
  "summary_bg_n": 244706.0,
  "summary_bg_p05": 23.696449279785156,
  "summary_bg_p95": 2135.859619140625,
  "summary_bg_stdv": 952.5132446289062,
  "summary_fg_k": 0.7220208262091239,
  "summary_fg_mad": 3562.0321858416687,
  "summary_fg_mean": 10551.5654296875,
  "summary_fg_median": 10065.880859375,
  "summary_fg_n": 71411.0,
  "summary_fg_p05": 5638.03466796875,
  "summary_fg_p95": 17244.1591796875,
  "summary_fg_stdv": 3629.703125,
  "tsnr": 37.598228454589844
}