{
  "aor": 0.0013478701298701298,
  "aqi": 0.006390808701298702,
  "bids_meta": {
    "AcquisitionDateTime": "2018-07-16T14:08:51.567000",
    "AcquisitionMatrixPE": 84,
    "AcquisitionNumber": 1,
    "AcquisitionTime": "14:08:41.032500",
    "BandwidthPerPixelPhaseEncode": 23.81,
    "BaseResolution": 84,
    "BodyPartExamined": "HEAD",
    "ConsistencyInfo": "N4_VE11B_LATEST_20150530",
    "ConversionSoftware": "dcm2niix",
    "ConversionSoftwareVersion": "v1.0.20171215 GCC5.1.0",
    "DerivedVendorReportedEchoSpacing": 0.00049999,
    "DeviceSerialNumber": "66072",
    "DwellTime": 2.3e-06,
    "EchoTime": 0.03,
    "EchoTrainLength": 84,
    "EffectiveEchoSpacing": 0.00049999,
    "FlipAngle": 65,
    "ImageComments": "Unaliased_MB3_PE3_LB_SENSE1",
    "ImageOrientationPatientDICOM": [
      0.999925,
      -0.00837601,
      -0.0088853,
      0.00785352,
      0.998327,
      -0.0572921
    ],
    "ImageType": [
      "ORIGINAL",
      "PRIMARY",
      "M",
      "MB",
      "ND",
      "MOSAIC"
    ],
    "InPlanePhaseEncodingDirectionDICOM": "COL",
    "InstitutionAddress": "Boulevard_Jean_Moulin_27_Marseille_District_FR_13005",
    "InstitutionName": "Universite_d_aix_Marseille",
    "InstitutionalDepartmentName": "Department",
    "MRAcquisitionType": "2D",
    "MagneticFieldStrength": 3,
    "Manufacturer": "Siemens",
    "ManufacturersModelName": "Prisma",
    "Modality": "MR",
    "MultibandAccelerationFactor": 3,
    "PartialFourier": 1,
    "PatientPosition": "HFS",
    "PercentPhaseFOV": 100,
    "PhaseEncodingDirection": "j",
    "PhaseEncodingSteps": 84,
    "PhaseResolution": 1,
    "PixelBandwidth": 2590,
    "ProcedureStepDescription": "Projets_Convers",
    "ProtocolName": "task-convers_run2_bold",
    "PulseSequenceDetails": "%CustomerSeq%_cmrr_mbep2d_bold",
    "ReceiveCoilActiveElements": "HC1-7",
    "ReceiveCoilName": "HeadNeck_64",
    "ReconMatrixPE": 84,
    "RepetitionTime": 1.205,
    "SAR": 0.0666736,
    "ScanOptions": "FS_EXT",
    "ScanningSequence": "EP",
    "SequenceName": "epfid2d1_84",
    "SequenceVariant": "SK_SS",
    "SeriesDescription": "task-convers_run2_bold",
    "SeriesNumber": 13,
    "ShimSetting": [
      -618,
      -10756,
      -609,
      721,
      52,
      145,
      132,
      -14
    ],
    "SliceThickness": 2.5,
    "SliceTiming": [
      1.14,
      1.0725,
      1.005,
      0.9375,
      0.87,
      0.805,
      0.7375,
      0.67,
      0.6025,
      0.5375,
      0.47,
      0.4025,
      0.335,
      0.2675,
      0.2025,
      0.135,
      0.0675,
      0,
      1.14,
      1.0725,
      1.005,
      0.9375,
      0.87,
      0.805,
      0.7375,
      0.67,
      0.6025,
      0.5375,
      0.47,
      0.4025,
      0.335,
      0.2675,
      0.2025,
      0.135,
      0.0675,
      0,
      1.14,
      1.0725,
      1.005,
      0.9375,
      0.87,
      0.805,
      0.7375,
      0.67,
      0.6025,
      0.5375,
      0.47,
      0.4025,
      0.335,
      0.2675,
      0.2025,
      0.135,
      0.0675,
      0
    ],
    "SoftwareVersions": "syngo_MR_E11",
    "SpacingBetweenSlices": 2.5,
    "StationName": "AWP66072",
    "TaskName": "convers",
    "TotalReadoutTime": 0.04199916,
    "TxRefAmp": 239.049,
    "dataset": "ds001740",
    "modality": "bold",
    "run_id": 2,
    "subject_id": "12",
    "task_id": "convers"
  },
  "dummy_trs": 0,
  "dvars_nstd": 35.33612795184897,
  "dvars_std": 1.1007674380729167,
  "dvars_vstd": 0.988306478515625,
  "efc": 0.4756763848990419,
  "fber": 17672.361328125,
  "fd_mean": 0.29807434122657966,
  "fd_num": 231,
  "fd_perc": 60.0,
  "fwhm_avg": 2.887002666666666,
  "fwhm_x": 2.737896,
  "fwhm_y": 3.0017679999999998,
  "fwhm_z": 2.921344,
  "gcor": 0.0261165,
  "gsr_x": -0.008587216027081013,
  "gsr_y": 0.035713307559490204,
  "provenance": {
    "md5sum": "dd0399c86233047d50f01fdf27c6a1f3",
    "settings": {
      "fd_thres": 0.2,
      "testing": false
    },
    "software": "mriqc",
    "version": "23.0.1",
    "webapi_port": null,
    "webapi_url": "https://mriqc.nimh.nih.gov/api/v1"
  },
  "size_t": 385,
  "size_x": 84,
  "size_y": 84,
  "size_z": 54,
  "snr": 2.774296769409962,
  "spacing_tr": 1.2050000429153442,
  "spacing_x": 2.5,
  "spacing_y": 2.5,
  "spacing_z": 2.5,
  "summary_bg_k": 31.08265481394995,
  "summary_bg_mad": 51.887503258802575,
  "summary_bg_mean": 415.2373046875,
  "summary_bg_median": 74.31035614013672,
  "summary_bg_n": 244781.0,
  "summary_bg_p05": 34.958499908447266,
  "summary_bg_p95": 2175.564208984375,
  "summary_bg_stdv": 968.1900024414062,
  "summary_fg_k": 0.7545407766453636,
  "summary_fg_mad": 3559.4604356555155,
  "summary_fg_mean": 10514.7451171875,
  "summary_fg_median": 10037.2734375,
  "summary_fg_n": 71446.0,
  "summary_fg_p05": 5605.5780029296875,
  "summary_fg_p95": 17149.92041015625,
  "summary_fg_stdv": 3617.927001953125,
  "tsnr": 40.30928039550781
}