{
  "aor": 0.002033220779220779,
  "aqi": 0.004925757376623377,
  "bids_meta": {
    "AcquisitionDateTime": "2018-07-16T14:19:50.333000",
    "AcquisitionMatrixPE": 84,
    "AcquisitionNumber": 1,
    "AcquisitionTime": "14:19:48.190000",
    "BandwidthPerPixelPhaseEncode": 23.81,
    "BaseResolution": 84,
    "BodyPartExamined": "HEAD",
    "ConsistencyInfo": "N4_VE11B_LATEST_20150530",
    "ConversionSoftware": "dcm2niix",
    "ConversionSoftwareVersion": "v1.0.20171215 GCC5.1.0",
    "DerivedVendorReportedEchoSpacing": 0.00049999,
    "DeviceSerialNumber": "66072",
    "DwellTime": 2.3e-06,
    "EchoTime": 0.03,
    "EchoTrainLength": 84,
    "EffectiveEchoSpacing": 0.00049999,
    "FlipAngle": 65,
    "ImageComments": "Unaliased_MB3_PE3_LB_SENSE1",
    "ImageOrientationPatientDICOM": [
      0.999925,
      -0.00837601,
      -0.0088853,
      0.00785352,
      0.998327,
      -0.0572921
    ],
    "ImageType": [
      "ORIGINAL",
      "PRIMARY",
      "M",
      "MB",
      "ND",
      "MOSAIC"
    ],
    "InPlanePhaseEncodingDirectionDICOM": "COL",
    "InstitutionAddress": "Boulevard_Jean_Moulin_27_Marseille_District_FR_13005",
    "InstitutionName": "Universite_d_aix_Marseille",
    "InstitutionalDepartmentName": "Department",
    "MRAcquisitionType": "2D",
    "MagneticFieldStrength": 3,
    "Manufacturer": "Siemens",
    "ManufacturersModelName": "Prisma",
    "Modality": "MR",
    "MultibandAccelerationFactor": 3,
    "PartialFourier": 1,
    "PatientPosition": "HFS",
    "PercentPhaseFOV": 100,
    "PhaseEncodingDirection": "j",
    "PhaseEncodingSteps": 84,
    "PhaseResolution": 1,
    "PixelBandwidth": 2590,
    "ProcedureStepDescription": "Projets_Convers",
    "ProtocolName": "task-convers_run3_bold",
    "PulseSequenceDetails": "%CustomerSeq%_cmrr_mbep2d_bold",
    "ReceiveCoilActiveElements": "HC1-7",
    "ReceiveCoilName": "HeadNeck_64",
    "ReconMatrixPE": 84,
    "RepetitionTime": 1.205,
    "SAR": 0.0666736,
    "ScanOptions": "FS_EXT",
    "ScanningSequence": "EP",
    "SequenceName": "epfid2d1_84",
    "SequenceVariant": "SK_SS",
    "SeriesDescription": "task-convers_run3_bold",
    "SeriesNumber": 15,
    "ShimSetting": [
      -618,
      -10756,
      -609,
      721,
      52,
      145,
      132,
      -14
    ],
    "SliceThickness": 2.5,
    "SliceTiming": [
      1.14,
      1.0725,
      1.005,
      0.9375,
      0.8725,
      0.805,
      0.7375,
      0.67,
      0.6025,
      0.5375,
      0.47,
      0.4025,
      0.335,
      0.27,
      0.2025,
      0.135,
      0.0675,
      0,
      1.14,
      1.0725,
      1.005,
      0.9375,
      0.8725,
      0.805,
      0.7375,
      0.67,
      0.6025,
      0.5375,
      0.47,
      0.4025,
      0.335,
      0.27,
      0.2025,
      0.135,
      0.0675,
      0,
      1.14,
      1.0725,
      1.005,
      0.9375,
      0.8725,
      0.805,
      0.7375,
      0.67,
      0.6025,
      0.5375,
      0.47,
      0.4025,
      0.335,
      0.27,
      0.2025,
      0.135,
      0.0675,
      0
    ],
    "SoftwareVersions": "syngo_MR_E11",
    "SpacingBetweenSlices": 2.5,
    "StationName": "AWP66072",
    "TaskName": "convers",
    "TotalReadoutTime": 0.04199916,
    "TxRefAmp": 239.049,
    "dataset": "ds001740",
    "modality": "bold",
    "run_id": 3,
    "subject_id": "12",
    "task_id": "convers"
  },
  "dummy_trs": 0,
  "dvars_nstd": 33.89609526593753,
  "dvars_std": 1.1541725948958328,
  "dvars_vstd": 1.023815532994792,
  "efc": 0.4763341407629768,
  "fber": 15373.595703125,
  "fd_mean": 0.25200019925192424,
  "fd_num": 209,
  "fd_perc": 54.285714285714285,
  "fwhm_avg": 2.8621466666666664,
  "fwhm_x": 2.7083120000000003,
  "fwhm_y": 2.988124,
  "fwhm_z": 2.8900040000000002,
  "gcor": 0.014819,
  "gsr_x": -0.008053623139858246,
  "gsr_y": 0.03689637780189514,
  "provenance": {
    "md5sum": "54abe88dd85b8b5f04a9cf469854f391",
    "settings": {
      "fd_thres": 0.2,
      "testing": false
    },
    "software": "mriqc",
    "version": "23.0.1",
    "webapi_port": null,
    "webapi_url": "https://mriqc.nimh.nih.gov/api/v1"
  },
  "size_t": 385,
  "size_x": 84,
  "size_y": 84,
  "size_z": 54,
  "snr": 2.772373590957887,
  "spacing_tr": 1.2050000429153442,
  "spacing_x": 2.5,
  "spacing_y": 2.5,
  "spacing_z": 2.5,
  "summary_bg_k": 30.367331522280267,
  "summary_bg_mad": 65.90962162786202,
  "summary_bg_mean": 422.0669250488281,
  "summary_bg_median": 79.79277801513672,
  "summary_bg_n": 244807.0,
  "summary_bg_p05": 25.038281822204592,
  "summary_bg_p95": 2231.6725585937484,
  "summary_bg_stdv": 981.4041137695312,
  "summary_fg_k": 0.7040980793710117,
  "summary_fg_mad": 3562.0358054759913,
  "summary_fg_mean": 10500.84765625,
  "summary_fg_median": 10030.58203125,
  "summary_fg_n": 71567.0,
  "summary_fg_p05": 5577.704296875,
  "summary_fg_p95": 17160.650976562498,
  "summary_fg_stdv": 3618.023193359375,
  "tsnr": 45.64860534667969
}