{
  "bids_meta": {
    "AcquisitionDateTime": "2018-10-10T12:47:53.081000",
    "AcquisitionMatrixPE": 320,
    "AcquisitionNumber": 1,
    "AcquisitionTime": "12:40:46.685000",
    "BaseResolution": 320,
    "BodyPartExamined": "HEAD",
    "ConsistencyInfo": "N4_VE11B_LATEST_20150530",
    "ConversionSoftware": "dcm2niix",
    "ConversionSoftwareVersion": "v1.0.20171215 GCC5.1.0",
    "DeviceSerialNumber": "66072",
    "DwellTime": 7.4e-06,
    "EchoTime": 0.00228,
    "FlipAngle": 8,
    "ImageOrientationPatientDICOM": [
      0.0171179,
      0.965587,
      0.259518,
      0.0865982,
      0.257149,
      -0.962484
    ],
    "ImageType": [
      "ORIGINAL",
      "PRIMARY",
      "M",
      "ND",
      "NORM"
    ],
    "InPlanePhaseEncodingDirectionDICOM": "ROW",
    "InstitutionAddress": "Boulevard_Jean_Moulin_27_Marseille_District_FR_13005",
    "InstitutionName": "Universite_d_aix_Marseille",
    "InstitutionalDepartmentName": "Department",
    "InversionTime": 1.01,
    "MRAcquisitionType": "3D",
    "MagneticFieldStrength": 3,
    "Manufacturer": "Siemens",
    "ManufacturersModelName": "Prisma",
    "Modality": "MR",
    "ParallelReductionFactorInPlane": 2,
    "PartialFourier": 1,
    "PatientPosition": "HFS",
    "PercentPhaseFOV": 100,
    "PhaseEncodingSteps": 319,
    "PhaseResolution": 1,
    "PixelBandwidth": 210,
    "ProcedureStepDescription": "Projets_Convers",
    "ProtocolName": "T1w",
    "PulseSequenceDetails": "%SiemensSeq%_tfl",
    "ReceiveCoilActiveElements": "HC1-7;NC1,2",
    "ReceiveCoilName": "HeadNeck_64",
    "ReconMatrixPE": 320,
    "RepetitionTime": 2.4,
    "SAR": 0.045349,
    "ScanOptions": "IR_WE",
    "ScanningSequence": "GR_IR",
    "SequenceName": "_tfl3d1_16ns",
    "SequenceVariant": "SK_SP_MP",
    "SeriesDescription": "T1w",
    "SeriesNumber": 20,
    "ShimSetting": [
      -577,
      -10850,
      -641,
      -59,
      12,
      -286,
      92,
      -40
    ],
    "SliceThickness": 0.8,
    "SoftwareVersions": "syngo_MR_E11",
    "StationName": "AWP66072",
    "TxRefAmp": 231.109,
    "dataset": "ds001740",
    "modality": "T1w",
    "subject_id": "25"
  },
  "cjv": 0.3343486242233145,
  "cnr": 3.961189853931492,
  "efc": 0.4602922546805724,
  "fber": 21435.96318211703,
  "fwhm_avg": 4.669232322025537,
  "fwhm_x": 4.637609605701792,
  "fwhm_y": 4.704174929902331,
  "fwhm_z": 4.665912430472487,
  "icvs_csf": 0.21782424659421618,
  "icvs_gm": 0.44328781997296474,
  "icvs_wm": 0.3388879334328191,
  "inu_med": 0.5521575808525085,
  "inu_range": 0.26782176196575164,
  "provenance": {
    "md5sum": "d39acfbb0de219a26d3d700a94368ec5",
    "settings": {
      "testing": false
    },
    "software": "mriqc",
    "version": "23.0.1",
    "warnings": {
      "large_rot_frame": true,
      "small_air_mask": false
    },
    "webapi_port": null,
    "webapi_url": "https://mriqc.nimh.nih.gov/api/v1"
  },
  "qi_1": 0.0,
  "qi_2": 0.017003324278269224,
  "rpve_csf": 32.25091514636779,
  "rpve_gm": 16.517926238515532,
  "rpve_wm": 24.018017686207926,
  "size_x": 256,
  "size_y": 320,
  "size_z": 320,
  "snr_csf": 2.478453448535794,
  "snr_gm": 13.074000321325945,
  "snr_total": 13.321178635395695,
  "snr_wm": 24.411082136325344,
  "snrd_csf": 18.807099463914305,
  "snrd_gm": 52.59873283257089,
  "snrd_total": 47.996784355901674,
  "snrd_wm": 72.58452077121983,
  "spacing_x": 0.7999983429908752,
  "spacing_y": 0.800000011920929,
  "spacing_z": 0.800000011920929,
  "summary_bg_k": 6119.948343148085,
  "summary_bg_mad": 0.0,
  "summary_bg_mean": 4.091550280873734,
  "summary_bg_median": 0.0,
  "summary_bg_n": 5066873.0,
  "summary_bg_p05": 0.0,
  "summary_bg_p95": 15.338967002928257,
  "summary_bg_stdv": 9.02631981061927,
  "summary_csf_k": 0.5324542728953898,
  "summary_csf_mad": 101.76761769007527,
  "summary_csf_mean": 264.1971409973455,
  "summary_csf_median": 259.11992444843054,
  "summary_csf_n": 119725.0,
  "summary_csf_p05": 106.23360566794872,
  "summary_csf_p95": 447.23553221076696,
  "summary_csf_stdv": 104.5486016503482,
  "summary_gm_k": 0.26797495158645024,
  "summary_gm_mad": 53.02442450081112,
  "summary_gm_mean": 724.1707073192501,
  "summary_gm_median": 724.693337418139,
  "summary_gm_n": 107613.0,
  "summary_gm_p05": 631.7852937579155,
  "summary_gm_p95": 815.2170856893063,
  "summary_gm_stdv": 55.429857157104074,
  "summary_wm_k": 0.4738515583353031,
  "summary_wm_mad": 39.041687373189816,
  "summary_wm_mean": 999.8944173362692,
  "summary_wm_median": 1000.0529626831412,
  "summary_wm_n": 361175.0,
  "summary_wm_p05": 932.4979266598821,
  "summary_wm_p95": 1066.3628666698933,
  "summary_wm_stdv": 40.96711373357189,
  "tpm_overlap_csf": 0.15054438792910135,
  "tpm_overlap_gm": 0.4659598294470103,
  "tpm_overlap_wm": 0.4996993533015943,
  "wm2max": 0.9029565134191264
}