{
  "bids_meta": {
    "AcquisitionDateTime": "2018-10-10T12:40:54.813000",
    "AcquisitionMatrixPE": 320,
    "AcquisitionNumber": 1,
    "AcquisitionTime": "12:32:50.520000",
    "BaseResolution": 320,
    "BodyPartExamined": "HEAD",
    "ConsistencyInfo": "N4_VE11B_LATEST_20150530",
    "ConversionSoftware": "dcm2niix",
    "ConversionSoftwareVersion": "v1.0.20171215 GCC5.1.0",
    "DeviceSerialNumber": "66072",
    "DwellTime": 2.2e-06,
    "EchoTime": 0.562,
    "EchoTrainLength": 305,
    "FlipAngle": 120,
    "ImageOrientationPatientDICOM": [
      0.0171179,
      0.965587,
      0.259518,
      0.0865982,
      0.257149,
      -0.962484
    ],
    "ImageType": [
      "ORIGINAL",
      "PRIMARY",
      "M",
      "ND",
      "NORM"
    ],
    "InPlanePhaseEncodingDirectionDICOM": "ROW",
    "InstitutionAddress": "Boulevard_Jean_Moulin_27_Marseille_District_FR_13005",
    "InstitutionName": "Universite_d_aix_Marseille",
    "InstitutionalDepartmentName": "Department",
    "MRAcquisitionType": "3D",
    "MagneticFieldStrength": 3,
    "Manufacturer": "Siemens",
    "ManufacturersModelName": "Prisma",
    "Modality": "MR",
    "ParallelReductionFactorInPlane": 2,
    "PartialFourier": 1,
    "PatientPosition": "HFS",
    "PercentPhaseFOV": 100,
    "PhaseEncodingSteps": 315,
    "PhaseResolution": 1,
    "PixelBandwidth": 710,
    "ProcedureStepDescription": "Projets_Convers",
    "ProtocolName": "T2w",
    "PulseSequenceDetails": "%SiemensSeq%_tse_vfl",
    "ReceiveCoilActiveElements": "HC1-7;NC1,2",
    "ReceiveCoilName": "HeadNeck_64",
    "ReconMatrixPE": 320,
    "RepetitionTime": 3.2,
    "SAR": 0.150519,
    "ScanOptions": "PFP",
    "ScanningSequence": "SE",
    "SequenceName": "_spc_305ns",
    "SequenceVariant": "SK_SP",
    "SeriesDescription": "T2w",
    "SeriesNumber": 19,
    "ShimSetting": [
      -577,
      -10850,
      -641,
      -59,
      12,
      -286,
      92,
      -40
    ],
    "SliceThickness": 0.8,
    "SoftwareVersions": "syngo_MR_E11",
    "StationName": "AWP66072",
    "TxRefAmp": 231.109,
    "dataset": "ds001740",
    "modality": "T2w",
    "subject_id": "25"
  },
  "cjv": 0.3381261871425563,
  "cnr": 1.490522920847205,
  "efc": 0.46450369433040933,
  "fber": 1772.6576557093426,
  "fwhm_avg": 2.787585187381928,
  "fwhm_x": 2.7259431461408337,
  "fwhm_y": 3.0061249552052476,
  "fwhm_z": 2.6306874607997024,
  "icvs_csf": 0.3507350515630702,
  "icvs_gm": 0.5327231819155844,
  "icvs_wm": 0.11654176652134537,
  "inu_med": 0.9418202936649323,
  "inu_range": 0.2748424857854844,
  "provenance": {
    "md5sum": "5d0ec25697bc1bf62a255e8269de00b3",
    "settings": {
      "testing": false
    },
    "software": "mriqc",
    "version": "23.0.1",
    "warnings": {
      "large_rot_frame": true,
      "small_air_mask": false
    },
    "webapi_port": null,
    "webapi_url": "https://mriqc.nimh.nih.gov/api/v1"
  },
  "qi_1": 0.0,
  "qi_2": 0.010123785318002974,
  "rpve_csf": 18.80451371928904,
  "rpve_gm": 14.225704455285266,
  "rpve_wm": 65.98711359047333,
  "size_x": 256,
  "size_y": 320,
  "size_z": 320,
  "snr_csf": 7.239800654845615,
  "snr_gm": 8.06378563802353,
  "snr_total": 5.88395205410832,
  "snr_wm": 2.348269869455814,
  "snrd_csf": 63.63501453678403,
  "snrd_gm": 35.96964816796254,
  "snrd_total": 66.36222944550335,
  "snrd_wm": 99.48202563176348,
  "spacing_x": 0.7999983429908752,
  "spacing_y": 0.800000011920929,
  "spacing_z": 0.800000011920929,
  "summary_bg_k": 6.368817000090916,
  "summary_bg_mad": 6.58573261358327,
  "summary_bg_mean": 8.622584494796032,
  "summary_bg_median": 4.442009145393968,
  "summary_bg_n": 5020560.0,
  "summary_bg_p05": 0.0,
  "summary_bg_p95": 28.432772194966674,
  "summary_bg_stdv": 10.642275880646986,
  "summary_csf_k": 0.903140418534806,
  "summary_csf_mad": 84.0333679085636,
  "summary_csf_mean": 646.5816696017625,
  "summary_csf_median": 639.6884535811841,
  "summary_csf_n": 85290.0,
  "summary_csf_p05": 517.8345542451367,
  "summary_csf_p95": 797.7916914255359,
  "summary_csf_stdv": 88.35667361409736,
  "summary_gm_k": 0.29137005911330727,
  "summary_gm_mad": 44.27236990452894,
  "summary_gm_mean": 362.8544467695887,
  "summary_gm_median": 361.58345809951425,
  "summary_gm_n": 353505.0,
  "summary_gm_p05": 292.2763744380325,
  "summary_gm_p95": 438.3108495492488,
  "summary_gm_stdv": 44.84034706576714,
  "summary_wm_k": -1.3640260863633575,
  "summary_wm_mad": 171.60620444645392,
  "summary_wm_mean": 745.1316739234118,
  "summary_wm_median": 1000.0391073804349,
  "summary_wm_n": 41527.0,
  "summary_wm_p05": 59.14134026486427,
  "summary_wm_p95": 1145.3534682337195,
  "summary_wm_stdv": 425.85695940881794,
  "tpm_overlap_csf": 0.1161909544895739,
  "tpm_overlap_gm": 0.3471567396130432,
  "tpm_overlap_wm": 0.03323181421210273,
  "wm2max": 0.9167145009686446
}