{
  "bids_meta": {
    "AcquisitionDateTime": "2018-05-30T13:05:28.432000",
    "AcquisitionMatrixPE": 320,
    "AcquisitionNumber": 1,
    "AcquisitionTime": "12:57:24.517500",
    "BaseResolution": 320,
    "BodyPartExamined": "HEAD",
    "ConsistencyInfo": "N4_VE11B_LATEST_20150530",
    "ConversionSoftware": "dcm2niix",
    "ConversionSoftwareVersion": "v1.0.20171215 GCC5.1.0",
    "DeviceSerialNumber": "66072",
    "DwellTime": 2.2e-06,
    "EchoTime": 0.562,
    "EchoTrainLength": 305,
    "FlipAngle": 120,
    "ImageOrientationPatientDICOM": [
      0.0199733,
      0.997438,
      0.0686934,
      0.0246013,
      0.068196,
      -0.997369
    ],
    "ImageType": [
      "ORIGINAL",
      "PRIMARY",
      "M",
      "ND",
      "NORM"
    ],
    "InPlanePhaseEncodingDirectionDICOM": "ROW",
    "InstitutionAddress": "Boulevard_Jean_Moulin_27_Marseille_District_FR_13005",
    "InstitutionName": "Universite_d_aix_Marseille",
    "InstitutionalDepartmentName": "Department",
    "MRAcquisitionType": "3D",
    "MagneticFieldStrength": 3,
    "Manufacturer": "Siemens",
    "ManufacturersModelName": "Prisma",
    "Modality": "MR",
    "ParallelReductionFactorInPlane": 2,
    "PartialFourier": 1,
    "PatientPosition": "HFS",
    "PercentPhaseFOV": 100,
    "PhaseEncodingSteps": 315,
    "PhaseResolution": 1,
    "PixelBandwidth": 710,
    "ProcedureStepDescription": "Projets_Convers",
    "ProtocolName": "T2w",
    "PulseSequenceDetails": "%SiemensSeq%_tse_vfl",
    "ReceiveCoilActiveElements": "HC1-7;NC1,2",
    "ReceiveCoilName": "HeadNeck_64",
    "ReconMatrixPE": 320,
    "RepetitionTime": 3.2,
    "SAR": 0.150281,
    "ScanOptions": "PFP",
    "ScanningSequence": "SE",
    "SequenceName": "_spc_305ns",
    "SequenceVariant": "SK_SP",
    "SeriesDescription": "T2w",
    "SeriesNumber": 19,
    "ShimSetting": [
      -581,
      -10799,
      -673,
      61,
      32,
      -389,
      59,
      33
    ],
    "SliceThickness": 0.8,
    "SoftwareVersions": "syngo_MR_E11",
    "StationName": "AWP66072",
    "TxRefAmp": 251.399,
    "dataset": "ds001740",
    "modality": "T2w",
    "subject_id": "06"
  },
  "cjv": 0.7575057515984205,
  "cnr": 1.2374626111408833,
  "efc": 0.4918914198224347,
  "fber": 1048.6802777777777,
  "fwhm_avg": 2.90037077056301,
  "fwhm_x": 2.766587400120343,
  "fwhm_y": 3.059262454413437,
  "fwhm_z": 2.8752624571552503,
  "icvs_csf": 0.3577279418322854,
  "icvs_gm": 0.5081894426475438,
  "icvs_wm": 0.13408261552017078,
  "inu_med": 0.9665359854698181,
  "inu_range": 0.3610129952430726,
  "provenance": {
    "md5sum": "57c0f71d10a1fa141148cccd4e4d8304",
    "settings": {
      "testing": false
    },
    "software": "mriqc",
    "version": "23.0.1",
    "warnings": {
      "large_rot_frame": true,
      "small_air_mask": false
    },
    "webapi_port": null,
    "webapi_url": "https://mriqc.nimh.nih.gov/api/v1"
  },
  "qi_1": 0.0,
  "qi_2": 0.009702832729887631,
  "rpve_csf": 16.5557665545078,
  "rpve_gm": 13.126571869493008,
  "rpve_wm": 52.97805907856226,
  "size_x": 256,
  "size_y": 320,
  "size_z": 320,
  "snr_csf": 8.527511158518895,
  "snr_gm": 7.335975505033723,
  "snr_total": 5.971189542132483,
  "snr_wm": 2.050081962844832,
  "snrd_csf": 30.596573650171152,
  "snrd_gm": 17.868317745900082,
  "snrd_total": 31.327627241480574,
  "snrd_wm": 45.51799032837049,
  "spacing_x": 0.7999927997589111,
  "spacing_y": 0.800000011920929,
  "spacing_z": 0.800000011920929,
  "summary_bg_k": 2.0516362407902733,
  "summary_bg_mad": 14.403197009200047,
  "summary_bg_mean": 12.55325832409465,
  "summary_bg_median": 9.714808752760291,
  "summary_bg_n": 4700833.0,
  "summary_bg_p05": 0.0,
  "summary_bg_p95": 38.32324556261301,
  "summary_bg_stdv": 13.018775694156332,
  "summary_csf_k": 0.7598381408681161,
  "summary_csf_mad": 74.33374088656116,
  "summary_csf_mean": 677.5762987781691,
  "summary_csf_median": 672.6667577773333,
  "summary_csf_n": 102243.0,
  "summary_csf_p05": 558.1235793588683,
  "summary_csf_p95": 813.3863208834082,
  "summary_csf_stdv": 78.88156998165937,
  "summary_gm_k": 0.2280302317522076,
  "summary_gm_mad": 52.414392794399255,
  "summary_gm_mean": 394.08002969068815,
  "summary_gm_median": 392.83559991046786,
  "summary_gm_n": 379021.0,
  "summary_gm_p05": 308.14926705881953,
  "summary_gm_p95": 483.8868074622005,
  "summary_gm_stdv": 53.54912668622169,
  "summary_wm_k": -1.5709516640640016,
  "summary_wm_mad": 408.0574711296124,
  "summary_wm_mean": 736.0049252891927,
  "summary_wm_median": 1000.714633109048,
  "summary_wm_n": 51437.0,
  "summary_wm_p05": 32.020902964845305,
  "summary_wm_p95": 1320.1196785848588,
  "summary_wm_stdv": 488.12921806176007,
  "tpm_overlap_csf": 0.11259780833796482,
  "tpm_overlap_gm": 0.32547858308744626,
  "tpm_overlap_wm": 0.030886865063727124,
  "wm2max": 0.8149165242061616
}