{
  "bids_meta": {
    "AcquisitionDateTime": "2018-05-30T13:12:28.753000",
    "AcquisitionMatrixPE": 320,
    "AcquisitionNumber": 1,
    "AcquisitionTime": "13:05:21.055000",
    "BaseResolution": 320,
    "BodyPartExamined": "HEAD",
    "ConsistencyInfo": "N4_VE11B_LATEST_20150530",
    "ConversionSoftware": "dcm2niix",
    "ConversionSoftwareVersion": "v1.0.20171215 GCC5.1.0",
    "DeviceSerialNumber": "66072",
    "DwellTime": 7.4e-06,
    "EchoTime": 0.00228,
    "FlipAngle": 8,
    "ImageOrientationPatientDICOM": [
      0.0199733,
      0.997438,
      0.0686934,
      0.0246013,
      0.068196,
      -0.997369
    ],
    "ImageType": [
      "ORIGINAL",
      "PRIMARY",
      "M",
      "ND",
      "NORM"
    ],
    "InPlanePhaseEncodingDirectionDICOM": "ROW",
    "InstitutionAddress": "Boulevard_Jean_Moulin_27_Marseille_District_FR_13005",
    "InstitutionName": "Universite_d_aix_Marseille",
    "InstitutionalDepartmentName": "Department",
    "InversionTime": 1.01,
    "MRAcquisitionType": "3D",
    "MagneticFieldStrength": 3,
    "Manufacturer": "Siemens",
    "ManufacturersModelName": "Prisma",
    "Modality": "MR",
    "ParallelReductionFactorInPlane": 2,
    "PartialFourier": 1,
    "PatientPosition": "HFS",
    "PercentPhaseFOV": 100,
    "PhaseEncodingSteps": 319,
    "PhaseResolution": 1,
    "PixelBandwidth": 210,
    "ProcedureStepDescription": "Projets_Convers",
    "ProtocolName": "T1w",
    "PulseSequenceDetails": "%SiemensSeq%_tfl",
    "ReceiveCoilActiveElements": "HC1-7;NC1,2",
    "ReceiveCoilName": "HeadNeck_64",
    "ReconMatrixPE": 320,
    "RepetitionTime": 2.4,
    "SAR": 0.0452772,
    "ScanOptions": "IR_WE",
    "ScanningSequence": "GR_IR",
    "SequenceName": "_tfl3d1_16ns",
    "SequenceVariant": "SK_SP_MP",
    "SeriesDescription": "T1w",
    "SeriesNumber": 20,
    "ShimSetting": [
      -581,
      -10799,
      -673,
      61,
      32,
      -389,
      59,
      33
    ],
    "SliceThickness": 0.8,
    "SoftwareVersions": "syngo_MR_E11",
    "StationName": "AWP66072",
    "TxRefAmp": 251.399,
    "dataset": "ds001740",
    "modality": "T1w",
    "subject_id": "06"
  },
  "cjv": 0.35617829869738704,
  "cnr": 3.7548817042140916,
  "efc": 0.49978783710654084,
  "fber": 52047.94488601625,
  "fwhm_avg": 4.608338617995987,
  "fwhm_x": 4.554528492128987,
  "fwhm_y": 4.5373124323887755,
  "fwhm_z": 4.733174929470198,
  "icvs_csf": 0.1852954155304547,
  "icvs_gm": 0.4590732637318886,
  "icvs_wm": 0.3556313207376567,
  "inu_med": 0.5292850136756897,
  "inu_range": 0.25782402604818344,
  "provenance": {
    "md5sum": "21125a6d18865a57e27340a8f260367a",
    "settings": {
      "testing": false
    },
    "software": "mriqc",
    "version": "23.0.1",
    "warnings": {
      "large_rot_frame": true,
      "small_air_mask": false
    },
    "webapi_port": null,
    "webapi_url": "https://mriqc.nimh.nih.gov/api/v1"
  },
  "qi_1": 0.0,
  "qi_2": 0.006982829536959177,
  "rpve_csf": 31.71367403365321,
  "rpve_gm": 14.240240689014058,
  "rpve_wm": 20.20331784859273,
  "size_x": 256,
  "size_y": 320,
  "size_z": 320,
  "snr_csf": 2.3129076424544484,
  "snr_gm": 14.108622882470689,
  "snr_total": 12.622265365371078,
  "snr_wm": 21.445265571188095,
  "snrd_csf": 27.219332302756655,
  "snrd_gm": 69.61378091320938,
  "snrd_total": 63.806087224863326,
  "snrd_wm": 94.58514845862395,
  "spacing_x": 0.7999927997589111,
  "spacing_y": 0.800000011920929,
  "spacing_z": 0.800000011920929,
  "summary_bg_k": 18.17153404632001,
  "summary_bg_mad": 0.0,
  "summary_bg_mean": 3.9551215504336845,
  "summary_bg_median": 0.0,
  "summary_bg_n": 4830997.0,
  "summary_bg_p05": 0.0,
  "summary_bg_p95": 17.29568786919117,
  "summary_bg_stdv": 6.926617798163065,
  "summary_csf_k": 0.22727427130232858,
  "summary_csf_mad": 115.13708535953991,
  "summary_csf_mean": 289.54085201025583,
  "summary_csf_median": 287.7842104062438,
  "summary_csf_n": 84493.0,
  "summary_csf_p05": 74.90980044007301,
  "summary_csf_p95": 501.5463129617274,
  "summary_csf_stdv": 124.42455639499012,
  "summary_gm_k": 0.32076610130040395,
  "summary_gm_mad": 50.30879282856003,
  "summary_gm_mean": 735.481479803934,
  "summary_gm_median": 736.0116975195706,
  "summary_gm_n": 145517.0,
  "summary_gm_p05": 649.6191639080644,
  "summary_gm_p95": 820.5143049731851,
  "summary_gm_stdv": 52.16732878127621,
  "summary_wm_k": 0.6074536983974315,
  "summary_wm_mad": 43.728317817229396,
  "summary_wm_mean": 1000.4306985057389,
  "summary_wm_median": 1000.0286547280848,
  "summary_wm_n": 446300.0,
  "summary_wm_p05": 925.0615837983787,
  "summary_wm_p95": 1077.48699195683,
  "summary_wm_stdv": 46.63162277254555,
  "tpm_overlap_csf": 0.15523842684339118,
  "tpm_overlap_gm": 0.4685538697686544,
  "tpm_overlap_wm": 0.5145637617447402,
  "wm2max": 0.8187892713120135
}