{
  "aor": 0.0013946753246753248,
  "aqi": 0.00901873774025974,
  "bids_meta": {
    "AcquisitionDateTime": "2018-05-30T10:13:00.260000",
    "AcquisitionMatrixPE": 84,
    "AcquisitionNumber": 1,
    "AcquisitionTime": "10:12:58.150000",
    "BandwidthPerPixelPhaseEncode": 23.81,
    "BaseResolution": 84,
    "BodyPartExamined": "HEAD",
    "ConsistencyInfo": "N4_VE11B_LATEST_20150530",
    "ConversionSoftware": "dcm2niix",
    "ConversionSoftwareVersion": "v1.0.20171215 GCC5.1.0",
    "DerivedVendorReportedEchoSpacing": 0.00049999,
    "DeviceSerialNumber": "66072",
    "DwellTime": 2.3e-06,
    "EchoTime": 0.03,
    "EchoTrainLength": 84,
    "EffectiveEchoSpacing": 0.00049999,
    "FlipAngle": 65,
    "ImageComments": "Unaliased_MB3_PE3_LB_SENSE1",
    "ImageOrientationPatientDICOM": [
      0.999005,
      -0.0376506,
      -0.023904,
      0.0368065,
      0.998716,
      -0.0348205
    ],
    "ImageType": [
      "ORIGINAL",
      "PRIMARY",
      "M",
      "MB",
      "ND",
      "MOSAIC"
    ],
    "InPlanePhaseEncodingDirectionDICOM": "COL",
    "InstitutionAddress": "Boulevard_Jean_Moulin_27_Marseille_District_FR_13005",
    "InstitutionName": "Universite_d_aix_Marseille",
    "InstitutionalDepartmentName": "Department",
    "MRAcquisitionType": "2D",
    "MagneticFieldStrength": 3,
    "Manufacturer": "Siemens",
    "ManufacturersModelName": "Prisma",
    "Modality": "MR",
    "MultibandAccelerationFactor": 3,
    "PartialFourier": 1,
    "PatientPosition": "HFS",
    "PercentPhaseFOV": 100,
    "PhaseEncodingDirection": "j",
    "PhaseEncodingSteps": 84,
    "PhaseResolution": 1,
    "PixelBandwidth": 2590,
    "ProcedureStepDescription": "Projets_Convers",
    "ProtocolName": "task-convers_run3_bold",
    "PulseSequenceDetails": "%CustomerSeq%_cmrr_mbep2d_bold",
    "ReceiveCoilActiveElements": "HC1-6",
    "ReceiveCoilName": "HeadNeck_64",
    "ReconMatrixPE": 84,
    "RepetitionTime": 1.205,
    "SAR": 0.0524392,
    "ScanOptions": "FS_EXT",
    "ScanningSequence": "EP",
    "SequenceName": "epfid2d1_84",
    "SequenceVariant": "SK_SS",
    "SeriesDescription": "task-convers_run3_bold",
    "SeriesNumber": 14,
    "ShimSetting": [
      -612,
      -10772,
      -608,
      325,
      0,
      -58,
      -3,
      21
    ],
    "SliceThickness": 2.5,
    "SliceTiming": [
      1.14,
      1.0725,
      1.005,
      0.9375,
      0.8725,
      0.805,
      0.7375,
      0.67,
      0.6025,
      0.5375,
      0.47,
      0.4025,
      0.335,
      0.27,
      0.2025,
      0.135,
      0.0675,
      0,
      1.14,
      1.0725,
      1.005,
      0.9375,
      0.8725,
      0.805,
      0.7375,
      0.67,
      0.6025,
      0.5375,
      0.47,
      0.4025,
      0.335,
      0.27,
      0.2025,
      0.135,
      0.0675,
      0,
      1.14,
      1.0725,
      1.005,
      0.9375,
      0.8725,
      0.805,
      0.7375,
      0.67,
      0.6025,
      0.5375,
      0.47,
      0.4025,
      0.335,
      0.27,
      0.2025,
      0.135,
      0.0675,
      0
    ],
    "SoftwareVersions": "syngo_MR_E11",
    "SpacingBetweenSlices": 2.5,
    "StationName": "AWP66072",
    "TaskName": "convers",
    "TotalReadoutTime": 0.04199916,
    "TxRefAmp": 233.498,
    "dataset": "ds001740",
    "modality": "bold",
    "run_id": 3,
    "subject_id": "05",
    "task_id": "convers"
  },
  "dummy_trs": 0,
  "dvars_nstd": 36.01851655536459,
  "dvars_std": 1.1135814260156258,
  "dvars_vstd": 0.9938540129166671,
  "efc": 0.5013638889152858,
  "fber": 6999.64990234375,
  "fd_mean": 0.20533375238603804,
  "fd_num": 150,
  "fd_perc": 38.96103896103896,
  "fwhm_avg": 3.029742666666667,
  "fwhm_x": 2.786712,
  "fwhm_y": 3.12022,
  "fwhm_z": 3.182296,
  "gcor": 0.0342042,
  "gsr_x": 0.0047707040794193745,
  "gsr_y": 0.03951073810458183,
  "provenance": {
    "md5sum": "8fdb071a09969905e6cb3c71cc654bc5",
    "settings": {
      "fd_thres": 0.2,
      "testing": false
    },
    "software": "mriqc",
    "version": "23.0.1",
    "webapi_port": null,
    "webapi_url": "https://mriqc.nimh.nih.gov/api/v1"
  },
  "size_t": 385,
  "size_x": 84,
  "size_y": 84,
  "size_z": 54,
  "snr": 2.488718720791585,
  "spacing_tr": 1.2050000429153442,
  "spacing_x": 2.5,
  "spacing_y": 2.5,
  "spacing_z": 2.5,
  "summary_bg_k": 24.553564587918235,
  "summary_bg_mad": 108.00399496696815,
  "summary_bg_mean": 666.9835205078125,
  "summary_bg_median": 113.62591552734375,
  "summary_bg_n": 239584.0,
  "summary_bg_p05": 28.35263481140137,
  "summary_bg_p95": 3735.383142089841,
  "summary_bg_stdv": 1590.944091796875,
  "summary_fg_k": 0.8491277102011092,
  "summary_fg_mad": 3808.233921044797,
  "summary_fg_mean": 10417.638671875,
  "summary_fg_median": 9785.859375,
  "summary_fg_n": 75441.0,
  "summary_fg_p05": 5201.12451171875,
  "summary_fg_p95": 17763.36328125,
  "summary_fg_stdv": 3932.061279296875,
  "tsnr": 37.0181884765625
}