{
  "aor": 0.002854791666666667,
  "aqi": 0.010969937838541666,
  "bids_meta": {
    "AcquisitionDateTime": "2018-05-30T10:23:46.704000",
    "AcquisitionMatrixPE": 84,
    "AcquisitionNumber": 1,
    "AcquisitionTime": "10:23:44.297500",
    "BandwidthPerPixelPhaseEncode": 23.81,
    "BaseResolution": 84,
    "BodyPartExamined": "HEAD",
    "ConsistencyInfo": "N4_VE11B_LATEST_20150530",
    "ConversionSoftware": "dcm2niix",
    "ConversionSoftwareVersion": "v1.0.20171215 GCC5.1.0",
    "DerivedVendorReportedEchoSpacing": 0.00049999,
    "DeviceSerialNumber": "66072",
    "DwellTime": 2.3e-06,
    "EchoTime": 0.03,
    "EchoTrainLength": 84,
    "EffectiveEchoSpacing": 0.00049999,
    "FlipAngle": 65,
    "ImageComments": "Unaliased_MB3_PE3_LB_SENSE1",
    "ImageOrientationPatientDICOM": [
      0.999005,
      -0.0376506,
      -0.023904,
      0.0368065,
      0.998716,
      -0.0348205
    ],
    "ImageType": [
      "ORIGINAL",
      "PRIMARY",
      "M",
      "MB",
      "ND",
      "MOSAIC"
    ],
    "InPlanePhaseEncodingDirectionDICOM": "COL",
    "InstitutionAddress": "Boulevard_Jean_Moulin_27_Marseille_District_FR_13005",
    "InstitutionName": "Universite_d_aix_Marseille",
    "InstitutionalDepartmentName": "Department",
    "MRAcquisitionType": "2D",
    "MagneticFieldStrength": 3,
    "Manufacturer": "Siemens",
    "ManufacturersModelName": "Prisma",
    "Modality": "MR",
    "MultibandAccelerationFactor": 3,
    "PartialFourier": 1,
    "PatientPosition": "HFS",
    "PercentPhaseFOV": 100,
    "PhaseEncodingDirection": "j",
    "PhaseEncodingSteps": 84,
    "PhaseResolution": 1,
    "PixelBandwidth": 2590,
    "ProcedureStepDescription": "Projets_Convers",
    "ProtocolName": "task-convers_run4_bold",
    "PulseSequenceDetails": "%CustomerSeq%_cmrr_mbep2d_bold",
    "ReceiveCoilActiveElements": "HC1-6",
    "ReceiveCoilName": "HeadNeck_64",
    "ReconMatrixPE": 84,
    "RepetitionTime": 1.205,
    "SAR": 0.0524392,
    "ScanOptions": "FS_EXT",
    "ScanningSequence": "EP",
    "SequenceName": "epfid2d1_84",
    "SequenceVariant": "SK_SS",
    "SeriesDescription": "task-convers_run4_bold",
    "SeriesNumber": 16,
    "ShimSetting": [
      -612,
      -10772,
      -608,
      325,
      0,
      -58,
      -3,
      21
    ],
    "SliceThickness": 2.5,
    "SliceTiming": [
      1.1375,
      1.07,
      1.0025,
      0.9375,
      0.87,
      0.8025,
      0.735,
      0.6675,
      0.6025,
      0.535,
      0.4675,
      0.4,
      0.335,
      0.2675,
      0.2,
      0.1325,
      0.0675,
      0,
      1.1375,
      1.07,
      1.0025,
      0.9375,
      0.87,
      0.8025,
      0.735,
      0.6675,
      0.6025,
      0.535,
      0.4675,
      0.4,
      0.335,
      0.2675,
      0.2,
      0.1325,
      0.0675,
      0,
      1.1375,
      1.07,
      1.0025,
      0.9375,
      0.87,
      0.8025,
      0.735,
      0.6675,
      0.6025,
      0.535,
      0.4675,
      0.4,
      0.335,
      0.2675,
      0.2,
      0.1325,
      0.0675,
      0
    ],
    "SoftwareVersions": "syngo_MR_E11",
    "SpacingBetweenSlices": 2.5,
    "StationName": "AWP66072",
    "TaskName": "convers",
    "TotalReadoutTime": 0.04199916,
    "TxRefAmp": 233.498,
    "dataset": "ds001740",
    "modality": "bold",
    "run_id": 4,
    "subject_id": "05",
    "task_id": "convers"
  },
  "dummy_trs": 1,
  "dvars_nstd": 39.627317871749355,
  "dvars_std": 1.1420975499999995,
  "dvars_vstd": 1.0120979412532642,
  "efc": 0.5027848767250285,
  "fber": 6888.86181640625,
  "fd_mean": 0.2566843091125574,
  "fd_num": 216,
  "fd_perc": 56.25,
  "fwhm_avg": 3.0228146666666666,
  "fwhm_x": 2.7815280000000002,
  "fwhm_y": 3.120436,
  "fwhm_z": 3.16648,
  "gcor": 0.0421334,
  "gsr_x": 0.004789883736521006,
  "gsr_y": 0.04050236567854881,
  "provenance": {
    "md5sum": "a7c20ad52fb4ecafebfcdbea059c88d6",
    "settings": {
      "fd_thres": 0.2,
      "testing": false
    },
    "software": "mriqc",
    "version": "23.0.1",
    "webapi_port": null,
    "webapi_url": "https://mriqc.nimh.nih.gov/api/v1"
  },
  "size_t": 384,
  "size_x": 84,
  "size_y": 84,
  "size_z": 54,
  "snr": 2.4993760859386933,
  "spacing_tr": 1.2050000429153442,
  "spacing_x": 2.5,
  "spacing_y": 2.5,
  "spacing_z": 2.5,
  "summary_bg_k": 22.918299058393092,
  "summary_bg_mad": 107.49229744301456,
  "summary_bg_mean": 673.4526977539062,
  "summary_bg_median": 113.28038787841797,
  "summary_bg_n": 239806.0,
  "summary_bg_p05": 29.62401819229126,
  "summary_bg_p95": 3793.4354248046875,
  "summary_bg_stdv": 1594.56103515625,
  "summary_fg_k": 0.8361299018172823,
  "summary_fg_mad": 3740.0378386278617,
  "summary_fg_mean": 10296.9951171875,
  "summary_fg_median": 9667.986328125,
  "summary_fg_n": 75510.0,
  "summary_fg_p05": 5159.140698242188,
  "summary_fg_p95": 17520.883007812503,
  "summary_fg_stdv": 3868.13427734375,
  "tsnr": 35.398719787597656
}