{
  "aor": 0.002374961038961039,
  "aqi": 0.008667305246753248,
  "bids_meta": {
    "AcquisitionDateTime": "2018-05-30T10:03:08.830000",
    "AcquisitionMatrixPE": 84,
    "AcquisitionNumber": 1,
    "AcquisitionTime": "10:03:6.605000",
    "BandwidthPerPixelPhaseEncode": 23.81,
    "BaseResolution": 84,
    "BodyPartExamined": "HEAD",
    "ConsistencyInfo": "N4_VE11B_LATEST_20150530",
    "ConversionSoftware": "dcm2niix",
    "ConversionSoftwareVersion": "v1.0.20171215 GCC5.1.0",
    "DerivedVendorReportedEchoSpacing": 0.00049999,
    "DeviceSerialNumber": "66072",
    "DwellTime": 2.3e-06,
    "EchoTime": 0.03,
    "EchoTrainLength": 84,
    "EffectiveEchoSpacing": 0.00049999,
    "FlipAngle": 65,
    "ImageComments": "Unaliased_MB3_PE3_LB_SENSE1",
    "ImageOrientationPatientDICOM": [
      0.999005,
      -0.0376506,
      -0.023904,
      0.0368065,
      0.998716,
      -0.0348205
    ],
    "ImageType": [
      "ORIGINAL",
      "PRIMARY",
      "M",
      "MB",
      "ND",
      "MOSAIC"
    ],
    "InPlanePhaseEncodingDirectionDICOM": "COL",
    "InstitutionAddress": "Boulevard_Jean_Moulin_27_Marseille_District_FR_13005",
    "InstitutionName": "Universite_d_aix_Marseille",
    "InstitutionalDepartmentName": "Department",
    "MRAcquisitionType": "2D",
    "MagneticFieldStrength": 3,
    "Manufacturer": "Siemens",
    "ManufacturersModelName": "Prisma",
    "Modality": "MR",
    "MultibandAccelerationFactor": 3,
    "PartialFourier": 1,
    "PatientPosition": "HFS",
    "PercentPhaseFOV": 100,
    "PhaseEncodingDirection": "j",
    "PhaseEncodingSteps": 84,
    "PhaseResolution": 1,
    "PixelBandwidth": 2590,
    "ProcedureStepDescription": "Projets_Convers",
    "ProtocolName": "task-convers_run2_bold",
    "PulseSequenceDetails": "%CustomerSeq%_cmrr_mbep2d_bold",
    "ReceiveCoilActiveElements": "HC1-6",
    "ReceiveCoilName": "HeadNeck_64",
    "ReconMatrixPE": 84,
    "RepetitionTime": 1.205,
    "SAR": 0.0524392,
    "ScanOptions": "FS_EXT",
    "ScanningSequence": "EP",
    "SequenceName": "epfid2d1_84",
    "SequenceVariant": "SK_SS",
    "SeriesDescription": "task-convers_run2_bold",
    "SeriesNumber": 12,
    "ShimSetting": [
      -612,
      -10772,
      -608,
      325,
      0,
      -58,
      -3,
      21
    ],
    "SliceThickness": 2.5,
    "SliceTiming": [
      1.1375,
      1.07,
      1.005,
      0.9375,
      0.87,
      0.8025,
      0.735,
      0.67,
      0.6025,
      0.535,
      0.4675,
      0.4025,
      0.335,
      0.2675,
      0.2,
      0.135,
      0.0675,
      0,
      1.1375,
      1.07,
      1.005,
      0.9375,
      0.87,
      0.8025,
      0.735,
      0.67,
      0.6025,
      0.535,
      0.4675,
      0.4025,
      0.335,
      0.2675,
      0.2,
      0.135,
      0.0675,
      0,
      1.1375,
      1.07,
      1.005,
      0.9375,
      0.87,
      0.8025,
      0.735,
      0.67,
      0.6025,
      0.535,
      0.4675,
      0.4025,
      0.335,
      0.2675,
      0.2,
      0.135,
      0.0675,
      0
    ],
    "SoftwareVersions": "syngo_MR_E11",
    "SpacingBetweenSlices": 2.5,
    "StationName": "AWP66072",
    "TaskName": "convers",
    "TotalReadoutTime": 0.04199916,
    "TxRefAmp": 233.498,
    "dataset": "ds001740",
    "modality": "bold",
    "run_id": 2,
    "subject_id": "05",
    "task_id": "convers"
  },
  "dummy_trs": 0,
  "dvars_nstd": 35.348723028828104,
  "dvars_std": 1.1195927673177077,
  "dvars_vstd": 1.0116095974739585,
  "efc": 0.5009061590379548,
  "fber": 7076.845703125,
  "fd_mean": 0.23585505165590862,
  "fd_num": 188,
  "fd_perc": 48.83116883116883,
  "fwhm_avg": 3.010638666666667,
  "fwhm_x": 2.793324,
  "fwhm_y": 3.146948,
  "fwhm_z": 3.091644,
  "gcor": 0.0396801,
  "gsr_x": 0.0031333412043750286,
  "gsr_y": 0.03951120004057884,
  "provenance": {
    "md5sum": "160d2a18871c05271f1067128c5ccdd6",
    "settings": {
      "fd_thres": 0.2,
      "testing": false
    },
    "software": "mriqc",
    "version": "23.0.1",
    "webapi_port": null,
    "webapi_url": "https://mriqc.nimh.nih.gov/api/v1"
  },
  "size_t": 385,
  "size_x": 84,
  "size_y": 84,
  "size_z": 54,
  "snr": 2.4784377873185237,
  "spacing_tr": 1.2050000429153442,
  "spacing_x": 2.5,
  "spacing_y": 2.5,
  "spacing_z": 2.5,
  "summary_bg_k": 24.71757961329878,
  "summary_bg_mad": 115.06553956677914,
  "summary_bg_mean": 676.16650390625,
  "summary_bg_median": 114.88916015625,
  "summary_bg_n": 239733.0,
  "summary_bg_p05": 22.304424285888672,
  "summary_bg_p95": 3749.6643066406245,
  "summary_bg_stdv": 1598.0728759765625,
  "summary_fg_k": 0.842736879385829,
  "summary_fg_mad": 3899.404546433653,
  "summary_fg_mean": 10608.5712890625,
  "summary_fg_median": 9951.72265625,
  "summary_fg_n": 74921.0,
  "summary_fg_p05": 5294.55908203125,
  "summary_fg_p95": 18073.58203125,
  "summary_fg_stdv": 4015.2939453125,
  "tsnr": 36.612457275390625
}