{
  "aor": 0.000834296875,
  "aqi": 0.0051318320572916664,
  "bids_meta": {
    "AcquisitionDateTime": "2018-05-29T13:54:51.388000",
    "AcquisitionMatrixPE": 84,
    "AcquisitionNumber": 1,
    "AcquisitionTime": "13:54:49.090000",
    "BandwidthPerPixelPhaseEncode": 23.81,
    "BaseResolution": 84,
    "BodyPartExamined": "HEAD",
    "ConsistencyInfo": "N4_VE11B_LATEST_20150530",
    "ConversionSoftware": "dcm2niix",
    "ConversionSoftwareVersion": "v1.0.20171215 GCC5.1.0",
    "DerivedVendorReportedEchoSpacing": 0.00049999,
    "DeviceSerialNumber": "66072",
    "DwellTime": 2.3e-06,
    "EchoTime": 0.03,
    "EchoTrainLength": 84,
    "EffectiveEchoSpacing": 0.00049999,
    "FlipAngle": 65,
    "ImageComments": "Unaliased_MB3_PE3_LB_SENSE1",
    "ImageOrientationPatientDICOM": [
      0.993686,
      0.0962035,
      -0.0577312,
      -0.103564,
      0.984414,
      -0.142141
    ],
    "ImageType": [
      "ORIGINAL",
      "PRIMARY",
      "M",
      "MB",
      "ND",
      "MOSAIC"
    ],
    "InPlanePhaseEncodingDirectionDICOM": "COL",
    "InstitutionAddress": "Boulevard_Jean_Moulin_27_Marseille_District_FR_13005",
    "InstitutionName": "Universite_d_aix_Marseille",
    "InstitutionalDepartmentName": "Department",
    "MRAcquisitionType": "2D",
    "MagneticFieldStrength": 3,
    "Manufacturer": "Siemens",
    "ManufacturersModelName": "Prisma",
    "Modality": "MR",
    "MultibandAccelerationFactor": 3,
    "PartialFourier": 1,
    "PatientPosition": "HFS",
    "PercentPhaseFOV": 100,
    "PhaseEncodingDirection": "j",
    "PhaseEncodingSteps": 84,
    "PhaseResolution": 1,
    "PixelBandwidth": 2590,
    "ProcedureStepDescription": "Projets_Convers",
    "ProtocolName": "task-convers_run4_bold",
    "PulseSequenceDetails": "%CustomerSeq%_cmrr_mbep2d_bold",
    "ReceiveCoilActiveElements": "HC1-6",
    "ReceiveCoilName": "HeadNeck_64",
    "ReconMatrixPE": 84,
    "RepetitionTime": 1.205,
    "SAR": 0.0527927,
    "ScanOptions": "FS_EXT",
    "ScanningSequence": "EP",
    "SequenceName": "epfid2d1_84",
    "SequenceVariant": "SK_SS",
    "SeriesDescription": "task-convers_run4_bold",
    "SeriesNumber": 16,
    "ShimSetting": [
      -611,
      -10708,
      -605,
      491,
      27,
      -63,
      -105,
      25
    ],
    "SliceThickness": 2.5,
    "SliceTiming": [
      1.1375,
      1.07,
      1.0025,
      0.935,
      0.87,
      0.8025,
      0.735,
      0.6675,
      0.6,
      0.535,
      0.4675,
      0.4,
      0.3325,
      0.2675,
      0.2,
      0.1325,
      0.065,
      0,
      1.1375,
      1.07,
      1.0025,
      0.935,
      0.87,
      0.8025,
      0.735,
      0.6675,
      0.6,
      0.535,
      0.4675,
      0.4,
      0.3325,
      0.2675,
      0.2,
      0.1325,
      0.065,
      0,
      1.1375,
      1.07,
      1.0025,
      0.935,
      0.87,
      0.8025,
      0.735,
      0.6675,
      0.6,
      0.535,
      0.4675,
      0.4,
      0.3325,
      0.2675,
      0.2,
      0.1325,
      0.065,
      0
    ],
    "SoftwareVersions": "syngo_MR_E11",
    "SpacingBetweenSlices": 2.5,
    "StationName": "AWP66072",
    "TaskName": "convers",
    "TotalReadoutTime": 0.04199916,
    "TxRefAmp": 217.908,
    "dataset": "ds001740",
    "modality": "bold",
    "run_id": 4,
    "subject_id": "03",
    "task_id": "convers"
  },
  "dummy_trs": 1,
  "dvars_nstd": 39.42361097125327,
  "dvars_std": 1.1634519291122718,
  "dvars_vstd": 0.9928154924020887,
  "efc": 0.47308648080291177,
  "fber": 13056.03125,
  "fd_mean": 0.21847010425292612,
  "fd_num": 178,
  "fd_perc": 46.354166666666664,
  "fwhm_avg": 3.0857266666666665,
  "fwhm_x": 2.842772,
  "fwhm_y": 3.295312,
  "fwhm_z": 3.119096,
  "gcor": 0.0339296,
  "gsr_x": -0.012065168470144272,
  "gsr_y": 0.05418946593999863,
  "provenance": {
    "md5sum": "9b71f8099ad9c39a0ba173679f715bb8",
    "settings": {
      "fd_thres": 0.2,
      "testing": false
    },
    "software": "mriqc",
    "version": "23.0.1",
    "webapi_port": null,
    "webapi_url": "https://mriqc.nimh.nih.gov/api/v1"
  },
  "size_t": 384,
  "size_x": 84,
  "size_y": 84,
  "size_z": 54,
  "snr": 2.3788924742284943,
  "spacing_tr": 1.2050000429153442,
  "spacing_x": 2.5,
  "spacing_y": 2.5,
  "spacing_z": 2.5,
  "summary_bg_k": 38.61399665215499,
  "summary_bg_mad": 78.99804966774792,
  "summary_bg_mean": 537.0134887695312,
  "summary_bg_median": 93.86720275878906,
  "summary_bg_n": 244376.0,
  "summary_bg_p05": 37.05416011810303,
  "summary_bg_p95": 2597.1339111328125,
  "summary_bg_stdv": 1231.726318359375,
  "summary_fg_k": 0.9752703381587535,
  "summary_fg_mad": 4549.778269724072,
  "summary_fg_mean": 12040.9658203125,
  "summary_fg_median": 11178.380859375,
  "summary_fg_n": 69762.0,
  "summary_fg_p05": 6104.5257568359375,
  "summary_fg_p95": 20850.544921875,
  "summary_fg_stdv": 4698.95166015625,
  "tsnr": 42.80405807495117
}