{
  "bids_meta": {
    "AcquisitionDateTime": "2018-05-30T17:27:53.304000",
    "AcquisitionMatrixPE": 320,
    "AcquisitionNumber": 1,
    "AcquisitionTime": "17:19:48.507500",
    "BaseResolution": 320,
    "BodyPartExamined": "HEAD",
    "ConsistencyInfo": "N4_VE11B_LATEST_20150530",
    "ConversionSoftware": "dcm2niix",
    "ConversionSoftwareVersion": "v1.0.20171215 GCC5.1.0",
    "DeviceSerialNumber": "66072",
    "DwellTime": 2.2e-06,
    "EchoTime": 0.562,
    "EchoTrainLength": 305,
    "FlipAngle": 120,
    "ImageOrientationPatientDICOM": [
      -0.0372725,
      0.990779,
      0.130262,
      0.0326912,
      0.131492,
      -0.990778
    ],
    "ImageType": [
      "ORIGINAL",
      "PRIMARY",
      "M",
      "ND",
      "NORM"
    ],
    "InPlanePhaseEncodingDirectionDICOM": "ROW",
    "InstitutionAddress": "Boulevard_Jean_Moulin_27_Marseille_District_FR_13005",
    "InstitutionName": "Universite_d_aix_Marseille",
    "InstitutionalDepartmentName": "Department",
    "MRAcquisitionType": "3D",
    "MagneticFieldStrength": 3,
    "Manufacturer": "Siemens",
    "ManufacturersModelName": "Prisma",
    "Modality": "MR",
    "ParallelReductionFactorInPlane": 2,
    "PartialFourier": 1,
    "PatientPosition": "HFS",
    "PercentPhaseFOV": 100,
    "PhaseEncodingSteps": 315,
    "PhaseResolution": 1,
    "PixelBandwidth": 710,
    "ProcedureStepDescription": "Projets_Convers",
    "ProtocolName": "T2w",
    "PulseSequenceDetails": "%SiemensSeq%_tse_vfl",
    "ReceiveCoilActiveElements": "HC1-7;NC1,2",
    "ReceiveCoilName": "HeadNeck_64",
    "ReconMatrixPE": 320,
    "RepetitionTime": 3.2,
    "SAR": 0.151086,
    "ScanOptions": "PFP",
    "ScanningSequence": "SE",
    "SequenceName": "_spc_305ns",
    "SequenceVariant": "SK_SP",
    "SeriesDescription": "T2w",
    "SeriesNumber": 21,
    "ShimSetting": [
      -607,
      -10794,
      -642,
      -207,
      102,
      -187,
      56,
      -18
    ],
    "SliceThickness": 0.8,
    "SoftwareVersions": "syngo_MR_E11",
    "StationName": "AWP66072",
    "TxRefAmp": 234.264,
    "dataset": "ds001740",
    "modality": "T2w",
    "subject_id": "09"
  },
  "cjv": 0.23341668693160328,
  "cnr": 1.765596992132251,
  "efc": 0.44766139317998166,
  "fber": 6969.19012636715,
  "fwhm_avg": 2.7702135582275513,
  "fwhm_x": 2.6841032585245945,
  "fwhm_y": 3.0257874549122534,
  "fwhm_z": 2.6007499612458056,
  "icvs_csf": 0.3698005559626438,
  "icvs_gm": 0.4997243998871201,
  "icvs_wm": 0.13047504415023617,
  "inu_med": 0.9458244144916534,
  "inu_range": 0.25084536075592034,
  "provenance": {
    "md5sum": "f1641c1414e20222f795a1ce23811e8d",
    "settings": {
      "testing": false
    },
    "software": "mriqc",
    "version": "23.0.1",
    "warnings": {
      "large_rot_frame": true,
      "small_air_mask": false
    },
    "webapi_port": null,
    "webapi_url": "https://mriqc.nimh.nih.gov/api/v1"
  },
  "qi_1": 0.0,
  "qi_2": 0.013251100995941997,
  "rpve_csf": 17.480512966749384,
  "rpve_gm": 14.941582774918988,
  "rpve_wm": 59.567871877083554,
  "size_x": 256,
  "size_y": 320,
  "size_z": 320,
  "snr_csf": 8.250386924625152,
  "snr_gm": 8.679246895585576,
  "snr_total": 6.485222430860375,
  "snr_wm": 2.526033472370399,
  "snrd_csf": 66.3851259080354,
  "snrd_gm": 35.403171165721616,
  "snrd_total": 73.47913605256336,
  "snrd_wm": 118.64911108393305,
  "spacing_x": 0.7999953031539917,
  "spacing_y": 0.800000011920929,
  "spacing_z": 0.800000011920929,
  "summary_bg_k": 7.545557878998164,
  "summary_bg_mad": 5.521073560420893,
  "summary_bg_mean": 2.9698371749086543,
  "summary_bg_median": 3.7239075265824795,
  "summary_bg_n": 5198121.0,
  "summary_bg_p05": 0.0,
  "summary_bg_p95": 9.158799592405558,
  "summary_bg_stdv": 3.789656062424381,
  "summary_csf_k": 1.5644712818084212,
  "summary_csf_mad": 59.448532607342806,
  "summary_csf_mean": 563.1520430991898,
  "summary_csf_median": 559.4516858719289,
  "summary_csf_n": 89500.0,
  "summary_csf_p05": 459.93277337774634,
  "summary_csf_p95": 680.1878131141887,
  "summary_csf_stdv": 67.8087664913005,
  "summary_gm_k": 0.8577223196427006,
  "summary_gm_mad": 31.9625393687069,
  "summary_gm_mean": 299.0744880043369,
  "summary_gm_median": 298.3554451838136,
  "summary_gm_n": 438379.0,
  "summary_gm_p05": 244.06691221520305,
  "summary_gm_p95": 355.82640939541113,
  "summary_gm_stdv": 34.37569048086601,
  "summary_wm_k": -0.30871736061190136,
  "summary_wm_mad": 131.78951806929007,
  "summary_wm_mean": 800.5900695334306,
  "summary_wm_median": 999.8993647322059,
  "summary_wm_n": 41668.0,
  "summary_wm_p05": 22.80641744658351,
  "summary_wm_p95": 1123.3519315458834,
  "summary_wm_stdv": 395.8329836831129,
  "tpm_overlap_csf": 0.1205772453310288,
  "tpm_overlap_gm": 0.32012745373382573,
  "tpm_overlap_wm": 0.03125544261285163,
  "wm2max": 0.9226568594672908
}