{
  "aor": 0.0018355208333333333,
  "aqi": 0.0052129692187499995,
  "bids_meta": {
    "AcquisitionDateTime": "2018-07-18T18:14:24.788000",
    "AcquisitionMatrixPE": 84,
    "AcquisitionNumber": 1,
    "AcquisitionTime": "18:13:45.792500",
    "BandwidthPerPixelPhaseEncode": 23.81,
    "BaseResolution": 84,
    "BodyPartExamined": "HEAD",
    "ConsistencyInfo": "N4_VE11B_LATEST_20150530",
    "ConversionSoftware": "dcm2niix",
    "ConversionSoftwareVersion": "v1.0.20171215 GCC5.1.0",
    "DerivedVendorReportedEchoSpacing": 0.00049999,
    "DeviceSerialNumber": "66072",
    "DwellTime": 2.3e-06,
    "EchoTime": 0.03,
    "EchoTrainLength": 84,
    "EffectiveEchoSpacing": 0.00049999,
    "FlipAngle": 65,
    "ImageComments": "Unaliased_MB3_PE3_LB_SENSE1",
    "ImageOrientationPatientDICOM": [
      0.996885,
      0.0787227,
      -0.00478243,
      -0.0786316,
      0.99676,
      0.0169327
    ],
    "ImageType": [
      "ORIGINAL",
      "PRIMARY",
      "M",
      "MB",
      "ND",
      "MOSAIC"
    ],
    "InPlanePhaseEncodingDirectionDICOM": "COL",
    "InstitutionAddress": "Boulevard_Jean_Moulin_27_Marseille_District_FR_13005",
    "InstitutionName": "Universite_d_aix_Marseille",
    "InstitutionalDepartmentName": "Department",
    "MRAcquisitionType": "2D",
    "MagneticFieldStrength": 3,
    "Manufacturer": "Siemens",
    "ManufacturersModelName": "Prisma",
    "Modality": "MR",
    "MultibandAccelerationFactor": 3,
    "PartialFourier": 1,
    "PatientPosition": "HFS",
    "PercentPhaseFOV": 100,
    "PhaseEncodingDirection": "j",
    "PhaseEncodingSteps": 84,
    "PhaseResolution": 1,
    "PixelBandwidth": 2590,
    "ProcedureStepDescription": "Projets_Convers",
    "ProtocolName": "task-convers_run2_bold",
    "PulseSequenceDetails": "%CustomerSeq%_cmrr_mbep2d_bold",
    "ReceiveCoilActiveElements": "HC1-6",
    "ReceiveCoilName": "HeadNeck_64",
    "ReconMatrixPE": 84,
    "RepetitionTime": 1.205,
    "SAR": 0.070211,
    "ScanOptions": "FS_EXT",
    "ScanningSequence": "EP",
    "SequenceName": "epfid2d1_84",
    "SequenceVariant": "SK_SS",
    "SeriesDescription": "task-convers_run2_bold",
    "SeriesNumber": 12,
    "ShimSetting": [
      -609,
      -10762,
      -495,
      491,
      73,
      104,
      125,
      8
    ],
    "SliceThickness": 2.5,
    "SliceTiming": [
      1.1375,
      1.0725,
      1.005,
      0.9375,
      0.87,
      0.8025,
      0.7375,
      0.67,
      0.6025,
      0.535,
      0.47,
      0.4025,
      0.335,
      0.2675,
      0.2,
      0.135,
      0.0675,
      0,
      1.1375,
      1.0725,
      1.005,
      0.9375,
      0.87,
      0.8025,
      0.7375,
      0.67,
      0.6025,
      0.535,
      0.47,
      0.4025,
      0.335,
      0.2675,
      0.2,
      0.135,
      0.0675,
      0,
      1.1375,
      1.0725,
      1.005,
      0.9375,
      0.87,
      0.8025,
      0.7375,
      0.67,
      0.6025,
      0.535,
      0.47,
      0.4025,
      0.335,
      0.2675,
      0.2,
      0.135,
      0.0675,
      0
    ],
    "SoftwareVersions": "syngo_MR_E11",
    "SpacingBetweenSlices": 2.5,
    "StationName": "AWP66072",
    "TaskName": "convers",
    "TotalReadoutTime": 0.04199916,
    "TxRefAmp": 215.347,
    "dataset": "ds001740",
    "modality": "bold",
    "run_id": 2,
    "subject_id": "24",
    "task_id": "convers"
  },
  "dummy_trs": 1,
  "dvars_nstd": 31.964973130913865,
  "dvars_std": 1.1108849760052215,
  "dvars_vstd": 0.989135395091383,
  "efc": 0.4463996163027426,
  "fber": 17336.462890625,
  "fd_mean": 0.17689703833669104,
  "fd_num": 117,
  "fd_perc": 30.46875,
  "fwhm_avg": 3.091518666666667,
  "fwhm_x": 2.906612,
  "fwhm_y": 3.2413800000000004,
  "fwhm_z": 3.126564,
  "gcor": 0.035075,
  "gsr_x": -0.01347382739186287,
  "gsr_y": 0.05728980526328087,
  "provenance": {
    "md5sum": "bfa9b8f92ae6f94a9c320cce53fd638e",
    "settings": {
      "fd_thres": 0.2,
      "testing": false
    },
    "software": "mriqc",
    "version": "23.0.1",
    "webapi_port": null,
    "webapi_url": "https://mriqc.nimh.nih.gov/api/v1"
  },
  "size_t": 384,
  "size_x": 84,
  "size_y": 84,
  "size_z": 54,
  "snr": 2.4545874593642334,
  "spacing_tr": 1.2050000429153442,
  "spacing_x": 2.5,
  "spacing_y": 2.5,
  "spacing_z": 2.5,
  "summary_bg_k": 23.89283432110244,
  "summary_bg_mad": 62.55246169482919,
  "summary_bg_mean": 520.4691772460938,
  "summary_bg_median": 79.61692810058594,
  "summary_bg_n": 258991.0,
  "summary_bg_p05": 31.04177761077881,
  "summary_bg_p95": 2878.4073486328125,
  "summary_bg_stdv": 1255.92138671875,
  "summary_fg_k": 0.9841478594002488,
  "summary_fg_mad": 4016.156575433511,
  "summary_fg_mean": 11213.55078125,
  "summary_fg_median": 10433.447265625,
  "summary_fg_n": 61927.0,
  "summary_fg_p05": 5774.926416015625,
  "summary_fg_p95": 19340.463867187496,
  "summary_fg_stdv": 4250.556640625,
  "tsnr": 41.960445404052734
}