{
  "aor": 0.0020251822916666665,
  "aqi": 0.004996185416666667,
  "bids_meta": {
    "AcquisitionDateTime": "2018-07-18T18:25:22.668000",
    "AcquisitionMatrixPE": 84,
    "AcquisitionNumber": 1,
    "AcquisitionTime": "18:24:40.592500",
    "BandwidthPerPixelPhaseEncode": 23.81,
    "BaseResolution": 84,
    "BodyPartExamined": "HEAD",
    "ConsistencyInfo": "N4_VE11B_LATEST_20150530",
    "ConversionSoftware": "dcm2niix",
    "ConversionSoftwareVersion": "v1.0.20171215 GCC5.1.0",
    "DerivedVendorReportedEchoSpacing": 0.00049999,
    "DeviceSerialNumber": "66072",
    "DwellTime": 2.3e-06,
    "EchoTime": 0.03,
    "EchoTrainLength": 84,
    "EffectiveEchoSpacing": 0.00049999,
    "FlipAngle": 65,
    "ImageComments": "Unaliased_MB3_PE3_LB_SENSE1",
    "ImageOrientationPatientDICOM": [
      0.996885,
      0.0787227,
      -0.00478243,
      -0.0786316,
      0.99676,
      0.0169327
    ],
    "ImageType": [
      "ORIGINAL",
      "PRIMARY",
      "M",
      "MB",
      "ND",
      "MOSAIC"
    ],
    "InPlanePhaseEncodingDirectionDICOM": "COL",
    "InstitutionAddress": "Boulevard_Jean_Moulin_27_Marseille_District_FR_13005",
    "InstitutionName": "Universite_d_aix_Marseille",
    "InstitutionalDepartmentName": "Department",
    "MRAcquisitionType": "2D",
    "MagneticFieldStrength": 3,
    "Manufacturer": "Siemens",
    "ManufacturersModelName": "Prisma",
    "Modality": "MR",
    "MultibandAccelerationFactor": 3,
    "PartialFourier": 1,
    "PatientPosition": "HFS",
    "PercentPhaseFOV": 100,
    "PhaseEncodingDirection": "j",
    "PhaseEncodingSteps": 84,
    "PhaseResolution": 1,
    "PixelBandwidth": 2590,
    "ProcedureStepDescription": "Projets_Convers",
    "ProtocolName": "task-convers_run3_bold",
    "PulseSequenceDetails": "%CustomerSeq%_cmrr_mbep2d_bold",
    "ReceiveCoilActiveElements": "HC1-6",
    "ReceiveCoilName": "HeadNeck_64",
    "ReconMatrixPE": 84,
    "RepetitionTime": 1.205,
    "SAR": 0.070211,
    "ScanOptions": "FS_EXT",
    "ScanningSequence": "EP",
    "SequenceName": "epfid2d1_84",
    "SequenceVariant": "SK_SS",
    "SeriesDescription": "task-convers_run3_bold",
    "SeriesNumber": 14,
    "ShimSetting": [
      -609,
      -10762,
      -495,
      491,
      73,
      104,
      125,
      8
    ],
    "SliceThickness": 2.5,
    "SliceTiming": [
      1.14,
      1.0725,
      1.005,
      0.9375,
      0.87,
      0.805,
      0.7375,
      0.67,
      0.6025,
      0.5375,
      0.47,
      0.4025,
      0.335,
      0.2675,
      0.2025,
      0.135,
      0.0675,
      0,
      1.14,
      1.0725,
      1.005,
      0.9375,
      0.87,
      0.805,
      0.7375,
      0.67,
      0.6025,
      0.5375,
      0.47,
      0.4025,
      0.335,
      0.2675,
      0.2025,
      0.135,
      0.0675,
      0,
      1.14,
      1.0725,
      1.005,
      0.9375,
      0.87,
      0.805,
      0.7375,
      0.67,
      0.6025,
      0.5375,
      0.47,
      0.4025,
      0.335,
      0.2675,
      0.2025,
      0.135,
      0.0675,
      0
    ],
    "SoftwareVersions": "syngo_MR_E11",
    "SpacingBetweenSlices": 2.5,
    "StationName": "AWP66072",
    "TaskName": "convers",
    "TotalReadoutTime": 0.04199916,
    "TxRefAmp": 215.347,
    "dataset": "ds001740",
    "modality": "bold",
    "run_id": 3,
    "subject_id": "24",
    "task_id": "convers"
  },
  "dummy_trs": 1,
  "dvars_nstd": 33.24189773741516,
  "dvars_std": 1.1361531543603127,
  "dvars_vstd": 1.008260982584857,
  "efc": 0.4482161932809452,
  "fber": 17547.556640625,
  "fd_mean": 0.2063445432601601,
  "fd_num": 139,
  "fd_perc": 36.197916666666664,
  "fwhm_avg": 3.053145333333333,
  "fwhm_x": 2.864688,
  "fwhm_y": 3.2250959999999997,
  "fwhm_z": 3.069652,
  "gcor": 0.0271288,
  "gsr_x": -0.013650530949234962,
  "gsr_y": 0.05776927247643471,
  "provenance": {
    "md5sum": "4f81ec1b714f26e5f3902c9bc83fad40",
    "settings": {
      "fd_thres": 0.2,
      "testing": false
    },
    "software": "mriqc",
    "version": "23.0.1",
    "webapi_port": null,
    "webapi_url": "https://mriqc.nimh.nih.gov/api/v1"
  },
  "size_t": 384,
  "size_x": 84,
  "size_y": 84,
  "size_z": 54,
  "snr": 2.4887578043229994,
  "spacing_tr": 1.2050000429153442,
  "spacing_x": 2.5,
  "spacing_y": 2.5,
  "spacing_z": 2.5,
  "summary_bg_k": 23.71474490437656,
  "summary_bg_mad": 62.616302995192704,
  "summary_bg_mean": 522.0802612304688,
  "summary_bg_median": 78.15914154052734,
  "summary_bg_n": 258715.0,
  "summary_bg_p05": 28.10665340423584,
  "summary_bg_p95": 2897.475488281246,
  "summary_bg_stdv": 1261.1173095703125,
  "summary_fg_k": 0.9007176016384966,
  "summary_fg_mad": 3932.317881328359,
  "summary_fg_mean": 11065.55078125,
  "summary_fg_median": 10320.0478515625,
  "summary_fg_n": 62111.0,
  "summary_fg_p05": 5722.653076171875,
  "summary_fg_p95": 19039.3720703125,
  "summary_fg_stdv": 4146.6328125,
  "tsnr": 43.217472076416016
}